{
    "Manufacturer": "Philips",
    "PatientPosition": "HFS",
    "SeriesDescription": "ImageMRSERIES",
    "ProtocolName": "WIPtask-rest_acq-multiband_boldSENSE",
    "SeriesNumber": 10,
    "AcquisitionNumber": 10,
    "ImageComments": "Upgrade2017",
    "PhilipsRescaleSlope": 0.75702,
    "PhilipsRescaleIntercept": 0,
    "PhilipsScaleSlope": 0.0974117,
    "UsePhilipsFloatNotDisplayScaling": 1,
    "EchoTime": 0.02763,
    "RepetitionTime": 0.762233,
    "ReconMatrixPE": 80,
    "ImageOrientationPatientDICOM": [
        0.997514,
        0.0704134,
        0.00282706,
        -0.0694031,
        0.988573,
        -0.133813
    ],
    "ConversionSoftware": "dcm2niix",
    "ConversionSoftwareVersion": "v1.0.20190902",
    "BidsifyVersion": "0.3.7",
    "MagneticFieldStrength": 3,
    "ParallelAcquisitionTechnique": "SENSE",
    "InstitutionName": "Spinoza Centre for Neuroimaging, location REC",
    "TaskName": "restingstate"
}