{
  "bids_meta": {
    "AcquisitionNumber": 2,
    "BidsifyVersion": "0.3.7",
    "ConversionSoftware": "dcm2niix",
    "ConversionSoftwareVersion": "v1.0.20190902",
    "EchoTime": 0.00379,
    "ImageComments": "Upgrade_2017",
    "ImageOrientationPatientDICOM": [
      0.996819,
      0.0792529,
      -0.00847102,
      -0.0796768,
      0.993623,
      -0.0797776
    ],
    "InstitutionName": "Spinoza Centre for Neuroimaging, location REC",
    "InversionTime": 0.9,
    "MagneticFieldStrength": 3,
    "Manufacturer": "Philips",
    "ParallelAcquisitionTechnique": "SENSE",
    "PatientPosition": "HFS",
    "PhilipsRescaleIntercept": 0,
    "PhilipsRescaleSlope": 3.00513,
    "PhilipsScaleSlope": 0.00503693,
    "ProtocolName": "T1w",
    "ReconMatrixPE": 240,
    "RepetitionTime": 0.008228,
    "SeriesDescription": "ImageMRSERIES",
    "SeriesNumber": 2,
    "UsePhilipsFloatNotDisplayScaling": 1,
    "dataset": "<unset>",
    "modality": "T1w",
    "session_id": "post",
    "subject_id": "10"
  },
  "cjv": 0.30915180650914376,
  "cnr": 3.955899022326684,
  "efc": 0.7318999556637736,
  "fber": 3566.53857421875,
  "fwhm_avg": 3.7777766666666666,
  "fwhm_x": 3.71777,
  "fwhm_y": 4.03783,
  "fwhm_z": 3.57773,
  "icvs_csf": 0.19943476209867483,
  "icvs_gm": 0.4491492100968294,
  "icvs_wm": 0.35141602780449577,
  "inu_med": 2.3278918266296387,
  "inu_range": 0.7035004615783684,
  "provenance": {
    "md5sum": "ac123c0ec895d6846671c2037de8f7a0",
    "settings": {
      "testing": false
    },
    "software": "mriqc",
    "version": "0.16.0",
    "warnings": {
      "large_rot_frame": true,
      "small_air_mask": false
    },
    "webapi_port": null,
    "webapi_url": "https://mriqc.nimh.nih.gov/api/v1"
  },
  "qi_1": 0.0,
  "qi_2": 8.152934554725961e-05,
  "rpve_csf": 29.184399582318136,
  "rpve_gm": 14.389400431099464,
  "rpve_wm": 21.76048343774884,
  "size_x": 240,
  "size_y": 240,
  "size_z": 220,
  "snr_csf": 1.2663115296985126,
  "snr_gm": 7.571296867168729,
  "snr_total": 9.888930494408303,
  "snr_wm": 20.829183086357666,
  "snrd_csf": 22.169472812159047,
  "snrd_gm": 49.967217659029565,
  "snrd_total": 50.82670630956286,
  "snrd_wm": 80.34342845749995,
  "spacing_x": 1.0,
  "spacing_y": 1.0,
  "spacing_z": 1.0,
  "summary_bg_k": 256.93589209065885,
  "summary_bg_mad": 8.154128745705284,
  "summary_bg_mean": 9.653825759887695,
  "summary_bg_median": 8.236334800720215,
  "summary_bg_n": 357470.0,
  "summary_bg_p05": 0.0,
  "summary_bg_p95": 25.671363830566406,
  "summary_bg_stdv": 9.074151039123535,
  "summary_csf_k": 16.929824750435284,
  "summary_csf_mad": 147.16251118546867,
  "summary_csf_mean": 307.0823669433594,
  "summary_csf_median": 275.93145751953125,
  "summary_csf_n": 11706.0,
  "summary_csf_p05": 113.0235652923584,
  "summary_csf_p95": 512.0825119018555,
  "summary_csf_stdv": 217.8924102783203,
  "summary_gm_k": 0.6516716542284771,
  "summary_gm_mad": 75.61886652213398,
  "summary_gm_mean": 630.8424682617188,
  "summary_gm_median": 621.9149780273438,
  "summary_gm_n": 31319.0,
  "summary_gm_p05": 512.8164306640625,
  "summary_gm_p95": 781.4027221679686,
  "summary_gm_stdv": 82.13983154296875,
  "summary_wm_k": 1.4856746737037172,
  "summary_wm_mad": 41.26410274934143,
  "summary_wm_mean": 997.0084838867188,
  "summary_wm_median": 999.9912719726562,
  "summary_wm_n": 183359.0,
  "summary_wm_p05": 911.0388427734374,
  "summary_wm_p95": 1068.0588623046876,
  "summary_wm_stdv": 48.00901412963867,
  "tpm_overlap_csf": 0.16154520213603973,
  "tpm_overlap_gm": 0.4621865749359131,
  "tpm_overlap_wm": 0.49412456154823303,
  "wm2max": 0.669021788005013
}