{
  "aor": 0.0007504444444444443,
  "aqi": 0.004934543481481482,
  "bids_meta": {
    "AcquisitionNumber": 8,
    "BidsifyVersion": "0.3.7",
    "ConversionSoftware": "dcm2niix",
    "ConversionSoftwareVersion": "v1.0.20190902",
    "EchoTime": 0.02763,
    "EffectiveEchoSpacing": 0.0006621159151938905,
    "ImageComments": "Upgrade2017",
    "ImageOrientationPatientDICOM": [
      0.999738,
      0.0219605,
      -0.00647242,
      -0.0228618,
      0.942502,
      -0.333417
    ],
    "InstitutionName": "Spinoza Centre for Neuroimaging, location REC",
    "MagneticFieldStrength": 3,
    "Manufacturer": "Philips",
    "ParallelAcquisitionTechnique": "SENSE",
    "PatientPosition": "HFS",
    "PhilipsRescaleIntercept": 0,
    "PhilipsRescaleSlope": 0.79463,
    "PhilipsScaleSlope": 0.0534474,
    "ProtocolName": "WIPtask-harriri_acq-sequential_boldSENSE",
    "ReconMatrixPE": 80,
    "RepetitionTime": 2,
    "SeriesDescription": "ImageMRSERIES",
    "SeriesNumber": 8,
    "TaskName": "emomatching",
    "TotalReadoutTime": 0.025822520692561732,
    "UsePhilipsFloatNotDisplayScaling": 1,
    "acq_id": "seq",
    "dataset": "<unset>",
    "modality": "bold",
    "session_id": "pre",
    "subject_id": "13",
    "task_id": "emomatching"
  },
  "dummy_trs": 0,
  "dvars_nstd": 23.205354064104483,
  "dvars_std": 1.2873796536567166,
  "dvars_vstd": 1.0002651960447762,
  "efc": 0.414269838598114,
  "fber": 323810880.0,
  "fd_mean": 0.12553704840815094,
  "fd_num": 13,
  "fd_perc": 9.62962962962963,
  "fwhm_avg": 1.8113250588118837,
  "fwhm_x": 1.73372,
  "fwhm_y": 1.9756066666666667,
  "fwhm_z": 1.7246485097689848,
  "gcor": 0.0211409,
  "gsr_x": -0.009445812553167343,
  "gsr_y": 0.011903300881385803,
  "provenance": {
    "md5sum": "a3556101952156e68cfa5508c34036f5",
    "settings": {
      "fd_thres": 0.2,
      "testing": false
    },
    "software": "mriqc",
    "version": "0.16.0",
    "webapi_port": null,
    "webapi_url": "https://mriqc.nimh.nih.gov/api/v1"
  },
  "size_t": 135,
  "size_x": 80,
  "size_y": 80,
  "size_z": 36,
  "snr": 5.766675858327677,
  "spacing_tr": 2.0,
  "spacing_x": 3.0,
  "spacing_y": 3.0,
  "spacing_z": 3.299999952316284,
  "spikes_num": 1,
  "summary_bg_k": 35.80214945637353,
  "summary_bg_mad": 1.8859361597874462,
  "summary_bg_mean": 369.97821044921875,
  "summary_bg_median": 1.2887895107269287,
  "summary_bg_n": 153772.0,
  "summary_bg_p05": 0.0051561388419941075,
  "summary_bg_p95": 2333.049511718746,
  "summary_bg_stdv": 1522.4251708984375,
  "summary_fg_k": 2.8396503261261534,
  "summary_fg_mad": 3715.476447968947,
  "summary_fg_mean": 25413.158203125,
  "summary_fg_median": 24852.134765625,
  "summary_fg_n": 35270.0,
  "summary_fg_p05": 19441.56591796875,
  "summary_fg_p95": 32579.293164062492,
  "summary_fg_stdv": 4309.55078125,
  "tsnr": 80.64752960205078
}