{
  "aor": 0.0004641287284144428,
  "aqi": 0.03351810989010989,
  "bids_meta": {
    "AcquisitionNumber": 10,
    "BidsifyVersion": "0.3.7",
    "ConversionSoftware": "dcm2niix",
    "ConversionSoftwareVersion": "v1.0.20190902",
    "EchoTime": 0.02763,
    "EffectiveEchoSpacing": 0.0006333282667071997,
    "ImageComments": "Upgrade2017",
    "ImageOrientationPatientDICOM": [
      0.999738,
      0.0219605,
      -0.00647242,
      -0.0228618,
      0.942502,
      -0.333417
    ],
    "InstitutionName": "Spinoza Centre for Neuroimaging, location REC",
    "MagneticFieldStrength": 3,
    "Manufacturer": "Philips",
    "ParallelAcquisitionTechnique": "SENSE",
    "PatientPosition": "HFS",
    "PhilipsRescaleIntercept": 0,
    "PhilipsRescaleSlope": 0.77582,
    "PhilipsScaleSlope": 0.0931049,
    "ProtocolName": "WIPtask-rest_acq-multiband_boldSENSE",
    "ReconMatrixPE": 80,
    "RepetitionTime": 0.763789,
    "SeriesDescription": "ImageMRSERIES",
    "SeriesNumber": 10,
    "TaskName": "restingstate",
    "TotalReadoutTime": 0.024699802401580786,
    "UsePhilipsFloatNotDisplayScaling": 1,
    "acq_id": "mb3",
    "dataset": "<unset>",
    "modality": "bold",
    "session_id": "pre",
    "subject_id": "13",
    "task_id": "restingstate"
  },
  "dummy_trs": 0,
  "dvars_nstd": 43.17757485353777,
  "dvars_std": 1.1105787601886792,
  "dvars_vstd": 1.0059251847641517,
  "efc": 0.4166042538726525,
  "fber": 163915280.0,
  "fd_mean": 0.11111542330317396,
  "fd_num": 46,
  "fd_perc": 7.221350078492936,
  "fwhm_avg": 1.8093124323820213,
  "fwhm_x": 1.7466100000000002,
  "fwhm_y": 1.9913999999999998,
  "fwhm_z": 1.6899272971460646,
  "gcor": 0.0104195,
  "gsr_x": -0.011109057813882828,
  "gsr_y": 0.011620388366281986,
  "provenance": {
    "md5sum": "ef21d1fac8206c8c1d4cbe79b12b6d36",
    "settings": {
      "fd_thres": 0.2,
      "testing": false
    },
    "software": "mriqc",
    "version": "0.16.0",
    "webapi_port": null,
    "webapi_url": "https://mriqc.nimh.nih.gov/api/v1"
  },
  "size_t": 637,
  "size_x": 80,
  "size_y": 80,
  "size_z": 36,
  "snr": 7.749610241272415,
  "spacing_tr": 0.7637892961502075,
  "spacing_x": 3.0,
  "spacing_y": 3.0,
  "spacing_z": 3.299999952316284,
  "spikes_num": 0,
  "summary_bg_k": 34.160183729947605,
  "summary_bg_mad": 2.0344436996593327,
  "summary_bg_mean": 298.479248046875,
  "summary_bg_median": 1.3854066133499146,
  "summary_bg_n": 154577.0,
  "summary_bg_p05": 0.0042100283317267895,
  "summary_bg_p95": 1935.0900634765612,
  "summary_bg_stdv": 1160.0836181640625,
  "summary_fg_k": 2.4778595451123175,
  "summary_fg_mad": 2183.2635214388383,
  "summary_fg_mean": 18804.54296875,
  "summary_fg_median": 18855.3359375,
  "summary_fg_n": 34518.0,
  "summary_fg_p05": 14877.890332031251,
  "summary_fg_p95": 22606.52197265625,
  "summary_fg_stdv": 2433.03369140625,
  "tsnr": 32.762733459472656
}