{
  "aor": 0.0017747499999999999,
  "aqi": 0.008912217958333333,
  "bids_meta": {
    "AcquisitionNumber": 3,
    "BidsifyVersion": "0.3.7",
    "ConversionSoftware": "dcm2niix",
    "ConversionSoftwareVersion": "v1.0.20190902",
    "EchoTime": 0.02763,
    "EffectiveEchoSpacing": 0.0006621159151938905,
    "ImageComments": "Upgrade2017",
    "ImageOrientationPatientDICOM": [
      0.999738,
      0.0219605,
      -0.00647242,
      -0.0228618,
      0.942502,
      -0.333417
    ],
    "InstitutionName": "Spinoza Centre for Neuroimaging, location REC",
    "MagneticFieldStrength": 3,
    "Manufacturer": "Philips",
    "ParallelAcquisitionTechnique": "SENSE",
    "PatientPosition": "HFS",
    "PhilipsRescaleIntercept": 0,
    "PhilipsRescaleSlope": 0.79731,
    "PhilipsScaleSlope": 0.0527353,
    "ProtocolName": "WIPtask-rest_acq-sequential_boldSENSE",
    "ReconMatrixPE": 80,
    "RepetitionTime": 2,
    "SeriesDescription": "ImageMRSERIES",
    "SeriesNumber": 3,
    "TaskName": "restingstate",
    "TotalReadoutTime": 0.025822520692561732,
    "UsePhilipsFloatNotDisplayScaling": 1,
    "acq_id": "seq",
    "dataset": "<unset>",
    "modality": "bold",
    "session_id": "pre",
    "subject_id": "13",
    "task_id": "restingstate"
  },
  "dummy_trs": 0,
  "dvars_nstd": 23.668704803096244,
  "dvars_std": 1.2904838569456072,
  "dvars_vstd": 0.9844425535983269,
  "efc": 0.4142455350740544,
  "fber": 65768288.0,
  "fd_mean": 0.14154413075304795,
  "fd_num": 39,
  "fd_perc": 16.25,
  "fwhm_avg": 1.812485765864828,
  "fwhm_x": 1.7421366666666664,
  "fwhm_y": 1.97436,
  "fwhm_z": 1.7209606309278176,
  "gcor": 0.0166932,
  "gsr_x": -0.009588791988790035,
  "gsr_y": 0.011542489752173424,
  "provenance": {
    "md5sum": "ca6c48f418bca945df85f01ffd4e594e",
    "settings": {
      "fd_thres": 0.2,
      "testing": false
    },
    "software": "mriqc",
    "version": "0.16.0",
    "webapi_port": null,
    "webapi_url": "https://mriqc.nimh.nih.gov/api/v1"
  },
  "size_t": 240,
  "size_x": 80,
  "size_y": 80,
  "size_z": 36,
  "snr": 5.74273794792388,
  "spacing_tr": 2.0,
  "spacing_x": 3.0,
  "spacing_y": 3.0,
  "spacing_z": 3.299999952316284,
  "spikes_num": 0,
  "summary_bg_k": 36.539173001182526,
  "summary_bg_mad": 4.180747614968238,
  "summary_bg_mean": 373.0993957519531,
  "summary_bg_median": 2.8738811016082764,
  "summary_bg_n": 153985.0,
  "summary_bg_p05": 0.021327126398682603,
  "summary_bg_p95": 2291.7014160156173,
  "summary_bg_stdv": 1492.9964599609375,
  "summary_fg_k": 2.8198557605687045,
  "summary_fg_mad": 3762.079963798301,
  "summary_fg_mean": 25523.435546875,
  "summary_fg_median": 24969.9765625,
  "summary_fg_n": 35102.0,
  "summary_fg_p05": 19485.77255859375,
  "summary_fg_p95": 32726.335058593744,
  "summary_fg_stdv": 4348.0341796875,
  "tsnr": 68.11538696289062
}