{
  "bids_meta": {
    "AcquisitionNumber": 2,
    "BidsifyVersion": "0.3.7",
    "ConversionSoftware": "dcm2niix",
    "ConversionSoftwareVersion": "v1.0.20190902",
    "EchoTime": 0.00378,
    "ImageComments": "Upgrade2017",
    "ImageOrientationPatientDICOM": [
      0.998491,
      0.0438761,
      0.0330392,
      -0.0402781,
      0.993902,
      -0.102645
    ],
    "InstitutionName": "Spinoza Centre for Neuroimaging, location REC",
    "MagneticFieldStrength": 3,
    "Manufacturer": "Philips",
    "ParallelAcquisitionTechnique": "SENSE",
    "PatientPosition": "HFS",
    "PhilipsRescaleIntercept": 0,
    "PhilipsRescaleSlope": 12.9314,
    "PhilipsScaleSlope": 0.0052013,
    "ProtocolName": "WIPT1wSENSE",
    "ReconMatrixPE": 240,
    "RepetitionTime": 0.008242,
    "SeriesDescription": "ImageMRSERIES",
    "SeriesNumber": 2,
    "UsePhilipsFloatNotDisplayScaling": 1,
    "dataset": "<unset>",
    "modality": "T1w",
    "session_id": "pre",
    "subject_id": "10"
  },
  "cjv": 0.35774647364061035,
  "cnr": 3.538073723865898,
  "efc": 0.7811009972057087,
  "fber": 800.955810546875,
  "fwhm_avg": 3.329100195887108,
  "fwhm_x": 3.30933,
  "fwhm_y": 3.4966202084148055,
  "fwhm_z": 3.1813503792465188,
  "icvs_csf": 0.18823966505840803,
  "icvs_gm": 0.45309179691011775,
  "icvs_wm": 0.3586685380314742,
  "inu_med": 1.6932182312011719,
  "inu_range": 0.4852686882019044,
  "provenance": {
    "md5sum": "c38a49329d41165c974ef730189ca0ed",
    "settings": {
      "testing": false
    },
    "software": "mriqc",
    "version": "0.16.0",
    "warnings": {
      "large_rot_frame": true,
      "small_air_mask": true
    },
    "webapi_port": null,
    "webapi_url": "https://mriqc.nimh.nih.gov/api/v1"
  },
  "qi_1": 0.0,
  "qi_2": 0.00011869066109079675,
  "rpve_csf": 31.059921700665495,
  "rpve_gm": 14.469060832900627,
  "rpve_wm": 21.75171207750485,
  "size_x": 240,
  "size_y": 240,
  "size_z": 220,
  "snr_csf": 2.0681760311426083,
  "snr_gm": 6.679163409996254,
  "snr_total": 8.324463493071505,
  "snr_wm": 16.226051038075653,
  "snrd_csf": 14.213216897459882,
  "snrd_gm": 31.078579243515073,
  "snrd_total": 32.18007650608479,
  "snrd_wm": 51.24843337727942,
  "spacing_x": 1.0,
  "spacing_y": 0.9999999403953552,
  "spacing_z": 0.9999998807907104,
  "summary_bg_k": 21.164198049210075,
  "summary_bg_mad": 12.783261053304884,
  "summary_bg_mean": 19.403657913208008,
  "summary_bg_median": 17.159576416015625,
  "summary_bg_n": 149170.0,
  "summary_bg_p05": 0.0,
  "summary_bg_p95": 51.332302856445295,
  "summary_bg_stdv": 18.23882293701172,
  "summary_csf_k": 2.0282929184954552,
  "summary_csf_mad": 165.9927651511735,
  "summary_csf_mean": 274.9410705566406,
  "summary_csf_median": 277.33349609375,
  "summary_csf_n": 7971.0,
  "summary_csf_p05": 72.19081115722656,
  "summary_csf_p95": 473.5975646972656,
  "summary_csf_stdv": 134.0872802734375,
  "summary_gm_k": 0.512718680750051,
  "summary_gm_mad": 85.13144650344172,
  "summary_gm_mean": 612.6290283203125,
  "summary_gm_median": 606.4166259765625,
  "summary_gm_n": 20329.0,
  "summary_gm_p05": 474.4715942382812,
  "summary_gm_p95": 771.9095825195312,
  "summary_gm_stdv": 90.79006958007812,
  "summary_wm_k": 0.9789947862620076,
  "summary_wm_mad": 55.66382250206225,
  "summary_wm_mean": 997.1924438476562,
  "summary_wm_median": 999.9782104492188,
  "summary_wm_n": 177568.0,
  "summary_wm_p05": 891.5077728271484,
  "summary_wm_p95": 1092.3942016601563,
  "summary_wm_stdv": 61.62777328491211,
  "tpm_overlap_csf": 0.15907329320907593,
  "tpm_overlap_gm": 0.45157670974731445,
  "tpm_overlap_wm": 0.4899224638938904,
  "wm2max": 0.6914516954036838
}