{
  "aor": 0.0023900740740740735,
  "aqi": 0.004046513333333334,
  "bids_meta": {
    "AcquisitionNumber": 8,
    "BidsifyVersion": "0.3.7",
    "ConversionSoftware": "dcm2niix",
    "ConversionSoftwareVersion": "v1.0.20190902",
    "EchoTime": 0.02763,
    "EffectiveEchoSpacing": 0.0006621159151938905,
    "ImageComments": "Upgrade2017",
    "ImageOrientationPatientDICOM": [
      0.992498,
      -0.0967933,
      0.0746911,
      0.094343,
      0.9949,
      0.0356731
    ],
    "InstitutionName": "Spinoza Centre for Neuroimaging, location REC",
    "MagneticFieldStrength": 3,
    "Manufacturer": "Philips",
    "ParallelAcquisitionTechnique": "SENSE",
    "PatientPosition": "HFS",
    "PhilipsRescaleIntercept": 0,
    "PhilipsRescaleSlope": 0.79121,
    "PhilipsScaleSlope": 0.0572055,
    "ProtocolName": "WIPtask-harriri_acq-sequential_boldSENSE",
    "ReconMatrixPE": 80,
    "RepetitionTime": 2,
    "SeriesDescription": "ImageMRSERIES",
    "SeriesNumber": 8,
    "TaskName": "emomatching",
    "TotalReadoutTime": 0.025822520692561732,
    "UsePhilipsFloatNotDisplayScaling": 1,
    "acq_id": "seq",
    "dataset": "<unset>",
    "modality": "bold",
    "session_id": "pre",
    "subject_id": "06",
    "task_id": "emomatching"
  },
  "dummy_trs": 0,
  "dvars_nstd": 18.605435876641803,
  "dvars_std": 1.196041390298507,
  "dvars_vstd": 1.0050542446268653,
  "efc": 0.4061017948934283,
  "fber": 293354592.0,
  "fd_mean": 0.11236080890156785,
  "fd_num": 13,
  "fd_perc": 9.62962962962963,
  "fwhm_avg": 1.8200750425339514,
  "fwhm_x": 1.7727966666666666,
  "fwhm_y": 1.9602333333333333,
  "fwhm_z": 1.7271951276018538,
  "gcor": 0.0129637,
  "gsr_x": -0.010184705257415771,
  "gsr_y": 0.00640270346775651,
  "provenance": {
    "md5sum": "d278852de1f0b8a17b0c947b264b5d9e",
    "settings": {
      "fd_thres": 0.2,
      "testing": false
    },
    "software": "mriqc",
    "version": "0.16.0",
    "webapi_port": null,
    "webapi_url": "https://mriqc.nimh.nih.gov/api/v1"
  },
  "size_t": 135,
  "size_x": 80,
  "size_y": 80,
  "size_z": 36,
  "snr": 5.451458973425191,
  "spacing_tr": 2.0,
  "spacing_x": 3.0,
  "spacing_y": 3.0,
  "spacing_z": 3.299881935119629,
  "spikes_num": 0,
  "summary_bg_k": 56.85796747440518,
  "summary_bg_mad": 2.064704484106442,
  "summary_bg_mean": 282.9149169921875,
  "summary_bg_median": 1.4178271293640137,
  "summary_bg_n": 154852.0,
  "summary_bg_p05": 0.009396316576749086,
  "summary_bg_p95": 1768.0875305175732,
  "summary_bg_stdv": 1240.89208984375,
  "summary_fg_k": 1.4313949958679588,
  "summary_fg_mad": 4402.193471638095,
  "summary_fg_mean": 25960.970703125,
  "summary_fg_median": 25505.14453125,
  "summary_fg_n": 35362.0,
  "summary_fg_p05": 19294.50244140625,
  "summary_fg_p95": 33863.556640625,
  "summary_fg_stdv": 4678.5244140625,
  "tsnr": 82.84674072265625
}