{
  "aor": 0.00027741666666666664,
  "aqi": 0.003894799458333333,
  "bids_meta": {
    "AcquisitionNumber": 3,
    "BidsifyVersion": "0.3.7",
    "ConversionSoftware": "dcm2niix",
    "ConversionSoftwareVersion": "v1.0.20190902",
    "EchoTime": 0.02763,
    "EffectiveEchoSpacing": 0.0006621159151938905,
    "ImageComments": "Upgrade_2017",
    "ImageOrientationPatientDICOM": [
      0.998519,
      0.0543534,
      -0.00225023,
      -0.053204,
      0.967104,
      -0.248753
    ],
    "InstitutionName": "Spinoza Centre for Neuroimaging, location REC",
    "MagneticFieldStrength": 3,
    "Manufacturer": "Philips",
    "ParallelAcquisitionTechnique": "SENSE",
    "PatientPosition": "HFS",
    "PhilipsRescaleIntercept": 0,
    "PhilipsRescaleSlope": 0.77411,
    "PhilipsScaleSlope": 0.0197224,
    "ProtocolName": "task-rest_acq-sequential_bold",
    "ReconMatrixPE": 80,
    "RepetitionTime": 2,
    "SeriesDescription": "ImageMRSERIES",
    "SeriesNumber": 3,
    "TaskName": "restingstate",
    "TotalReadoutTime": 0.025822520692561732,
    "UsePhilipsFloatNotDisplayScaling": 1,
    "acq_id": "seq",
    "dataset": "<unset>",
    "modality": "bold",
    "session_id": "post",
    "subject_id": "24",
    "task_id": "restingstate"
  },
  "dummy_trs": 0,
  "dvars_nstd": 19.72630134510461,
  "dvars_std": 1.2175752402928879,
  "dvars_vstd": 0.9811164895815897,
  "efc": 0.42124725677836455,
  "fber": 1394879232.0,
  "fd_mean": 0.07864291868371365,
  "fd_num": 0,
  "fd_perc": 0.0,
  "fwhm_avg": 1.816467381985431,
  "fwhm_x": 1.7641600000000002,
  "fwhm_y": 1.9727966666666665,
  "fwhm_z": 1.7124454792896253,
  "gcor": 0.115551,
  "gsr_x": -0.007944419048726559,
  "gsr_y": 0.0071901665069162846,
  "provenance": {
    "md5sum": "0c7cd6f5323d396c919acebbe1a35b58",
    "settings": {
      "fd_thres": 0.2,
      "testing": false
    },
    "software": "mriqc",
    "version": "0.16.0",
    "webapi_port": null,
    "webapi_url": "https://mriqc.nimh.nih.gov/api/v1"
  },
  "size_t": 240,
  "size_x": 80,
  "size_y": 80,
  "size_z": 36,
  "snr": 6.336438286314789,
  "spacing_tr": 2.0,
  "spacing_x": 3.0,
  "spacing_y": 3.0,
  "spacing_z": 3.299999952316284,
  "spikes_num": 0,
  "summary_bg_k": 40.86247978724279,
  "summary_bg_mad": 2.5296854360992924,
  "summary_bg_mean": 983.4742431640625,
  "summary_bg_median": 1.7069156169891357,
  "summary_bg_n": 152348.0,
  "summary_bg_p05": 0.0,
  "summary_bg_p95": 5684.650268554674,
  "summary_bg_stdv": 4192.0166015625,
  "summary_fg_k": 2.995834204832505,
  "summary_fg_mad": 9829.652708692141,
  "summary_fg_mean": 70781.0859375,
  "summary_fg_median": 69631.140625,
  "summary_fg_n": 37192.0,
  "summary_fg_p05": 56240.511132812506,
  "summary_fg_p95": 88796.931640625,
  "summary_fg_stdv": 10988.85546875,
  "tsnr": 87.47064208984375
}