{
  "aor": 0.0011035555555555555,
  "aqi": 0.003958809925925926,
  "bids_meta": {
    "AcquisitionNumber": 8,
    "BidsifyVersion": "0.3.7",
    "ConversionSoftware": "dcm2niix",
    "ConversionSoftwareVersion": "v1.0.20190902",
    "EchoTime": 0.02763,
    "EffectiveEchoSpacing": 0.0006621159151938905,
    "ImageComments": "Upgrade_2017",
    "ImageOrientationPatientDICOM": [
      0.998519,
      0.0543534,
      -0.00225023,
      -0.053204,
      0.967104,
      -0.248753
    ],
    "InstitutionName": "Spinoza Centre for Neuroimaging, location REC",
    "MagneticFieldStrength": 3,
    "Manufacturer": "Philips",
    "ParallelAcquisitionTechnique": "SENSE",
    "PatientPosition": "HFS",
    "PhilipsRescaleIntercept": 0,
    "PhilipsRescaleSlope": 0.77338,
    "PhilipsScaleSlope": 0.0199957,
    "ProtocolName": "task-harriri_acq-sequential_bold",
    "ReconMatrixPE": 80,
    "RepetitionTime": 2,
    "SeriesDescription": "ImageMRSERIES",
    "SeriesNumber": 8,
    "TaskName": "emomatching",
    "TotalReadoutTime": 0.025822520692561732,
    "UsePhilipsFloatNotDisplayScaling": 1,
    "acq_id": "seq",
    "dataset": "<unset>",
    "modality": "bold",
    "session_id": "post",
    "subject_id": "24",
    "task_id": "emomatching"
  },
  "dummy_trs": 0,
  "dvars_nstd": 20.595660195298517,
  "dvars_std": 1.2419605956716417,
  "dvars_vstd": 1.0075653129104483,
  "efc": 0.42116911476965113,
  "fber": 1023759424.0,
  "fd_mean": 0.08695260420484893,
  "fd_num": 1,
  "fd_perc": 0.7407407407407407,
  "fwhm_avg": 1.8172148567237976,
  "fwhm_x": 1.7640366666666667,
  "fwhm_y": 1.9770533333333333,
  "fwhm_z": 1.7105545701713933,
  "gcor": 0.027511,
  "gsr_x": -0.007919779047369957,
  "gsr_y": 0.007038733921945095,
  "provenance": {
    "md5sum": "6f1b1343b4b4c80f691819dfafa8a543",
    "settings": {
      "fd_thres": 0.2,
      "testing": false
    },
    "software": "mriqc",
    "version": "0.16.0",
    "webapi_port": null,
    "webapi_url": "https://mriqc.nimh.nih.gov/api/v1"
  },
  "size_t": 135,
  "size_x": 80,
  "size_y": 80,
  "size_z": 36,
  "snr": 6.289861470649982,
  "spacing_tr": 2.0,
  "spacing_x": 3.0,
  "spacing_y": 3.0,
  "spacing_z": 3.299999952316284,
  "spikes_num": 1,
  "summary_bg_k": 40.02774195090298,
  "summary_bg_mad": 2.9740822617990297,
  "summary_bg_mean": 977.8154907226562,
  "summary_bg_median": 2.020094156265259,
  "summary_bg_n": 152385.0,
  "summary_bg_p05": 0.006928512174636126,
  "summary_bg_p95": 5737.664746093743,
  "summary_bg_stdv": 4173.01318359375,
  "summary_fg_k": 2.9568574940304932,
  "summary_fg_mad": 9598.175645913037,
  "summary_fg_mean": 68984.34375,
  "summary_fg_median": 67817.234375,
  "summary_fg_n": 37166.0,
  "summary_fg_p05": 54791.5869140625,
  "summary_fg_p95": 86760.12890625,
  "summary_fg_stdv": 10781.8466796875,
  "tsnr": 93.16356658935547
}