{
    "Manufacturer": "Philips",
    "PatientPosition": "HFS",
    "SeriesDescription": "ImageMRSERIES",
    "ProtocolName": "WIPtask-rest_acq-multiband_boldSENSE",
    "SeriesNumber": 3,
    "AcquisitionNumber": 3,
    "ImageComments": "Upgrade2017",
    "PhilipsRescaleSlope": 0.75775,
    "PhilipsRescaleIntercept": 0,
    "PhilipsScaleSlope": 0.0874564,
    "UsePhilipsFloatNotDisplayScaling": 1,
    "EchoTime": 0.02763,
    "RepetitionTime": 0.761525,
    "ReconMatrixPE": 80,
    "ImageOrientationPatientDICOM": [
        0.999856,
        -0.0165866,
        0.00365937,
        0.0167543,
        0.99851,
        -0.0519333
    ],
    "ConversionSoftware": "dcm2niix",
    "ConversionSoftwareVersion": "v1.0.20190902",
    "BidsifyVersion": "0.3.7",
    "MagneticFieldStrength": 3,
    "ParallelAcquisitionTechnique": "SENSE",
    "InstitutionName": "Spinoza Centre for Neuroimaging, location REC",
    "TaskName": "restingstate"
}