{
  "aor": 7.728414442700157e-05,
  "aqi": 0.03353890910518054,
  "bids_meta": {
    "AcquisitionNumber": 10,
    "BidsifyVersion": "0.3.7",
    "ConversionSoftware": "dcm2niix",
    "ConversionSoftwareVersion": "v1.0.20190902",
    "EchoTime": 0.02763,
    "EffectiveEchoSpacing": 0.0006333282667071997,
    "ImageComments": "Upgrade2017",
    "ImageOrientationPatientDICOM": [
      0.999928,
      -0.0119579,
      -0.000773023,
      0.0116934,
      0.987833,
      -0.155075
    ],
    "InstitutionName": "Spinoza Centre for Neuroimaging, location REC",
    "MagneticFieldStrength": 3,
    "Manufacturer": "Philips",
    "ParallelAcquisitionTechnique": "SENSE",
    "PatientPosition": "HFS",
    "PhilipsRescaleIntercept": 0,
    "PhilipsRescaleSlope": 0.78877,
    "PhilipsScaleSlope": 0.105099,
    "ProtocolName": "WIPtask-rest_acq-multiband_boldSENSE",
    "ReconMatrixPE": 80,
    "RepetitionTime": 0.762233,
    "SeriesDescription": "ImageMRSERIES",
    "SeriesNumber": 10,
    "TaskName": "restingstate",
    "TotalReadoutTime": 0.024699802401580786,
    "UsePhilipsFloatNotDisplayScaling": 1,
    "acq_id": "mb3",
    "dataset": "<unset>",
    "modality": "bold",
    "session_id": "pre",
    "subject_id": "09",
    "task_id": "restingstate"
  },
  "dummy_trs": 0,
  "dvars_nstd": 51.863016572610114,
  "dvars_std": 1.133319425015724,
  "dvars_vstd": 0.997085790267296,
  "efc": 0.45313224457206036,
  "fber": 215615712.0,
  "fd_mean": 0.12238800435737442,
  "fd_num": 59,
  "fd_perc": 9.262166405023548,
  "fwhm_avg": 1.7428664070205724,
  "fwhm_x": 1.7667599999999999,
  "fwhm_y": 1.8956633333333333,
  "fwhm_z": 1.566175887728384,
  "gcor": 0.00842972,
  "gsr_x": 0.007475859485566616,
  "gsr_y": -0.0002781414659693837,
  "provenance": {
    "md5sum": "a9458427ac66ddb7e02a0d67be27164c",
    "settings": {
      "fd_thres": 0.2,
      "testing": false
    },
    "software": "mriqc",
    "version": "0.16.0",
    "webapi_port": null,
    "webapi_url": "https://mriqc.nimh.nih.gov/api/v1"
  },
  "size_t": 637,
  "size_x": 80,
  "size_y": 80,
  "size_z": 36,
  "snr": 6.990702560437217,
  "spacing_tr": 0.7622327208518982,
  "spacing_x": 3.0,
  "spacing_y": 3.0,
  "spacing_z": 3.299884796142578,
  "spikes_num": 0,
  "summary_bg_k": 26.69519350604309,
  "summary_bg_mad": 1.6846916583984834,
  "summary_bg_mean": 377.54071044921875,
  "summary_bg_median": 1.1440924406051636,
  "summary_bg_n": 147557.0,
  "summary_bg_p05": 0.0028092214837670323,
  "summary_bg_p95": 2777.742285156248,
  "summary_bg_stdv": 1422.5277099609375,
  "summary_fg_k": 3.850069325913691,
  "summary_fg_mad": 2269.134278252656,
  "summary_fg_mean": 18029.59765625,
  "summary_fg_median": 18144.568359375,
  "summary_fg_n": 40857.0,
  "summary_fg_p05": 14056.282421875,
  "summary_fg_p95": 21891.609374999993,
  "summary_fg_stdv": 2595.496826171875,
  "tsnr": 31.8251953125
}