{
  "aor": 0.00016716666666666667,
  "aqi": 0.004546407791666666,
  "bids_meta": {
    "AcquisitionNumber": 3,
    "BidsifyVersion": "0.3.7",
    "ConversionSoftware": "dcm2niix",
    "ConversionSoftwareVersion": "v1.0.20190902",
    "EchoTime": 0.02763,
    "EffectiveEchoSpacing": 0.0006621159151938905,
    "ImageComments": "Upgrade2017",
    "ImageOrientationPatientDICOM": [
      0.999928,
      -0.0119579,
      -0.000773023,
      0.0116934,
      0.987833,
      -0.155075
    ],
    "InstitutionName": "Spinoza Centre for Neuroimaging, location REC",
    "MagneticFieldStrength": 3,
    "Manufacturer": "Philips",
    "ParallelAcquisitionTechnique": "SENSE",
    "PatientPosition": "HFS",
    "PhilipsRescaleIntercept": 0,
    "PhilipsRescaleSlope": 0.80147,
    "PhilipsScaleSlope": 0.0611328,
    "ProtocolName": "WIPtask-rest_acq-sequential_boldSENSE",
    "ReconMatrixPE": 80,
    "RepetitionTime": 2,
    "SeriesDescription": "ImageMRSERIES",
    "SeriesNumber": 3,
    "TaskName": "restingstate",
    "TotalReadoutTime": 0.025822520692561732,
    "UsePhilipsFloatNotDisplayScaling": 1,
    "acq_id": "seq",
    "dataset": "<unset>",
    "modality": "bold",
    "session_id": "pre",
    "subject_id": "09",
    "task_id": "restingstate"
  },
  "dummy_trs": 0,
  "dvars_nstd": 24.02406449866108,
  "dvars_std": 1.2700111643933054,
  "dvars_vstd": 0.9850825956903765,
  "efc": 0.451894371349157,
  "fber": 265260032.0,
  "fd_mean": 0.08741251449394838,
  "fd_num": 1,
  "fd_perc": 0.4166666666666667,
  "fwhm_avg": 1.6840652556867626,
  "fwhm_x": 1.7054566666666666,
  "fwhm_y": 1.7927,
  "fwhm_z": 1.5540391003936211,
  "gcor": 0.0487129,
  "gsr_x": 0.007916104979813099,
  "gsr_y": 0.0009404561133123934,
  "provenance": {
    "md5sum": "5653df1f15e8ab2b8c4b373559fab6be",
    "settings": {
      "fd_thres": 0.2,
      "testing": false
    },
    "software": "mriqc",
    "version": "0.16.0",
    "webapi_port": null,
    "webapi_url": "https://mriqc.nimh.nih.gov/api/v1"
  },
  "size_t": 240,
  "size_x": 80,
  "size_y": 80,
  "size_z": 36,
  "snr": 5.5334437226194035,
  "spacing_tr": 2.0,
  "spacing_x": 3.0,
  "spacing_y": 3.0,
  "spacing_z": 3.299884796142578,
  "spikes_num": 0,
  "summary_bg_k": 28.353604160964192,
  "summary_bg_mad": 1.9864659625395147,
  "summary_bg_mean": 477.6142272949219,
  "summary_bg_median": 1.3407244682312012,
  "summary_bg_n": 146783.0,
  "summary_bg_p05": 0.0,
  "summary_bg_p95": 3487.9271728515578,
  "summary_bg_stdv": 1834.8817138671875,
  "summary_fg_k": 2.639226914600746,
  "summary_fg_mad": 3861.3202019457904,
  "summary_fg_mean": 24316.6640625,
  "summary_fg_median": 24028.275390625,
  "summary_fg_n": 41772.0,
  "summary_fg_p05": 18181.1087890625,
  "summary_fg_p95": 31240.68662109375,
  "summary_fg_stdv": 4342.32080078125,
  "tsnr": 78.87730407714844
}