{
  "aor": 0.0005087407407407409,
  "aqi": 0.004831555111111111,
  "bids_meta": {
    "AcquisitionNumber": 8,
    "BidsifyVersion": "0.3.7",
    "ConversionSoftware": "dcm2niix",
    "ConversionSoftwareVersion": "v1.0.20190902",
    "EchoTime": 0.02763,
    "EffectiveEchoSpacing": 0.0006621159151938905,
    "ImageComments": "Upgrade2017",
    "ImageOrientationPatientDICOM": [
      0.999928,
      -0.0119579,
      -0.000773023,
      0.0116934,
      0.987833,
      -0.155075
    ],
    "InstitutionName": "Spinoza Centre for Neuroimaging, location REC",
    "MagneticFieldStrength": 3,
    "Manufacturer": "Philips",
    "ParallelAcquisitionTechnique": "SENSE",
    "PatientPosition": "HFS",
    "PhilipsRescaleIntercept": 0,
    "PhilipsRescaleSlope": 0.80415,
    "PhilipsScaleSlope": 0.0616231,
    "ProtocolName": "WIPtask-harriri_acq-sequential_boldSENSE",
    "ReconMatrixPE": 80,
    "RepetitionTime": 2,
    "SeriesDescription": "ImageMRSERIES",
    "SeriesNumber": 8,
    "TaskName": "emomatching",
    "TotalReadoutTime": 0.025822520692561732,
    "UsePhilipsFloatNotDisplayScaling": 1,
    "acq_id": "seq",
    "dataset": "<unset>",
    "modality": "bold",
    "session_id": "pre",
    "subject_id": "09",
    "task_id": "emomatching"
  },
  "dummy_trs": 0,
  "dvars_nstd": 23.541078553059695,
  "dvars_std": 1.2503107482835818,
  "dvars_vstd": 0.9919650594776119,
  "efc": 0.452463197389391,
  "fber": 282670272.0,
  "fd_mean": 0.08110770511195309,
  "fd_num": 1,
  "fd_perc": 0.7407407407407407,
  "fwhm_avg": 1.6902658863617244,
  "fwhm_x": 1.7099900000000001,
  "fwhm_y": 1.8046533333333334,
  "fwhm_z": 1.5561543257518395,
  "gcor": 0.0291909,
  "gsr_x": 0.007915990427136421,
  "gsr_y": 0.00040413643000647426,
  "provenance": {
    "md5sum": "17dc790ea7dde09bfde3b89d231e32a4",
    "settings": {
      "fd_thres": 0.2,
      "testing": false
    },
    "software": "mriqc",
    "version": "0.16.0",
    "webapi_port": null,
    "webapi_url": "https://mriqc.nimh.nih.gov/api/v1"
  },
  "size_t": 135,
  "size_x": 80,
  "size_y": 80,
  "size_z": 36,
  "snr": 5.571329846267657,
  "spacing_tr": 2.0,
  "spacing_x": 3.0,
  "spacing_y": 3.0,
  "spacing_z": 3.299884796142578,
  "spikes_num": 0,
  "summary_bg_k": 27.60023461242654,
  "summary_bg_mad": 1.9408575733244962,
  "summary_bg_mean": 475.53533935546875,
  "summary_bg_median": 1.3225882053375244,
  "summary_bg_n": 146666.0,
  "summary_bg_p05": 0.0028462752234190702,
  "summary_bg_p95": 3504.2714233398438,
  "summary_bg_stdv": 1838.448486328125,
  "summary_fg_k": 2.641193987631989,
  "summary_fg_mad": 3766.440899230077,
  "summary_fg_mean": 23940.859375,
  "summary_fg_median": 23662.724609375,
  "summary_fg_n": 41817.0,
  "summary_fg_p05": 17932.061328125,
  "summary_fg_p95": 30734.02265625,
  "summary_fg_stdv": 4247.18017578125,
  "tsnr": 77.883056640625
}