{
  "bids_meta": {
    "AcquisitionNumber": 2,
    "BidsifyVersion": "0.3.7",
    "ConversionSoftware": "dcm2niix",
    "ConversionSoftwareVersion": "v1.0.20190902",
    "EchoTime": 0.00377,
    "ImageComments": "Upgrade2017",
    "ImageOrientationPatientDICOM": [
      0.998878,
      -0.0427983,
      -0.0202972,
      0.0409922,
      0.995763,
      -0.0823181
    ],
    "InstitutionName": "Spinoza Centre for Neuroimaging, location REC",
    "MagneticFieldStrength": 3,
    "Manufacturer": "Philips",
    "ParallelAcquisitionTechnique": "SENSE",
    "PatientPosition": "HFS",
    "PhilipsRescaleIntercept": 0,
    "PhilipsRescaleSlope": 11.8708,
    "PhilipsScaleSlope": 0.00517763,
    "ProtocolName": "WIPT1wSENSE",
    "ReconMatrixPE": 240,
    "RepetitionTime": 0.008211,
    "SeriesDescription": "ImageMRSERIES",
    "SeriesNumber": 2,
    "UsePhilipsFloatNotDisplayScaling": 1,
    "dataset": "<unset>",
    "modality": "T1w",
    "session_id": "pre",
    "subject_id": "21"
  },
  "cjv": 0.3858160121555681,
  "cnr": 3.3478225621386355,
  "efc": 0.7576679733763054,
  "fber": 320.519287109375,
  "fwhm_avg": 3.33118,
  "fwhm_x": 3.33313,
  "fwhm_y": 3.50843,
  "fwhm_z": 3.15198,
  "icvs_csf": 0.21413335896696467,
  "icvs_gm": 0.41092766364015043,
  "icvs_wm": 0.3749389773928849,
  "inu_med": 2.5817813873291016,
  "inu_range": 0.759212040901184,
  "provenance": {
    "md5sum": "5cf31e4885f45928eb4c39d3aa7ab31f",
    "settings": {
      "testing": false
    },
    "software": "mriqc",
    "version": "0.16.0",
    "warnings": {
      "large_rot_frame": true,
      "small_air_mask": true
    },
    "webapi_port": null,
    "webapi_url": "https://mriqc.nimh.nih.gov/api/v1"
  },
  "qi_1": 0.0,
  "qi_2": 0.00011728848276584774,
  "rpve_csf": 27.29393275219015,
  "rpve_gm": 14.752775351198206,
  "rpve_wm": 21.083762968514236,
  "size_x": 240,
  "size_y": 240,
  "size_z": 220,
  "snr_csf": 1.9496083074037187,
  "snr_gm": 6.53569100787715,
  "snr_total": 8.49759052607592,
  "snr_wm": 17.007472262946887,
  "snrd_csf": 16.805608693649756,
  "snrd_gm": 31.32621083252009,
  "snrd_total": 32.828193860846646,
  "snrd_wm": 50.35276205637008,
  "spacing_x": 1.0,
  "spacing_y": 1.0,
  "spacing_z": 1.0,
  "summary_bg_k": 368.06927746594556,
  "summary_bg_mad": 13.010663872657592,
  "summary_bg_mean": 18.147464752197266,
  "summary_bg_median": 17.544368743896484,
  "summary_bg_n": 170813.0,
  "summary_bg_p05": 0.0,
  "summary_bg_p95": 44.05916213989258,
  "summary_bg_stdv": 14.900092124938965,
  "summary_csf_k": 51.74929342346241,
  "summary_csf_mad": 101.75828200938219,
  "summary_csf_mean": 325.85052490234375,
  "summary_csf_median": 333.75054931640625,
  "summary_csf_n": 2397.0,
  "summary_csf_p05": 89.8237274169922,
  "summary_csf_p95": 491.58463745117183,
  "summary_csf_stdv": 171.15280151367188,
  "summary_gm_k": 0.1779487866303291,
  "summary_gm_mad": 91.43603507555498,
  "summary_gm_mean": 626.5155639648438,
  "summary_gm_median": 622.1220703125,
  "summary_gm_n": 9161.0,
  "summary_gm_p05": 475.609619140625,
  "summary_gm_p95": 791.4506225585938,
  "summary_gm_stdv": 95.18321990966797,
  "summary_wm_k": 0.7878598417798051,
  "summary_wm_mad": 54.347361498960474,
  "summary_wm_mean": 998.5730590820312,
  "summary_wm_median": 999.9793701171875,
  "summary_wm_n": 200647.0,
  "summary_wm_p05": 900.6003112792969,
  "summary_wm_p95": 1091.8333129882812,
  "summary_wm_stdv": 58.79632568359375,
  "tpm_overlap_csf": 0.1466134488582611,
  "tpm_overlap_gm": 0.4376823306083679,
  "tpm_overlap_wm": 0.5049974918365479,
  "wm2max": 0.6605813450165495
}