{
  "aor": 0.000137125,
  "aqi": 0.0035915842916666666,
  "bids_meta": {
    "AcquisitionNumber": 11,
    "BidsifyVersion": "0.3.7",
    "ConversionSoftware": "dcm2niix",
    "ConversionSoftwareVersion": "v1.0.20190902",
    "EchoTime": 0.02763,
    "EffectiveEchoSpacing": 0.0006621159151938905,
    "ImageComments": "Upgrade2017",
    "ImageOrientationPatientDICOM": [
      0.999378,
      0.0298598,
      -0.0187771,
      -0.0314067,
      0.995594,
      -0.0883481
    ],
    "InstitutionName": "Spinoza Centre for Neuroimaging, location REC",
    "MagneticFieldStrength": 3,
    "Manufacturer": "Philips",
    "ParallelAcquisitionTechnique": "SENSE",
    "PatientPosition": "HFS",
    "PhilipsRescaleIntercept": 0,
    "PhilipsRescaleSlope": 0.87326,
    "PhilipsScaleSlope": 0.0532483,
    "ProtocolName": "WIPtask-rest_acq-sequential_boldSENSE",
    "ReconMatrixPE": 80,
    "RepetitionTime": 2,
    "SeriesDescription": "ImageMRSERIES",
    "SeriesNumber": 11,
    "TaskName": "restingstate",
    "TotalReadoutTime": 0.025822520692561732,
    "UsePhilipsFloatNotDisplayScaling": 1,
    "acq_id": "seq",
    "dataset": "<unset>",
    "modality": "bold",
    "session_id": "pre",
    "subject_id": "02",
    "task_id": "restingstate"
  },
  "dummy_trs": 0,
  "dvars_nstd": 20.54700766481171,
  "dvars_std": 1.3545595801673638,
  "dvars_vstd": 0.9876173654811716,
  "efc": 0.3902927232244259,
  "fber": 2787447296.0,
  "fd_mean": 0.08909033857903527,
  "fd_num": 3,
  "fd_perc": 1.25,
  "fwhm_avg": 1.7986175841099616,
  "fwhm_x": 1.7603099999999998,
  "fwhm_y": 1.9014366666666669,
  "fwhm_z": 1.7341060856632187,
  "gcor": 0.0299762,
  "gsr_x": -0.013768285512924194,
  "gsr_y": 0.004756580106914043,
  "provenance": {
    "md5sum": "95b6746cc9b354acfefb017e683989df",
    "settings": {
      "fd_thres": 0.2,
      "testing": false
    },
    "software": "mriqc",
    "version": "0.16.0",
    "webapi_port": null,
    "webapi_url": "https://mriqc.nimh.nih.gov/api/v1"
  },
  "size_t": 240,
  "size_x": 80,
  "size_y": 80,
  "size_z": 36,
  "snr": 6.4372451670408255,
  "spacing_tr": 2.0,
  "spacing_x": 3.0,
  "spacing_y": 3.0,
  "spacing_z": 3.299999952316284,
  "spikes_num": 2,
  "summary_bg_k": 73.39565256912897,
  "summary_bg_mad": 0.7429325074273153,
  "summary_bg_mean": 266.7676696777344,
  "summary_bg_median": 0.5047144293785095,
  "summary_bg_n": 158115.0,
  "summary_bg_p05": 0.0010627823299728333,
  "summary_bg_p95": 1704.2076049804684,
  "summary_bg_stdv": 1218.66259765625,
  "summary_fg_k": 1.2230126819755958,
  "summary_fg_mad": 3989.830251078934,
  "summary_fg_mean": 27859.18359375,
  "summary_fg_median": 27566.19140625,
  "summary_fg_n": 32749.0,
  "summary_fg_p05": 21381.683203125,
  "summary_fg_p95": 35064.82421875,
  "summary_fg_stdv": 4282.23095703125,
  "tsnr": 100.89714050292969
}