{
  "aor": 0.0009834848484848483,
  "aqi": 0.0057083449242424245,
  "bids_meta": {
    "AcquisitionNumber": 8,
    "BidsifyVersion": "0.3.7",
    "ConversionSoftware": "dcm2niix",
    "ConversionSoftwareVersion": "v1.0.20190902",
    "EchoTime": 0.02763,
    "EffectiveEchoSpacing": 0.0006621159151938905,
    "ImageComments": "Upgrade_2017",
    "ImageOrientationPatientDICOM": [
      0.999157,
      0.0394638,
      -0.0112767,
      -0.040829,
      0.927648,
      -0.371217
    ],
    "InstitutionName": "Spinoza Centre for Neuroimaging, location REC",
    "MagneticFieldStrength": 3,
    "Manufacturer": "Philips",
    "ParallelAcquisitionTechnique": "SENSE",
    "PatientPosition": "HFS",
    "PhilipsRescaleIntercept": 0,
    "PhilipsRescaleSlope": 0.76777,
    "PhilipsScaleSlope": 0.0197093,
    "ProtocolName": "task-harriri_acq-sequential_bold",
    "ReconMatrixPE": 80,
    "RepetitionTime": 2,
    "SeriesDescription": "ImageMRSERIES",
    "SeriesNumber": 8,
    "TaskName": "emomatching",
    "TotalReadoutTime": 0.025822520692561732,
    "UsePhilipsFloatNotDisplayScaling": 1,
    "acq_id": "seq",
    "dataset": "<unset>",
    "modality": "bold",
    "session_id": "post",
    "subject_id": "13",
    "task_id": "emomatching"
  },
  "dummy_trs": 0,
  "dvars_nstd": 19.180323221908385,
  "dvars_std": 1.1736185621374045,
  "dvars_vstd": 0.9703345887786254,
  "efc": 0.40966131374263554,
  "fber": 1016828544.0,
  "fd_mean": 0.09519250188943146,
  "fd_num": 1,
  "fd_perc": 0.7575757575757576,
  "fwhm_avg": 1.9856326351408906,
  "fwhm_x": 1.9388166666666666,
  "fwhm_y": 2.174793333333333,
  "fwhm_z": 1.8432879054226716,
  "gcor": 0.0139769,
  "gsr_x": -0.009431951679289341,
  "gsr_y": 0.009585736319422722,
  "provenance": {
    "md5sum": "e98ef8da3fbb5fd0e8af42d625bdc08a",
    "settings": {
      "fd_thres": 0.2,
      "testing": false
    },
    "software": "mriqc",
    "version": "0.16.0",
    "webapi_port": null,
    "webapi_url": "https://mriqc.nimh.nih.gov/api/v1"
  },
  "size_t": 132,
  "size_x": 80,
  "size_y": 80,
  "size_z": 36,
  "snr": 6.553648384632084,
  "spacing_tr": 2.0,
  "spacing_x": 3.0,
  "spacing_y": 3.0,
  "spacing_z": 3.299999952316284,
  "spikes_num": 1,
  "summary_bg_k": 41.761121369368446,
  "summary_bg_mad": 2.934512774356361,
  "summary_bg_mean": 869.746826171875,
  "summary_bg_median": 1.9904487133026123,
  "summary_bg_n": 154673.0,
  "summary_bg_p05": 0.0,
  "summary_bg_p95": 5287.3435546875,
  "summary_bg_stdv": 3622.0419921875,
  "summary_fg_k": 3.425031874065162,
  "summary_fg_mad": 8926.13406764113,
  "summary_fg_mean": 68902.265625,
  "summary_fg_median": 67818.96875,
  "summary_fg_n": 34713.0,
  "summary_fg_p05": 54685.71484375,
  "summary_fg_p95": 85779.63125,
  "summary_fg_stdv": 10348.1279296875,
  "tsnr": 85.84060668945312
}