{
  "aor": 0.0003503610675039247,
  "aqi": 0.018851903202511774,
  "bids_meta": {
    "AcquisitionNumber": 3,
    "BidsifyVersion": "0.3.7",
    "ConversionSoftware": "dcm2niix",
    "ConversionSoftwareVersion": "v1.0.20190902",
    "EchoTime": 0.02763,
    "EffectiveEchoSpacing": 0.0006333282667071997,
    "ImageComments": "Upgrade_2017",
    "ImageOrientationPatientDICOM": [
      0.999157,
      0.0394638,
      -0.0112767,
      -0.040829,
      0.927648,
      -0.371217
    ],
    "InstitutionName": "Spinoza Centre for Neuroimaging, location REC",
    "MagneticFieldStrength": 3,
    "Manufacturer": "Philips",
    "ParallelAcquisitionTechnique": "SENSE",
    "PatientPosition": "HFS",
    "PhilipsRescaleIntercept": 0,
    "PhilipsRescaleSlope": 0.79731,
    "PhilipsScaleSlope": 0.0371672,
    "ProtocolName": "task-rest_acq-multiband_bold",
    "ReconMatrixPE": 80,
    "RepetitionTime": 0.763994,
    "SeriesDescription": "ImageMRSERIES",
    "SeriesNumber": 3,
    "TaskName": "restingstate",
    "TotalReadoutTime": 0.024699802401580786,
    "UsePhilipsFloatNotDisplayScaling": 1,
    "acq_id": "mb3",
    "dataset": "<unset>",
    "modality": "bold",
    "session_id": "post",
    "subject_id": "13",
    "task_id": "restingstate"
  },
  "dummy_trs": 0,
  "dvars_nstd": 20.563729541132084,
  "dvars_std": 1.1241539661635216,
  "dvars_vstd": 0.9745165354874213,
  "efc": 0.4131173984411419,
  "fber": 302908960.0,
  "fd_mean": 0.10635893462292698,
  "fd_num": 14,
  "fd_perc": 2.197802197802198,
  "fwhm_avg": 2.045920311922389,
  "fwhm_x": 2.00467,
  "fwhm_y": 2.2869333333333333,
  "fwhm_z": 1.8461576024338346,
  "gcor": 0.0288357,
  "gsr_x": -0.009798536077141762,
  "gsr_y": 0.00857463013380766,
  "provenance": {
    "md5sum": "a9a5a38ca0d55910d62b66c8cc07f9ea",
    "settings": {
      "fd_thres": 0.2,
      "testing": false
    },
    "software": "mriqc",
    "version": "0.16.0",
    "webapi_port": null,
    "webapi_url": "https://mriqc.nimh.nih.gov/api/v1"
  },
  "size_t": 637,
  "size_x": 80,
  "size_y": 80,
  "size_z": 36,
  "snr": 9.999559279146908,
  "spacing_tr": 0.7639936804771423,
  "spacing_x": 3.0,
  "spacing_y": 3.0,
  "spacing_z": 3.299999952316284,
  "spikes_num": 0,
  "summary_bg_k": 46.17163328960294,
  "summary_bg_mad": 3.966330548565633,
  "summary_bg_mean": 720.134033203125,
  "summary_bg_median": 2.7002334594726562,
  "summary_bg_n": 154872.0,
  "summary_bg_p05": 0.016066191717982292,
  "summary_bg_p95": 4462.278198242136,
  "summary_bg_stdv": 2910.13720703125,
  "summary_fg_k": 5.186307555258875,
  "summary_fg_mad": 4416.255027054233,
  "summary_fg_mean": 52826.78515625,
  "summary_fg_median": 53155.82421875,
  "summary_fg_n": 34321.0,
  "summary_fg_p05": 44000.3359375,
  "summary_fg_p95": 60677.83984375,
  "summary_fg_stdv": 5315.7392578125,
  "tsnr": 64.25586700439453
}