{
  "bids_meta": {
    "AcquisitionNumber": 2,
    "BidsifyVersion": "0.3.7",
    "ConversionSoftware": "dcm2niix",
    "ConversionSoftwareVersion": "v1.0.20190902",
    "EchoTime": 0.00376,
    "ImageComments": "Upgrade_2017",
    "ImageOrientationPatientDICOM": [
      0.999986,
      0.00161455,
      0.00508971,
      -0.00104718,
      0.993979,
      -0.109566
    ],
    "InstitutionName": "Spinoza Centre for Neuroimaging, location REC",
    "InversionTime": 0.9,
    "MagneticFieldStrength": 3,
    "Manufacturer": "Philips",
    "ParallelAcquisitionTechnique": "SENSE",
    "PatientPosition": "HFS",
    "PhilipsRescaleIntercept": 0,
    "PhilipsRescaleSlope": 4.0652,
    "PhilipsScaleSlope": 0.00523943,
    "ProtocolName": "T1w",
    "ReconMatrixPE": 240,
    "RepetitionTime": 0.008199,
    "SeriesDescription": "ImageMRSERIES",
    "SeriesNumber": 2,
    "UsePhilipsFloatNotDisplayScaling": 1,
    "dataset": "<unset>",
    "modality": "T1w",
    "session_id": "post",
    "subject_id": "06"
  },
  "cjv": 0.32503101729285827,
  "cnr": 3.7098528357546274,
  "efc": 0.6808700500839647,
  "fber": 35725.05859375,
  "fwhm_avg": 3.81068,
  "fwhm_x": 3.75171,
  "fwhm_y": 3.98391,
  "fwhm_z": 3.69642,
  "icvs_csf": 0.2345629343085373,
  "icvs_gm": 0.39603494384874477,
  "icvs_wm": 0.3694021218427179,
  "inu_med": 2.409914016723633,
  "inu_range": 0.572785043716431,
  "provenance": {
    "md5sum": "3b66a32080bbcef76b082d671903966a",
    "settings": {
      "testing": false
    },
    "software": "mriqc",
    "version": "0.16.0",
    "warnings": {
      "large_rot_frame": true,
      "small_air_mask": false
    },
    "webapi_port": null,
    "webapi_url": "https://mriqc.nimh.nih.gov/api/v1"
  },
  "qi_1": 0.010526357964283103,
  "qi_2": 5.495421378047326e-05,
  "rpve_csf": 24.62047374107985,
  "rpve_gm": 14.639060428022544,
  "rpve_wm": 20.479281671441548,
  "size_x": 240,
  "size_y": 240,
  "size_z": 220,
  "snr_csf": 2.546778790567232,
  "snr_gm": 7.818433446211776,
  "snr_total": 10.866902395507424,
  "snr_wm": 22.235494949743263,
  "snrd_csf": 54.3634360558793,
  "snrd_gm": 121.12790329772555,
  "snrd_total": 120.7733832411375,
  "snrd_wm": 186.82881036980766,
  "spacing_x": 1.0,
  "spacing_y": 1.0,
  "spacing_z": 1.0,
  "summary_bg_k": 41.95075215064124,
  "summary_bg_mad": 3.5065500887774723,
  "summary_bg_mean": 6.102736473083496,
  "summary_bg_median": 2.3651320934295654,
  "summary_bg_n": 554037.0,
  "summary_bg_p05": 0.0,
  "summary_bg_p95": 23.2325702667236,
  "summary_bg_stdv": 9.319064140319824,
  "summary_csf_k": 5.845435188235076,
  "summary_csf_mad": 126.28354419321556,
  "summary_csf_mean": 286.86492919921875,
  "summary_csf_median": 290.9747009277344,
  "summary_csf_n": 13303.0,
  "summary_csf_p05": 111.31172027587891,
  "summary_csf_p95": 449.40590820312497,
  "summary_csf_stdv": 114.24775695800781,
  "summary_gm_k": 0.6123395318732192,
  "summary_gm_mad": 74.60781216499512,
  "summary_gm_mean": 654.5896606445312,
  "summary_gm_median": 648.3246459960938,
  "summary_gm_n": 20511.0,
  "summary_gm_p05": 528.6666870117188,
  "summary_gm_p95": 803.4948120117188,
  "summary_gm_stdv": 82.9205551147461,
  "summary_wm_k": 1.3940469405182094,
  "summary_wm_mad": 39.691733599637246,
  "summary_wm_mean": 999.0418701171875,
  "summary_wm_median": 999.9819946289062,
  "summary_wm_n": 216582.0,
  "summary_wm_p05": 923.8943023681641,
  "summary_wm_p95": 1069.9383300781249,
  "summary_wm_stdv": 44.972225189208984,
  "tpm_overlap_csf": 0.17045609652996063,
  "tpm_overlap_gm": 0.4402261972427368,
  "tpm_overlap_wm": 0.5113691687583923,
  "wm2max": 0.7670022466641289
}