{
  "aor": 0.0005682962962962963,
  "aqi": 0.010120120148148148,
  "bids_meta": {
    "AcquisitionNumber": 8,
    "BidsifyVersion": "0.3.7",
    "ConversionSoftware": "dcm2niix",
    "ConversionSoftwareVersion": "v1.0.20190902",
    "EchoTime": 0.02763,
    "EffectiveEchoSpacing": 0.0006621159151938905,
    "ImageComments": "upgrade2017",
    "ImageOrientationPatientDICOM": [
      0.998571,
      -0.000570456,
      -0.053442,
      -0.00662287,
      0.990915,
      -0.134326
    ],
    "InstitutionName": "Spinoza Centre for Neuroimaging, location REC",
    "MagneticFieldStrength": 3,
    "Manufacturer": "Philips",
    "ParallelAcquisitionTechnique": "SENSE",
    "PatientPosition": "HFS",
    "PhilipsRescaleIntercept": 0,
    "PhilipsRescaleSlope": 0.77582,
    "PhilipsScaleSlope": 0.053525,
    "ProtocolName": "WIPtask-harriri_acq-sequential_boldSENSE",
    "ReconMatrixPE": 80,
    "RepetitionTime": 2,
    "SeriesDescription": "ImageMRSERIES",
    "SeriesNumber": 8,
    "TaskName": "emomatching",
    "TotalReadoutTime": 0.025822520692561732,
    "UsePhilipsFloatNotDisplayScaling": 1,
    "acq_id": "seq",
    "dataset": "<unset>",
    "modality": "bold",
    "session_id": "pre",
    "subject_id": "19",
    "task_id": "emomatching"
  },
  "dummy_trs": 0,
  "dvars_nstd": 17.116073053432828,
  "dvars_std": 1.0478673691044773,
  "dvars_vstd": 0.9187738144776116,
  "efc": 0.42888927336060917,
  "fber": 165976032.0,
  "fd_mean": 0.0907218643943521,
  "fd_num": 1,
  "fd_perc": 0.7407407407407407,
  "fwhm_avg": 1.8143927101808,
  "fwhm_x": 1.75193,
  "fwhm_y": 1.9706133333333333,
  "fwhm_z": 1.7206347972090665,
  "gcor": 0.00902709,
  "gsr_x": -0.010488729923963547,
  "gsr_y": 0.008303134702146053,
  "provenance": {
    "md5sum": "d11ee58970537b5b5ee957ff527f1f0d",
    "settings": {
      "fd_thres": 0.2,
      "testing": false
    },
    "software": "mriqc",
    "version": "0.16.0",
    "webapi_port": null,
    "webapi_url": "https://mriqc.nimh.nih.gov/api/v1"
  },
  "size_t": 135,
  "size_x": 80,
  "size_y": 80,
  "size_z": 36,
  "snr": 5.676899027104819,
  "spacing_tr": 2.0,
  "spacing_x": 3.0,
  "spacing_y": 3.0,
  "spacing_z": 3.2998054027557373,
  "spikes_num": 0,
  "summary_bg_k": 45.157374442943066,
  "summary_bg_mad": 2.898477028378601,
  "summary_bg_mean": 375.4548645019531,
  "summary_bg_median": 1.987493872642517,
  "summary_bg_n": 150917.0,
  "summary_bg_p05": 0.016028863191604615,
  "summary_bg_p95": 2506.46728515625,
  "summary_bg_stdv": 1511.2208251953125,
  "summary_fg_k": 1.7926618889744406,
  "summary_fg_mad": 4328.432563413711,
  "summary_fg_mean": 27503.857421875,
  "summary_fg_median": 27030.822265625,
  "summary_fg_n": 38538.0,
  "summary_fg_p05": 20644.72783203125,
  "summary_fg_p95": 35402.592578125004,
  "summary_fg_stdv": 4761.4853515625,
  "tsnr": 69.88825225830078
}