{
    "Manufacturer": "Philips",
    "PatientPosition": "HFS",
    "SeriesDescription": "ImageMRSERIES",
    "ProtocolName": "WIPdwi_acq-sequentialSENSE",
    "SeriesNumber": 5,
    "AcquisitionNumber": 5,
    "ImageComments": "Upgrade2017",
    "PhilipsRescaleSlope": 3.80757,
    "PhilipsRescaleIntercept": 0,
    "PhilipsScaleSlope": 0.0261741,
    "UsePhilipsFloatNotDisplayScaling": 1,
    "EchoTime": 0.08815,
    "RepetitionTime": 7.51743,
    "ReconMatrixPE": 112,
    "ImageOrientationPatientDICOM": [
        0.986968,
        -0.142222,
        0.0752835,
        0.144335,
        0.989253,
        -0.0233798
    ],
    "ConversionSoftware": "dcm2niix",
    "ConversionSoftwareVersion": "v1.0.20190902",
    "BidsifyVersion": "0.3.7",
    "MagneticFieldStrength": 3,
    "ParallelAcquisitionTechnique": "SENSE",
    "InstitutionName": "Spinoza Centre for Neuroimaging, location REC"
}