{
    "Manufacturer": "Philips",
    "PatientPosition": "HFS",
    "SeriesDescription": "ImageMRSERIES",
    "ProtocolName": "dwi_acq-sequential",
    "SeriesNumber": 5,
    "AcquisitionNumber": 5,
    "ImageComments": "upgrade_2017",
    "PhilipsRescaleSlope": 1.75824,
    "PhilipsRescaleIntercept": 0,
    "PhilipsScaleSlope": 0.0251442,
    "UsePhilipsFloatNotDisplayScaling": 1,
    "EchoTime": 0.08599,
    "RepetitionTime": 7.46014,
    "ReconMatrixPE": 112,
    "ImageOrientationPatientDICOM": [
        0.999475,
        0.0232787,
        0.0225166,
        -0.0195399,
        0.987882,
        -0.153973
    ],
    "ConversionSoftware": "dcm2niix",
    "ConversionSoftwareVersion": "v1.0.20190902",
    "BidsifyVersion": "0.3.7",
    "MagneticFieldStrength": 3,
    "ParallelAcquisitionTechnique": "SENSE",
    "InstitutionName": "Spinoza Centre for Neuroimaging, location REC"
}