{
  "aor": 0.0009038167938931298,
  "aqi": 0.0032451969465648856,
  "bids_meta": {
    "AcquisitionNumber": 8,
    "BidsifyVersion": "0.3.7",
    "ConversionSoftware": "dcm2niix",
    "ConversionSoftwareVersion": "v1.0.20190902",
    "EchoTime": 0.02763,
    "EffectiveEchoSpacing": 0.0006621159151938905,
    "ImageComments": "Upgrade_2017",
    "ImageOrientationPatientDICOM": [
      0.999101,
      0.0421411,
      -0.00467056,
      -0.0423988,
      0.992559,
      -0.114148
    ],
    "InstitutionName": "Spinoza Centre for Neuroimaging, location REC",
    "MagneticFieldStrength": 3,
    "Manufacturer": "Philips",
    "ParallelAcquisitionTechnique": "SENSE",
    "PatientPosition": "HFS",
    "PhilipsRescaleIntercept": 0,
    "PhilipsRescaleSlope": 0.81197,
    "PhilipsScaleSlope": 0.0196877,
    "ProtocolName": "task-harriri_acq-sequential_bold",
    "ReconMatrixPE": 80,
    "RepetitionTime": 2,
    "SeriesDescription": "ImageMRSERIES",
    "SeriesNumber": 8,
    "TaskName": "emomatching",
    "TotalReadoutTime": 0.025822520692561732,
    "UsePhilipsFloatNotDisplayScaling": 1,
    "acq_id": "seq",
    "dataset": "<unset>",
    "modality": "bold",
    "session_id": "post",
    "subject_id": "12",
    "task_id": "emomatching"
  },
  "dummy_trs": 0,
  "dvars_nstd": 18.25392676038461,
  "dvars_std": 1.207202757923077,
  "dvars_vstd": 1.0083188905384615,
  "efc": 0.3813410762346818,
  "fber": 1378337536.0,
  "fd_mean": 0.1108496330519595,
  "fd_num": 4,
  "fd_perc": 3.053435114503817,
  "fwhm_avg": 1.8748333718200991,
  "fwhm_x": 1.8064933333333333,
  "fwhm_y": 2.0894933333333334,
  "fwhm_z": 1.7285134487936313,
  "gcor": 0.023977,
  "gsr_x": -0.013144819997251034,
  "gsr_y": 0.003842932404950261,
  "provenance": {
    "md5sum": "36ec654f7f56c01e99d8fd3b25b32e82",
    "settings": {
      "fd_thres": 0.2,
      "testing": false
    },
    "software": "mriqc",
    "version": "0.16.0",
    "webapi_port": null,
    "webapi_url": "https://mriqc.nimh.nih.gov/api/v1"
  },
  "size_t": 131,
  "size_x": 80,
  "size_y": 80,
  "size_z": 36,
  "snr": 6.693267825839673,
  "spacing_tr": 2.0,
  "spacing_x": 3.0,
  "spacing_y": 3.0,
  "spacing_z": 3.300159454345703,
  "spikes_num": 0,
  "summary_bg_k": 48.82368076090748,
  "summary_bg_mad": 2.8791944974590353,
  "summary_bg_mean": 915.6539916992188,
  "summary_bg_median": 1.955951452255249,
  "summary_bg_n": 160925.0,
  "summary_bg_p05": 0.003702705912292004,
  "summary_bg_p95": 5678.06328125,
  "summary_bg_stdv": 4056.47802734375,
  "summary_fg_k": 2.1810367871265184,
  "summary_fg_mad": 9738.750660170017,
  "summary_fg_mean": 73920.5390625,
  "summary_fg_median": 73004.1796875,
  "summary_fg_n": 30147.0,
  "summary_fg_p05": 58838.576171875,
  "summary_fg_p95": 92492.52109375,
  "summary_fg_stdv": 10906.9248046875,
  "tsnr": 104.75291442871094
}