{
  "aor": 0.00034725,
  "aqi": 0.0036150765000000002,
  "bids_meta": {
    "AcquisitionNumber": 3,
    "BidsifyVersion": "0.3.7",
    "ConversionSoftware": "dcm2niix",
    "ConversionSoftwareVersion": "v1.0.20190902",
    "EchoTime": 0.02763,
    "EffectiveEchoSpacing": 0.0006621159151938905,
    "ImageComments": "Upgrade_2017",
    "ImageOrientationPatientDICOM": [
      0.999101,
      0.0421411,
      -0.00467056,
      -0.0423988,
      0.992559,
      -0.114148
    ],
    "InstitutionName": "Spinoza Centre for Neuroimaging, location REC",
    "MagneticFieldStrength": 3,
    "Manufacturer": "Philips",
    "ParallelAcquisitionTechnique": "SENSE",
    "PatientPosition": "HFS",
    "PhilipsRescaleIntercept": 0,
    "PhilipsRescaleSlope": 0.7939,
    "PhilipsScaleSlope": 0.0202016,
    "ProtocolName": "task-rest_acq-sequential_bold",
    "ReconMatrixPE": 80,
    "RepetitionTime": 2,
    "SeriesDescription": "ImageMRSERIES",
    "SeriesNumber": 3,
    "TaskName": "restingstate",
    "TotalReadoutTime": 0.025822520692561732,
    "UsePhilipsFloatNotDisplayScaling": 1,
    "acq_id": "seq",
    "dataset": "<unset>",
    "modality": "bold",
    "session_id": "post",
    "subject_id": "12",
    "task_id": "restingstate"
  },
  "dummy_trs": 0,
  "dvars_nstd": 18.61059798146444,
  "dvars_std": 1.1924501281171547,
  "dvars_vstd": 0.9933440832635981,
  "efc": 0.3805384420545123,
  "fber": 3518134016.0,
  "fd_mean": 0.12217709670931441,
  "fd_num": 11,
  "fd_perc": 4.583333333333333,
  "fwhm_avg": 1.8830998375723873,
  "fwhm_x": 1.8194333333333335,
  "fwhm_y": 2.09515,
  "fwhm_z": 1.734716179383829,
  "gcor": 0.0376577,
  "gsr_x": -0.013221348635852337,
  "gsr_y": 0.003935208544135094,
  "provenance": {
    "md5sum": "79afdafdaafe74c80042c449e4808f1c",
    "settings": {
      "fd_thres": 0.2,
      "testing": false
    },
    "software": "mriqc",
    "version": "0.16.0",
    "webapi_port": null,
    "webapi_url": "https://mriqc.nimh.nih.gov/api/v1"
  },
  "size_t": 240,
  "size_x": 80,
  "size_y": 80,
  "size_z": 36,
  "snr": 6.815405279554671,
  "spacing_tr": 2.0,
  "spacing_x": 3.0,
  "spacing_y": 3.0,
  "spacing_z": 3.300159454345703,
  "spikes_num": 0,
  "summary_bg_k": 50.018393490608666,
  "summary_bg_mad": 1.6941004721527426,
  "summary_bg_mean": 884.1880493164062,
  "summary_bg_median": 1.1450223922729492,
  "summary_bg_n": 160999.0,
  "summary_bg_p05": 0.00082240560441278,
  "summary_bg_p95": 5458.221875000001,
  "summary_bg_stdv": 3921.805419921875,
  "summary_fg_k": 1.9917104407864183,
  "summary_fg_mad": 9682.539186994956,
  "summary_fg_mean": 74078.7578125,
  "summary_fg_median": 73144.578125,
  "summary_fg_n": 30075.0,
  "summary_fg_p05": 59127.907421875,
  "summary_fg_p95": 92443.73125,
  "summary_fg_stdv": 10732.0634765625,
  "tsnr": 99.81902313232422
}