{
  "aor": 0.0011623233908948194,
  "aqi": 0.016243253265306123,
  "bids_meta": {
    "AcquisitionNumber": 3,
    "BidsifyVersion": "0.3.7",
    "ConversionSoftware": "dcm2niix",
    "ConversionSoftwareVersion": "v1.0.20190902",
    "EchoTime": 0.02763,
    "EffectiveEchoSpacing": 0.0006333282667071997,
    "ImageComments": "Upgrade2017",
    "ImageOrientationPatientDICOM": [
      0.999887,
      0.0139568,
      0.0055129,
      -0.0125656,
      0.979547,
      -0.200821
    ],
    "InstitutionName": "Spinoza Centre for Neuroimaging, location REC",
    "MagneticFieldStrength": 3,
    "Manufacturer": "Philips",
    "ParallelAcquisitionTechnique": "SENSE",
    "PatientPosition": "HFS",
    "PhilipsRescaleIntercept": 0,
    "PhilipsRescaleSlope": 0.83077,
    "PhilipsScaleSlope": 0.0339775,
    "ProtocolName": "task-rest_acq-multiband_bold",
    "ReconMatrixPE": 80,
    "RepetitionTime": 0.763994,
    "SeriesDescription": "ImageMRSERIES",
    "SeriesNumber": 3,
    "TaskName": "restingstate",
    "TotalReadoutTime": 0.024699802401580786,
    "UsePhilipsFloatNotDisplayScaling": 1,
    "acq_id": "mb3",
    "dataset": "<unset>",
    "modality": "bold",
    "session_id": "post",
    "subject_id": "16",
    "task_id": "restingstate"
  },
  "dummy_trs": 0,
  "dvars_nstd": 19.043143305471677,
  "dvars_std": 1.1192690557861626,
  "dvars_vstd": 0.9844599409119501,
  "efc": 0.4052781113898785,
  "fber": 171749552.0,
  "fd_mean": 0.09130396989586863,
  "fd_num": 10,
  "fd_perc": 1.5698587127158556,
  "fwhm_avg": 1.9266581872026183,
  "fwhm_x": 1.84222,
  "fwhm_y": 2.1991133333333335,
  "fwhm_z": 1.7386412282745212,
  "gcor": 0.00853494,
  "gsr_x": -0.016544047743082047,
  "gsr_y": 0.008443079888820648,
  "provenance": {
    "md5sum": "574b4af228dc6d0d3feaa5df97fa9a43",
    "settings": {
      "fd_thres": 0.2,
      "testing": false
    },
    "software": "mriqc",
    "version": "0.16.0",
    "webapi_port": null,
    "webapi_url": "https://mriqc.nimh.nih.gov/api/v1"
  },
  "size_t": 637,
  "size_x": 80,
  "size_y": 80,
  "size_z": 36,
  "snr": 9.680257101963399,
  "spacing_tr": 0.7639936804771423,
  "spacing_x": 3.0,
  "spacing_y": 3.0,
  "spacing_z": 3.2998297214508057,
  "spikes_num": 0,
  "summary_bg_k": 66.57964016897799,
  "summary_bg_mad": 5.779387991162778,
  "summary_bg_mean": 665.6265869140625,
  "summary_bg_median": 3.9117929935455322,
  "summary_bg_n": 156200.0,
  "summary_bg_p05": 0.0033633116632699974,
  "summary_bg_p95": 4320.372998046859,
  "summary_bg_stdv": 2710.189453125,
  "summary_fg_k": 3.6492695891999496,
  "summary_fg_mad": 5224.177677793672,
  "summary_fg_mean": 56549.53125,
  "summary_fg_median": 56816.21875,
  "summary_fg_n": 33534.0,
  "summary_fg_p05": 46781.559375,
  "summary_fg_p95": 65363.686328125,
  "summary_fg_stdv": 5869.20068359375,
  "tsnr": 63.515995025634766
}