{
  "aor": 0.0004964166666666666,
  "aqi": 0.004441181749999999,
  "bids_meta": {
    "AcquisitionNumber": 10,
    "BidsifyVersion": "0.3.7",
    "ConversionSoftware": "dcm2niix",
    "ConversionSoftwareVersion": "v1.0.20190902",
    "EchoTime": 0.02763,
    "EffectiveEchoSpacing": 0.0006621159151938905,
    "ImageComments": "Upgrade2017",
    "ImageOrientationPatientDICOM": [
      0.999887,
      0.0139568,
      0.0055129,
      -0.0125656,
      0.979547,
      -0.200821
    ],
    "InstitutionName": "Spinoza Centre for Neuroimaging, location REC",
    "MagneticFieldStrength": 3,
    "Manufacturer": "Philips",
    "ParallelAcquisitionTechnique": "SENSE",
    "PatientPosition": "HFS",
    "PhilipsRescaleIntercept": 0,
    "PhilipsRescaleSlope": 0.77827,
    "PhilipsScaleSlope": 0.0206205,
    "ProtocolName": "task-rest_acq-sequential_bold",
    "ReconMatrixPE": 80,
    "RepetitionTime": 2,
    "SeriesDescription": "ImageMRSERIES",
    "SeriesNumber": 10,
    "TaskName": "restingstate",
    "TotalReadoutTime": 0.025822520692561732,
    "UsePhilipsFloatNotDisplayScaling": 1,
    "acq_id": "seq",
    "dataset": "<unset>",
    "modality": "bold",
    "session_id": "post",
    "subject_id": "16",
    "task_id": "restingstate"
  },
  "dummy_trs": 0,
  "dvars_nstd": 20.71957139690377,
  "dvars_std": 1.2057193584100416,
  "dvars_vstd": 0.9779318850209203,
  "efc": 0.400791186539525,
  "fber": 382695648.0,
  "fd_mean": 0.13035498129640055,
  "fd_num": 28,
  "fd_perc": 11.666666666666666,
  "fwhm_avg": 1.876988750042558,
  "fwhm_x": 1.80738,
  "fwhm_y": 2.099203333333333,
  "fwhm_z": 1.7243829167943416,
  "gcor": 0.0169471,
  "gsr_x": -0.015650972723960876,
  "gsr_y": 0.00801969226449728,
  "provenance": {
    "md5sum": "5a2f889257a70d49f079834bbb6c83d2",
    "settings": {
      "fd_thres": 0.2,
      "testing": false
    },
    "software": "mriqc",
    "version": "0.16.0",
    "webapi_port": null,
    "webapi_url": "https://mriqc.nimh.nih.gov/api/v1"
  },
  "size_t": 240,
  "size_x": 80,
  "size_y": 80,
  "size_z": 36,
  "snr": 6.285675829254511,
  "spacing_tr": 2.0,
  "spacing_x": 3.0,
  "spacing_y": 3.0,
  "spacing_z": 3.2998297214508057,
  "spikes_num": 0,
  "summary_bg_k": 78.01295202733507,
  "summary_bg_mad": 4.942911561659693,
  "summary_bg_mean": 798.2410888671875,
  "summary_bg_median": 3.3576951026916504,
  "summary_bg_n": 156301.0,
  "summary_bg_p05": 0.0,
  "summary_bg_p95": 5171.68603515625,
  "summary_bg_stdv": 3436.684814453125,
  "summary_fg_k": 1.619706114117995,
  "summary_fg_mad": 10681.083363988311,
  "summary_fg_mean": 71248.0234375,
  "summary_fg_median": 70326.6015625,
  "summary_fg_n": 33535.0,
  "summary_fg_p05": 54726.637500000004,
  "summary_fg_p95": 89444.3125,
  "summary_fg_stdv": 11188.224609375,
  "tsnr": 86.53901672363281
}