{
  "aor": 0.001717851851851852,
  "aqi": 0.005729813703703704,
  "bids_meta": {
    "AcquisitionNumber": 8,
    "BidsifyVersion": "0.3.7",
    "ConversionSoftware": "dcm2niix",
    "ConversionSoftwareVersion": "v1.0.20190902",
    "EchoTime": 0.02763,
    "EffectiveEchoSpacing": 0.0006621159151938905,
    "ImageComments": "Upgrade_2017",
    "ImageOrientationPatientDICOM": [
      0.998969,
      0.04448,
      0.00910802,
      -0.0450135,
      0.996486,
      0.0706368
    ],
    "InstitutionName": "Spinoza Centre for Neuroimaging, location REC",
    "MagneticFieldStrength": 3,
    "Manufacturer": "Philips",
    "ParallelAcquisitionTechnique": "SENSE",
    "PatientPosition": "HFS",
    "PhilipsRescaleIntercept": 0,
    "PhilipsRescaleSlope": 0.78217,
    "PhilipsScaleSlope": 0.0212866,
    "ProtocolName": "task-harriri_acq-sequential_bold",
    "ReconMatrixPE": 80,
    "RepetitionTime": 2,
    "SeriesDescription": "ImageMRSERIES",
    "SeriesNumber": 8,
    "TaskName": "emomatching",
    "TotalReadoutTime": 0.025822520692561732,
    "UsePhilipsFloatNotDisplayScaling": 1,
    "acq_id": "seq",
    "dataset": "<unset>",
    "modality": "bold",
    "session_id": "post",
    "subject_id": "23",
    "task_id": "emomatching"
  },
  "dummy_trs": 0,
  "dvars_nstd": 16.048609014776122,
  "dvars_std": 1.0549668904477612,
  "dvars_vstd": 0.9440081669402988,
  "efc": 0.4010689469848359,
  "fber": 830118400.0,
  "fd_mean": 0.1493793101907671,
  "fd_num": 26,
  "fd_perc": 19.25925925925926,
  "fwhm_avg": 2.09886697906493,
  "fwhm_x": 2.0553033333333333,
  "fwhm_y": 2.2963400000000003,
  "fwhm_z": 1.9449576038614562,
  "gcor": 0.0157828,
  "gsr_x": -0.012985129840672016,
  "gsr_y": 0.007092661689966917,
  "provenance": {
    "md5sum": "b49a02db666a501c44aaaf2fc77b3969",
    "settings": {
      "fd_thres": 0.2,
      "testing": false
    },
    "software": "mriqc",
    "version": "0.16.0",
    "webapi_port": null,
    "webapi_url": "https://mriqc.nimh.nih.gov/api/v1"
  },
  "size_t": 135,
  "size_x": 80,
  "size_y": 80,
  "size_z": 36,
  "snr": 5.703882579166308,
  "spacing_tr": 2.0,
  "spacing_x": 3.0,
  "spacing_y": 3.0,
  "spacing_z": 3.299999952316284,
  "spikes_num": 0,
  "summary_bg_k": 58.90576674343718,
  "summary_bg_mad": 3.2087034282043554,
  "summary_bg_mean": 757.5145874023438,
  "summary_bg_median": 2.196075916290283,
  "summary_bg_n": 156031.0,
  "summary_bg_p05": 0.0034116144524887204,
  "summary_bg_p95": 4400.563720703125,
  "summary_bg_stdv": 3388.229248046875,
  "summary_fg_k": 0.946737881488092,
  "summary_fg_mad": 11191.31570521359,
  "summary_fg_mean": 67694.703125,
  "summary_fg_median": 66452.9765625,
  "summary_fg_n": 34142.0,
  "summary_fg_p05": 50813.808398437504,
  "summary_fg_p95": 87764.99921874999,
  "summary_fg_stdv": 11650.310546875,
  "tsnr": 77.04959869384766
}