{
  "bids_meta": {
    "AcquisitionNumber": 2,
    "BidsifyVersion": "0.3.7",
    "ConversionSoftware": "dcm2niix",
    "ConversionSoftwareVersion": "v1.0.20190902",
    "EchoTime": 0.0038,
    "ImageComments": "Upgrade_2017",
    "ImageOrientationPatientDICOM": [
      0.995746,
      0.0845982,
      -0.0365068,
      -0.0874667,
      0.992461,
      -0.0858553
    ],
    "InstitutionName": "Spinoza Centre for Neuroimaging, location REC",
    "InversionTime": 0.9,
    "MagneticFieldStrength": 3,
    "Manufacturer": "Philips",
    "ParallelAcquisitionTechnique": "SENSE",
    "PatientPosition": "HFS",
    "PhilipsRescaleIntercept": 0,
    "PhilipsRescaleSlope": 2.958,
    "PhilipsScaleSlope": 0.00515145,
    "ProtocolName": "T1w",
    "ReconMatrixPE": 240,
    "RepetitionTime": 0.008255,
    "SeriesDescription": "ImageMRSERIES",
    "SeriesNumber": 2,
    "UsePhilipsFloatNotDisplayScaling": 1,
    "dataset": "<unset>",
    "modality": "T1w",
    "session_id": "post",
    "subject_id": "02"
  },
  "cjv": 0.2987510444207784,
  "cnr": 4.1623669633625475,
  "efc": 0.6898779629268444,
  "fber": 9643.216796875,
  "fwhm_avg": 3.7240167386084835,
  "fwhm_x": 3.6713,
  "fwhm_y": 3.8798,
  "fwhm_z": 3.6209502158254514,
  "icvs_csf": 0.2100650116884944,
  "icvs_gm": 0.42806415683722615,
  "icvs_wm": 0.36187083147427945,
  "inu_med": 2.3724281787872314,
  "inu_range": 0.5722236633300781,
  "provenance": {
    "md5sum": "c649b4949fc53760a2d9456cba78ff46",
    "settings": {
      "testing": false
    },
    "software": "mriqc",
    "version": "0.16.0",
    "warnings": {
      "large_rot_frame": true,
      "small_air_mask": false
    },
    "webapi_port": null,
    "webapi_url": "https://mriqc.nimh.nih.gov/api/v1"
  },
  "qi_1": 0.0,
  "qi_2": 0.00011058383790233182,
  "rpve_csf": 30.331190726572824,
  "rpve_gm": 15.97606043265448,
  "rpve_wm": 23.40372042240052,
  "size_x": 240,
  "size_y": 240,
  "size_z": 220,
  "snr_csf": 1.4684279092411008,
  "snr_gm": 8.461013687647323,
  "snr_total": 10.3545436275869,
  "snr_wm": 21.134189285872274,
  "snrd_csf": 45.16593952297586,
  "snrd_gm": 99.48920219917173,
  "snrd_total": 100.78403913103394,
  "snrd_wm": 157.69697567095426,
  "spacing_x": 1.0,
  "spacing_y": 1.0,
  "spacing_z": 0.9999999403953552,
  "summary_bg_k": 247.65799579039447,
  "summary_bg_mad": 4.154307333947301,
  "summary_bg_mean": 7.100602626800537,
  "summary_bg_median": 4.936855316162109,
  "summary_bg_n": 398086.0,
  "summary_bg_p05": 0.0,
  "summary_bg_p95": 20.896750926971436,
  "summary_bg_stdv": 8.08692741394043,
  "summary_csf_k": 99.52178440757947,
  "summary_csf_mad": 132.46988383655489,
  "summary_csf_mean": 298.4590759277344,
  "summary_csf_median": 286.40325927734375,
  "summary_csf_n": 9573.0,
  "summary_csf_p05": 115.25962371826172,
  "summary_csf_p95": 453.2906738281249,
  "summary_csf_stdv": 195.03054809570312,
  "summary_gm_k": 0.4786453729715894,
  "summary_gm_mad": 69.02959371055425,
  "summary_gm_mean": 634.3137817382812,
  "summary_gm_median": 630.8743286132812,
  "summary_gm_n": 23501.0,
  "summary_gm_p05": 517.1508178710938,
  "summary_gm_p95": 763.7891845703125,
  "summary_gm_stdv": 74.5609130859375,
  "summary_wm_k": 1.3438884683986956,
  "summary_wm_mad": 41.2403941445289,
  "summary_wm_mean": 996.0631713867188,
  "summary_wm_median": 999.9776000976562,
  "summary_wm_n": 177229.0,
  "summary_wm_p05": 911.3259033203126,
  "summary_wm_p95": 1065.514892578125,
  "summary_wm_stdv": 47.31550216674805,
  "tpm_overlap_csf": 0.17531003057956696,
  "tpm_overlap_gm": 0.45327889919281006,
  "tpm_overlap_wm": 0.5114844441413879,
  "wm2max": 0.7019129726882096
}