{
  "aor": 0.0007222916666666667,
  "aqi": 0.007870846666666665,
  "bids_meta": {
    "AcquisitionNumber": 3,
    "BidsifyVersion": "0.3.7",
    "ConversionSoftware": "dcm2niix",
    "ConversionSoftwareVersion": "v1.0.20190902",
    "EchoTime": 0.02763,
    "EffectiveEchoSpacing": 0.0006621159151938905,
    "ImageComments": "Upgrade_2017",
    "ImageOrientationPatientDICOM": [
      0.99762,
      0.0107983,
      0.0680945,
      0.0074872,
      0.96485,
      -0.262696
    ],
    "InstitutionName": "Spinoza Centre for Neuroimaging, location REC",
    "MagneticFieldStrength": 3,
    "Manufacturer": "Philips",
    "ParallelAcquisitionTechnique": "SENSE",
    "PatientPosition": "HFS",
    "PhilipsRescaleIntercept": 0,
    "PhilipsRescaleSlope": 0.75775,
    "PhilipsScaleSlope": 0.0225534,
    "ProtocolName": "task-rest_acq-sequential_bold",
    "ReconMatrixPE": 80,
    "RepetitionTime": 2,
    "SeriesDescription": "ImageMRSERIES",
    "SeriesNumber": 3,
    "TaskName": "restingstate",
    "TotalReadoutTime": 0.025822520692561732,
    "UsePhilipsFloatNotDisplayScaling": 1,
    "acq_id": "seq",
    "dataset": "<unset>",
    "modality": "bold",
    "session_id": "post",
    "subject_id": "03",
    "task_id": "restingstate"
  },
  "dummy_trs": 0,
  "dvars_nstd": 19.551652932092058,
  "dvars_std": 1.072780094016737,
  "dvars_vstd": 0.9462538191213391,
  "efc": 0.3809793244579177,
  "fber": 248769760.0,
  "fd_mean": 0.18088040964622604,
  "fd_num": 83,
  "fd_perc": 34.583333333333336,
  "fwhm_avg": 1.834780242903183,
  "fwhm_x": 1.7741433333333332,
  "fwhm_y": 2.0002299999999997,
  "fwhm_z": 1.7299673953762156,
  "gcor": 0.0235626,
  "gsr_x": -0.015112226828932762,
  "gsr_y": 0.008099542930722237,
  "provenance": {
    "md5sum": "77b389e24ff98d0e467fe20b9984edfd",
    "settings": {
      "fd_thres": 0.2,
      "testing": false
    },
    "software": "mriqc",
    "version": "0.16.0",
    "webapi_port": null,
    "webapi_url": "https://mriqc.nimh.nih.gov/api/v1"
  },
  "size_t": 240,
  "size_x": 80,
  "size_y": 80,
  "size_z": 36,
  "snr": 6.587870882500219,
  "spacing_tr": 2.0,
  "spacing_x": 3.0,
  "spacing_y": 3.0,
  "spacing_z": 3.2998483180999756,
  "spikes_num": 0,
  "summary_bg_k": 64.08285999253401,
  "summary_bg_mad": 6.062419322649635,
  "summary_bg_mean": 757.4560546875,
  "summary_bg_median": 4.137639045715332,
  "summary_bg_n": 160256.0,
  "summary_bg_p05": 0.011684775352478027,
  "summary_bg_p95": 4623.737060546875,
  "summary_bg_stdv": 3269.77978515625,
  "summary_fg_k": 1.0368207772704023,
  "summary_fg_mad": 10304.296805258367,
  "summary_fg_mean": 70089.296875,
  "summary_fg_median": 69338.0078125,
  "summary_fg_n": 29832.0,
  "summary_fg_p05": 54713.992773437494,
  "summary_fg_p95": 87678.83007812499,
  "summary_fg_stdv": 10524.9248046875,
  "tsnr": 70.53530883789062
}