{
    "Manufacturer": "Philips",
    "PatientPosition": "HFS",
    "SeriesDescription": "ImageMRSERIES",
    "ProtocolName": "WIPdwi_acq-sequentialSENSE",
    "SeriesNumber": 5,
    "AcquisitionNumber": 5,
    "ImageComments": "Upgrade2017",
    "PhilipsRescaleSlope": 4.27155,
    "PhilipsRescaleIntercept": 0,
    "PhilipsScaleSlope": 0.0237997,
    "UsePhilipsFloatNotDisplayScaling": 1,
    "EchoTime": 0.08599,
    "RepetitionTime": 7.38274,
    "ReconMatrixPE": 112,
    "ImageOrientationPatientDICOM": [
        0.999737,
        0.0224246,
        0.00485183,
        -0.022338,
        0.999602,
        -0.0172161
    ],
    "ConversionSoftware": "dcm2niix",
    "ConversionSoftwareVersion": "v1.0.20190902",
    "BidsifyVersion": "0.3.7",
    "MagneticFieldStrength": 3,
    "ParallelAcquisitionTechnique": "SENSE",
    "InstitutionName": "Spinoza Centre for Neuroimaging, location REC"
}