{
  "aor": 0.006295833333333333,
  "aqi": 0.015522351416666665,
  "bids_meta": {
    "AcquisitionNumber": 10,
    "BidsifyVersion": "0.3.7",
    "ConversionSoftware": "dcm2niix",
    "ConversionSoftwareVersion": "v1.0.20190902",
    "EchoTime": 0.02763,
    "EffectiveEchoSpacing": 0.0006621159151938905,
    "ImageComments": "Upgrade_2017",
    "ImageOrientationPatientDICOM": [
      0.999676,
      -0.0111996,
      -0.0228672,
      0.010469,
      0.999439,
      -0.0318264
    ],
    "InstitutionName": "Spinoza Centre for Neuroimaging, location REC",
    "MagneticFieldStrength": 3,
    "Manufacturer": "Philips",
    "ParallelAcquisitionTechnique": "SENSE",
    "PatientPosition": "HFS",
    "PhilipsRescaleIntercept": 0,
    "PhilipsRescaleSlope": 0.74188,
    "PhilipsScaleSlope": 0.0212348,
    "ProtocolName": "task-rest_acq-sequential_bold",
    "ReconMatrixPE": 80,
    "RepetitionTime": 2,
    "SeriesDescription": "ImageMRSERIES",
    "SeriesNumber": 10,
    "TaskName": "restingstate",
    "TotalReadoutTime": 0.025822520692561732,
    "UsePhilipsFloatNotDisplayScaling": 1,
    "acq_id": "seq",
    "dataset": "<unset>",
    "modality": "bold",
    "session_id": "post",
    "subject_id": "21",
    "task_id": "restingstate"
  },
  "dummy_trs": 0,
  "dvars_nstd": 21.37925812016736,
  "dvars_std": 1.1676128602928877,
  "dvars_vstd": 0.9924341310460247,
  "efc": 0.41722782463064095,
  "fber": 45625600.0,
  "fd_mean": 0.15176901366804832,
  "fd_num": 44,
  "fd_perc": 18.333333333333332,
  "fwhm_avg": 1.9755684309468375,
  "fwhm_x": 1.8942933333333334,
  "fwhm_y": 2.22954,
  "fwhm_z": 1.8028719595071787,
  "gcor": 0.0231382,
  "gsr_x": -0.013110335916280746,
  "gsr_y": 0.010265595279633999,
  "provenance": {
    "md5sum": "3dc47a2aa358ebe685f60f416b44890b",
    "settings": {
      "fd_thres": 0.2,
      "testing": false
    },
    "software": "mriqc",
    "version": "0.16.0",
    "webapi_port": null,
    "webapi_url": "https://mriqc.nimh.nih.gov/api/v1"
  },
  "size_t": 240,
  "size_x": 80,
  "size_y": 80,
  "size_z": 36,
  "snr": 5.8685539892019865,
  "spacing_tr": 2.0,
  "spacing_x": 3.0,
  "spacing_y": 3.0,
  "spacing_z": 3.300251007080078,
  "spikes_num": 2,
  "summary_bg_k": 66.25783661024994,
  "summary_bg_mad": 13.428791021534654,
  "summary_bg_mean": 764.39306640625,
  "summary_bg_median": 9.057581901550293,
  "summary_bg_n": 152471.0,
  "summary_bg_p05": 0.0,
  "summary_bg_p95": 4372.321044921875,
  "summary_bg_stdv": 3142.282470703125,
  "summary_fg_k": 1.9475229548523059,
  "summary_fg_mad": 10419.682060338042,
  "summary_fg_mean": 69914.09375,
  "summary_fg_median": 68538.0234375,
  "summary_fg_n": 37103.0,
  "summary_fg_p05": 53750.545703125004,
  "summary_fg_p95": 89943.7390625,
  "summary_fg_stdv": 11678.703125,
  "tsnr": 47.20765686035156
}