{
  "aor": 0.0006917767295597485,
  "aqi": 0.0157504704245283,
  "bids_meta": {
    "AcquisitionNumber": 3,
    "BidsifyVersion": "0.3.7",
    "ConversionSoftware": "dcm2niix",
    "ConversionSoftwareVersion": "v1.0.20190902",
    "EchoTime": 0.02763,
    "EffectiveEchoSpacing": 0.0006333282667071997,
    "ImageComments": "Upgrade_2017",
    "ImageOrientationPatientDICOM": [
      0.999676,
      -0.0111996,
      -0.0228672,
      0.010469,
      0.999439,
      -0.0318264
    ],
    "InstitutionName": "Spinoza Centre for Neuroimaging, location REC",
    "MagneticFieldStrength": 3,
    "Manufacturer": "Philips",
    "ParallelAcquisitionTechnique": "SENSE",
    "PatientPosition": "HFS",
    "PhilipsRescaleIntercept": 0,
    "PhilipsRescaleSlope": 0.78388,
    "PhilipsScaleSlope": 0.0374336,
    "ProtocolName": "task-rest_acq-multiband_bold",
    "ReconMatrixPE": 80,
    "RepetitionTime": 0.763994,
    "SeriesDescription": "ImageMRSERIES",
    "SeriesNumber": 3,
    "TaskName": "restingstate",
    "TotalReadoutTime": 0.024699802401580786,
    "UsePhilipsFloatNotDisplayScaling": 1,
    "acq_id": "mb3",
    "dataset": "<unset>",
    "modality": "bold",
    "session_id": "post",
    "subject_id": "21",
    "task_id": "restingstate"
  },
  "dummy_trs": 1,
  "dvars_nstd": 22.971301575874023,
  "dvars_std": 1.2647963243779523,
  "dvars_vstd": 0.9845235628976383,
  "efc": 0.4186794864804409,
  "fber": 526768000.0,
  "fd_mean": 0.1037398283642099,
  "fd_num": 36,
  "fd_perc": 5.660377358490566,
  "fwhm_avg": 2.0264191956545554,
  "fwhm_x": 1.9128766666666666,
  "fwhm_y": 2.3299266666666667,
  "fwhm_z": 1.8364542536303332,
  "gcor": 0.0316274,
  "gsr_x": -0.012792334891855717,
  "gsr_y": 0.009877546690404415,
  "provenance": {
    "md5sum": "bee1f19982aa6e5025481415512b5f38",
    "settings": {
      "fd_thres": 0.2,
      "testing": false
    },
    "software": "mriqc",
    "version": "0.16.0",
    "webapi_port": null,
    "webapi_url": "https://mriqc.nimh.nih.gov/api/v1"
  },
  "size_t": 636,
  "size_x": 80,
  "size_y": 80,
  "size_z": 36,
  "snr": 9.515363621183976,
  "spacing_tr": 0.7639936804771423,
  "spacing_x": 3.0,
  "spacing_y": 3.0,
  "spacing_z": 3.300251007080078,
  "spikes_num": 0,
  "summary_bg_k": 72.33808129188598,
  "summary_bg_mad": 3.044971580655285,
  "summary_bg_mean": 550.7937622070312,
  "summary_bg_median": 2.0557446479797363,
  "summary_bg_n": 152544.0,
  "summary_bg_p05": 0.0003266838160925552,
  "summary_bg_p95": 3232.1382202148457,
  "summary_bg_stdv": 2363.12060546875,
  "summary_fg_k": 3.041385065510526,
  "summary_fg_mad": 5130.504437234224,
  "summary_fg_mean": 53285.109375,
  "summary_fg_median": 53643.4140625,
  "summary_fg_n": 36833.0,
  "summary_fg_p05": 43860.47109375,
  "summary_fg_p95": 61784.056249999994,
  "summary_fg_stdv": 5637.4814453125,
  "tsnr": 63.76110076904297
}