{
  "aor": 0.0016952592592592594,
  "aqi": 0.012485783185185182,
  "bids_meta": {
    "AcquisitionNumber": 8,
    "BidsifyVersion": "0.3.7",
    "ConversionSoftware": "dcm2niix",
    "ConversionSoftwareVersion": "v1.0.20190902",
    "EchoTime": 0.02763,
    "EffectiveEchoSpacing": 0.0006621159151938905,
    "ImageComments": "Upgrade_2017",
    "ImageOrientationPatientDICOM": [
      0.999676,
      -0.0111996,
      -0.0228672,
      0.010469,
      0.999439,
      -0.0318264
    ],
    "InstitutionName": "Spinoza Centre for Neuroimaging, location REC",
    "MagneticFieldStrength": 3,
    "Manufacturer": "Philips",
    "ParallelAcquisitionTechnique": "SENSE",
    "PatientPosition": "HFS",
    "PhilipsRescaleIntercept": 0,
    "PhilipsRescaleSlope": 0.76386,
    "PhilipsScaleSlope": 0.0213497,
    "ProtocolName": "task-harriri_acq-sequential_bold",
    "ReconMatrixPE": 80,
    "RepetitionTime": 2,
    "SeriesDescription": "ImageMRSERIES",
    "SeriesNumber": 8,
    "TaskName": "emomatching",
    "TotalReadoutTime": 0.025822520692561732,
    "UsePhilipsFloatNotDisplayScaling": 1,
    "acq_id": "seq",
    "dataset": "<unset>",
    "modality": "bold",
    "session_id": "post",
    "subject_id": "21",
    "task_id": "emomatching"
  },
  "dummy_trs": 0,
  "dvars_nstd": 20.37698946455224,
  "dvars_std": 1.168710553059702,
  "dvars_vstd": 0.9250461844029855,
  "efc": 0.4174836707118846,
  "fber": 249027472.0,
  "fd_mean": 0.09950983582154611,
  "fd_num": 8,
  "fd_perc": 5.925925925925926,
  "fwhm_avg": 1.945973839302238,
  "fwhm_x": 1.8572533333333334,
  "fwhm_y": 2.21183,
  "fwhm_z": 1.7688381845733816,
  "gcor": 0.00759631,
  "gsr_x": -0.012792153283953667,
  "gsr_y": 0.009544896893203259,
  "provenance": {
    "md5sum": "ebf3d71ed546d876448fdeda84dc0b8d",
    "settings": {
      "fd_thres": 0.2,
      "testing": false
    },
    "software": "mriqc",
    "version": "0.16.0",
    "webapi_port": null,
    "webapi_url": "https://mriqc.nimh.nih.gov/api/v1"
  },
  "size_t": 135,
  "size_x": 80,
  "size_y": 80,
  "size_z": 36,
  "snr": 5.955715411833645,
  "spacing_tr": 2.0,
  "spacing_x": 3.0,
  "spacing_y": 3.0,
  "spacing_z": 3.300251007080078,
  "spikes_num": 0,
  "summary_bg_k": 67.90706435295645,
  "summary_bg_mad": 5.835833732289439,
  "summary_bg_mean": 729.6318969726562,
  "summary_bg_median": 3.9362101554870605,
  "summary_bg_n": 152132.0,
  "summary_bg_p05": 0.0,
  "summary_bg_p95": 4305.17915039062,
  "summary_bg_stdv": 3172.81005859375,
  "summary_fg_k": 2.0877005382877973,
  "summary_fg_mad": 10252.837188021917,
  "summary_fg_mean": 70061.734375,
  "summary_fg_median": 68744.421875,
  "summary_fg_n": 37366.0,
  "summary_fg_p05": 53970.2939453125,
  "summary_fg_p95": 89219.896484375,
  "summary_fg_stdv": 11542.4423828125,
  "tsnr": 59.49570083618164
}