{
  "bids_meta": {
    "AcquisitionNumber": 2,
    "BidsifyVersion": "0.3.7",
    "ConversionSoftware": "dcm2niix",
    "ConversionSoftwareVersion": "v1.0.20190902",
    "EchoTime": 0.00376,
    "ImageComments": "Upgrade2017",
    "ImageOrientationPatientDICOM": [
      0.99985,
      0.00875797,
      0.0149751,
      -0.0102963,
      0.994319,
      0.105942
    ],
    "InstitutionName": "Spinoza Centre for Neuroimaging, location REC",
    "MagneticFieldStrength": 3,
    "Manufacturer": "Philips",
    "ParallelAcquisitionTechnique": "SENSE",
    "PatientPosition": "HFS",
    "PhilipsRescaleIntercept": 0,
    "PhilipsRescaleSlope": 10.9792,
    "PhilipsScaleSlope": 0.00486227,
    "ProtocolName": "WIPT1wSENSE",
    "ReconMatrixPE": 240,
    "RepetitionTime": 0.00821,
    "SeriesDescription": "ImageMRSERIES",
    "SeriesNumber": 2,
    "UsePhilipsFloatNotDisplayScaling": 1,
    "dataset": "<unset>",
    "modality": "T1w",
    "session_id": "pre",
    "subject_id": "16"
  },
  "cjv": 0.3462397617199157,
  "cnr": 3.668972030578366,
  "efc": 0.7736453652219615,
  "fber": 918.9147338867188,
  "fwhm_avg": 3.4329199999999997,
  "fwhm_x": 3.40875,
  "fwhm_y": 3.66255,
  "fwhm_z": 3.22746,
  "icvs_csf": 0.19885071416209849,
  "icvs_gm": 0.42247634719634686,
  "icvs_wm": 0.3786729386415546,
  "inu_med": 1.947758436203003,
  "inu_range": 0.5705269277095795,
  "provenance": {
    "md5sum": "2c2fbcde6d09ae93da053ddc3e43e29b",
    "settings": {
      "testing": false
    },
    "software": "mriqc",
    "version": "0.16.0",
    "warnings": {
      "large_rot_frame": true,
      "small_air_mask": true
    },
    "webapi_port": null,
    "webapi_url": "https://mriqc.nimh.nih.gov/api/v1"
  },
  "qi_1": 0.0,
  "qi_2": 0.00024943372267276063,
  "rpve_csf": 29.49958933683766,
  "rpve_gm": 15.060714010443764,
  "rpve_wm": 21.51161766889004,
  "size_x": 240,
  "size_y": 240,
  "size_z": 220,
  "snr_csf": 2.090151702286436,
  "snr_gm": 6.839001093321596,
  "snr_total": 9.454450894464584,
  "snr_wm": 19.43419988778572,
  "snrd_csf": 15.55834318253764,
  "snrd_gm": 32.72239789604374,
  "snrd_total": 33.86162487611772,
  "snrd_wm": 53.30413354977178,
  "spacing_x": 1.0,
  "spacing_y": 1.0,
  "spacing_z": 1.0,
  "summary_bg_k": 200.70921366233267,
  "summary_bg_mad": 12.290317052725024,
  "summary_bg_mean": 16.81049919128418,
  "summary_bg_median": 16.591093063354492,
  "summary_bg_n": 73466.0,
  "summary_bg_p05": 0.0,
  "summary_bg_p95": 41.62274646759033,
  "summary_bg_stdv": 19.25629425048828,
  "summary_csf_k": 15.324075625418864,
  "summary_csf_mad": 154.709403502501,
  "summary_csf_mean": 282.9705810546875,
  "summary_csf_median": 291.87353515625,
  "summary_csf_n": 5194.0,
  "summary_csf_p05": 80.78680801391602,
  "summary_csf_p95": 474.3273330688476,
  "summary_csf_stdv": 139.6288299560547,
  "summary_gm_k": 0.09031966633222277,
  "summary_gm_mad": 87.10333279149444,
  "summary_gm_mean": 617.8003540039062,
  "summary_gm_median": 613.8701171875,
  "summary_gm_n": 18906.0,
  "summary_gm_p05": 474.80396270751953,
  "summary_gm_p95": 773.1280670166016,
  "summary_gm_stdv": 89.75782775878906,
  "summary_wm_k": 1.0532006289808118,
  "summary_wm_mad": 46.584015049441234,
  "summary_wm_mean": 998.2489624023438,
  "summary_wm_median": 999.982177734375,
  "summary_wm_n": 199682.0,
  "summary_wm_p05": 911.5198028564453,
  "summary_wm_p95": 1078.4726257324216,
  "summary_wm_stdv": 51.45463562011719,
  "tpm_overlap_csf": 0.15618950128555298,
  "tpm_overlap_gm": 0.44342613220214844,
  "tpm_overlap_wm": 0.5040361285209656,
  "wm2max": 0.6976897721492207
}