{
    "Manufacturer": "Philips",
    "PatientPosition": "HFS",
    "SeriesDescription": "ImageMRSERIES",
    "ProtocolName": "WIPtask-rest_acq-sequential_boldSENSE",
    "SeriesNumber": 9,
    "AcquisitionNumber": 9,
    "ImageComments": "Upgrade2017",
    "PhilipsRescaleSlope": 0.75995,
    "PhilipsRescaleIntercept": 0,
    "PhilipsScaleSlope": 0.0544895,
    "UsePhilipsFloatNotDisplayScaling": 1,
    "EchoTime": 0.02763,
    "RepetitionTime": 2,
    "ReconMatrixPE": 80,
    "ImageOrientationPatientDICOM": [
        0.998669,
        0.0348126,
        -0.038056,
        -0.0390632,
        0.992322,
        -0.117353
    ],
    "ConversionSoftware": "dcm2niix",
    "ConversionSoftwareVersion": "v1.0.20190902",
    "BidsifyVersion": "0.3.7",
    "MagneticFieldStrength": 3,
    "ParallelAcquisitionTechnique": "SENSE",
    "InstitutionName": "Spinoza Centre for Neuroimaging, location REC",
    "TaskName": "restingstate"
}