{
  "bids_meta": {
    "AcquisitionNumber": 2,
    "BidsifyVersion": "0.3.7",
    "ConversionSoftware": "dcm2niix",
    "ConversionSoftwareVersion": "v1.0.20190902",
    "EchoTime": 0.00385,
    "ImageComments": "Upgrade_2017",
    "ImageOrientationPatientDICOM": [
      0.997601,
      0.0668766,
      0.0179046,
      -0.0690592,
      0.979513,
      0.189167
    ],
    "InstitutionName": "Spinoza Centre for Neuroimaging, location REC",
    "InversionTime": 0.9,
    "MagneticFieldStrength": 3,
    "Manufacturer": "Philips",
    "ParallelAcquisitionTechnique": "SENSE",
    "PatientPosition": "HFS",
    "PhilipsRescaleIntercept": 0,
    "PhilipsRescaleSlope": 4.00586,
    "PhilipsScaleSlope": 0.00495969,
    "ProtocolName": "T1w",
    "ReconMatrixPE": 240,
    "RepetitionTime": 0.008345,
    "SeriesDescription": "ImageMRSERIES",
    "SeriesNumber": 2,
    "UsePhilipsFloatNotDisplayScaling": 1,
    "dataset": "<unset>",
    "modality": "T1w",
    "session_id": "post",
    "subject_id": "17"
  },
  "cjv": 0.29246598886364567,
  "cnr": 4.201293153521421,
  "efc": 0.6912675647707685,
  "fber": 38860.44921875,
  "fwhm_avg": 3.794923409211839,
  "fwhm_x": 3.8190902276355163,
  "fwhm_y": 3.91182,
  "fwhm_z": 3.65386,
  "icvs_csf": 0.229888969395737,
  "icvs_gm": 0.4047487041816464,
  "icvs_wm": 0.3653623264226166,
  "inu_med": 2.218888998031616,
  "inu_range": 0.5840549588203428,
  "provenance": {
    "md5sum": "6dd7c1813d3ec5addc2d1cb73fd1153a",
    "settings": {
      "testing": false
    },
    "software": "mriqc",
    "version": "0.16.0",
    "warnings": {
      "large_rot_frame": true,
      "small_air_mask": false
    },
    "webapi_port": null,
    "webapi_url": "https://mriqc.nimh.nih.gov/api/v1"
  },
  "qi_1": 0.0,
  "qi_2": 7.241843424256765e-05,
  "rpve_csf": 23.840155256916397,
  "rpve_gm": 13.712030337928125,
  "rpve_wm": 19.470683354254653,
  "size_x": 240,
  "size_y": 240,
  "size_z": 220,
  "snr_csf": 2.189685983369418,
  "snr_gm": 7.710776646368599,
  "snr_total": 11.136675886111782,
  "snr_wm": 23.509565028597326,
  "snrd_csf": 49.191507052760954,
  "snrd_gm": 120.78031491040944,
  "snrd_total": 121.85459351520917,
  "snrd_wm": 195.59195858245712,
  "spacing_x": 0.9999999403953552,
  "spacing_y": 1.0,
  "spacing_z": 1.0,
  "summary_bg_k": 708.5149606682982,
  "summary_bg_mad": 3.3494586661397836,
  "summary_bg_mean": 5.2896246910095215,
  "summary_bg_median": 2.2591755390167236,
  "summary_bg_n": 467713.0,
  "summary_bg_p05": 0.0,
  "summary_bg_p95": 18.445647048950192,
  "summary_bg_stdv": 8.117867469787598,
  "summary_csf_k": 6.0290101395008175,
  "summary_csf_mad": 123.65268085403295,
  "summary_csf_mean": 267.8671569824219,
  "summary_csf_median": 251.49713134765625,
  "summary_csf_n": 16073.0,
  "summary_csf_p05": 112.19149932861328,
  "summary_csf_p95": 448.1175415039063,
  "summary_csf_stdv": 114.85176849365234,
  "summary_gm_k": 0.5308251798687724,
  "summary_gm_mad": 75.39300134040853,
  "summary_gm_mean": 623.586669921875,
  "summary_gm_median": 617.5029907226562,
  "summary_gm_n": 22557.0,
  "summary_gm_p05": 500.8999755859375,
  "summary_gm_p95": 762.9792602539063,
  "summary_gm_stdv": 80.08133697509766,
  "summary_wm_k": 1.6519126225581067,
  "summary_wm_mad": 36.47025905259139,
  "summary_wm_mean": 996.0773315429688,
  "summary_wm_median": 999.9859619140625,
  "summary_wm_n": 216234.0,
  "summary_wm_p05": 919.6641052246093,
  "summary_wm_p95": 1057.4477416992186,
  "summary_wm_stdv": 42.53518295288086,
  "tpm_overlap_csf": 0.16496363282203674,
  "tpm_overlap_gm": 0.43419787287712097,
  "tpm_overlap_wm": 0.4984913170337677,
  "wm2max": 0.8606744700195108
}