{
    "Manufacturer": "Philips",
    "PatientPosition": "HFS",
    "SeriesDescription": "ImageMRSERIES",
    "ProtocolName": "task-rest_acq-multiband_bold",
    "SeriesNumber": 3,
    "AcquisitionNumber": 3,
    "ImageComments": "Upgrade_2017",
    "PhilipsRescaleSlope": 0.75775,
    "PhilipsRescaleIntercept": 0,
    "PhilipsScaleSlope": 0.0404088,
    "UsePhilipsFloatNotDisplayScaling": 1,
    "EchoTime": 0.02763,
    "RepetitionTime": 0.763994,
    "ReconMatrixPE": 80,
    "ImageOrientationPatientDICOM": [
        0.999977,
        0.0023856,
        0.00634385,
        -0.00139623,
        0.988439,
        -0.151615
    ],
    "ConversionSoftware": "dcm2niix",
    "ConversionSoftwareVersion": "v1.0.20190902",
    "BidsifyVersion": "0.3.7",
    "MagneticFieldStrength": 3,
    "ParallelAcquisitionTechnique": "SENSE",
    "InstitutionName": "Spinoza Centre for Neuroimaging, location REC",
    "TaskName": "restingstate"
}