{
  "bids_meta": {
    "AcquisitionNumber": 2,
    "BidsifyVersion": "0.3.7",
    "ConversionSoftware": "dcm2niix",
    "ConversionSoftwareVersion": "v1.0.20190902",
    "EchoTime": 0.00374,
    "ImageComments": "Upgrade2017",
    "ImageOrientationPatientDICOM": [
      0.998627,
      0.0324025,
      -0.0411635,
      -0.0326044,
      0.999459,
      -0.00424404
    ],
    "InstitutionName": "Spinoza Centre for Neuroimaging, location REC",
    "MagneticFieldStrength": 3,
    "Manufacturer": "Philips",
    "ParallelAcquisitionTechnique": "SENSE",
    "PatientPosition": "HFS",
    "PhilipsRescaleIntercept": 0,
    "PhilipsRescaleSlope": 11.6056,
    "PhilipsScaleSlope": 0.0047751,
    "ProtocolName": "WIPT1wSENSE",
    "ReconMatrixPE": 240,
    "RepetitionTime": 0.00819,
    "SeriesDescription": "ImageMRSERIES",
    "SeriesNumber": 2,
    "UsePhilipsFloatNotDisplayScaling": 1,
    "dataset": "<unset>",
    "modality": "T1w",
    "session_id": "pre",
    "subject_id": "04"
  },
  "cjv": 0.4454821047876123,
  "cnr": 2.850716364649431,
  "efc": 0.7958953012094566,
  "fber": 147.0914306640625,
  "fwhm_avg": 3.3782997301912627,
  "fwhm_x": 3.34494,
  "fwhm_y": 3.5800795732212576,
  "fwhm_z": 3.2098796173525312,
  "icvs_csf": 0.2025277390085605,
  "icvs_gm": 0.43182859695780307,
  "icvs_wm": 0.3656436640336364,
  "inu_med": 0.6606171131134033,
  "inu_range": 0.3051359266042709,
  "provenance": {
    "md5sum": "e6a9ae581faaa6e1472a3a180886e047",
    "settings": {
      "testing": false
    },
    "software": "mriqc",
    "version": "0.16.0",
    "warnings": {
      "large_rot_frame": true,
      "small_air_mask": true
    },
    "webapi_port": null,
    "webapi_url": "https://mriqc.nimh.nih.gov/api/v1"
  },
  "qi_1": 0.0,
  "qi_2": 0.00026306214670180413,
  "rpve_csf": 27.171362223077487,
  "rpve_gm": 13.792532897641967,
  "rpve_wm": 20.267834477388885,
  "size_x": 240,
  "size_y": 240,
  "size_z": 220,
  "snr_csf": 2.223424229917131,
  "snr_gm": 5.866961321240998,
  "snr_total": 7.751225612243007,
  "snr_wm": 15.163291285570889,
  "snrd_csf": 12.870492312889693,
  "snrd_gm": 24.01291338972181,
  "snrd_total": 24.898348665796078,
  "snrd_wm": 37.81164029477673,
  "spacing_x": 1.0,
  "spacing_y": 1.0000001192092896,
  "spacing_z": 1.0000001192092896,
  "summary_bg_k": 23.521607364209746,
  "summary_bg_mad": 17.326450021938985,
  "summary_bg_mean": 23.039087295532227,
  "summary_bg_median": 23.483928680419922,
  "summary_bg_n": 89155.0,
  "summary_bg_p05": 0.0,
  "summary_bg_p95": 57.87539329528809,
  "summary_bg_stdv": 17.952823638916016,
  "summary_csf_k": 0.6049999379192883,
  "summary_csf_mad": 170.94519407667912,
  "summary_csf_mean": 325.8516540527344,
  "summary_csf_median": 340.3870544433594,
  "summary_csf_n": 5321.0,
  "summary_csf_p05": 82.74713897705078,
  "summary_csf_p95": 556.3025512695312,
  "summary_csf_stdv": 153.0769805908203,
  "summary_gm_k": 0.22728098464661928,
  "summary_gm_mad": 102.1648121892306,
  "summary_gm_mean": 644.7515869140625,
  "summary_gm_median": 635.0716552734375,
  "summary_gm_n": 17653.0,
  "summary_gm_p05": 479.7904235839844,
  "summary_gm_p95": 842.4133422851561,
  "summary_gm_stdv": 108.24234771728516,
  "summary_wm_k": 0.6867752847704471,
  "summary_wm_mad": 60.40771524516148,
  "summary_wm_mean": 998.806396484375,
  "summary_wm_median": 1000.0078125,
  "summary_wm_n": 204123.0,
  "summary_wm_p05": 887.7548461914063,
  "summary_wm_p95": 1104.8480224609375,
  "summary_wm_stdv": 65.9490966796875,
  "tpm_overlap_csf": 0.1582777500152588,
  "tpm_overlap_gm": 0.4496529698371887,
  "tpm_overlap_wm": 0.48722705245018005,
  "wm2max": 0.5825774652748704
}