{
  "aor": 0.00047975,
  "aqi": 0.004076574208333334,
  "bids_meta": {
    "AcquisitionNumber": 3,
    "BidsifyVersion": "0.3.7",
    "ConversionSoftware": "dcm2niix",
    "ConversionSoftwareVersion": "v1.0.20190902",
    "EchoTime": 0.02763,
    "EffectiveEchoSpacing": 0.0006621159151938905,
    "ImageComments": "Upgrade_2017",
    "ImageOrientationPatientDICOM": [
      0.996193,
      0.0777081,
      -0.0394983,
      -0.085579,
      0.95803,
      -0.273596
    ],
    "InstitutionName": "Spinoza Centre for Neuroimaging, location REC",
    "MagneticFieldStrength": 3,
    "Manufacturer": "Philips",
    "ParallelAcquisitionTechnique": "SENSE",
    "PatientPosition": "HFS",
    "PhilipsRescaleIntercept": 0,
    "PhilipsRescaleSlope": 0.84371,
    "PhilipsScaleSlope": 0.0205268,
    "ProtocolName": "task-rest_acq-sequential_bold",
    "ReconMatrixPE": 80,
    "RepetitionTime": 2,
    "SeriesDescription": "ImageMRSERIES",
    "SeriesNumber": 3,
    "TaskName": "restingstate",
    "TotalReadoutTime": 0.025822520692561732,
    "UsePhilipsFloatNotDisplayScaling": 1,
    "acq_id": "seq",
    "dataset": "<unset>",
    "modality": "bold",
    "session_id": "post",
    "subject_id": "02",
    "task_id": "restingstate"
  },
  "dummy_trs": 0,
  "dvars_nstd": 21.21692090075314,
  "dvars_std": 1.3820342026359818,
  "dvars_vstd": 0.9909772990794982,
  "efc": 0.3882624727323544,
  "fber": 4987240960.0,
  "fd_mean": 0.0794897840092201,
  "fd_num": 0,
  "fd_perc": 0.0,
  "fwhm_avg": 1.8599037457645682,
  "fwhm_x": 1.83144,
  "fwhm_y": 2.0061833333333334,
  "fwhm_z": 1.7420879039603712,
  "gcor": 0.11475,
  "gsr_x": -0.013556444086134434,
  "gsr_y": 0.004539484158158302,
  "provenance": {
    "md5sum": "eeff7f32d455bfcd539ccb808ea87f9b",
    "settings": {
      "fd_thres": 0.2,
      "testing": false
    },
    "software": "mriqc",
    "version": "0.16.0",
    "webapi_port": null,
    "webapi_url": "https://mriqc.nimh.nih.gov/api/v1"
  },
  "size_t": 240,
  "size_x": 80,
  "size_y": 80,
  "size_z": 36,
  "snr": 7.135169660435316,
  "spacing_tr": 2.0,
  "spacing_x": 3.0,
  "spacing_y": 3.0,
  "spacing_z": 3.299999952316284,
  "spikes_num": 0,
  "summary_bg_k": 81.37238314102323,
  "summary_bg_mad": 1.485166361803999,
  "summary_bg_mean": 663.0387573242188,
  "summary_bg_median": 1.0017294883728027,
  "summary_bg_n": 158387.0,
  "summary_bg_p05": 0.0,
  "summary_bg_p95": 4234.062207031242,
  "summary_bg_stdv": 3039.529296875,
  "summary_fg_k": 1.6557253518175177,
  "summary_fg_mad": 9681.989002577933,
  "summary_fg_mean": 75988.953125,
  "summary_fg_median": 75203.2734375,
  "summary_fg_n": 32322.0,
  "summary_fg_p05": 60516.798828125,
  "summary_fg_p95": 93693.2125,
  "summary_fg_stdv": 10539.638671875,
  "tsnr": 96.47196197509766
}