{
  "aor": 0.000697925925925926,
  "aqi": 0.0045816431111111115,
  "bids_meta": {
    "AcquisitionNumber": 8,
    "BidsifyVersion": "0.3.7",
    "ConversionSoftware": "dcm2niix",
    "ConversionSoftwareVersion": "v1.0.20190902",
    "EchoTime": 0.02763,
    "EffectiveEchoSpacing": 0.0006621159151938905,
    "ImageComments": "Upgrade_2017",
    "ImageOrientationPatientDICOM": [
      0.996193,
      0.0777081,
      -0.0394983,
      -0.085579,
      0.95803,
      -0.273596
    ],
    "InstitutionName": "Spinoza Centre for Neuroimaging, location REC",
    "MagneticFieldStrength": 3,
    "Manufacturer": "Philips",
    "ParallelAcquisitionTechnique": "SENSE",
    "PatientPosition": "HFS",
    "PhilipsRescaleIntercept": 0,
    "PhilipsRescaleSlope": 0.79463,
    "PhilipsScaleSlope": 0.0233832,
    "ProtocolName": "task-harriri_acq-sequential_bold",
    "ReconMatrixPE": 80,
    "RepetitionTime": 2,
    "SeriesDescription": "ImageMRSERIES",
    "SeriesNumber": 8,
    "TaskName": "emomatching",
    "TotalReadoutTime": 0.025822520692561732,
    "UsePhilipsFloatNotDisplayScaling": 1,
    "acq_id": "seq",
    "dataset": "<unset>",
    "modality": "bold",
    "session_id": "post",
    "subject_id": "02",
    "task_id": "emomatching"
  },
  "dummy_trs": 0,
  "dvars_nstd": 20.62386458679105,
  "dvars_std": 1.3412551261194023,
  "dvars_vstd": 0.9867062057462692,
  "efc": 0.3889138895619772,
  "fber": 6141935104.0,
  "fd_mean": 0.07524316544855486,
  "fd_num": 0,
  "fd_perc": 0.0,
  "fwhm_avg": 1.8402615234712218,
  "fwhm_x": 1.81207,
  "fwhm_y": 1.9813933333333333,
  "fwhm_z": 1.727321237080332,
  "gcor": 0.029905,
  "gsr_x": -0.013535249046981335,
  "gsr_y": 0.005125666037201881,
  "provenance": {
    "md5sum": "9b8a6828f4682b5281ea3852086da5fe",
    "settings": {
      "fd_thres": 0.2,
      "testing": false
    },
    "software": "mriqc",
    "version": "0.16.0",
    "webapi_port": null,
    "webapi_url": "https://mriqc.nimh.nih.gov/api/v1"
  },
  "size_t": 135,
  "size_x": 80,
  "size_y": 80,
  "size_z": 36,
  "snr": 7.275963279597384,
  "spacing_tr": 2.0,
  "spacing_x": 3.0,
  "spacing_y": 3.0,
  "spacing_z": 3.299999952316284,
  "spikes_num": 0,
  "summary_bg_k": 78.62412100700679,
  "summary_bg_mad": 1.3025379318814003,
  "summary_bg_mean": 644.2423095703125,
  "summary_bg_median": 0.8806493878364563,
  "summary_bg_n": 158363.0,
  "summary_bg_p05": 0.00014386902475962418,
  "summary_bg_p95": 4204.18774414062,
  "summary_bg_stdv": 2912.09814453125,
  "summary_fg_k": 1.3444647929440219,
  "summary_fg_mad": 9090.477048713527,
  "summary_fg_mean": 72126.875,
  "summary_fg_median": 71383.2265625,
  "summary_fg_n": 32367.0,
  "summary_fg_p05": 57672.0015625,
  "summary_fg_p95": 88849.26562499999,
  "summary_fg_stdv": 9810.6767578125,
  "tsnr": 99.52416229248047
}