{
  "aor": 0.0001381666666666667,
  "aqi": 0.0033645325833333334,
  "bids_meta": {
    "AcquisitionNumber": 12,
    "BidsifyVersion": "0.3.7",
    "ConversionSoftware": "dcm2niix",
    "ConversionSoftwareVersion": "v1.0.20190902",
    "EchoTime": 0.02763,
    "EffectiveEchoSpacing": 0.0006621159151938905,
    "ImageComments": "Upgrade2017",
    "ImageOrientationPatientDICOM": [
      0.997514,
      0.0704134,
      0.00282706,
      -0.0694031,
      0.988573,
      -0.133813
    ],
    "InstitutionName": "Spinoza Centre for Neuroimaging, location REC",
    "MagneticFieldStrength": 3,
    "Manufacturer": "Philips",
    "ParallelAcquisitionTechnique": "SENSE",
    "PatientPosition": "HFS",
    "PhilipsRescaleIntercept": 0,
    "PhilipsRescaleSlope": 0.81197,
    "PhilipsScaleSlope": 0.0577391,
    "ProtocolName": "WIPtask-rest_acq-sequential_boldSENSE",
    "ReconMatrixPE": 80,
    "RepetitionTime": 2,
    "SeriesDescription": "ImageMRSERIES",
    "SeriesNumber": 12,
    "TaskName": "restingstate",
    "TotalReadoutTime": 0.025822520692561732,
    "UsePhilipsFloatNotDisplayScaling": 1,
    "acq_id": "seq",
    "dataset": "<unset>",
    "modality": "bold",
    "session_id": "pre",
    "subject_id": "07",
    "task_id": "restingstate"
  },
  "dummy_trs": 0,
  "dvars_nstd": 21.184516176610856,
  "dvars_std": 1.1955664921757327,
  "dvars_vstd": 0.9853966185774061,
  "efc": 0.38793964778649925,
  "fber": 722099392.0,
  "fd_mean": 0.13717963319551962,
  "fd_num": 38,
  "fd_perc": 15.833333333333334,
  "fwhm_avg": 1.78916142232852,
  "fwhm_x": 1.7077099999999998,
  "fwhm_y": 1.9599833333333334,
  "fwhm_z": 1.6997909336522266,
  "gcor": 0.031291,
  "gsr_x": -0.01733611524105072,
  "gsr_y": 0.005295637529343367,
  "provenance": {
    "md5sum": "c26ecfe87f45a12390137c94c360c9ec",
    "settings": {
      "fd_thres": 0.2,
      "testing": false
    },
    "software": "mriqc",
    "version": "0.16.0",
    "webapi_port": null,
    "webapi_url": "https://mriqc.nimh.nih.gov/api/v1"
  },
  "size_t": 240,
  "size_x": 80,
  "size_y": 80,
  "size_z": 36,
  "snr": 5.579984478521999,
  "spacing_tr": 2.0,
  "spacing_x": 3.0,
  "spacing_y": 3.0,
  "spacing_z": 3.299999952316284,
  "spikes_num": 0,
  "summary_bg_k": 51.825043779025414,
  "summary_bg_mad": 1.2919661277856374,
  "summary_bg_mean": 336.8851013183594,
  "summary_bg_median": 0.8781537413597107,
  "summary_bg_n": 159253.0,
  "summary_bg_p05": 0.004699642676860094,
  "summary_bg_p95": 2082.6991210937495,
  "summary_bg_stdv": 1489.146728515625,
  "summary_fg_k": 1.9712763862024287,
  "summary_fg_mad": 4036.0573249387453,
  "summary_fg_mean": 25749.4140625,
  "summary_fg_median": 25490.947265625,
  "summary_fg_n": 30933.0,
  "summary_fg_p05": 18661.272265625,
  "summary_fg_p95": 33108.87734375,
  "summary_fg_stdv": 4568.208984375,
  "tsnr": 86.93317413330078
}