{
  "aor": 0.002200888888888889,
  "aqi": 0.011412671777777779,
  "bids_meta": {
    "AcquisitionNumber": 8,
    "BidsifyVersion": "0.3.7",
    "ConversionSoftware": "dcm2niix",
    "ConversionSoftwareVersion": "v1.0.20190902",
    "EchoTime": 0.02763,
    "EffectiveEchoSpacing": 0.0006621159151938905,
    "ImageComments": "Upgrade2017",
    "ImageOrientationPatientDICOM": [
      0.99985,
      0.00875797,
      0.0149751,
      -0.0102963,
      0.994319,
      0.105942
    ],
    "InstitutionName": "Spinoza Centre for Neuroimaging, location REC",
    "MagneticFieldStrength": 3,
    "Manufacturer": "Philips",
    "ParallelAcquisitionTechnique": "SENSE",
    "PatientPosition": "HFS",
    "PhilipsRescaleIntercept": 0,
    "PhilipsRescaleSlope": 0.76166,
    "PhilipsScaleSlope": 0.0451473,
    "ProtocolName": "WIPtask-harriri_acq-sequential_boldSENSE",
    "ReconMatrixPE": 80,
    "RepetitionTime": 2,
    "SeriesDescription": "ImageMRSERIES",
    "SeriesNumber": 8,
    "TaskName": "emomatching",
    "TotalReadoutTime": 0.025822520692561732,
    "UsePhilipsFloatNotDisplayScaling": 1,
    "acq_id": "seq",
    "dataset": "<unset>",
    "modality": "bold",
    "session_id": "pre",
    "subject_id": "16",
    "task_id": "emomatching"
  },
  "dummy_trs": 0,
  "dvars_nstd": 18.544687292686568,
  "dvars_std": 1.0406130750000002,
  "dvars_vstd": 0.9108335322388061,
  "efc": 0.3959765348460908,
  "fber": 96954192.0,
  "fd_mean": 0.11470174567062044,
  "fd_num": 7,
  "fd_perc": 5.185185185185185,
  "fwhm_avg": 1.9897324330812218,
  "fwhm_x": 1.9332,
  "fwhm_y": 2.200903333333333,
  "fwhm_z": 1.8350939659103331,
  "gcor": 0.0184471,
  "gsr_x": -0.014023678377270699,
  "gsr_y": 0.011296765878796577,
  "provenance": {
    "md5sum": "bafc8ad4330da5b89d1176a72c7bc6a9",
    "settings": {
      "fd_thres": 0.2,
      "testing": false
    },
    "software": "mriqc",
    "version": "0.16.0",
    "webapi_port": null,
    "webapi_url": "https://mriqc.nimh.nih.gov/api/v1"
  },
  "size_t": 135,
  "size_x": 80,
  "size_y": 80,
  "size_z": 36,
  "snr": 5.231122678182298,
  "spacing_tr": 2.0,
  "spacing_x": 3.0,
  "spacing_y": 3.0,
  "spacing_z": 3.299999952316284,
  "spikes_num": 1,
  "summary_bg_k": 57.177806288978196,
  "summary_bg_mad": 4.206380774312963,
  "summary_bg_mean": 356.658935546875,
  "summary_bg_median": 2.892390012741089,
  "summary_bg_n": 157167.0,
  "summary_bg_p05": 0.019839108735322953,
  "summary_bg_p95": 2356.1318847656003,
  "summary_bg_stdv": 1480.7271728515625,
  "summary_fg_k": 0.716356338751805,
  "summary_fg_mad": 5614.721742656661,
  "summary_fg_mean": 30882.021484375,
  "summary_fg_median": 30358.357421875,
  "summary_fg_n": 33067.0,
  "summary_fg_p05": 21989.872265625,
  "summary_fg_p95": 40624.123828125,
  "summary_fg_stdv": 5803.32373046875,
  "tsnr": 52.808189392089844
}