{
  "aor": 0.0001868333333333333,
  "aqi": 0.003239692625,
  "bids_meta": {
    "AcquisitionNumber": 9,
    "BidsifyVersion": "0.3.7",
    "ConversionSoftware": "dcm2niix",
    "ConversionSoftwareVersion": "v1.0.20190902",
    "EchoTime": 0.02763,
    "EffectiveEchoSpacing": 0.0006621159151938905,
    "ImageComments": "Upgrade2017",
    "ImageOrientationPatientDICOM": [
      0.998669,
      0.0348126,
      -0.038056,
      -0.0390632,
      0.992322,
      -0.117353
    ],
    "InstitutionName": "Spinoza Centre for Neuroimaging, location REC",
    "MagneticFieldStrength": 3,
    "Manufacturer": "Philips",
    "ParallelAcquisitionTechnique": "SENSE",
    "PatientPosition": "HFS",
    "PhilipsRescaleIntercept": 0,
    "PhilipsRescaleSlope": 0.75995,
    "PhilipsScaleSlope": 0.0544895,
    "ProtocolName": "WIPtask-rest_acq-sequential_boldSENSE",
    "ReconMatrixPE": 80,
    "RepetitionTime": 2,
    "SeriesDescription": "ImageMRSERIES",
    "SeriesNumber": 9,
    "TaskName": "restingstate",
    "TotalReadoutTime": 0.025822520692561732,
    "UsePhilipsFloatNotDisplayScaling": 1,
    "acq_id": "seq",
    "dataset": "<unset>",
    "modality": "bold",
    "session_id": "pre",
    "subject_id": "12",
    "task_id": "restingstate"
  },
  "dummy_trs": 0,
  "dvars_nstd": 20.470323338786617,
  "dvars_std": 1.25663598380753,
  "dvars_vstd": 0.983408055271967,
  "efc": 0.38589996423169964,
  "fber": 1957982080.0,
  "fd_mean": 0.12839118036772734,
  "fd_num": 24,
  "fd_perc": 10.0,
  "fwhm_avg": 1.8176291858282896,
  "fwhm_x": 1.7512866666666669,
  "fwhm_y": 1.9709066666666668,
  "fwhm_z": 1.7306942241515346,
  "gcor": 0.0241284,
  "gsr_x": -0.015329607762396336,
  "gsr_y": 0.0038852288853377104,
  "provenance": {
    "md5sum": "8abd7d340bc1cbd8b7fdeb68ea63e776",
    "settings": {
      "fd_thres": 0.2,
      "testing": false
    },
    "software": "mriqc",
    "version": "0.16.0",
    "webapi_port": null,
    "webapi_url": "https://mriqc.nimh.nih.gov/api/v1"
  },
  "size_t": 240,
  "size_x": 80,
  "size_y": 80,
  "size_z": 36,
  "snr": 5.492658084407741,
  "spacing_tr": 2.0,
  "spacing_x": 3.0,
  "spacing_y": 3.0,
  "spacing_z": 3.2997798919677734,
  "spikes_num": 0,
  "summary_bg_k": 42.120106597448164,
  "summary_bg_mad": 0.8689603464763386,
  "summary_bg_mean": 382.0723571777344,
  "summary_bg_median": 0.5909382104873657,
  "summary_bg_n": 160091.0,
  "summary_bg_p05": 0.0021194047294557095,
  "summary_bg_p95": 2419.62109375,
  "summary_bg_stdv": 1635.9571533203125,
  "summary_fg_k": 2.198989308220913,
  "summary_fg_mad": 4396.509197898004,
  "summary_fg_mean": 27770.94921875,
  "summary_fg_median": 27251.958984375,
  "summary_fg_n": 30667.0,
  "summary_fg_p05": 20853.6248046875,
  "summary_fg_p95": 36239.68789062499,
  "summary_fg_stdv": 4961.44384765625,
  "tsnr": 88.52335357666016
}