{
  "aor": 0.00010375786163522014,
  "aqi": 0.019028978773584906,
  "bids_meta": {
    "AcquisitionNumber": 3,
    "BidsifyVersion": "0.3.7",
    "ConversionSoftware": "dcm2niix",
    "ConversionSoftwareVersion": "v1.0.20190902",
    "EchoTime": 0.02763,
    "EffectiveEchoSpacing": 0.0006333282667071997,
    "ImageComments": "Upgrade2017",
    "ImageOrientationPatientDICOM": [
      0.998861,
      0.0344382,
      -0.0330182,
      -0.03942,
      0.985579,
      -0.164562
    ],
    "InstitutionName": "Spinoza Centre for Neuroimaging, location REC",
    "MagneticFieldStrength": 3,
    "Manufacturer": "Philips",
    "ParallelAcquisitionTechnique": "SENSE",
    "PatientPosition": "HFS",
    "PhilipsRescaleIntercept": 0,
    "PhilipsRescaleSlope": 0.8083,
    "PhilipsScaleSlope": 0.0871024,
    "ProtocolName": "WIPtask-rest_acq-multiband_boldSENSE",
    "ReconMatrixPE": 80,
    "RepetitionTime": 0.762233,
    "SeriesDescription": "ImageMRSERIES",
    "SeriesNumber": 3,
    "TaskName": "restingstate",
    "TotalReadoutTime": 0.024699802401580786,
    "UsePhilipsFloatNotDisplayScaling": 1,
    "acq_id": "mb3",
    "dataset": "<unset>",
    "modality": "bold",
    "session_id": "pre",
    "subject_id": "12",
    "task_id": "restingstate"
  },
  "dummy_trs": 1,
  "dvars_nstd": 41.09652111628347,
  "dvars_std": 1.1146755384724405,
  "dvars_vstd": 0.9997998261574806,
  "efc": 0.38703984070250536,
  "fber": 384355424.0,
  "fd_mean": 0.09173646085159212,
  "fd_num": 13,
  "fd_perc": 2.0440251572327046,
  "fwhm_avg": 1.8535779880897796,
  "fwhm_x": 1.81771,
  "fwhm_y": 2.0214966666666667,
  "fwhm_z": 1.7215272976026723,
  "gcor": 0.0143156,
  "gsr_x": -0.017036857083439827,
  "gsr_y": 0.0035818179603666067,
  "provenance": {
    "md5sum": "5bce0c03cfa9adf74c2fda10f83b2599",
    "settings": {
      "fd_thres": 0.2,
      "testing": false
    },
    "software": "mriqc",
    "version": "0.16.0",
    "webapi_port": null,
    "webapi_url": "https://mriqc.nimh.nih.gov/api/v1"
  },
  "size_t": 636,
  "size_x": 80,
  "size_y": 80,
  "size_z": 36,
  "snr": 6.767648625442453,
  "spacing_tr": 0.7622327208518982,
  "spacing_x": 3.0,
  "spacing_y": 3.0,
  "spacing_z": 3.299999952316284,
  "spikes_num": 1,
  "summary_bg_k": 43.313287468352684,
  "summary_bg_mad": 1.3976257050985337,
  "summary_bg_mean": 293.5946350097656,
  "summary_bg_median": 0.9459570646286011,
  "summary_bg_n": 160721.0,
  "summary_bg_p05": 0.0016971068689599633,
  "summary_bg_p95": 1866.838623046875,
  "summary_bg_stdv": 1250.1212158203125,
  "summary_fg_k": 1.207640778042955,
  "summary_fg_mad": 2764.5145359257563,
  "summary_fg_mean": 19689.140625,
  "summary_fg_median": 19752.728515625,
  "summary_fg_n": 29941.0,
  "summary_fg_p05": 14995.705078125,
  "summary_fg_p95": 24294.431640625,
  "summary_fg_stdv": 2918.650146484375,
  "tsnr": 36.461151123046875
}