{
  "aor": 0.004248062015503876,
  "aqi": 0.0030552401550387595,
  "bids_meta": {
    "AcquisitionNumber": 8,
    "BidsifyVersion": "0.3.7",
    "ConversionSoftware": "dcm2niix",
    "ConversionSoftwareVersion": "v1.0.20190902",
    "EchoTime": 0.02763,
    "EffectiveEchoSpacing": 0.0006621159151938905,
    "ImageComments": "Upgrade_2017",
    "ImageOrientationPatientDICOM": [
      0.998231,
      0.0229335,
      0.0548635,
      -0.00627215,
      0.958098,
      -0.286373
    ],
    "InstitutionName": "Spinoza Centre for Neuroimaging, location REC",
    "MagneticFieldStrength": 3,
    "Manufacturer": "Philips",
    "ParallelAcquisitionTechnique": "SENSE",
    "PatientPosition": "HFS",
    "PhilipsRescaleIntercept": 0,
    "PhilipsRescaleSlope": 0.76093,
    "PhilipsScaleSlope": 0.0234247,
    "ProtocolName": "task-harriri_acq-sequential_bold",
    "ReconMatrixPE": 80,
    "RepetitionTime": 2,
    "SeriesDescription": "ImageMRSERIES",
    "SeriesNumber": 8,
    "TaskName": "emomatching",
    "TotalReadoutTime": 0.025822520692561732,
    "UsePhilipsFloatNotDisplayScaling": 1,
    "acq_id": "seq",
    "dataset": "<unset>",
    "modality": "bold",
    "session_id": "post",
    "subject_id": "11",
    "task_id": "emomatching"
  },
  "dummy_trs": 0,
  "dvars_nstd": 18.195810779609374,
  "dvars_std": 1.2459584358593747,
  "dvars_vstd": 1.0465266087500005,
  "efc": 0.3990264623459074,
  "fber": 935108736.0,
  "fd_mean": 0.09056233188699706,
  "fd_num": 6,
  "fd_perc": 4.651162790697675,
  "fwhm_avg": 1.8167224323214937,
  "fwhm_x": 1.7818666666666667,
  "fwhm_y": 1.99094,
  "fwhm_z": 1.6773606302978143,
  "gcor": 0.0222426,
  "gsr_x": -0.009824341163039207,
  "gsr_y": 0.0015502885216847062,
  "provenance": {
    "md5sum": "79c6f18c63e9bfcbb755ae5170290989",
    "settings": {
      "fd_thres": 0.2,
      "testing": false
    },
    "software": "mriqc",
    "version": "0.16.0",
    "webapi_port": null,
    "webapi_url": "https://mriqc.nimh.nih.gov/api/v1"
  },
  "size_t": 129,
  "size_x": 80,
  "size_y": 80,
  "size_z": 36,
  "snr": 6.835882708151866,
  "spacing_tr": 2.0,
  "spacing_x": 3.0,
  "spacing_y": 3.0,
  "spacing_z": 3.299999952316284,
  "spikes_num": 3,
  "summary_bg_k": 58.613392660898405,
  "summary_bg_mad": 3.026322122165286,
  "summary_bg_mean": 800.759521484375,
  "summary_bg_median": 2.0618436336517334,
  "summary_bg_n": 156581.0,
  "summary_bg_p05": 0.005327511113137007,
  "summary_bg_p95": 4280.0859375,
  "summary_bg_stdv": 3719.405029296875,
  "summary_fg_k": 1.1726931550982007,
  "summary_fg_mad": 9861.464950825935,
  "summary_fg_mean": 65539.421875,
  "summary_fg_median": 65353.41015625,
  "summary_fg_n": 32799.0,
  "summary_fg_p05": 51147.330859375,
  "summary_fg_p95": 80477.03671875,
  "summary_fg_stdv": 9560.201171875,
  "tsnr": 98.62127685546875
}