{
  "aor": 0.00042437106918239,
  "aqi": 0.008688482798742138,
  "bids_meta": {
    "AcquisitionNumber": 3,
    "BidsifyVersion": "0.3.7",
    "ConversionSoftware": "dcm2niix",
    "ConversionSoftwareVersion": "v1.0.20190902",
    "EchoTime": 0.02763,
    "EffectiveEchoSpacing": 0.0006333282667071997,
    "ImageComments": "Upgrade_2017",
    "ImageOrientationPatientDICOM": [
      0.998231,
      0.0229335,
      0.0548635,
      -0.00627215,
      0.958098,
      -0.286373
    ],
    "InstitutionName": "Spinoza Centre for Neuroimaging, location REC",
    "MagneticFieldStrength": 3,
    "Manufacturer": "Philips",
    "ParallelAcquisitionTechnique": "SENSE",
    "PatientPosition": "HFS",
    "PhilipsRescaleIntercept": 0,
    "PhilipsRescaleSlope": 0.76459,
    "PhilipsScaleSlope": 0.0411759,
    "ProtocolName": "task-rest_acq-multiband_bold",
    "ReconMatrixPE": 80,
    "RepetitionTime": 0.763994,
    "SeriesDescription": "ImageMRSERIES",
    "SeriesNumber": 3,
    "TaskName": "restingstate",
    "TotalReadoutTime": 0.024699802401580786,
    "UsePhilipsFloatNotDisplayScaling": 1,
    "acq_id": "mb3",
    "dataset": "<unset>",
    "modality": "bold",
    "session_id": "post",
    "subject_id": "11",
    "task_id": "restingstate"
  },
  "dummy_trs": 1,
  "dvars_nstd": 19.880082141070872,
  "dvars_std": 1.1700366074803146,
  "dvars_vstd": 1.0086743644094482,
  "efc": 0.4013995984892865,
  "fber": 490391328.0,
  "fd_mean": 0.08032043286467719,
  "fd_num": 2,
  "fd_perc": 0.31446540880503143,
  "fwhm_avg": 1.884021321401599,
  "fwhm_x": 1.8299733333333332,
  "fwhm_y": 2.1050299999999997,
  "fwhm_z": 1.717060630871464,
  "gcor": 0.0260689,
  "gsr_x": -0.009704649448394775,
  "gsr_y": 0.001538784010335803,
  "provenance": {
    "md5sum": "15eb3aa224982c63d5dcc1218052a758",
    "settings": {
      "fd_thres": 0.2,
      "testing": false
    },
    "software": "mriqc",
    "version": "0.16.0",
    "webapi_port": null,
    "webapi_url": "https://mriqc.nimh.nih.gov/api/v1"
  },
  "size_t": 636,
  "size_x": 80,
  "size_y": 80,
  "size_z": 36,
  "snr": 9.70154810085592,
  "spacing_tr": 0.7639936804771423,
  "spacing_x": 3.0,
  "spacing_y": 3.0,
  "spacing_z": 3.299999952316284,
  "spikes_num": 0,
  "summary_bg_k": 59.95224171593204,
  "summary_bg_mad": 3.225124475701668,
  "summary_bg_mean": 660.9481811523438,
  "summary_bg_median": 2.1794474124908447,
  "summary_bg_n": 156795.0,
  "summary_bg_p05": 9.669271530583686e-05,
  "summary_bg_p95": 3557.140844726551,
  "summary_bg_stdv": 2963.17919921875,
  "summary_fg_k": 4.478724859858527,
  "summary_fg_mad": 4780.390239900092,
  "summary_fg_mean": 52419.86328125,
  "summary_fg_median": 52931.6484375,
  "summary_fg_n": 32592.0,
  "summary_fg_p05": 43225.9689453125,
  "summary_fg_p95": 59964.40234375,
  "summary_fg_stdv": 5455.91650390625,
  "tsnr": 77.8369140625
}