{
  "aor": 0.006730708333333334,
  "aqi": 0.011544598458333333,
  "bids_meta": {
    "AcquisitionNumber": 10,
    "BidsifyVersion": "0.3.7",
    "ConversionSoftware": "dcm2niix",
    "ConversionSoftwareVersion": "v1.0.20190902",
    "EchoTime": 0.02763,
    "EffectiveEchoSpacing": 0.0006621159151938905,
    "ImageComments": "Upgrade_2017",
    "ImageOrientationPatientDICOM": [
      0.998231,
      0.0229335,
      0.0548635,
      -0.00627215,
      0.958098,
      -0.286373
    ],
    "InstitutionName": "Spinoza Centre for Neuroimaging, location REC",
    "MagneticFieldStrength": 3,
    "Manufacturer": "Philips",
    "ParallelAcquisitionTechnique": "SENSE",
    "PatientPosition": "HFS",
    "PhilipsRescaleIntercept": 0,
    "PhilipsRescaleSlope": 0.75385,
    "PhilipsScaleSlope": 0.0232281,
    "ProtocolName": "task-rest_acq-sequential_bold",
    "ReconMatrixPE": 80,
    "RepetitionTime": 2,
    "SeriesDescription": "ImageMRSERIES",
    "SeriesNumber": 10,
    "TaskName": "restingstate",
    "TotalReadoutTime": 0.025822520692561732,
    "UsePhilipsFloatNotDisplayScaling": 1,
    "acq_id": "seq",
    "dataset": "<unset>",
    "modality": "bold",
    "session_id": "post",
    "subject_id": "11",
    "task_id": "restingstate"
  },
  "dummy_trs": 0,
  "dvars_nstd": 18.904443166736407,
  "dvars_std": 1.1651327129288698,
  "dvars_vstd": 1.0021874472803352,
  "efc": 0.3993226358001244,
  "fber": 109720416.0,
  "fd_mean": 0.12110640779811317,
  "fd_num": 18,
  "fd_perc": 7.5,
  "fwhm_avg": 1.8154939474355418,
  "fwhm_x": 1.7832366666666666,
  "fwhm_y": 1.9936633333333333,
  "fwhm_z": 1.669581842306626,
  "gcor": 0.0290127,
  "gsr_x": -0.010301366448402405,
  "gsr_y": 0.0015670186839997768,
  "provenance": {
    "md5sum": "72ff745d08ae926d6bdb946a8ab392b8",
    "settings": {
      "fd_thres": 0.2,
      "testing": false
    },
    "software": "mriqc",
    "version": "0.16.0",
    "webapi_port": null,
    "webapi_url": "https://mriqc.nimh.nih.gov/api/v1"
  },
  "size_t": 240,
  "size_x": 80,
  "size_y": 80,
  "size_z": 36,
  "snr": 6.85248053719251,
  "spacing_tr": 2.0,
  "spacing_x": 3.0,
  "spacing_y": 3.0,
  "spacing_z": 3.299999952316284,
  "spikes_num": 7,
  "summary_bg_k": 60.32518919445704,
  "summary_bg_mad": 8.419911055465233,
  "summary_bg_mean": 830.543701171875,
  "summary_bg_median": 5.735918045043945,
  "summary_bg_n": 156933.0,
  "summary_bg_p05": 0.00937818475067616,
  "summary_bg_p95": 4408.350488281246,
  "summary_bg_stdv": 3700.27490234375,
  "summary_fg_k": 1.08700629629244,
  "summary_fg_mad": 9958.836009809274,
  "summary_fg_mean": 66571.796875,
  "summary_fg_median": 66295.390625,
  "summary_fg_n": 32686.0,
  "summary_fg_p05": 52002.0380859375,
  "summary_fg_p95": 81806.134765625,
  "summary_fg_stdv": 9674.5078125,
  "tsnr": 58.23149490356445
}