{
  "bids_meta": {
    "AcquisitionNumber": 2,
    "BidsifyVersion": "0.3.7",
    "ConversionSoftware": "dcm2niix",
    "ConversionSoftwareVersion": "v1.0.20190902",
    "EchoTime": 0.00383,
    "ImageComments": "Upgrade_2017",
    "ImageOrientationPatientDICOM": [
      0.999685,
      0.0250952,
      0.000561037,
      -0.0244318,
      0.977899,
      -0.207646
    ],
    "InstitutionName": "Spinoza Centre for Neuroimaging, location REC",
    "InversionTime": 0.9,
    "MagneticFieldStrength": 3,
    "Manufacturer": "Philips",
    "ParallelAcquisitionTechnique": "SENSE",
    "PatientPosition": "HFS",
    "PhilipsRescaleIntercept": 0,
    "PhilipsRescaleSlope": 4.01343,
    "PhilipsScaleSlope": 0.00516236,
    "ProtocolName": "T1w",
    "ReconMatrixPE": 240,
    "RepetitionTime": 0.008319,
    "SeriesDescription": "ImageMRSERIES",
    "SeriesNumber": 2,
    "UsePhilipsFloatNotDisplayScaling": 1,
    "dataset": "<unset>",
    "modality": "T1w",
    "session_id": "post",
    "subject_id": "19"
  },
  "cjv": 0.3098642029162071,
  "cnr": 3.7371544546904816,
  "efc": 0.7060044094876204,
  "fber": 8374.69921875,
  "fwhm_avg": 3.701226809923657,
  "fwhm_x": 3.6595402181255947,
  "fwhm_y": 3.89332,
  "fwhm_z": 3.550820211645377,
  "icvs_csf": 0.22489957127991006,
  "icvs_gm": 0.42053437322384746,
  "icvs_wm": 0.3545660554962425,
  "inu_med": 1.8092819452285767,
  "inu_range": 0.5204536199569703,
  "provenance": {
    "md5sum": "adf4252e883ed120487336b5e71ce01d",
    "settings": {
      "testing": false
    },
    "software": "mriqc",
    "version": "0.16.0",
    "warnings": {
      "large_rot_frame": true,
      "small_air_mask": false
    },
    "webapi_port": null,
    "webapi_url": "https://mriqc.nimh.nih.gov/api/v1"
  },
  "qi_1": 0.02397919398760948,
  "qi_2": 0.00012018971664523209,
  "rpve_csf": 23.380536990261604,
  "rpve_gm": 13.150263752825923,
  "rpve_wm": 19.758245119275237,
  "size_x": 240,
  "size_y": 240,
  "size_z": 220,
  "snr_csf": 2.208306316414464,
  "snr_gm": 7.3929872856739935,
  "snr_total": 10.514360223293076,
  "snr_wm": 21.941787067790774,
  "snrd_csf": 43.61060277235493,
  "snrd_gm": 102.0315096201315,
  "snrd_total": 102.07631376903453,
  "snrd_wm": 160.58682891461714,
  "spacing_x": 0.9999999403953552,
  "spacing_y": 1.0,
  "spacing_z": 0.9999999403953552,
  "summary_bg_k": 4.693591019236393,
  "summary_bg_mad": 4.079628339411082,
  "summary_bg_mean": 6.1577277183532715,
  "summary_bg_median": 2.7516674995422363,
  "summary_bg_n": 466013.0,
  "summary_bg_p05": 0.0,
  "summary_bg_p95": 22.366240310668942,
  "summary_bg_stdv": 7.561774253845215,
  "summary_csf_k": 42.96696033289862,
  "summary_csf_mad": 124.22252440997072,
  "summary_csf_mean": 272.0059509277344,
  "summary_csf_median": 271.5694885253906,
  "summary_csf_n": 12241.0,
  "summary_csf_p05": 103.19170379638672,
  "summary_csf_p95": 442.4625244140625,
  "summary_csf_stdv": 122.97134399414062,
  "summary_gm_k": 1.4823049032401379,
  "summary_gm_mad": 73.60535443937226,
  "summary_gm_mean": 644.1344604492188,
  "summary_gm_median": 635.3648681640625,
  "summary_gm_n": 18819.0,
  "summary_gm_p05": 519.8116455078125,
  "summary_gm_p95": 800.36396484375,
  "summary_gm_stdv": 85.93927764892578,
  "summary_wm_k": 1.6078010912203915,
  "summary_wm_mad": 39.38116897476473,
  "summary_wm_mean": 999.1636352539062,
  "summary_wm_median": 999.9972534179688,
  "summary_wm_n": 217401.0,
  "summary_wm_p05": 923.9425048828125,
  "summary_wm_p95": 1070.673828125,
  "summary_wm_stdv": 45.57490921020508,
  "tpm_overlap_csf": 0.1678587794303894,
  "tpm_overlap_gm": 0.4446137249469757,
  "tpm_overlap_wm": 0.5043583512306213,
  "wm2max": 0.659302887633755
}