{
  "aor": 0.0033438518518518513,
  "aqi": 0.003639380148148148,
  "bids_meta": {
    "AcquisitionNumber": 8,
    "BidsifyVersion": "0.3.7",
    "ConversionSoftware": "dcm2niix",
    "ConversionSoftwareVersion": "v1.0.20190902",
    "EchoTime": 0.02763,
    "EffectiveEchoSpacing": 0.0006621159151938905,
    "ImageComments": "Upgrade2017",
    "ImageOrientationPatientDICOM": [
      0.997971,
      0.0589787,
      -0.0239979,
      -0.0545722,
      0.986426,
      0.154872
    ],
    "InstitutionName": "Spinoza Centre for Neuroimaging, location REC",
    "MagneticFieldStrength": 3,
    "Manufacturer": "Philips",
    "ParallelAcquisitionTechnique": "SENSE",
    "PatientPosition": "HFS",
    "PhilipsRescaleIntercept": 0,
    "PhilipsRescaleSlope": 0.76386,
    "PhilipsScaleSlope": 0.0502199,
    "ProtocolName": "WIPtask-harriri_acq-sequential_boldSENSE",
    "ReconMatrixPE": 80,
    "RepetitionTime": 2,
    "SeriesDescription": "ImageMRSERIES",
    "SeriesNumber": 8,
    "TaskName": "emomatching",
    "TotalReadoutTime": 0.025822520692561732,
    "UsePhilipsFloatNotDisplayScaling": 1,
    "acq_id": "seq",
    "dataset": "<unset>",
    "modality": "bold",
    "session_id": "pre",
    "subject_id": "15",
    "task_id": "emomatching"
  },
  "dummy_trs": 0,
  "dvars_nstd": 17.044559436044782,
  "dvars_std": 1.214961479253731,
  "dvars_vstd": 1.0393568071641797,
  "efc": 0.4211632242544977,
  "fber": 739753856.0,
  "fd_mean": 0.11015180679676147,
  "fd_num": 10,
  "fd_perc": 7.407407407407407,
  "fwhm_avg": 1.9622128372514538,
  "fwhm_x": 1.9136,
  "fwhm_y": 2.11099,
  "fwhm_z": 1.8620485117543613,
  "gcor": 0.0814223,
  "gsr_x": -0.010574106127023697,
  "gsr_y": 0.00914524495601654,
  "provenance": {
    "md5sum": "5fac71e2f0f1b7bbba0ddcc9660f06d9",
    "settings": {
      "fd_thres": 0.2,
      "testing": false
    },
    "software": "mriqc",
    "version": "0.16.0",
    "webapi_port": null,
    "webapi_url": "https://mriqc.nimh.nih.gov/api/v1"
  },
  "size_t": 135,
  "size_x": 80,
  "size_y": 80,
  "size_z": 36,
  "snr": 5.197981437627887,
  "spacing_tr": 2.0,
  "spacing_x": 3.0,
  "spacing_y": 3.0,
  "spacing_z": 3.299999952316284,
  "spikes_num": 0,
  "summary_bg_k": 49.37768645216792,
  "summary_bg_mad": 1.4238229507282312,
  "summary_bg_mean": 333.67449951171875,
  "summary_bg_median": 0.9716458916664124,
  "summary_bg_n": 151508.0,
  "summary_bg_p05": 0.0032928681350313125,
  "summary_bg_p95": 2081.5436889648417,
  "summary_bg_stdv": 1453.752685546875,
  "summary_fg_k": 2.433401098827906,
  "summary_fg_mad": 4669.00830038113,
  "summary_fg_mean": 28422.8984375,
  "summary_fg_median": 27840.15234375,
  "summary_fg_n": 38374.0,
  "summary_fg_p05": 20833.24765625,
  "summary_fg_p95": 37296.519140624994,
  "summary_fg_stdv": 5355.884765625,
  "tsnr": 88.06927490234375
}