{
  "aor": 0.0004801261829652997,
  "aqi": 0.02794022160883281,
  "bids_meta": {
    "AcquisitionNumber": 10,
    "BidsifyVersion": "0.3.7",
    "ConversionSoftware": "dcm2niix",
    "ConversionSoftwareVersion": "v1.0.20190902",
    "EchoTime": 0.02763,
    "EffectiveEchoSpacing": 0.0006333282667071997,
    "ImageComments": "Upgrade2017",
    "ImageOrientationPatientDICOM": [
      0.997971,
      0.0589787,
      -0.0239979,
      -0.0545722,
      0.986426,
      0.154872
    ],
    "InstitutionName": "Spinoza Centre for Neuroimaging, location REC",
    "MagneticFieldStrength": 3,
    "Manufacturer": "Philips",
    "ParallelAcquisitionTechnique": "SENSE",
    "PatientPosition": "HFS",
    "PhilipsRescaleIntercept": 0,
    "PhilipsRescaleSlope": 0.78803,
    "PhilipsScaleSlope": 0.0840453,
    "ProtocolName": "WIPtask-rest_acq-multiband_boldSENSE",
    "ReconMatrixPE": 80,
    "RepetitionTime": 0.761525,
    "SeriesDescription": "ImageMRSERIES",
    "SeriesNumber": 10,
    "TaskName": "restingstate",
    "TotalReadoutTime": 0.024699802401580786,
    "UsePhilipsFloatNotDisplayScaling": 1,
    "acq_id": "mb3",
    "dataset": "<unset>",
    "modality": "bold",
    "session_id": "pre",
    "subject_id": "15",
    "task_id": "restingstate"
  },
  "dummy_trs": 3,
  "dvars_nstd": 37.99342725854659,
  "dvars_std": 1.1200617220537126,
  "dvars_vstd": 0.9894856260189573,
  "efc": 0.4253564471954538,
  "fber": 140456528.0,
  "fd_mean": 0.10984710025415388,
  "fd_num": 53,
  "fd_perc": 8.3596214511041,
  "fwhm_avg": 1.9872088976891835,
  "fwhm_x": 1.9600433333333334,
  "fwhm_y": 2.1744833333333333,
  "fwhm_z": 1.8271000264008843,
  "gcor": 0.0352795,
  "gsr_x": -0.013271074742078781,
  "gsr_y": 0.012412218376994133,
  "provenance": {
    "md5sum": "e45dc3bb0e7660f4622e5197f485d959",
    "settings": {
      "fd_thres": 0.2,
      "testing": false
    },
    "software": "mriqc",
    "version": "0.16.0",
    "webapi_port": null,
    "webapi_url": "https://mriqc.nimh.nih.gov/api/v1"
  },
  "size_t": 634,
  "size_x": 80,
  "size_y": 80,
  "size_z": 36,
  "snr": 7.295712980299795,
  "spacing_tr": 0.7615252137184143,
  "spacing_x": 3.0,
  "spacing_y": 3.0,
  "spacing_z": 3.299999952316284,
  "spikes_num": 0,
  "summary_bg_k": 45.53463916798593,
  "summary_bg_mad": 2.363482720282006,
  "summary_bg_mean": 287.87640380859375,
  "summary_bg_median": 1.670809268951416,
  "summary_bg_n": 152202.0,
  "summary_bg_p05": 0.023729681037366394,
  "summary_bg_p95": 1802.015856933592,
  "summary_bg_stdv": 1172.18994140625,
  "summary_fg_k": 1.2474028722669779,
  "summary_fg_mad": 2716.4110436331484,
  "summary_fg_mean": 20942.94140625,
  "summary_fg_median": 20967.8828125,
  "summary_fg_n": 37471.0,
  "summary_fg_p05": 16319.75048828125,
  "summary_fg_p95": 25507.0205078125,
  "summary_fg_stdv": 2873.962158203125,
  "tsnr": 33.37476348876953
}