{
  "aor": 0.0011972916666666666,
  "aqi": 0.006719947083333333,
  "bids_meta": {
    "AcquisitionNumber": 3,
    "BidsifyVersion": "0.3.7",
    "ConversionSoftware": "dcm2niix",
    "ConversionSoftwareVersion": "v1.0.20190902",
    "EchoTime": 0.02763,
    "EffectiveEchoSpacing": 0.0006621159151938905,
    "ImageComments": "Upgrade2017",
    "ImageOrientationPatientDICOM": [
      0.997971,
      0.0589787,
      -0.0239979,
      -0.0545722,
      0.986426,
      0.154872
    ],
    "InstitutionName": "Spinoza Centre for Neuroimaging, location REC",
    "MagneticFieldStrength": 3,
    "Manufacturer": "Philips",
    "ParallelAcquisitionTechnique": "SENSE",
    "PatientPosition": "HFS",
    "PhilipsRescaleIntercept": 0,
    "PhilipsRescaleSlope": 0.74725,
    "PhilipsScaleSlope": 0.0486958,
    "ProtocolName": "WIPtask-rest_acq-sequential_boldSENSE",
    "ReconMatrixPE": 80,
    "RepetitionTime": 2,
    "SeriesDescription": "ImageMRSERIES",
    "SeriesNumber": 3,
    "TaskName": "restingstate",
    "TotalReadoutTime": 0.025822520692561732,
    "UsePhilipsFloatNotDisplayScaling": 1,
    "acq_id": "seq",
    "dataset": "<unset>",
    "modality": "bold",
    "session_id": "pre",
    "subject_id": "15",
    "task_id": "restingstate"
  },
  "dummy_trs": 0,
  "dvars_nstd": 16.692265163891218,
  "dvars_std": 1.0824456716736408,
  "dvars_vstd": 0.9613203234728032,
  "efc": 0.4214157337502349,
  "fber": 115367456.0,
  "fd_mean": 0.11594579761985911,
  "fd_num": 15,
  "fd_perc": 6.25,
  "fwhm_avg": 1.9655207160780108,
  "fwhm_x": 1.9176066666666667,
  "fwhm_y": 2.1088766666666667,
  "fwhm_z": 1.870078814900699,
  "gcor": 0.0560715,
  "gsr_x": -0.010445619001984596,
  "gsr_y": 0.009179309010505676,
  "provenance": {
    "md5sum": "62d9ebee56f0265ec5be49e57750817c",
    "settings": {
      "fd_thres": 0.2,
      "testing": false
    },
    "software": "mriqc",
    "version": "0.16.0",
    "webapi_port": null,
    "webapi_url": "https://mriqc.nimh.nih.gov/api/v1"
  },
  "size_t": 240,
  "size_x": 80,
  "size_y": 80,
  "size_z": 36,
  "snr": 5.235874990632784,
  "spacing_tr": 2.0,
  "spacing_x": 3.0,
  "spacing_y": 3.0,
  "spacing_z": 3.299999952316284,
  "spikes_num": 1,
  "summary_bg_k": 51.22583085125894,
  "summary_bg_mad": 3.6620338737186366,
  "summary_bg_mean": 352.77740478515625,
  "summary_bg_median": 2.512662887573242,
  "summary_bg_n": 151609.0,
  "summary_bg_p05": 0.0146892910823226,
  "summary_bg_p95": 2137.2257812500075,
  "summary_bg_stdv": 1509.4959716796875,
  "summary_fg_k": 2.4266508173197368,
  "summary_fg_mad": 4675.286194150114,
  "summary_fg_mean": 28892.6640625,
  "summary_fg_median": 28304.513671875,
  "summary_fg_n": 38194.0,
  "summary_fg_p05": 21259.693359375,
  "summary_fg_p95": 37992.8392578125,
  "summary_fg_stdv": 5405.8095703125,
  "tsnr": 68.64208984375
}