{
  "aor": 9.249999999999999e-05,
  "aqi": 0.01998751257861635,
  "bids_meta": {
    "AcquisitionNumber": 10,
    "BidsifyVersion": "0.3.7",
    "ConversionSoftware": "dcm2niix",
    "ConversionSoftwareVersion": "v1.0.20190902",
    "EchoTime": 0.02763,
    "EffectiveEchoSpacing": 0.0006333282667071997,
    "ImageComments": "Upgrade2017",
    "ImageOrientationPatientDICOM": [
      0.999557,
      0.0200693,
      0.0219834,
      -0.012038,
      0.947984,
      -0.318089
    ],
    "InstitutionName": "Spinoza Centre for Neuroimaging, location REC",
    "MagneticFieldStrength": 3,
    "Manufacturer": "Philips",
    "ParallelAcquisitionTechnique": "SENSE",
    "PatientPosition": "HFS",
    "PhilipsRescaleIntercept": 0,
    "PhilipsRescaleSlope": 0.77338,
    "PhilipsScaleSlope": 0.0993635,
    "ProtocolName": "WIPtask-rest_acq-multiband_boldSENSE",
    "ReconMatrixPE": 80,
    "RepetitionTime": 0.763789,
    "SeriesDescription": "ImageMRSERIES",
    "SeriesNumber": 10,
    "TaskName": "restingstate",
    "TotalReadoutTime": 0.024699802401580786,
    "UsePhilipsFloatNotDisplayScaling": 1,
    "acq_id": "mb3",
    "dataset": "<unset>",
    "modality": "bold",
    "session_id": "pre",
    "subject_id": "03",
    "task_id": "restingstate"
  },
  "dummy_trs": 1,
  "dvars_nstd": 42.78730212225195,
  "dvars_std": 1.1134035986456705,
  "dvars_vstd": 0.9989571457165367,
  "efc": 0.38703238487563285,
  "fber": 1332812672.0,
  "fd_mean": 0.11222044111918597,
  "fd_num": 40,
  "fd_perc": 6.289308176100629,
  "fwhm_avg": 1.8379387960760667,
  "fwhm_x": 1.8164633333333333,
  "fwhm_y": 1.99545,
  "fwhm_z": 1.701903054894867,
  "gcor": 0.00949131,
  "gsr_x": -0.016994794830679893,
  "gsr_y": 0.009876275435090065,
  "provenance": {
    "md5sum": "7c8dc132ff4315c816acc68682372e80",
    "settings": {
      "fd_thres": 0.2,
      "testing": false
    },
    "software": "mriqc",
    "version": "0.16.0",
    "webapi_port": null,
    "webapi_url": "https://mriqc.nimh.nih.gov/api/v1"
  },
  "size_t": 636,
  "size_x": 80,
  "size_y": 80,
  "size_z": 36,
  "snr": 6.994047349840465,
  "spacing_tr": 0.7637892961502075,
  "spacing_x": 3.0,
  "spacing_y": 3.0,
  "spacing_z": 3.299999952316284,
  "spikes_num": 0,
  "summary_bg_k": 52.013589987178484,
  "summary_bg_mad": 0.68941473630885,
  "summary_bg_mean": 240.58175659179688,
  "summary_bg_median": 0.4663372039794922,
  "summary_bg_n": 159854.0,
  "summary_bg_p05": 0.000849249225575477,
  "summary_bg_p95": 1599.372937011721,
  "summary_bg_stdv": 1009.2073974609375,
  "summary_fg_k": 1.046855160359402,
  "summary_fg_mad": 2526.386033115584,
  "summary_fg_mean": 18412.44140625,
  "summary_fg_median": 18459.72265625,
  "summary_fg_n": 30013.0,
  "summary_fg_p05": 14114.5982421875,
  "summary_fg_p95": 22603.144921875,
  "summary_fg_stdv": 2639.3037109375,
  "tsnr": 36.336021423339844
}