{
  "aor": 0.0002064835164835165,
  "aqi": 0.013537558712715855,
  "bids_meta": {
    "AcquisitionNumber": 10,
    "BidsifyVersion": "0.3.7",
    "ConversionSoftware": "dcm2niix",
    "ConversionSoftwareVersion": "v1.0.20190902",
    "EchoTime": 0.02763,
    "EffectiveEchoSpacing": 0.0006333282667071997,
    "ImageComments": "Upgrade_2017",
    "ImageOrientationPatientDICOM": [
      0.998024,
      0.0607531,
      0.0160264,
      -0.0524789,
      0.946273,
      -0.319083
    ],
    "InstitutionName": "Spinoza Centre for Neuroimaging, location REC",
    "MagneticFieldStrength": 3,
    "Manufacturer": "Philips",
    "ParallelAcquisitionTechnique": "SENSE",
    "PatientPosition": "HFS",
    "PhilipsRescaleIntercept": 0,
    "PhilipsRescaleSlope": 0.78632,
    "PhilipsScaleSlope": 0.043693,
    "ProtocolName": "task-rest_acq-multiband_bold",
    "ReconMatrixPE": 80,
    "RepetitionTime": 0.763994,
    "SeriesDescription": "ImageMRSERIES",
    "SeriesNumber": 10,
    "TaskName": "restingstate",
    "TotalReadoutTime": 0.024699802401580786,
    "UsePhilipsFloatNotDisplayScaling": 1,
    "acq_id": "mb3",
    "dataset": "<unset>",
    "modality": "bold",
    "session_id": "post",
    "subject_id": "01",
    "task_id": "restingstate"
  },
  "dummy_trs": 0,
  "dvars_nstd": 21.5636179552673,
  "dvars_std": 1.1320237536792457,
  "dvars_vstd": 0.9984730662106912,
  "efc": 0.39541850121823574,
  "fber": 1786451840.0,
  "fd_mean": 0.11967139593395995,
  "fd_num": 84,
  "fd_perc": 13.186813186813186,
  "fwhm_avg": 1.7869790988398109,
  "fwhm_x": 1.7216466666666665,
  "fwhm_y": 1.99273,
  "fwhm_z": 1.6465606298527664,
  "gcor": 0.0309251,
  "gsr_x": -0.010163695551455021,
  "gsr_y": 0.0014693381963297725,
  "provenance": {
    "md5sum": "44b5b4198973a307e65bf52874162c60",
    "settings": {
      "fd_thres": 0.2,
      "testing": false
    },
    "software": "mriqc",
    "version": "0.16.0",
    "webapi_port": null,
    "webapi_url": "https://mriqc.nimh.nih.gov/api/v1"
  },
  "size_t": 637,
  "size_x": 80,
  "size_y": 80,
  "size_z": 36,
  "snr": 9.683943252176505,
  "spacing_tr": 0.7639936804771423,
  "spacing_x": 3.0,
  "spacing_y": 3.0,
  "spacing_z": 3.299999952316284,
  "spikes_num": 1,
  "summary_bg_k": 59.07154486938548,
  "summary_bg_mad": 1.4572490145626187,
  "summary_bg_mean": 595.3839721679688,
  "summary_bg_median": 0.9877306222915649,
  "summary_bg_n": 158468.0,
  "summary_bg_p05": 0.003294688521418721,
  "summary_bg_p95": 3374.223449707031,
  "summary_bg_stdv": 2688.875244140625,
  "summary_fg_k": 4.3763723735873885,
  "summary_fg_mad": 3778.9706254009243,
  "summary_fg_mean": 45557.9765625,
  "summary_fg_median": 45828.22265625,
  "summary_fg_n": 31816.0,
  "summary_fg_p05": 37945.904296875,
  "summary_fg_p95": 52461.75,
  "summary_fg_stdv": 4732.318359375,
  "tsnr": 68.00556182861328
}