{
  "aor": 0.0009546212121212122,
  "aqi": 0.0051907006060606066,
  "bids_meta": {
    "AcquisitionNumber": 8,
    "BidsifyVersion": "0.3.7",
    "ConversionSoftware": "dcm2niix",
    "ConversionSoftwareVersion": "v1.0.20190902",
    "EchoTime": 0.02763,
    "EffectiveEchoSpacing": 0.0006621159151938905,
    "ImageComments": "Upgrade_2017",
    "ImageOrientationPatientDICOM": [
      0.998024,
      0.0607531,
      0.0160264,
      -0.0524789,
      0.946273,
      -0.319083
    ],
    "InstitutionName": "Spinoza Centre for Neuroimaging, location REC",
    "MagneticFieldStrength": 3,
    "Manufacturer": "Philips",
    "ParallelAcquisitionTechnique": "SENSE",
    "PatientPosition": "HFS",
    "PhilipsRescaleIntercept": 0,
    "PhilipsRescaleSlope": 0.7956,
    "PhilipsScaleSlope": 0.0252792,
    "ProtocolName": "task-harriri_acq-sequential_bold",
    "ReconMatrixPE": 80,
    "RepetitionTime": 2,
    "SeriesDescription": "ImageMRSERIES",
    "SeriesNumber": 8,
    "TaskName": "emomatching",
    "TotalReadoutTime": 0.025822520692561732,
    "UsePhilipsFloatNotDisplayScaling": 1,
    "acq_id": "seq",
    "dataset": "<unset>",
    "modality": "bold",
    "session_id": "post",
    "subject_id": "01",
    "task_id": "emomatching"
  },
  "dummy_trs": 0,
  "dvars_nstd": 26.772525146412217,
  "dvars_std": 1.2918540570992365,
  "dvars_vstd": 0.9989362896946569,
  "efc": 0.392237417073325,
  "fber": 524952032.0,
  "fd_mean": 0.20780271046860785,
  "fd_num": 65,
  "fd_perc": 49.24242424242424,
  "fwhm_avg": 1.7058029370596535,
  "fwhm_x": 1.6396333333333333,
  "fwhm_y": 1.8652633333333333,
  "fwhm_z": 1.6125121445122943,
  "gcor": 0.0440667,
  "gsr_x": -0.009775216691195965,
  "gsr_y": 0.0017029790906235576,
  "provenance": {
    "md5sum": "80d964220058847a55404a70272e0a1d",
    "settings": {
      "fd_thres": 0.2,
      "testing": false
    },
    "software": "mriqc",
    "version": "0.16.0",
    "webapi_port": null,
    "webapi_url": "https://mriqc.nimh.nih.gov/api/v1"
  },
  "size_t": 132,
  "size_x": 80,
  "size_y": 80,
  "size_z": 36,
  "snr": 6.484097390036412,
  "spacing_tr": 2.0,
  "spacing_x": 3.0,
  "spacing_y": 3.0,
  "spacing_z": 3.299999952316284,
  "spikes_num": 1,
  "summary_bg_k": 59.906983613235646,
  "summary_bg_mad": 3.5508357200802454,
  "summary_bg_mean": 728.7474975585938,
  "summary_bg_median": 2.4011993408203125,
  "summary_bg_n": 158274.0,
  "summary_bg_p05": 0.00131791977910325,
  "summary_bg_p95": 4043.6661254882874,
  "summary_bg_stdv": 3373.452392578125,
  "summary_fg_k": 2.658949089071462,
  "summary_fg_mad": 7825.423540113957,
  "summary_fg_mean": 59028.5859375,
  "summary_fg_median": 57929.3828125,
  "summary_fg_n": 32184.0,
  "summary_fg_p05": 46890.2728515625,
  "summary_fg_p95": 73824.99843749999,
  "summary_fg_stdv": 8933.931640625,
  "tsnr": 81.34566497802734
}