{
  "bids_meta": {
    "AcquisitionNumber": 2,
    "BidsifyVersion": "0.3.7",
    "ConversionSoftware": "dcm2niix",
    "ConversionSoftwareVersion": "v1.0.20190902",
    "EchoTime": 0.00378,
    "ImageComments": "Upgrade2017",
    "ImageOrientationPatientDICOM": [
      0.99998,
      -0.00607283,
      -0.00177394,
      0.00575954,
      0.989857,
      -0.14195
    ],
    "InstitutionName": "Spinoza Centre for Neuroimaging, location REC",
    "MagneticFieldStrength": 3,
    "Manufacturer": "Philips",
    "ParallelAcquisitionTechnique": "SENSE",
    "PatientPosition": "HFS",
    "PhilipsRescaleIntercept": 0,
    "PhilipsRescaleSlope": 12.6579,
    "PhilipsScaleSlope": 0.00506393,
    "ProtocolName": "WIPT1wSENSE",
    "ReconMatrixPE": 240,
    "RepetitionTime": 0.00824,
    "SeriesDescription": "ImageMRSERIES",
    "SeriesNumber": 2,
    "UsePhilipsFloatNotDisplayScaling": 1,
    "dataset": "<unset>",
    "modality": "T1w",
    "session_id": "pre",
    "subject_id": "09"
  },
  "cjv": 0.37477445912155644,
  "cnr": 3.473528035315338,
  "efc": 0.8025886219395636,
  "fber": 301.0228271484375,
  "fwhm_avg": 3.3784533333333333,
  "fwhm_x": 3.42842,
  "fwhm_y": 3.45042,
  "fwhm_z": 3.25652,
  "icvs_csf": 0.19393979719646431,
  "icvs_gm": 0.44589520142001765,
  "icvs_wm": 0.3601650013835181,
  "inu_med": 1.8902254104614258,
  "inu_range": 0.7507131636142725,
  "provenance": {
    "md5sum": "0e33f11a93f1c7811224d1a5548f3a03",
    "settings": {
      "testing": false
    },
    "software": "mriqc",
    "version": "0.16.0",
    "warnings": {
      "large_rot_frame": true,
      "small_air_mask": true
    },
    "webapi_port": null,
    "webapi_url": "https://mriqc.nimh.nih.gov/api/v1"
  },
  "qi_1": 0.0,
  "qi_2": 0.00014758338633703142,
  "rpve_csf": 24.378711098603578,
  "rpve_gm": 11.794664798315459,
  "rpve_wm": 17.444947502377435,
  "size_x": 240,
  "size_y": 240,
  "size_z": 220,
  "snr_csf": 2.495828124361316,
  "snr_gm": 6.912620323786073,
  "snr_total": 7.92738485418523,
  "snr_wm": 14.373706114408302,
  "snrd_csf": 13.959290613935833,
  "snrd_gm": 27.09314580045301,
  "snrd_total": 28.555879888587402,
  "snrd_wm": 44.61520325137337,
  "spacing_x": 1.0,
  "spacing_y": 1.0,
  "spacing_z": 1.0,
  "summary_bg_k": 1.5692814486298206,
  "summary_bg_mad": 14.68430148301214,
  "summary_bg_mean": 20.71338653564453,
  "summary_bg_median": 19.79555892944336,
  "summary_bg_n": 149686.0,
  "summary_bg_p05": 0.0,
  "summary_bg_p95": 49.658270835876465,
  "summary_bg_stdv": 15.060420036315918,
  "summary_csf_k": -0.07727147161398262,
  "summary_csf_mad": 130.60423381586824,
  "summary_csf_mean": 292.258544921875,
  "summary_csf_median": 312.8851318359375,
  "summary_csf_n": 6181.0,
  "summary_csf_p05": 84.30264282226562,
  "summary_csf_p95": 474.2233581542969,
  "summary_csf_stdv": 125.35311126708984,
  "summary_gm_k": 0.5218716808369996,
  "summary_gm_mad": 82.19547061358489,
  "summary_gm_mean": 611.0015258789062,
  "summary_gm_median": 607.2688598632812,
  "summary_gm_n": 17633.0,
  "summary_gm_p05": 472.0427551269531,
  "summary_gm_p95": 761.9743652343748,
  "summary_gm_stdv": 87.84680938720703,
  "summary_wm_k": 0.5934780363098744,
  "summary_wm_mad": 64.99397291351481,
  "summary_wm_mean": 995.5408935546875,
  "summary_wm_median": 1000.01025390625,
  "summary_wm_n": 222821.0,
  "summary_wm_p05": 872.7084350585938,
  "summary_wm_p95": 1101.5885009765625,
  "summary_wm_stdv": 69.57203674316406,
  "tpm_overlap_csf": 0.15497517585754395,
  "tpm_overlap_gm": 0.43956464529037476,
  "tpm_overlap_wm": 0.4810042381286621,
  "wm2max": 0.6722351683852188
}