{
  "bids_meta": {
    "AcquisitionNumber": 2,
    "BidsifyVersion": "0.3.7",
    "ConversionSoftware": "dcm2niix",
    "ConversionSoftwareVersion": "v1.0.20190902",
    "EchoTime": 0.00375,
    "ImageComments": "Upgrade2017",
    "ImageOrientationPatientDICOM": [
      0.998669,
      0.0372644,
      -0.0356587,
      -0.0390632,
      0.997926,
      -0.0511556
    ],
    "InstitutionName": "Spinoza Centre for Neuroimaging, location REC",
    "MagneticFieldStrength": 3,
    "Manufacturer": "Philips",
    "ParallelAcquisitionTechnique": "SENSE",
    "PatientPosition": "HFS",
    "PhilipsRescaleIntercept": 0,
    "PhilipsRescaleSlope": 12.2952,
    "PhilipsScaleSlope": 0.00518762,
    "ProtocolName": "WIPT1wSENSE",
    "ReconMatrixPE": 240,
    "RepetitionTime": 0.008176,
    "SeriesDescription": "ImageMRSERIES",
    "SeriesNumber": 2,
    "UsePhilipsFloatNotDisplayScaling": 1,
    "dataset": "<unset>",
    "modality": "T1w",
    "session_id": "pre",
    "subject_id": "12"
  },
  "cjv": 0.309661036902332,
  "cnr": 4.1282659341837045,
  "efc": 0.7786586541768112,
  "fber": 119.4744873046875,
  "fwhm_avg": 3.259090061890685,
  "fwhm_x": 3.21442,
  "fwhm_y": 3.44779,
  "fwhm_z": 3.115060185672056,
  "icvs_csf": 0.177466011935864,
  "icvs_gm": 0.48353751680500967,
  "icvs_wm": 0.3389964712591263,
  "inu_med": 2.079547166824341,
  "inu_range": 0.6023509800434115,
  "provenance": {
    "md5sum": "72fcb32e4b585f2baaa6ff614ee3c116",
    "settings": {
      "testing": false
    },
    "software": "mriqc",
    "version": "0.16.0",
    "warnings": {
      "large_rot_frame": true,
      "small_air_mask": true
    },
    "webapi_port": null,
    "webapi_url": "https://mriqc.nimh.nih.gov/api/v1"
  },
  "qi_1": 0.0,
  "qi_2": 0.000165191529751264,
  "rpve_csf": 35.9699872650749,
  "rpve_gm": 15.320821386869792,
  "rpve_wm": 24.88562949682902,
  "size_x": 240,
  "size_y": 240,
  "size_z": 220,
  "snr_csf": 1.6111101537478862,
  "snr_gm": 6.889848318035821,
  "snr_total": 7.8550236568560114,
  "snr_wm": 15.064112498784326,
  "snrd_csf": 8.723098023405482,
  "snrd_gm": 28.014321553350648,
  "snrd_total": 28.86668249763615,
  "snrd_wm": 49.86262791615231,
  "spacing_x": 1.0,
  "spacing_y": 1.0,
  "spacing_z": 0.9999999403953552,
  "summary_bg_k": 100.41563110294634,
  "summary_bg_mad": 13.1387070228972,
  "summary_bg_mean": 18.492795944213867,
  "summary_bg_median": 17.714866638183594,
  "summary_bg_n": 120979.0,
  "summary_bg_p05": 0.0,
  "summary_bg_p95": 44.53433837890625,
  "summary_bg_stdv": 14.480711936950684,
  "summary_csf_k": 0.8891227936523678,
  "summary_csf_mad": 106.70859005540194,
  "summary_csf_mean": 197.1826171875,
  "summary_csf_median": 174.94102478027344,
  "summary_csf_n": 4260.0,
  "summary_csf_p05": 51.55199928283692,
  "summary_csf_p95": 392.3636138916015,
  "summary_csf_stdv": 108.57140350341797,
  "summary_gm_k": 0.18043789647439246,
  "summary_gm_mad": 78.3288867394073,
  "summary_gm_mean": 567.0328979492188,
  "summary_gm_median": 561.824951171875,
  "summary_gm_n": 16743.0,
  "summary_gm_p05": 439.4568817138672,
  "summary_gm_p95": 709.0712524414063,
  "summary_gm_stdv": 81.54144287109375,
  "summary_wm_k": 1.3642158585443207,
  "summary_wm_mad": 57.354055994393605,
  "summary_wm_mean": 994.8394165039062,
  "summary_wm_median": 999.990966796875,
  "summary_wm_n": 142864.0,
  "summary_wm_p05": 874.5678344726563,
  "summary_wm_p95": 1092.8283386230469,
  "summary_wm_stdv": 66.3821029663086,
  "tpm_overlap_csf": 0.16416408121585846,
  "tpm_overlap_gm": 0.4676494300365448,
  "tpm_overlap_wm": 0.49515873193740845,
  "wm2max": 0.6785901163264026
}