{
  "bids_meta": {
    "AcquisitionNumber": 2,
    "BidsifyVersion": "0.3.7",
    "ConversionSoftware": "dcm2niix",
    "ConversionSoftwareVersion": "v1.0.20190902",
    "EchoTime": 0.00383,
    "ImageComments": "Upgrade2017",
    "ImageOrientationPatientDICOM": [
      0.995023,
      -0.0793287,
      0.0602999,
      0.0863533,
      0.988446,
      -0.124568
    ],
    "InstitutionName": "Spinoza Centre for Neuroimaging, location REC",
    "MagneticFieldStrength": 3,
    "Manufacturer": "Philips",
    "ParallelAcquisitionTechnique": "SENSE",
    "PatientPosition": "HFS",
    "PhilipsRescaleIntercept": 0,
    "PhilipsRescaleSlope": 11.9614,
    "PhilipsScaleSlope": 0.00533294,
    "ProtocolName": "WIPT1wSENSE",
    "ReconMatrixPE": 240,
    "RepetitionTime": 0.008315,
    "SeriesDescription": "ImageMRSERIES",
    "SeriesNumber": 2,
    "UsePhilipsFloatNotDisplayScaling": 1,
    "dataset": "<unset>",
    "modality": "T1w",
    "session_id": "pre",
    "subject_id": "05"
  },
  "cjv": 0.42087874490836497,
  "cnr": 3.0874983426875993,
  "efc": 0.7715834733736894,
  "fber": 266.3853759765625,
  "fwhm_avg": 3.4197434650687453,
  "fwhm_x": 3.3979502025336146,
  "fwhm_y": 3.62877,
  "fwhm_z": 3.232510192672622,
  "icvs_csf": 0.20762905422066083,
  "icvs_gm": 0.4029163855546422,
  "icvs_wm": 0.389454560224697,
  "inu_med": 0.6722040176391602,
  "inu_range": 0.2477356076240539,
  "provenance": {
    "md5sum": "6a721085f47e06ca3299071bb3b71b99",
    "settings": {
      "testing": false
    },
    "software": "mriqc",
    "version": "0.16.0",
    "warnings": {
      "large_rot_frame": true,
      "small_air_mask": true
    },
    "webapi_port": null,
    "webapi_url": "https://mriqc.nimh.nih.gov/api/v1"
  },
  "qi_1": 0.0,
  "qi_2": 0.00012457900124202855,
  "rpve_csf": 29.205383607593173,
  "rpve_gm": 15.57930200285517,
  "rpve_wm": 20.995244820935447,
  "size_x": 240,
  "size_y": 240,
  "size_z": 220,
  "snr_csf": 2.655130221030021,
  "snr_gm": 6.593516914046094,
  "snr_total": 8.82671827476108,
  "snr_wm": 17.231507689207124,
  "snrd_csf": 14.78441158788674,
  "snrd_gm": 25.88847487936307,
  "snrd_total": 26.957079860416602,
  "snrd_wm": 40.19835311399999,
  "spacing_x": 0.9999999403953552,
  "spacing_y": 1.0,
  "spacing_z": 0.9999999403953552,
  "summary_bg_k": 61.41283186805097,
  "summary_bg_mad": 16.29761138335141,
  "summary_bg_mean": 23.7022705078125,
  "summary_bg_median": 21.960514068603516,
  "summary_bg_n": 143238.0,
  "summary_bg_p05": 0.0,
  "summary_bg_p95": 55.19275207519531,
  "summary_bg_stdv": 19.65330696105957,
  "summary_csf_k": 1.6339981553694631,
  "summary_csf_mad": 125.45055322203035,
  "summary_csf_mean": 337.4717102050781,
  "summary_csf_median": 367.78692626953125,
  "summary_csf_n": 5779.0,
  "summary_csf_p05": 97.7421058654785,
  "summary_csf_p95": 512.9284667968747,
  "summary_csf_stdv": 138.5073699951172,
  "summary_gm_k": 0.05951964378247343,
  "summary_gm_mad": 95.6537687244464,
  "summary_gm_mean": 649.1572875976562,
  "summary_gm_median": 644.01904296875,
  "summary_gm_n": 11692.0,
  "summary_gm_p05": 497.81615753173827,
  "summary_gm_p95": 821.285263061523,
  "summary_gm_stdv": 97.67041015625,
  "summary_wm_k": 0.8944894587960999,
  "summary_wm_mad": 54.1715377617439,
  "summary_wm_mean": 998.8564453125,
  "summary_wm_median": 1000.0011596679688,
  "summary_wm_n": 211633.0,
  "summary_wm_p05": 901.8418090820312,
  "summary_wm_p95": 1090.722705078125,
  "summary_wm_stdv": 58.03315734863281,
  "tpm_overlap_csf": 0.16243213415145874,
  "tpm_overlap_gm": 0.44119828939437866,
  "tpm_overlap_wm": 0.510537326335907,
  "wm2max": 0.5365906304545465
}