{
  "bids_meta": {
    "AcquisitionNumber": 2,
    "BidsifyVersion": "0.3.7",
    "ConversionSoftware": "dcm2niix",
    "ConversionSoftwareVersion": "v1.0.20190902",
    "EchoTime": 0.00385,
    "ImageComments": "Upgrade_2017",
    "ImageOrientationPatientDICOM": [
      0.99812,
      0.0597356,
      0.0137116,
      -0.0559783,
      0.979619,
      -0.192907
    ],
    "InstitutionName": "Spinoza Centre for Neuroimaging, location REC",
    "InversionTime": 0.9,
    "MagneticFieldStrength": 3,
    "Manufacturer": "Philips",
    "ParallelAcquisitionTechnique": "SENSE",
    "PatientPosition": "HFS",
    "PhilipsRescaleIntercept": 0,
    "PhilipsRescaleSlope": 3.51306,
    "PhilipsScaleSlope": 0.00518922,
    "ProtocolName": "T1w",
    "ReconMatrixPE": 240,
    "RepetitionTime": 0.008339,
    "SeriesDescription": "ImageMRSERIES",
    "SeriesNumber": 2,
    "UsePhilipsFloatNotDisplayScaling": 1,
    "dataset": "<unset>",
    "modality": "T1w",
    "session_id": "post",
    "subject_id": "01"
  },
  "cjv": 0.3221929054827429,
  "cnr": 3.953169851685515,
  "efc": 0.689245462804147,
  "fber": 8281.8017578125,
  "fwhm_avg": 3.74018,
  "fwhm_x": 3.72711,
  "fwhm_y": 3.93551,
  "fwhm_z": 3.55792,
  "icvs_csf": 0.22877405946124468,
  "icvs_gm": 0.4101970588127067,
  "icvs_wm": 0.36102888172604863,
  "inu_med": 2.108505964279175,
  "inu_range": 0.4699524283409118,
  "provenance": {
    "md5sum": "47b16ff80f55c126df507a5e1e6adba2",
    "settings": {
      "testing": false
    },
    "software": "mriqc",
    "version": "0.16.0",
    "warnings": {
      "large_rot_frame": true,
      "small_air_mask": false
    },
    "webapi_port": null,
    "webapi_url": "https://mriqc.nimh.nih.gov/api/v1"
  },
  "qi_1": 0.0,
  "qi_2": 5.10299421009478e-05,
  "rpve_csf": 30.125313529376534,
  "rpve_gm": 17.256131981165247,
  "rpve_wm": 25.05903706382353,
  "size_x": 240,
  "size_y": 240,
  "size_z": 220,
  "snr_csf": 2.5654867327062854,
  "snr_gm": 8.978237830220213,
  "snr_total": 11.210390580066568,
  "snr_wm": 22.08744717727321,
  "snrd_csf": 27.717302649952206,
  "snrd_gm": 53.3006784681081,
  "snrd_total": 54.04335439496678,
  "snrd_wm": 81.11208206684005,
  "spacing_x": 1.0,
  "spacing_y": 1.0,
  "spacing_z": 1.0,
  "summary_bg_k": 498.33412662499586,
  "summary_bg_mad": 8.076864045595896,
  "summary_bg_mean": 8.909826278686523,
  "summary_bg_median": 5.4477620124816895,
  "summary_bg_n": 464632.0,
  "summary_bg_p05": 0.0,
  "summary_bg_p95": 24.997216606140114,
  "summary_bg_stdv": 10.793364524841309,
  "summary_csf_k": 16.07536412201066,
  "summary_csf_mad": 136.0655154589771,
  "summary_csf_mean": 321.7662353515625,
  "summary_csf_median": 341.7134094238281,
  "summary_csf_n": 6956.0,
  "summary_csf_p05": 117.01382446289062,
  "summary_csf_p95": 488.1388397216797,
  "summary_csf_stdv": 133.18675231933594,
  "summary_gm_k": 0.2724229173731194,
  "summary_gm_mad": 70.77081880140415,
  "summary_gm_mean": 660.2784423828125,
  "summary_gm_median": 657.11865234375,
  "summary_gm_n": 18848.0,
  "summary_gm_p05": 545.8537384033203,
  "summary_gm_p95": 788.4247497558595,
  "summary_gm_stdv": 73.18821716308594,
  "summary_wm_k": 1.382887677567222,
  "summary_wm_mad": 39.70060170372743,
  "summary_wm_mean": 997.0560913085938,
  "summary_wm_median": 999.9921875,
  "summary_wm_n": 174368.0,
  "summary_wm_p05": 917.6520294189454,
  "summary_wm_p95": 1064.5969482421874,
  "summary_wm_stdv": 45.27410125732422,
  "tpm_overlap_csf": 0.16189183294773102,
  "tpm_overlap_gm": 0.432613343000412,
  "tpm_overlap_wm": 0.48867514729499817,
  "wm2max": 0.6678730584636257
}