{
  "aor": 0.0005586342229199372,
  "aqi": 0.017084502919937204,
  "bids_meta": {
    "AcquisitionNumber": 10,
    "BidsifyVersion": "0.3.7",
    "ConversionSoftware": "dcm2niix",
    "ConversionSoftwareVersion": "v1.0.20190902",
    "EchoTime": 0.02763,
    "EffectiveEchoSpacing": 0.0006333282667071997,
    "ImageComments": "Upgrade_2017",
    "ImageOrientationPatientDICOM": [
      0.99677,
      0.0800121,
      -0.00693511,
      -0.0800231,
      0.982155,
      -0.1702
    ],
    "InstitutionName": "Spinoza Centre for Neuroimaging, location REC",
    "MagneticFieldStrength": 3,
    "Manufacturer": "Philips",
    "ParallelAcquisitionTechnique": "SENSE",
    "PatientPosition": "HFS",
    "PhilipsRescaleIntercept": 0,
    "PhilipsRescaleSlope": 0.81807,
    "PhilipsScaleSlope": 0.038406,
    "ProtocolName": "task-rest_acq-multiband_bold",
    "ReconMatrixPE": 80,
    "RepetitionTime": 0.763994,
    "SeriesDescription": "ImageMRSERIES",
    "SeriesNumber": 10,
    "TaskName": "restingstate",
    "TotalReadoutTime": 0.024699802401580786,
    "UsePhilipsFloatNotDisplayScaling": 1,
    "acq_id": "mb3",
    "dataset": "<unset>",
    "modality": "bold",
    "session_id": "post",
    "subject_id": "10",
    "task_id": "restingstate"
  },
  "dummy_trs": 0,
  "dvars_nstd": 24.646180899732702,
  "dvars_std": 1.227857347547168,
  "dvars_vstd": 0.9843377860220126,
  "efc": 0.4019203941751927,
  "fber": 1324833408.0,
  "fd_mean": 0.14345611520158552,
  "fd_num": 168,
  "fd_perc": 26.373626373626372,
  "fwhm_avg": 1.8664942479354574,
  "fwhm_x": 1.8148633333333333,
  "fwhm_y": 2.1177266666666665,
  "fwhm_z": 1.666892743806372,
  "gcor": 0.0535458,
  "gsr_x": -0.006709012668579817,
  "gsr_y": -0.0005030748434364796,
  "provenance": {
    "md5sum": "2ae6df432505b2e07d44647b723c7be4",
    "settings": {
      "fd_thres": 0.2,
      "testing": false
    },
    "software": "mriqc",
    "version": "0.16.0",
    "webapi_port": null,
    "webapi_url": "https://mriqc.nimh.nih.gov/api/v1"
  },
  "size_t": 637,
  "size_x": 80,
  "size_y": 80,
  "size_z": 36,
  "snr": 9.423572265053165,
  "spacing_tr": 0.7639936804771423,
  "spacing_x": 3.0,
  "spacing_y": 3.0,
  "spacing_z": 3.300182342529297,
  "spikes_num": 0,
  "summary_bg_k": 45.13347897348289,
  "summary_bg_mad": 1.897803130858608,
  "summary_bg_mean": 696.3919677734375,
  "summary_bg_median": 1.2977819442749023,
  "summary_bg_n": 157667.0,
  "summary_bg_p05": 0.007044510170817375,
  "summary_bg_p95": 4481.889941406249,
  "summary_bg_stdv": 2937.486572265625,
  "summary_fg_k": 5.369294675020283,
  "summary_fg_mad": 4437.0954336295945,
  "summary_fg_mean": 48502.7734375,
  "summary_fg_median": 48829.890625,
  "summary_fg_n": 32594.0,
  "summary_fg_p05": 40320.9025390625,
  "summary_fg_p95": 56032.5744140625,
  "summary_fg_stdv": 5181.595703125,
  "tsnr": 61.27433776855469
}