{
  "aor": 0.0006738749999999999,
  "aqi": 0.009500241250000001,
  "bids_meta": {
    "AcquisitionNumber": 10,
    "BidsifyVersion": "0.3.7",
    "ConversionSoftware": "dcm2niix",
    "ConversionSoftwareVersion": "v1.0.20190902",
    "EchoTime": 0.02763,
    "EffectiveEchoSpacing": 0.0006621159151938905,
    "ImageComments": "Upgrade2017",
    "ImageOrientationPatientDICOM": [
      0.992498,
      -0.0967933,
      0.0746911,
      0.094343,
      0.9949,
      0.0356731
    ],
    "InstitutionName": "Spinoza Centre for Neuroimaging, location REC",
    "MagneticFieldStrength": 3,
    "Manufacturer": "Philips",
    "ParallelAcquisitionTechnique": "SENSE",
    "PatientPosition": "HFS",
    "PhilipsRescaleIntercept": 0,
    "PhilipsRescaleSlope": 0.81099,
    "PhilipsScaleSlope": 0.0549525,
    "ProtocolName": "WIPtask-rest_acq-sequential_boldSENSE",
    "ReconMatrixPE": 80,
    "RepetitionTime": 2,
    "SeriesDescription": "ImageMRSERIES",
    "SeriesNumber": 10,
    "TaskName": "restingstate",
    "TotalReadoutTime": 0.025822520692561732,
    "UsePhilipsFloatNotDisplayScaling": 1,
    "acq_id": "seq",
    "dataset": "<unset>",
    "modality": "bold",
    "session_id": "pre",
    "subject_id": "06",
    "task_id": "restingstate"
  },
  "dummy_trs": 0,
  "dvars_nstd": 20.102951468493742,
  "dvars_std": 1.0725404788284512,
  "dvars_vstd": 0.9259942361506271,
  "efc": 0.4076819770738481,
  "fber": 185144400.0,
  "fd_mean": 0.15642743586371516,
  "fd_num": 58,
  "fd_perc": 24.166666666666668,
  "fwhm_avg": 1.8487803154459697,
  "fwhm_x": 1.8073366666666668,
  "fwhm_y": 1.9762199999999999,
  "fwhm_z": 1.7627842796712423,
  "gcor": 0.0227647,
  "gsr_x": -0.010958434082567692,
  "gsr_y": 0.007773404475301504,
  "provenance": {
    "md5sum": "d5a59e5ab90f20671ee10c565717e265",
    "settings": {
      "fd_thres": 0.2,
      "testing": false
    },
    "software": "mriqc",
    "version": "0.16.0",
    "webapi_port": null,
    "webapi_url": "https://mriqc.nimh.nih.gov/api/v1"
  },
  "size_t": 240,
  "size_x": 80,
  "size_y": 80,
  "size_z": 36,
  "snr": 5.4693857937963255,
  "spacing_tr": 2.0,
  "spacing_x": 3.0,
  "spacing_y": 3.0,
  "spacing_z": 3.299881935119629,
  "spikes_num": 0,
  "summary_bg_k": 56.77702333060957,
  "summary_bg_mad": 2.5760854419427286,
  "summary_bg_mean": 301.5160827636719,
  "summary_bg_median": 1.7516906261444092,
  "summary_bg_n": 154770.0,
  "summary_bg_p05": 0.004760011658072478,
  "summary_bg_p95": 1860.8339477539014,
  "summary_bg_stdv": 1275.4278564453125,
  "summary_fg_k": 1.3511428433773034,
  "summary_fg_mad": 4444.236248221068,
  "summary_fg_mean": 26439.63671875,
  "summary_fg_median": 25950.76953125,
  "summary_fg_n": 35455.0,
  "summary_fg_p05": 19652.2521484375,
  "summary_fg_p95": 34494.72617187499,
  "summary_fg_stdv": 4744.6650390625,
  "tsnr": 61.00935745239258
}