{
  "aor": 5.116169544740974e-05,
  "aqi": 0.022551404081632656,
  "bids_meta": {
    "AcquisitionNumber": 3,
    "BidsifyVersion": "0.3.7",
    "ConversionSoftware": "dcm2niix",
    "ConversionSoftwareVersion": "v1.0.20190902",
    "EchoTime": 0.02763,
    "EffectiveEchoSpacing": 0.0006333282667071997,
    "ImageComments": "Upgrade2017",
    "ImageOrientationPatientDICOM": [
      0.992498,
      -0.0967933,
      0.0746911,
      0.094343,
      0.9949,
      0.0356731
    ],
    "InstitutionName": "Spinoza Centre for Neuroimaging, location REC",
    "MagneticFieldStrength": 3,
    "Manufacturer": "Philips",
    "ParallelAcquisitionTechnique": "SENSE",
    "PatientPosition": "HFS",
    "PhilipsRescaleIntercept": 0,
    "PhilipsRescaleSlope": 0.76093,
    "PhilipsScaleSlope": 0.0907675,
    "ProtocolName": "WIPtask-rest_acq-multiband_boldSENSE",
    "ReconMatrixPE": 80,
    "RepetitionTime": 0.762233,
    "SeriesDescription": "ImageMRSERIES",
    "SeriesNumber": 3,
    "TaskName": "restingstate",
    "TotalReadoutTime": 0.024699802401580786,
    "UsePhilipsFloatNotDisplayScaling": 1,
    "acq_id": "mb3",
    "dataset": "<unset>",
    "modality": "bold",
    "session_id": "pre",
    "subject_id": "06",
    "task_id": "restingstate"
  },
  "dummy_trs": 0,
  "dvars_nstd": 39.2703134188994,
  "dvars_std": 1.1117913042295595,
  "dvars_vstd": 0.9771362830817616,
  "efc": 0.4066216019614067,
  "fber": 457195104.0,
  "fd_mean": 0.08850943841866492,
  "fd_num": 6,
  "fd_perc": 0.9419152276295133,
  "fwhm_avg": 1.8998512265978171,
  "fwhm_x": 1.8596833333333331,
  "fwhm_y": 2.068443333333333,
  "fwhm_z": 1.7714270131267853,
  "gcor": 0.0061343,
  "gsr_x": -0.011914020404219627,
  "gsr_y": 0.007053793407976627,
  "provenance": {
    "md5sum": "93c60b84ead176aa6709cb499de99c7a",
    "settings": {
      "fd_thres": 0.2,
      "testing": false
    },
    "software": "mriqc",
    "version": "0.16.0",
    "webapi_port": null,
    "webapi_url": "https://mriqc.nimh.nih.gov/api/v1"
  },
  "size_t": 637,
  "size_x": 80,
  "size_y": 80,
  "size_z": 36,
  "snr": 7.073400247259977,
  "spacing_tr": 0.7622327208518982,
  "spacing_x": 3.0,
  "spacing_y": 3.0,
  "spacing_z": 3.299881935119629,
  "spikes_num": 0,
  "summary_bg_k": 53.632467746041826,
  "summary_bg_mad": 1.3161007200798975,
  "summary_bg_mean": 232.393798828125,
  "summary_bg_median": 0.9082667827606201,
  "summary_bg_n": 155642.0,
  "summary_bg_p05": 0.0033047069911845027,
  "summary_bg_p95": 1538.8535278320269,
  "summary_bg_stdv": 984.0687255859375,
  "summary_fg_k": 1.5861481513863582,
  "summary_fg_mad": 2647.933353665921,
  "summary_fg_mean": 20032.6015625,
  "summary_fg_median": 19991.453125,
  "summary_fg_n": 34649.0,
  "summary_fg_p05": 15746.5859375,
  "summary_fg_p95": 24704.078515625,
  "summary_fg_stdv": 2826.245361328125,
  "tsnr": 37.56390380859375
}