{
  "bids_meta": {
    "AcquisitionNumber": 2,
    "BidsifyVersion": "0.3.7",
    "ConversionSoftware": "dcm2niix",
    "ConversionSoftwareVersion": "v1.0.20190902",
    "EchoTime": 0.00374,
    "ImageComments": "Upgrade_2017",
    "ImageOrientationPatientDICOM": [
      0.999605,
      0.0272779,
      0.00673938,
      -0.0275723,
      0.998451,
      0.0483337
    ],
    "InstitutionName": "Spinoza Centre for Neuroimaging, location REC",
    "InversionTime": 0.9,
    "MagneticFieldStrength": 3,
    "Manufacturer": "Philips",
    "ParallelAcquisitionTechnique": "SENSE",
    "PatientPosition": "HFS",
    "PhilipsRescaleIntercept": 0,
    "PhilipsRescaleSlope": 3.81465,
    "PhilipsScaleSlope": 0.00535969,
    "ProtocolName": "T1w",
    "ReconMatrixPE": 240,
    "RepetitionTime": 0.008145,
    "SeriesDescription": "ImageMRSERIES",
    "SeriesNumber": 2,
    "UsePhilipsFloatNotDisplayScaling": 1,
    "dataset": "<unset>",
    "modality": "T1w",
    "session_id": "post",
    "subject_id": "23"
  },
  "cjv": 0.3157778276398406,
  "cnr": 3.9423564359580783,
  "efc": 0.6873623809861195,
  "fber": 10662.47265625,
  "fwhm_avg": 3.765636962728129,
  "fwhm_x": 3.6891802198922763,
  "fwhm_y": 4.003380238620057,
  "fwhm_z": 3.604350429672054,
  "icvs_csf": 0.2056670307120425,
  "icvs_gm": 0.4342732173825385,
  "icvs_wm": 0.360059751905419,
  "inu_med": 2.7735180854797363,
  "inu_range": 0.6738866567611694,
  "provenance": {
    "md5sum": "8feb0ba96d49cd1c30ccbc0920da167c",
    "settings": {
      "testing": false
    },
    "software": "mriqc",
    "version": "0.16.0",
    "warnings": {
      "large_rot_frame": true,
      "small_air_mask": false
    },
    "webapi_port": null,
    "webapi_url": "https://mriqc.nimh.nih.gov/api/v1"
  },
  "qi_1": 0.0,
  "qi_2": 7.416814794726761e-05,
  "rpve_csf": 27.301118327137303,
  "rpve_gm": 14.085216751957095,
  "rpve_wm": 20.79858368446775,
  "size_x": 240,
  "size_y": 240,
  "size_z": 220,
  "snr_csf": 1.2267238645455525,
  "snr_gm": 7.716216602413006,
  "snr_total": 9.688263754882238,
  "snr_wm": 20.121850797688154,
  "snrd_csf": 39.739623474381105,
  "snrd_gm": 103.96564287890912,
  "snrd_total": 103.39702325050457,
  "snrd_wm": 166.4858033982235,
  "spacing_x": 0.9999999403953552,
  "spacing_y": 0.9999999403953552,
  "spacing_z": 0.9999998807907104,
  "summary_bg_k": 48.44045672790517,
  "summary_bg_mad": 3.9350433896215575,
  "summary_bg_mean": 6.547591209411621,
  "summary_bg_median": 4.575551986694336,
  "summary_bg_n": 405746.0,
  "summary_bg_p05": 0.0,
  "summary_bg_p95": 21.028381824493408,
  "summary_bg_stdv": 7.366286754608154,
  "summary_csf_k": 57.71693736049314,
  "summary_csf_mad": 133.39560531454026,
  "summary_csf_mean": 272.23187255859375,
  "summary_csf_median": 238.69403076171875,
  "summary_csf_n": 9426.0,
  "summary_csf_p05": 101.40664100646973,
  "summary_csf_p95": 466.40660095214844,
  "summary_csf_stdv": 194.56813049316406,
  "summary_gm_k": 0.44724604705945614,
  "summary_gm_mad": 75.87631301332347,
  "summary_gm_mean": 630.065185546875,
  "summary_gm_median": 624.46435546875,
  "summary_gm_n": 31540.0,
  "summary_gm_p05": 506.25950775146487,
  "summary_gm_p95": 773.4138671874999,
  "summary_gm_stdv": 80.92754364013672,
  "summary_wm_k": 1.43276704829539,
  "summary_wm_mad": 42.70589359086058,
  "summary_wm_mean": 997.9781494140625,
  "summary_wm_median": 999.988525390625,
  "summary_wm_n": 197674.0,
  "summary_wm_p05": 912.4017150878906,
  "summary_wm_p95": 1075.2957824707032,
  "summary_wm_stdv": 49.6965217590332,
  "tpm_overlap_csf": 0.1596447378396988,
  "tpm_overlap_gm": 0.4533657729625702,
  "tpm_overlap_wm": 0.5039023756980896,
  "wm2max": 0.7524791057887781
}