{
  "bids_meta": {
    "AcquisitionNumber": 2,
    "BidsifyVersion": "0.3.7",
    "ConversionSoftware": "dcm2niix",
    "ConversionSoftwareVersion": "v1.0.20190902",
    "EchoTime": 0.00387,
    "ImageComments": "Upgrade2017",
    "ImageOrientationPatientDICOM": [
      0.999675,
      0.0248072,
      -0.00587744,
      -0.025479,
      0.964284,
      -0.263641
    ],
    "InstitutionName": "Spinoza Centre for Neuroimaging, location REC",
    "MagneticFieldStrength": 3,
    "Manufacturer": "Philips",
    "ParallelAcquisitionTechnique": "SENSE",
    "PatientPosition": "HFS",
    "PhilipsRescaleIntercept": 0,
    "PhilipsRescaleSlope": 13.1158,
    "PhilipsScaleSlope": 0.00501403,
    "ProtocolName": "WIPT1wSENSE",
    "ReconMatrixPE": 240,
    "RepetitionTime": 0.008375,
    "SeriesDescription": "ImageMRSERIES",
    "SeriesNumber": 2,
    "UsePhilipsFloatNotDisplayScaling": 1,
    "dataset": "<unset>",
    "modality": "T1w",
    "session_id": "pre",
    "subject_id": "13"
  },
  "cjv": 0.39559480874674685,
  "cnr": 3.230947451214441,
  "efc": 0.7908063615026931,
  "fber": 209.82403564453125,
  "fwhm_avg": 3.2668633333333332,
  "fwhm_x": 3.24912,
  "fwhm_y": 3.4201,
  "fwhm_z": 3.13137,
  "icvs_csf": 0.19919823884706483,
  "icvs_gm": 0.4170121668010958,
  "icvs_wm": 0.38378959435183935,
  "inu_med": 1.9585316181182861,
  "inu_range": 0.6351866304874418,
  "provenance": {
    "md5sum": "2434a8332b8871a616469725ce54688b",
    "settings": {
      "testing": false
    },
    "software": "mriqc",
    "version": "0.16.0",
    "warnings": {
      "large_rot_frame": true,
      "small_air_mask": true
    },
    "webapi_port": null,
    "webapi_url": "https://mriqc.nimh.nih.gov/api/v1"
  },
  "qi_1": 0.0,
  "qi_2": 0.0001765895934189766,
  "rpve_csf": 28.835611255941284,
  "rpve_gm": 14.68111972670122,
  "rpve_wm": 20.06908326431802,
  "size_x": 240,
  "size_y": 240,
  "size_z": 220,
  "snr_csf": 3.1736410120090457,
  "snr_gm": 7.143980051760433,
  "snr_total": 9.084147968419456,
  "snr_wm": 16.93482284148889,
  "snrd_csf": 17.10451174331062,
  "snrd_gm": 28.197041978650077,
  "snrd_total": 29.628901277907513,
  "snrd_wm": 43.58515011176184,
  "spacing_x": 1.0,
  "spacing_y": 1.0,
  "spacing_z": 1.0,
  "summary_bg_k": 102.49328493767388,
  "summary_bg_mad": 15.03140249878745,
  "summary_bg_mean": 19.897357940673828,
  "summary_bg_median": 20.299957275390625,
  "summary_bg_n": 143066.0,
  "summary_bg_p05": 0.0,
  "summary_bg_p95": 50.617430686950684,
  "summary_bg_stdv": 15.938664436340332,
  "summary_csf_k": 4.948906271870151,
  "summary_csf_mad": 117.44098114772143,
  "summary_csf_mean": 380.8794860839844,
  "summary_csf_median": 392.4447021484375,
  "summary_csf_n": 3958.0,
  "summary_csf_p05": 148.8521598815918,
  "summary_csf_p95": 544.5286407470701,
  "summary_csf_stdv": 123.64193725585938,
  "summary_gm_k": 0.41014023812800016,
  "summary_gm_mad": 84.8102492027468,
  "summary_gm_mean": 649.903564453125,
  "summary_gm_median": 646.950927734375,
  "summary_gm_n": 10518.0,
  "summary_gm_p05": 504.10778503417964,
  "summary_gm_p95": 804.7914825439452,
  "summary_gm_stdv": 90.5545883178711,
  "summary_wm_k": 0.7159066885024283,
  "summary_wm_mad": 54.85990171902979,
  "summary_wm_mean": 998.3096923828125,
  "summary_wm_median": 1000.0145874023438,
  "summary_wm_n": 203377.0,
  "summary_wm_p05": 898.4010009765625,
  "summary_wm_p95": 1091.0751220703125,
  "summary_wm_stdv": 59.05064010620117,
  "tpm_overlap_csf": 0.1399320811033249,
  "tpm_overlap_gm": 0.43385276198387146,
  "tpm_overlap_wm": 0.492999792098999,
  "wm2max": 0.6155582286643602
}