{
  "aor": 0.0002672056514913658,
  "aqi": 0.013851312307692307,
  "bids_meta": {
    "AcquisitionNumber": 3,
    "BidsifyVersion": "0.3.7",
    "ConversionSoftware": "dcm2niix",
    "ConversionSoftwareVersion": "v1.0.20190902",
    "EchoTime": 0.02763,
    "EffectiveEchoSpacing": 0.0006333282667071997,
    "ImageComments": "Upgrade_2017",
    "ImageOrientationPatientDICOM": [
      0.999977,
      0.0023856,
      0.00634385,
      -0.00139623,
      0.988439,
      -0.151615
    ],
    "InstitutionName": "Spinoza Centre for Neuroimaging, location REC",
    "MagneticFieldStrength": 3,
    "Manufacturer": "Philips",
    "ParallelAcquisitionTechnique": "SENSE",
    "PatientPosition": "HFS",
    "PhilipsRescaleIntercept": 0,
    "PhilipsRescaleSlope": 0.75775,
    "PhilipsScaleSlope": 0.0404088,
    "ProtocolName": "task-rest_acq-multiband_bold",
    "ReconMatrixPE": 80,
    "RepetitionTime": 0.763994,
    "SeriesDescription": "ImageMRSERIES",
    "SeriesNumber": 3,
    "TaskName": "restingstate",
    "TotalReadoutTime": 0.024699802401580786,
    "UsePhilipsFloatNotDisplayScaling": 1,
    "acq_id": "mb3",
    "dataset": "<unset>",
    "modality": "bold",
    "session_id": "post",
    "subject_id": "08",
    "task_id": "restingstate"
  },
  "dummy_trs": 0,
  "dvars_nstd": 20.73793973572331,
  "dvars_std": 1.1294997778301878,
  "dvars_vstd": 0.9997714691823906,
  "efc": 0.43848508731517183,
  "fber": 370877792.0,
  "fd_mean": 0.0857699776218349,
  "fd_num": 11,
  "fd_perc": 1.7268445839874411,
  "fwhm_avg": 1.9077667759876877,
  "fwhm_x": 1.8665133333333335,
  "fwhm_y": 2.13129,
  "fwhm_z": 1.7254969946297298,
  "gcor": 0.0483342,
  "gsr_x": -0.002474307781085372,
  "gsr_y": 0.006435866467654705,
  "provenance": {
    "md5sum": "9ee23cde2c5472efed53e8cbebef340b",
    "settings": {
      "fd_thres": 0.2,
      "testing": false
    },
    "software": "mriqc",
    "version": "0.16.0",
    "webapi_port": null,
    "webapi_url": "https://mriqc.nimh.nih.gov/api/v1"
  },
  "size_t": 637,
  "size_x": 80,
  "size_y": 80,
  "size_z": 36,
  "snr": 9.693651584347053,
  "spacing_tr": 0.7639936804771423,
  "spacing_x": 3.0,
  "spacing_y": 3.0,
  "spacing_z": 3.299999952316284,
  "spikes_num": 0,
  "summary_bg_k": 56.75566862701131,
  "summary_bg_mad": 3.5517518630395983,
  "summary_bg_mean": 618.95263671875,
  "summary_bg_median": 2.395620346069336,
  "summary_bg_n": 148752.0,
  "summary_bg_p05": 0.0,
  "summary_bg_p95": 3418.785241699218,
  "summary_bg_stdv": 2616.97021484375,
  "summary_fg_k": 5.9648252410981755,
  "summary_fg_mad": 4390.022813192041,
  "summary_fg_mean": 50279.82421875,
  "summary_fg_median": 50566.85546875,
  "summary_fg_n": 40008.0,
  "summary_fg_p05": 42088.530859375,
  "summary_fg_p95": 57868.876367187506,
  "summary_fg_stdv": 5216.4267578125,
  "tsnr": 66.66934204101562
}