{
  "aor": 0.0008707575757575758,
  "aqi": 0.005148109545454545,
  "bids_meta": {
    "AcquisitionNumber": 8,
    "BidsifyVersion": "0.3.7",
    "ConversionSoftware": "dcm2niix",
    "ConversionSoftwareVersion": "v1.0.20190902",
    "EchoTime": 0.02763,
    "EffectiveEchoSpacing": 0.0006621159151938905,
    "ImageComments": "Upgrade_2017",
    "ImageOrientationPatientDICOM": [
      0.999977,
      0.0023856,
      0.00634385,
      -0.00139623,
      0.988439,
      -0.151615
    ],
    "InstitutionName": "Spinoza Centre for Neuroimaging, location REC",
    "MagneticFieldStrength": 3,
    "Manufacturer": "Philips",
    "ParallelAcquisitionTechnique": "SENSE",
    "PatientPosition": "HFS",
    "PhilipsRescaleIntercept": 0,
    "PhilipsRescaleSlope": 0.78217,
    "PhilipsScaleSlope": 0.0211623,
    "ProtocolName": "task-harriri_acq-sequential_bold",
    "ReconMatrixPE": 80,
    "RepetitionTime": 2,
    "SeriesDescription": "ImageMRSERIES",
    "SeriesNumber": 8,
    "TaskName": "emomatching",
    "TotalReadoutTime": 0.025822520692561732,
    "UsePhilipsFloatNotDisplayScaling": 1,
    "acq_id": "seq",
    "dataset": "<unset>",
    "modality": "bold",
    "session_id": "post",
    "subject_id": "08",
    "task_id": "emomatching"
  },
  "dummy_trs": 0,
  "dvars_nstd": 19.56502431755725,
  "dvars_std": 1.1668280011450383,
  "dvars_vstd": 0.9951939609923663,
  "efc": 0.43544731157738503,
  "fber": 686231168.0,
  "fd_mean": 0.1362605342188515,
  "fd_num": 16,
  "fd_perc": 12.121212121212121,
  "fwhm_avg": 1.9011148568096925,
  "fwhm_x": 1.88316,
  "fwhm_y": 2.0917966666666667,
  "fwhm_z": 1.7283879037624115,
  "gcor": 0.0323694,
  "gsr_x": -0.002194194821640849,
  "gsr_y": 0.007710214704275131,
  "provenance": {
    "md5sum": "f0e8d687f3d0822933757f9d246ef545",
    "settings": {
      "fd_thres": 0.2,
      "testing": false
    },
    "software": "mriqc",
    "version": "0.16.0",
    "webapi_port": null,
    "webapi_url": "https://mriqc.nimh.nih.gov/api/v1"
  },
  "size_t": 132,
  "size_x": 80,
  "size_y": 80,
  "size_z": 36,
  "snr": 5.947221547066667,
  "spacing_tr": 2.0,
  "spacing_x": 3.0,
  "spacing_y": 3.0,
  "spacing_z": 3.299999952316284,
  "spikes_num": 0,
  "summary_bg_k": 50.19583450733493,
  "summary_bg_mad": 3.3903728698809954,
  "summary_bg_mean": 768.9883422851562,
  "summary_bg_median": 2.3060030937194824,
  "summary_bg_n": 148356.0,
  "summary_bg_p05": 0.005585137638263404,
  "summary_bg_p95": 4198.23876953125,
  "summary_bg_stdv": 3339.548828125,
  "summary_fg_k": 3.486780270778673,
  "summary_fg_mad": 8842.731901435272,
  "summary_fg_mean": 64834.171875,
  "summary_fg_median": 63533.5625,
  "summary_fg_n": 40582.0,
  "summary_fg_p05": 50511.916796875,
  "summary_fg_p95": 82204.70078125,
  "summary_fg_stdv": 10682.7666015625,
  "tsnr": 83.39422607421875
}