{
  "aor": 0.0006595,
  "aqi": 0.00746494475,
  "bids_meta": {
    "AcquisitionNumber": 10,
    "BidsifyVersion": "0.3.7",
    "ConversionSoftware": "dcm2niix",
    "ConversionSoftwareVersion": "v1.0.20190902",
    "EchoTime": 0.02763,
    "EffectiveEchoSpacing": 0.0006621159151938905,
    "ImageComments": "Upgrade_2017",
    "ImageOrientationPatientDICOM": [
      0.999977,
      0.0023856,
      0.00634385,
      -0.00139623,
      0.988439,
      -0.151615
    ],
    "InstitutionName": "Spinoza Centre for Neuroimaging, location REC",
    "MagneticFieldStrength": 3,
    "Manufacturer": "Philips",
    "ParallelAcquisitionTechnique": "SENSE",
    "PatientPosition": "HFS",
    "PhilipsRescaleIntercept": 0,
    "PhilipsRescaleSlope": 0.78974,
    "PhilipsScaleSlope": 0.0209064,
    "ProtocolName": "task-rest_acq-sequential_bold",
    "ReconMatrixPE": 80,
    "RepetitionTime": 2,
    "SeriesDescription": "ImageMRSERIES",
    "SeriesNumber": 10,
    "TaskName": "restingstate",
    "TotalReadoutTime": 0.025822520692561732,
    "UsePhilipsFloatNotDisplayScaling": 1,
    "acq_id": "seq",
    "dataset": "<unset>",
    "modality": "bold",
    "session_id": "post",
    "subject_id": "08",
    "task_id": "restingstate"
  },
  "dummy_trs": 0,
  "dvars_nstd": 20.05061218581589,
  "dvars_std": 1.1437236103347281,
  "dvars_vstd": 0.9853322087029293,
  "efc": 0.43555766605358076,
  "fber": 258804928.0,
  "fd_mean": 0.16398861972107487,
  "fd_num": 65,
  "fd_perc": 27.083333333333332,
  "fwhm_avg": 1.9193564730511905,
  "fwhm_x": 1.8994466666666667,
  "fwhm_y": 2.1136500000000003,
  "fwhm_z": 1.7449727524869043,
  "gcor": 0.0720192,
  "gsr_x": -0.0018482949817553163,
  "gsr_y": 0.00744216563180089,
  "provenance": {
    "md5sum": "8b67222cb27c484757d4cd8e8a5bb04c",
    "settings": {
      "fd_thres": 0.2,
      "testing": false
    },
    "software": "mriqc",
    "version": "0.16.0",
    "webapi_port": null,
    "webapi_url": "https://mriqc.nimh.nih.gov/api/v1"
  },
  "size_t": 240,
  "size_x": 80,
  "size_y": 80,
  "size_z": 36,
  "snr": 5.940553225276484,
  "spacing_tr": 2.0,
  "spacing_x": 3.0,
  "spacing_y": 3.0,
  "spacing_z": 3.299999952316284,
  "spikes_num": 0,
  "summary_bg_k": 49.62947742980497,
  "summary_bg_mad": 5.667789974762767,
  "summary_bg_mean": 798.0121459960938,
  "summary_bg_median": 3.8613967895507812,
  "summary_bg_n": 148444.0,
  "summary_bg_p05": 0.0063863051822409065,
  "summary_bg_p95": 4338.132861328127,
  "summary_bg_stdv": 3449.889404296875,
  "summary_fg_k": 3.3212492908310036,
  "summary_fg_mad": 8891.107590228934,
  "summary_fg_mean": 65214.43359375,
  "summary_fg_median": 63890.8984375,
  "summary_fg_n": 40539.0,
  "summary_fg_p05": 50708.627734375004,
  "summary_fg_p95": 82759.06328125,
  "summary_fg_stdv": 10754.9091796875,
  "tsnr": 70.56195068359375
}