{
  "aor": 0.0002815698587127159,
  "aqi": 0.014911951020408163,
  "bids_meta": {
    "AcquisitionNumber": 10,
    "BidsifyVersion": "0.3.7",
    "ConversionSoftware": "dcm2niix",
    "ConversionSoftwareVersion": "v1.0.20190902",
    "EchoTime": 0.02763,
    "EffectiveEchoSpacing": 0.0006333282667071997,
    "ImageComments": "Upgrade_2017",
    "ImageOrientationPatientDICOM": [
      0.998519,
      0.0543534,
      -0.00225023,
      -0.053204,
      0.967104,
      -0.248753
    ],
    "InstitutionName": "Spinoza Centre for Neuroimaging, location REC",
    "MagneticFieldStrength": 3,
    "Manufacturer": "Philips",
    "ParallelAcquisitionTechnique": "SENSE",
    "PatientPosition": "HFS",
    "PhilipsRescaleIntercept": 0,
    "PhilipsRescaleSlope": 0.77338,
    "PhilipsScaleSlope": 0.0385478,
    "ProtocolName": "task-rest_acq-multiband_bold",
    "ReconMatrixPE": 80,
    "RepetitionTime": 0.763994,
    "SeriesDescription": "ImageMRSERIES",
    "SeriesNumber": 10,
    "TaskName": "restingstate",
    "TotalReadoutTime": 0.024699802401580786,
    "UsePhilipsFloatNotDisplayScaling": 1,
    "acq_id": "mb3",
    "dataset": "<unset>",
    "modality": "bold",
    "session_id": "post",
    "subject_id": "24",
    "task_id": "restingstate"
  },
  "dummy_trs": 0,
  "dvars_nstd": 21.443189758883644,
  "dvars_std": 1.1232834446540887,
  "dvars_vstd": 0.9942978712421393,
  "efc": 0.4267537762516359,
  "fber": 178157328.0,
  "fd_mean": 0.15634415171232674,
  "fd_num": 153,
  "fd_perc": 24.01883830455259,
  "fwhm_avg": 1.8376286949200393,
  "fwhm_x": 1.7906033333333333,
  "fwhm_y": 2.0506766666666665,
  "fwhm_z": 1.6716060847601182,
  "gcor": 0.0375163,
  "gsr_x": -0.009043416008353233,
  "gsr_y": 0.007767213508486748,
  "provenance": {
    "md5sum": "924a3739e9855617e2d661e38a1e3116",
    "settings": {
      "fd_thres": 0.2,
      "testing": false
    },
    "software": "mriqc",
    "version": "0.16.0",
    "webapi_port": null,
    "webapi_url": "https://mriqc.nimh.nih.gov/api/v1"
  },
  "size_t": 637,
  "size_x": 80,
  "size_y": 80,
  "size_z": 36,
  "snr": 9.830970492228056,
  "spacing_tr": 0.7639936804771423,
  "spacing_x": 3.0,
  "spacing_y": 3.0,
  "spacing_z": 3.299999952316284,
  "spikes_num": 0,
  "summary_bg_k": 38.847338342407596,
  "summary_bg_mad": 5.346181499603771,
  "summary_bg_mean": 804.725830078125,
  "summary_bg_median": 3.623642921447754,
  "summary_bg_n": 152668.0,
  "summary_bg_p05": 0.009066317882388833,
  "summary_bg_p95": 4880.79255371093,
  "summary_bg_stdv": 3248.61669921875,
  "summary_fg_k": 6.24180570122275,
  "summary_fg_mad": 4296.430652441417,
  "summary_fg_mean": 50830.59375,
  "summary_fg_median": 51024.171875,
  "summary_fg_n": 36922.0,
  "summary_fg_p05": 42851.0224609375,
  "summary_fg_p95": 58587.81640625,
  "summary_fg_stdv": 5190.07568359375,
  "tsnr": 66.63935852050781
}