{
    "Manufacturer": "Philips",
    "PatientPosition": "HFS",
    "SeriesDescription": "ImageMRSERIES",
    "ProtocolName": "T1w",
    "SeriesNumber": 2,
    "AcquisitionNumber": 2,
    "ImageComments": "Upgrade_2017",
    "PhilipsRescaleSlope": 4.00586,
    "PhilipsRescaleIntercept": 0,
    "PhilipsScaleSlope": 0.00495969,
    "UsePhilipsFloatNotDisplayScaling": 1,
    "EchoTime": 0.00385,
    "RepetitionTime": 0.008345,
    "InversionTime": 0.9,
    "ReconMatrixPE": 240,
    "ImageOrientationPatientDICOM": [
        0.997601,
        0.0668766,
        0.0179046,
        -0.0690592,
        0.979513,
        0.189167
    ],
    "ConversionSoftware": "dcm2niix",
    "ConversionSoftwareVersion": "v1.0.20190902",
    "BidsifyVersion": "0.3.7",
    "MagneticFieldStrength": 3,
    "ParallelAcquisitionTechnique": "SENSE",
    "InstitutionName": "Spinoza Centre for Neuroimaging, location REC"
}