{
  "bids_meta": {
    "AcquisitionNumber": 2,
    "BidsifyVersion": "0.3.7",
    "ConversionSoftware": "dcm2niix",
    "ConversionSoftwareVersion": "v1.0.20190902",
    "EchoTime": 0.00375,
    "ImageComments": "Upgrade_2017",
    "ImageOrientationPatientDICOM": [
      0.999631,
      -0.013599,
      -0.0235193,
      0.0115154,
      0.99618,
      -0.086563
    ],
    "InstitutionName": "Spinoza Centre for Neuroimaging, location REC",
    "InversionTime": 0.9,
    "MagneticFieldStrength": 3,
    "Manufacturer": "Philips",
    "ParallelAcquisitionTechnique": "SENSE",
    "PatientPosition": "HFS",
    "PhilipsRescaleIntercept": 0,
    "PhilipsRescaleSlope": 4.11648,
    "PhilipsScaleSlope": 0.0051177,
    "ProtocolName": "T1w",
    "ReconMatrixPE": 240,
    "RepetitionTime": 0.008193,
    "SeriesDescription": "ImageMRSERIES",
    "SeriesNumber": 2,
    "UsePhilipsFloatNotDisplayScaling": 1,
    "dataset": "<unset>",
    "modality": "T1w",
    "session_id": "post",
    "subject_id": "21"
  },
  "cjv": 0.32941194302899335,
  "cnr": 3.658493824908967,
  "efc": 0.6792744459806989,
  "fber": 9415.1875,
  "fwhm_avg": 3.7855233333333334,
  "fwhm_x": 3.75289,
  "fwhm_y": 4.03358,
  "fwhm_z": 3.5701,
  "icvs_csf": 0.20941149874857107,
  "icvs_gm": 0.4247965639751561,
  "icvs_wm": 0.3657919372762729,
  "inu_med": 2.6474475860595703,
  "inu_range": 0.6642319440841673,
  "provenance": {
    "md5sum": "b0b7fcf15a7a3efaa05053cad8f8f179",
    "settings": {
      "testing": false
    },
    "software": "mriqc",
    "version": "0.16.0",
    "warnings": {
      "large_rot_frame": true,
      "small_air_mask": false
    },
    "webapi_port": null,
    "webapi_url": "https://mriqc.nimh.nih.gov/api/v1"
  },
  "qi_1": 0.0,
  "qi_2": 5.328192929225507e-05,
  "rpve_csf": 26.95992970424714,
  "rpve_gm": 14.230766426559095,
  "rpve_wm": 20.789450322427346,
  "size_x": 240,
  "size_y": 240,
  "size_z": 220,
  "snr_csf": 0.8221661885952073,
  "snr_gm": 7.334953929364235,
  "snr_total": 10.060290592851358,
  "snr_wm": 22.023751660594627,
  "snrd_csf": 34.77735154837559,
  "snrd_gm": 106.67417946115381,
  "snrd_total": 102.76556668225282,
  "snrd_wm": 166.84516903722906,
  "spacing_x": 1.0,
  "spacing_y": 1.0,
  "spacing_z": 1.0,
  "summary_bg_k": 117.13363369265002,
  "summary_bg_mad": 3.9265545694794284,
  "summary_bg_mean": 6.5674920082092285,
  "summary_bg_median": 4.570696830749512,
  "summary_bg_n": 515025.0,
  "summary_bg_p05": 0.0,
  "summary_bg_p95": 19.706839752197258,
  "summary_bg_stdv": 7.615585803985596,
  "summary_csf_k": 69.45896856967622,
  "summary_csf_mad": 94.97576597040873,
  "summary_csf_mean": 255.56246948242188,
  "summary_csf_median": 208.43777465820312,
  "summary_csf_n": 11582.0,
  "summary_csf_p05": 101.5541473388672,
  "summary_csf_p95": 427.4328674316399,
  "summary_csf_stdv": 253.51173400878906,
  "summary_gm_k": 0.4954749352647174,
  "summary_gm_mad": 79.12407515463666,
  "summary_gm_mean": 645.1101684570312,
  "summary_gm_median": 639.350830078125,
  "summary_gm_n": 20242.0,
  "summary_gm_p05": 509.3024200439453,
  "summary_gm_p95": 802.2854583740234,
  "summary_gm_stdv": 87.16278839111328,
  "summary_wm_k": 1.3777731664541486,
  "summary_wm_mad": 39.67318297373431,
  "summary_wm_mean": 997.1171264648438,
  "summary_wm_median": 999.9851684570312,
  "summary_wm_n": 210070.0,
  "summary_wm_p05": 918.2317687988282,
  "summary_wm_p95": 1065.1419311523437,
  "summary_wm_stdv": 45.40474319458008,
  "tpm_overlap_csf": 0.17716267704963684,
  "tpm_overlap_gm": 0.4508095979690552,
  "tpm_overlap_wm": 0.5068724155426025,
  "wm2max": 0.7508888009768666
}