{
  "aor": 0.0002866405023547881,
  "aqi": 0.013870469921507065,
  "bids_meta": {
    "AcquisitionNumber": 3,
    "BidsifyVersion": "0.3.7",
    "ConversionSoftware": "dcm2niix",
    "ConversionSoftwareVersion": "v1.0.20190902",
    "EchoTime": 0.02763,
    "EffectiveEchoSpacing": 0.0006333282667071997,
    "ImageComments": "upgrade_2017",
    "ImageOrientationPatientDICOM": [
      0.999519,
      0.021034,
      0.0227726,
      -0.0209369,
      0.999771,
      -0.00449214
    ],
    "InstitutionName": "Spinoza Centre for Neuroimaging, location REC",
    "MagneticFieldStrength": 3,
    "Manufacturer": "Philips",
    "ParallelAcquisitionTechnique": "SENSE",
    "PatientPosition": "HFS",
    "PhilipsRescaleIntercept": 0,
    "PhilipsRescaleSlope": 0.84005,
    "PhilipsScaleSlope": 0.0380421,
    "ProtocolName": "task-rest_acq-multiband_bold",
    "ReconMatrixPE": 80,
    "RepetitionTime": 0.763994,
    "SeriesDescription": "ImageMRSERIES",
    "SeriesNumber": 3,
    "TaskName": "restingstate",
    "TotalReadoutTime": 0.024699802401580786,
    "UsePhilipsFloatNotDisplayScaling": 1,
    "acq_id": "mb3",
    "dataset": "<unset>",
    "modality": "bold",
    "session_id": "post",
    "subject_id": "09",
    "task_id": "restingstate"
  },
  "dummy_trs": 0,
  "dvars_nstd": 24.399706849512597,
  "dvars_std": 1.1928863193081753,
  "dvars_vstd": 1.0018059472641512,
  "efc": 0.45005249376475376,
  "fber": 807644800.0,
  "fd_mean": 0.15184489188041506,
  "fd_num": 148,
  "fd_perc": 23.233908948194664,
  "fwhm_avg": 1.897470412029375,
  "fwhm_x": 1.90209,
  "fwhm_y": 2.1316666666666664,
  "fwhm_z": 1.6586545694214585,
  "gcor": 0.0548568,
  "gsr_x": 0.0069741662591695786,
  "gsr_y": 0.00024144358758348972,
  "provenance": {
    "md5sum": "fe1cd83f495dbd5c0c65ca9ee9a1eea6",
    "settings": {
      "fd_thres": 0.2,
      "testing": false
    },
    "software": "mriqc",
    "version": "0.16.0",
    "webapi_port": null,
    "webapi_url": "https://mriqc.nimh.nih.gov/api/v1"
  },
  "size_t": 637,
  "size_x": 80,
  "size_y": 80,
  "size_z": 36,
  "snr": 9.07437585994887,
  "spacing_tr": 0.7639936804771423,
  "spacing_x": 3.0,
  "spacing_y": 3.0,
  "spacing_z": 3.299999952316284,
  "spikes_num": 0,
  "summary_bg_k": 28.705848405005735,
  "summary_bg_mad": 2.313632487695047,
  "summary_bg_mean": 865.1275634765625,
  "summary_bg_median": 1.569013237953186,
  "summary_bg_n": 147779.0,
  "summary_bg_p05": 0.004001194331794977,
  "summary_bg_p95": 6300.988769531252,
  "summary_bg_stdv": 3287.360107421875,
  "summary_fg_k": 8.213310971181004,
  "summary_fg_mad": 4281.569881766865,
  "summary_fg_mean": 48211.58203125,
  "summary_fg_median": 48725.5390625,
  "summary_fg_n": 40732.0,
  "summary_fg_p05": 39968.1345703125,
  "summary_fg_p95": 55315.1724609375,
  "summary_fg_stdv": 5369.5087890625,
  "tsnr": 67.33186340332031
}