{
  "aor": 0.0009473333333333332,
  "aqi": 0.007141918208333333,
  "bids_meta": {
    "AcquisitionNumber": 10,
    "BidsifyVersion": "0.3.7",
    "ConversionSoftware": "dcm2niix",
    "ConversionSoftwareVersion": "v1.0.20190902",
    "EchoTime": 0.02763,
    "EffectiveEchoSpacing": 0.0006621159151938905,
    "ImageComments": "upgrade_2017",
    "ImageOrientationPatientDICOM": [
      0.999519,
      0.021034,
      0.0227726,
      -0.0209369,
      0.999771,
      -0.00449214
    ],
    "InstitutionName": "Spinoza Centre for Neuroimaging, location REC",
    "MagneticFieldStrength": 3,
    "Manufacturer": "Philips",
    "ParallelAcquisitionTechnique": "SENSE",
    "PatientPosition": "HFS",
    "PhilipsRescaleIntercept": 0,
    "PhilipsRescaleSlope": 0.76166,
    "PhilipsScaleSlope": 0.0225332,
    "ProtocolName": "task-rest_acq-sequential_bold",
    "ReconMatrixPE": 80,
    "RepetitionTime": 2,
    "SeriesDescription": "ImageMRSERIES",
    "SeriesNumber": 10,
    "TaskName": "restingstate",
    "TotalReadoutTime": 0.025822520692561732,
    "UsePhilipsFloatNotDisplayScaling": 1,
    "acq_id": "seq",
    "dataset": "<unset>",
    "modality": "bold",
    "session_id": "post",
    "subject_id": "09",
    "task_id": "restingstate"
  },
  "dummy_trs": 0,
  "dvars_nstd": 20.528874560836805,
  "dvars_std": 1.2248036128870294,
  "dvars_vstd": 1.006322593138076,
  "efc": 0.4522595420962549,
  "fber": 201858080.0,
  "fd_mean": 0.09076736966793954,
  "fd_num": 3,
  "fd_perc": 1.25,
  "fwhm_avg": 1.7716371793249792,
  "fwhm_x": 1.7787499999999998,
  "fwhm_y": 1.9566433333333333,
  "fwhm_z": 1.5795182046416052,
  "gcor": 0.0184651,
  "gsr_x": 0.007171754725277424,
  "gsr_y": -0.0010801482712849975,
  "provenance": {
    "md5sum": "d9fdd260b2ae952265597509ad56805d",
    "settings": {
      "fd_thres": 0.2,
      "testing": false
    },
    "software": "mriqc",
    "version": "0.16.0",
    "webapi_port": null,
    "webapi_url": "https://mriqc.nimh.nih.gov/api/v1"
  },
  "size_t": 240,
  "size_x": 80,
  "size_y": 80,
  "size_z": 36,
  "snr": 6.669043255636498,
  "spacing_tr": 2.0,
  "spacing_x": 3.0,
  "spacing_y": 3.0,
  "spacing_z": 3.299999952316284,
  "spikes_num": 0,
  "summary_bg_k": 27.87964304772624,
  "summary_bg_mad": 6.160305847650478,
  "summary_bg_mean": 1187.2694091796875,
  "summary_bg_median": 4.155063152313232,
  "summary_bg_n": 146950.0,
  "summary_bg_p05": 0.0,
  "summary_bg_p95": 8547.279443359337,
  "summary_bg_stdv": 4477.189453125,
  "summary_fg_k": 3.5162873524802682,
  "summary_fg_mad": 8422.18830730721,
  "summary_fg_mean": 64975.78515625,
  "summary_fg_median": 64460.75,
  "summary_fg_n": 41655.0,
  "summary_fg_p05": 51495.376171875,
  "summary_fg_p95": 79870.72265624999,
  "summary_fg_stdv": 9665.55078125,
  "tsnr": 79.13739776611328
}