{
  "aor": 0.0003676666666666667,
  "aqi": 0.009616749041666667,
  "bids_meta": {
    "AcquisitionNumber": 10,
    "BidsifyVersion": "0.3.7",
    "ConversionSoftware": "dcm2niix",
    "ConversionSoftwareVersion": "v1.0.20190902",
    "EchoTime": 0.02763,
    "EffectiveEchoSpacing": 0.0006621159151938905,
    "ImageComments": "Upgrade_2017",
    "ImageOrientationPatientDICOM": [
      0.999743,
      0.0226453,
      0.000610611,
      -0.0211162,
      0.94132,
      -0.336855
    ],
    "InstitutionName": "Spinoza Centre for Neuroimaging, location REC",
    "MagneticFieldStrength": 3,
    "Manufacturer": "Philips",
    "ParallelAcquisitionTechnique": "SENSE",
    "PatientPosition": "HFS",
    "PhilipsRescaleIntercept": 0,
    "PhilipsRescaleSlope": 0.8083,
    "PhilipsScaleSlope": 0.0225552,
    "ProtocolName": "task-rest_acq-sequential_bold",
    "ReconMatrixPE": 80,
    "RepetitionTime": 2,
    "SeriesDescription": "ImageMRSERIES",
    "SeriesNumber": 10,
    "TaskName": "restingstate",
    "TotalReadoutTime": 0.025822520692561732,
    "UsePhilipsFloatNotDisplayScaling": 1,
    "acq_id": "seq",
    "dataset": "<unset>",
    "modality": "bold",
    "session_id": "post",
    "subject_id": "19",
    "task_id": "restingstate"
  },
  "dummy_trs": 0,
  "dvars_nstd": 20.15377113736402,
  "dvars_std": 1.1437589569874478,
  "dvars_vstd": 0.9308979064853564,
  "efc": 0.43167235640473484,
  "fber": 248073584.0,
  "fd_mean": 0.09122458213830718,
  "fd_num": 9,
  "fd_perc": 3.75,
  "fwhm_avg": 1.9528814228345774,
  "fwhm_x": 1.94093,
  "fwhm_y": 2.1128566666666666,
  "fwhm_z": 1.804857601837066,
  "gcor": 0.0219073,
  "gsr_x": -0.011958740651607513,
  "gsr_y": 0.007212932221591473,
  "provenance": {
    "md5sum": "9a2fcd686927f390be929c1349bf59c3",
    "settings": {
      "fd_thres": 0.2,
      "testing": false
    },
    "software": "mriqc",
    "version": "0.16.0",
    "webapi_port": null,
    "webapi_url": "https://mriqc.nimh.nih.gov/api/v1"
  },
  "size_t": 240,
  "size_x": 80,
  "size_y": 80,
  "size_z": 36,
  "snr": 6.539370324270727,
  "spacing_tr": 2.0,
  "spacing_x": 3.0,
  "spacing_y": 3.0,
  "spacing_z": 3.299999952316284,
  "spikes_num": 0,
  "summary_bg_k": 47.29284872198436,
  "summary_bg_mad": 5.433437963981255,
  "summary_bg_mean": 843.2020263671875,
  "summary_bg_median": 3.697061538696289,
  "summary_bg_n": 150646.0,
  "summary_bg_p05": 0.012602833798155189,
  "summary_bg_p95": 5499.24462890625,
  "summary_bg_stdv": 3326.472412109375,
  "summary_fg_k": 1.7468999660848201,
  "summary_fg_mad": 8808.545179185905,
  "summary_fg_mean": 64587.96875,
  "summary_fg_median": 63634.375,
  "summary_fg_n": 38988.0,
  "summary_fg_p05": 50633.6806640625,
  "summary_fg_p95": 81061.80625,
  "summary_fg_stdv": 9730.8388671875,
  "tsnr": 68.27708435058594
}