{
  "aor": 0.00020342767295597483,
  "aqi": 0.01218414144654088,
  "bids_meta": {
    "AcquisitionNumber": 3,
    "BidsifyVersion": "0.3.7",
    "ConversionSoftware": "dcm2niix",
    "ConversionSoftwareVersion": "v1.0.20190902",
    "EchoTime": 0.02763,
    "EffectiveEchoSpacing": 0.0006333282667071997,
    "ImageComments": "Upgrade_2017",
    "ImageOrientationPatientDICOM": [
      0.999743,
      0.0226453,
      0.000610611,
      -0.0211162,
      0.94132,
      -0.336855
    ],
    "InstitutionName": "Spinoza Centre for Neuroimaging, location REC",
    "MagneticFieldStrength": 3,
    "Manufacturer": "Philips",
    "ParallelAcquisitionTechnique": "SENSE",
    "PatientPosition": "HFS",
    "PhilipsRescaleIntercept": 0,
    "PhilipsRescaleSlope": 0.76777,
    "PhilipsScaleSlope": 0.0397543,
    "ProtocolName": "task-rest_acq-multiband_bold",
    "ReconMatrixPE": 80,
    "RepetitionTime": 0.763994,
    "SeriesDescription": "ImageMRSERIES",
    "SeriesNumber": 3,
    "TaskName": "restingstate",
    "TotalReadoutTime": 0.024699802401580786,
    "UsePhilipsFloatNotDisplayScaling": 1,
    "acq_id": "mb3",
    "dataset": "<unset>",
    "modality": "bold",
    "session_id": "post",
    "subject_id": "19",
    "task_id": "restingstate"
  },
  "dummy_trs": 1,
  "dvars_nstd": 24.17585842415748,
  "dvars_std": 1.2819750006299195,
  "dvars_vstd": 0.9966271315433073,
  "efc": 0.4310136485178942,
  "fber": 754333120.0,
  "fd_mean": 0.07767801591206841,
  "fd_num": 2,
  "fd_perc": 0.31446540880503143,
  "fwhm_avg": 2.031357483721369,
  "fwhm_x": 1.9957466666666666,
  "fwhm_y": 2.235183333333333,
  "fwhm_z": 1.8631424511641077,
  "gcor": 0.02944,
  "gsr_x": -0.011766907759010792,
  "gsr_y": 0.005946412682533264,
  "provenance": {
    "md5sum": "7a663f0c335c91c7deae721364611df5",
    "settings": {
      "fd_thres": 0.2,
      "testing": false
    },
    "software": "mriqc",
    "version": "0.16.0",
    "webapi_port": null,
    "webapi_url": "https://mriqc.nimh.nih.gov/api/v1"
  },
  "size_t": 636,
  "size_x": 80,
  "size_y": 80,
  "size_z": 36,
  "snr": 10.13434915974213,
  "spacing_tr": 0.7639936804771423,
  "spacing_x": 3.0,
  "spacing_y": 3.0,
  "spacing_z": 3.299999952316284,
  "spikes_num": 1,
  "summary_bg_k": 47.50801880525157,
  "summary_bg_mad": 2.4930442814650053,
  "summary_bg_mean": 646.1026000976562,
  "summary_bg_median": 1.6908023357391357,
  "summary_bg_n": 151214.0,
  "summary_bg_p05": 0.005018000234849751,
  "summary_bg_p95": 4237.286206054689,
  "summary_bg_stdv": 2596.390869140625,
  "summary_fg_k": 4.526957893471102,
  "summary_fg_mad": 4157.187663615127,
  "summary_fg_mean": 50656.42578125,
  "summary_fg_median": 50986.73046875,
  "summary_fg_n": 38253.0,
  "summary_fg_p05": 42202.943750000006,
  "summary_fg_p95": 58036.521875000006,
  "summary_fg_stdv": 5031.01513671875,
  "tsnr": 75.70403289794922
}