{
    "Manufacturer": "Philips",
    "PatientPosition": "HFS",
    "SeriesDescription": "ImageMRSERIES",
    "ProtocolName": "dwi_acq-sequential",
    "SeriesNumber": 5,
    "AcquisitionNumber": 5,
    "ImageComments": "Upgrade_2017",
    "PhilipsRescaleSlope": 1.87619,
    "PhilipsRescaleIntercept": 0,
    "PhilipsScaleSlope": 0.0241896,
    "UsePhilipsFloatNotDisplayScaling": 1,
    "EchoTime": 0.08599,
    "RepetitionTime": 7.4598,
    "ReconMatrixPE": 112,
    "ImageOrientationPatientDICOM": [
        0.999975,
        0.00252935,
        0.00665506,
        -0.00139623,
        0.986283,
        -0.165057
    ],
    "ConversionSoftware": "dcm2niix",
    "ConversionSoftwareVersion": "v1.0.20190902",
    "BidsifyVersion": "0.3.7",
    "MagneticFieldStrength": 3,
    "ParallelAcquisitionTechnique": "SENSE",
    "InstitutionName": "Spinoza Centre for Neuroimaging, location REC"
}