{
  "bids_meta": {
    "AcquisitionNumber": 2,
    "BidsifyVersion": "0.3.7",
    "ConversionSoftware": "dcm2niix",
    "ConversionSoftwareVersion": "v1.0.20190902",
    "EchoTime": 0.00373,
    "ImageComments": "Upgrade_2017",
    "ImageOrientationPatientDICOM": [
      0.998179,
      0.04714,
      0.0376226,
      -0.0463746,
      0.998704,
      -0.0209661
    ],
    "InstitutionName": "Spinoza Centre for Neuroimaging, location REC",
    "InversionTime": 0.9,
    "MagneticFieldStrength": 3,
    "Manufacturer": "Philips",
    "ParallelAcquisitionTechnique": "SENSE",
    "PatientPosition": "HFS",
    "PhilipsRescaleIntercept": 0,
    "PhilipsRescaleSlope": 4.5619,
    "PhilipsScaleSlope": 0.00496364,
    "ProtocolName": "T1w",
    "ReconMatrixPE": 240,
    "RepetitionTime": 0.008144,
    "SeriesDescription": "ImageMRSERIES",
    "SeriesNumber": 2,
    "UsePhilipsFloatNotDisplayScaling": 1,
    "dataset": "<unset>",
    "modality": "T1w",
    "session_id": "post",
    "subject_id": "20"
  },
  "cjv": 0.3019608236468609,
  "cnr": 4.013734901489717,
  "efc": 0.7030454440527357,
  "fber": 29096.69140625,
  "fwhm_avg": 3.7432133333333333,
  "fwhm_x": 3.69954,
  "fwhm_y": 3.89936,
  "fwhm_z": 3.63074,
  "icvs_csf": 0.21567933612159015,
  "icvs_gm": 0.4188045323027358,
  "icvs_wm": 0.3655161315756741,
  "inu_med": 2.471773147583008,
  "inu_range": 0.6632874965667725,
  "provenance": {
    "md5sum": "7efb888aab530142f8cc40820083f9cf",
    "settings": {
      "testing": false
    },
    "software": "mriqc",
    "version": "0.16.0",
    "warnings": {
      "large_rot_frame": true,
      "small_air_mask": false
    },
    "webapi_port": null,
    "webapi_url": "https://mriqc.nimh.nih.gov/api/v1"
  },
  "qi_1": 0.0,
  "qi_2": 0.00011507512439687364,
  "rpve_csf": 23.692574569533424,
  "rpve_gm": 13.091941757454233,
  "rpve_wm": 18.88342154927276,
  "size_x": 240,
  "size_y": 240,
  "size_z": 220,
  "snr_csf": 2.0960996199891473,
  "snr_gm": 7.516287543032546,
  "snr_total": 10.688022394832538,
  "snr_wm": 22.451680021475923,
  "snrd_csf": 36.50070318505387,
  "snrd_gm": 96.7940012376277,
  "snrd_total": 96.32532774562702,
  "snrd_wm": 155.6812788141995,
  "spacing_x": 1.0,
  "spacing_y": 1.0,
  "spacing_z": 1.0,
  "summary_bg_k": 3.5027826919625973,
  "summary_bg_mad": 4.2081893377251545,
  "summary_bg_mean": 6.731013298034668,
  "summary_bg_median": 2.8383805751800537,
  "summary_bg_n": 518943.0,
  "summary_bg_p05": 0.0,
  "summary_bg_p95": 22.52797164916992,
  "summary_bg_stdv": 7.4227166175842285,
  "summary_csf_k": 10.22668736105354,
  "summary_csf_mad": 106.29205498005892,
  "summary_csf_mean": 253.85382080078125,
  "summary_csf_median": 234.45785522460938,
  "summary_csf_n": 14929.0,
  "summary_csf_p05": 107.43242950439452,
  "summary_csf_p95": 446.3807678222656,
  "summary_csf_stdv": 111.85060119628906,
  "summary_gm_k": 0.9125213351592865,
  "summary_gm_mad": 75.33038166662887,
  "summary_gm_mean": 628.8365478515625,
  "summary_gm_median": 621.7445678710938,
  "summary_gm_n": 30439.0,
  "summary_gm_p05": 504.7038970947266,
  "summary_gm_p95": 775.0815307617187,
  "summary_gm_stdv": 82.71827697753906,
  "summary_wm_k": 1.5856177867885206,
  "summary_wm_mad": 38.88790330746285,
  "summary_wm_mean": 998.1764526367188,
  "summary_wm_median": 999.9998779296875,
  "summary_wm_n": 236422.0,
  "summary_wm_p05": 922.5783447265625,
  "summary_wm_p95": 1065.88251953125,
  "summary_wm_stdv": 44.53999710083008,
  "tpm_overlap_csf": 0.18551228940486908,
  "tpm_overlap_gm": 0.46193215250968933,
  "tpm_overlap_wm": 0.5205045342445374,
  "wm2max": 0.7573035009936431
}