{
    "Manufacturer": "Philips",
    "PatientPosition": "HFS",
    "SeriesDescription": "ImageMRSERIES",
    "ProtocolName": "dwi_acq-sequential",
    "SeriesNumber": 5,
    "AcquisitionNumber": 5,
    "ImageComments": "------",
    "PhilipsRescaleSlope": 1.4674,
    "PhilipsRescaleIntercept": 0,
    "PhilipsScaleSlope": 0.0245205,
    "UsePhilipsFloatNotDisplayScaling": 1,
    "EchoTime": 0.08599,
    "RepetitionTime": 7.45671,
    "ReconMatrixPE": 112,
    "ImageOrientationPatientDICOM": [
        0.999555,
        0.0297775,
        -0.00194128,
        -0.0298407,
        0.997437,
        -0.0650258
    ],
    "ConversionSoftware": "dcm2niix",
    "ConversionSoftwareVersion": "v1.0.20190902",
    "BidsifyVersion": "0.3.7",
    "MagneticFieldStrength": 3,
    "ParallelAcquisitionTechnique": "SENSE",
    "InstitutionName": "Spinoza Centre for Neuroimaging, location REC"
}