{
  "aor": 0.003484661654135339,
  "aqi": 0.014147420300751877,
  "bids_meta": {
    "AcquisitionNumber": 8,
    "BidsifyVersion": "0.3.7",
    "ConversionSoftware": "dcm2niix",
    "ConversionSoftwareVersion": "v1.0.20190902",
    "EchoTime": 0.02763,
    "EffectiveEchoSpacing": 0.0006621159151938905,
    "ImageComments": "Upgrade2017",
    "ImageOrientationPatientDICOM": [
      0.999887,
      0.0139568,
      0.0055129,
      -0.0125656,
      0.979547,
      -0.200821
    ],
    "InstitutionName": "Spinoza Centre for Neuroimaging, location REC",
    "MagneticFieldStrength": 3,
    "Manufacturer": "Philips",
    "ParallelAcquisitionTechnique": "SENSE",
    "PatientPosition": "HFS",
    "PhilipsRescaleIntercept": 0,
    "PhilipsRescaleSlope": 0.77729,
    "PhilipsScaleSlope": 0.0202737,
    "ProtocolName": "task-harriri_acq-sequential_bold",
    "ReconMatrixPE": 80,
    "RepetitionTime": 2,
    "SeriesDescription": "ImageMRSERIES",
    "SeriesNumber": 8,
    "TaskName": "emomatching",
    "TotalReadoutTime": 0.025822520692561732,
    "UsePhilipsFloatNotDisplayScaling": 1,
    "acq_id": "seq",
    "dataset": "<unset>",
    "modality": "bold",
    "session_id": "post",
    "subject_id": "16",
    "task_id": "emomatching"
  },
  "dummy_trs": 0,
  "dvars_nstd": 19.19172967530303,
  "dvars_std": 1.0552340836363632,
  "dvars_vstd": 0.9209898906060606,
  "efc": 0.4016509134050275,
  "fber": 100704840.0,
  "fd_mean": 0.13901738248552498,
  "fd_num": 17,
  "fd_perc": 12.781954887218046,
  "fwhm_avg": 1.9217668999296997,
  "fwhm_x": 1.8551666666666666,
  "fwhm_y": 2.1641166666666667,
  "fwhm_z": 1.746017366455766,
  "gcor": 0.0162456,
  "gsr_x": -0.0159764364361763,
  "gsr_y": 0.008678710088133812,
  "provenance": {
    "md5sum": "5c8e5f93f0d9ff2892495566c660e5f2",
    "settings": {
      "fd_thres": 0.2,
      "testing": false
    },
    "software": "mriqc",
    "version": "0.16.0",
    "webapi_port": null,
    "webapi_url": "https://mriqc.nimh.nih.gov/api/v1"
  },
  "size_t": 133,
  "size_x": 80,
  "size_y": 80,
  "size_z": 36,
  "snr": 6.277572991159097,
  "spacing_tr": 2.0,
  "spacing_x": 3.0,
  "spacing_y": 3.0,
  "spacing_z": 3.2998297214508057,
  "spikes_num": 0,
  "summary_bg_k": 67.44723533825801,
  "summary_bg_mad": 9.698449369148403,
  "summary_bg_mean": 808.5922241210938,
  "summary_bg_median": 6.666377067565918,
  "summary_bg_n": 156312.0,
  "summary_bg_p05": 0.00926271276548505,
  "summary_bg_p95": 5225.52172851561,
  "summary_bg_stdv": 3367.49365234375,
  "summary_fg_k": 1.3721641657234978,
  "summary_fg_mad": 10816.046497191648,
  "summary_fg_mean": 71366.65625,
  "summary_fg_median": 70403.0234375,
  "summary_fg_n": 33598.0,
  "summary_fg_p05": 54670.0599609375,
  "summary_fg_p95": 89575.1421875,
  "summary_fg_stdv": 11214.83984375,
  "tsnr": 55.32548141479492
}