{
  "aor": 0.0008434074074074074,
  "aqi": 0.0037210157777777778,
  "bids_meta": {
    "AcquisitionNumber": 8,
    "BidsifyVersion": "0.3.7",
    "ConversionSoftware": "dcm2niix",
    "ConversionSoftwareVersion": "v1.0.20190902",
    "EchoTime": 0.02763,
    "EffectiveEchoSpacing": 0.0006621159151938905,
    "ImageComments": "Upgrade_2017",
    "ImageOrientationPatientDICOM": [
      0.999743,
      0.0226453,
      0.000610611,
      -0.0211162,
      0.94132,
      -0.336855
    ],
    "InstitutionName": "Spinoza Centre for Neuroimaging, location REC",
    "MagneticFieldStrength": 3,
    "Manufacturer": "Philips",
    "ParallelAcquisitionTechnique": "SENSE",
    "PatientPosition": "HFS",
    "PhilipsRescaleIntercept": 0,
    "PhilipsRescaleSlope": 0.83907,
    "PhilipsScaleSlope": 0.0223827,
    "ProtocolName": "task-harriri_acq-sequential_bold",
    "ReconMatrixPE": 80,
    "RepetitionTime": 2,
    "SeriesDescription": "ImageMRSERIES",
    "SeriesNumber": 8,
    "TaskName": "emomatching",
    "TotalReadoutTime": 0.025822520692561732,
    "UsePhilipsFloatNotDisplayScaling": 1,
    "acq_id": "seq",
    "dataset": "<unset>",
    "modality": "bold",
    "session_id": "post",
    "subject_id": "19",
    "task_id": "emomatching"
  },
  "dummy_trs": 0,
  "dvars_nstd": 20.44677467500001,
  "dvars_std": 1.253573600671642,
  "dvars_vstd": 1.0085782893283586,
  "efc": 0.4311100799582728,
  "fber": 1391085824.0,
  "fd_mean": 0.08604985660317092,
  "fd_num": 1,
  "fd_perc": 0.7407407407407407,
  "fwhm_avg": 1.9223488974820728,
  "fwhm_x": 1.8996133333333332,
  "fwhm_y": 2.0833333333333335,
  "fwhm_z": 1.7841000257795512,
  "gcor": 0.025267,
  "gsr_x": -0.01168802659958601,
  "gsr_y": 0.006499712821096182,
  "provenance": {
    "md5sum": "0a2e79cb17474fb87d0d808cb4773962",
    "settings": {
      "fd_thres": 0.2,
      "testing": false
    },
    "software": "mriqc",
    "version": "0.16.0",
    "webapi_port": null,
    "webapi_url": "https://mriqc.nimh.nih.gov/api/v1"
  },
  "size_t": 135,
  "size_x": 80,
  "size_y": 80,
  "size_z": 36,
  "snr": 6.512554903607532,
  "spacing_tr": 2.0,
  "spacing_x": 3.0,
  "spacing_y": 3.0,
  "spacing_z": 3.299999952316284,
  "spikes_num": 0,
  "summary_bg_k": 49.4132862041404,
  "summary_bg_mad": 2.322896150997931,
  "summary_bg_mean": 813.956787109375,
  "summary_bg_median": 1.5814995765686035,
  "summary_bg_n": 150487.0,
  "summary_bg_p05": 0.006774087063968181,
  "summary_bg_p95": 5425.179589843738,
  "summary_bg_stdv": 3307.751220703125,
  "summary_fg_k": 1.9965246124653122,
  "summary_fg_mad": 8779.709724318953,
  "summary_fg_mean": 64359.5703125,
  "summary_fg_median": 63441.421875,
  "summary_fg_n": 39066.0,
  "summary_fg_p05": 50465.5400390625,
  "summary_fg_p95": 80653.041015625,
  "summary_fg_stdv": 9741.2783203125,
  "tsnr": 97.29383087158203
}