{
    "Manufacturer": "Philips",
    "PatientPosition": "HFS",
    "SeriesDescription": "ImageMRSERIES",
    "ProtocolName": "WIPtask-rest_acq-multiband_boldSENSE",
    "SeriesNumber": 3,
    "AcquisitionNumber": 3,
    "ImageComments": "upgrade2017",
    "PhilipsRescaleSlope": 0.77582,
    "PhilipsRescaleIntercept": 0,
    "PhilipsScaleSlope": 0.086726,
    "UsePhilipsFloatNotDisplayScaling": 1,
    "EchoTime": 0.02763,
    "RepetitionTime": 0.762233,
    "ReconMatrixPE": 80,
    "ImageOrientationPatientDICOM": [
        0.999832,
        0.0165041,
        -0.00799571,
        -0.0176267,
        0.985181,
        -0.170611
    ],
    "ConversionSoftware": "dcm2niix",
    "ConversionSoftwareVersion": "v1.0.20190902",
    "BidsifyVersion": "0.3.7",
    "MagneticFieldStrength": 3,
    "ParallelAcquisitionTechnique": "SENSE",
    "InstitutionName": "Spinoza Centre for Neuroimaging, location REC",
    "TaskName": "restingstate"
}