{
  "aor": 0.000745925925925926,
  "aqi": 0.003056620888888889,
  "bids_meta": {
    "AcquisitionNumber": 8,
    "BidsifyVersion": "0.3.7",
    "ConversionSoftware": "dcm2niix",
    "ConversionSoftwareVersion": "v1.0.20190902",
    "EchoTime": 0.02763,
    "EffectiveEchoSpacing": 0.0006621159151938905,
    "ImageComments": "Upgrade_2017",
    "ImageOrientationPatientDICOM": [
      0.999357,
      0.0342361,
      0.0106186,
      -0.0314061,
      0.979088,
      -0.200998
    ],
    "InstitutionName": "Spinoza Centre for Neuroimaging, location REC",
    "MagneticFieldStrength": 3,
    "Manufacturer": "Philips",
    "ParallelAcquisitionTechnique": "SENSE",
    "PatientPosition": "HFS",
    "PhilipsRescaleIntercept": 0,
    "PhilipsRescaleSlope": 0.84371,
    "PhilipsScaleSlope": 0.0198743,
    "ProtocolName": "task-harriri_acq-sequential_bold",
    "ReconMatrixPE": 80,
    "RepetitionTime": 2,
    "SeriesDescription": "ImageMRSERIES",
    "SeriesNumber": 8,
    "TaskName": "emomatching",
    "TotalReadoutTime": 0.025822520692561732,
    "UsePhilipsFloatNotDisplayScaling": 1,
    "acq_id": "seq",
    "dataset": "<unset>",
    "modality": "bold",
    "session_id": "post",
    "subject_id": "04",
    "task_id": "emomatching"
  },
  "dummy_trs": 0,
  "dvars_nstd": 18.33512073500001,
  "dvars_std": 1.1620986126119401,
  "dvars_vstd": 1.0133115136567163,
  "efc": 0.4240591745120524,
  "fber": 2037436160.0,
  "fd_mean": 0.1042657693362951,
  "fd_num": 2,
  "fd_perc": 1.4814814814814814,
  "fwhm_avg": 1.919707889457408,
  "fwhm_x": 1.8406833333333334,
  "fwhm_y": 2.1388833333333332,
  "fwhm_z": 1.7795570017055566,
  "gcor": 0.0393631,
  "gsr_x": -0.014912362210452557,
  "gsr_y": 0.01021543052047491,
  "provenance": {
    "md5sum": "56cf594ea6eb0fb54a703ed1feafd6e6",
    "settings": {
      "fd_thres": 0.2,
      "testing": false
    },
    "software": "mriqc",
    "version": "0.16.0",
    "webapi_port": null,
    "webapi_url": "https://mriqc.nimh.nih.gov/api/v1"
  },
  "size_t": 135,
  "size_x": 80,
  "size_y": 80,
  "size_z": 36,
  "snr": 5.800463243961109,
  "spacing_tr": 2.0,
  "spacing_x": 3.0,
  "spacing_y": 3.0,
  "spacing_z": 3.299866199493408,
  "spikes_num": 0,
  "summary_bg_k": 33.28218411996075,
  "summary_bg_mad": 1.8787422442723423,
  "summary_bg_mean": 1007.568359375,
  "summary_bg_median": 1.2722753286361694,
  "summary_bg_n": 151872.0,
  "summary_bg_p05": 0.0042408975074067715,
  "summary_bg_p95": 6854.674633789056,
  "summary_bg_stdv": 3948.233642578125,
  "summary_fg_k": 1.675668413624737,
  "summary_fg_mad": 10348.546110924353,
  "summary_fg_mean": 66810.21875,
  "summary_fg_median": 65773.4765625,
  "summary_fg_n": 37149.0,
  "summary_fg_p05": 50377.24609375,
  "summary_fg_p95": 85777.63593749999,
  "summary_fg_stdv": 11339.1962890625,
  "tsnr": 94.68280029296875
}