{
  "bids_meta": {
    "AcquisitionNumber": 2,
    "BidsifyVersion": "0.3.7",
    "ConversionSoftware": "dcm2niix",
    "ConversionSoftwareVersion": "v1.0.20190902",
    "EchoTime": 0.0038,
    "ImageComments": "Upgrade_2017",
    "ImageOrientationPatientDICOM": [
      0.999975,
      0.00252935,
      0.00665506,
      -0.00139623,
      0.986283,
      -0.165057
    ],
    "InstitutionName": "Spinoza Centre for Neuroimaging, location REC",
    "InversionTime": 0.9,
    "MagneticFieldStrength": 3,
    "Manufacturer": "Philips",
    "ParallelAcquisitionTechnique": "SENSE",
    "PatientPosition": "HFS",
    "PhilipsRescaleIntercept": 0,
    "PhilipsRescaleSlope": 4.53797,
    "PhilipsScaleSlope": 0.00488182,
    "ProtocolName": "T1w",
    "ReconMatrixPE": 240,
    "RepetitionTime": 0.008263,
    "SeriesDescription": "ImageMRSERIES",
    "SeriesNumber": 2,
    "UsePhilipsFloatNotDisplayScaling": 1,
    "dataset": "<unset>",
    "modality": "T1w",
    "session_id": "post",
    "subject_id": "08"
  },
  "cjv": 0.3513707574430913,
  "cnr": 3.330419074312226,
  "efc": 0.7278271041504539,
  "fber": 6334.890625,
  "fwhm_avg": 3.8428067466016653,
  "fwhm_x": 3.80958,
  "fwhm_y": 4.023260239804997,
  "fwhm_z": 3.69558,
  "icvs_csf": 0.21056651861317582,
  "icvs_gm": 0.4100202520582981,
  "icvs_wm": 0.37941322932852606,
  "inu_med": 2.3241019248962402,
  "inu_range": 0.749406409263611,
  "provenance": {
    "md5sum": "dff4122d825d8c7c9a5c3459a5cc6f11",
    "settings": {
      "testing": false
    },
    "software": "mriqc",
    "version": "0.16.0",
    "warnings": {
      "large_rot_frame": true,
      "small_air_mask": false
    },
    "webapi_port": null,
    "webapi_url": "https://mriqc.nimh.nih.gov/api/v1"
  },
  "qi_1": 0.0,
  "qi_2": 6.523830645723847e-05,
  "rpve_csf": 24.0851943707574,
  "rpve_gm": 13.06240355281589,
  "rpve_wm": 17.73095987090197,
  "size_x": 240,
  "size_y": 240,
  "size_z": 220,
  "snr_csf": 2.219986956183934,
  "snr_gm": 6.919701445615959,
  "snr_total": 10.06258596199414,
  "snr_wm": 21.048069484182523,
  "snrd_csf": 20.117668147601194,
  "snrd_gm": 48.26175839505758,
  "snrd_total": 47.5940747589631,
  "snrd_wm": 74.40279773423053,
  "spacing_x": 1.0,
  "spacing_y": 0.9999999403953552,
  "spacing_z": 1.0,
  "summary_bg_k": 5.326760354697305,
  "summary_bg_mad": 8.805257835777706,
  "summary_bg_mean": 9.040781021118164,
  "summary_bg_median": 5.939056396484375,
  "summary_bg_n": 504008.0,
  "summary_bg_p05": 0.0,
  "summary_bg_p95": 27.050412082672118,
  "summary_bg_stdv": 9.230756759643555,
  "summary_csf_k": 2.1438492807457257,
  "summary_csf_mad": 133.76241000769897,
  "summary_csf_mean": 284.68353271484375,
  "summary_csf_median": 270.38836669921875,
  "summary_csf_n": 16536.0,
  "summary_csf_p05": 114.59983444213867,
  "summary_csf_p95": 487.25440216064453,
  "summary_csf_stdv": 121.79359436035156,
  "summary_gm_k": 0.9537893560366193,
  "summary_gm_mad": 81.25635648860619,
  "summary_gm_mean": 659.9578857421875,
  "summary_gm_median": 648.6546020507812,
  "summary_gm_n": 26014.0,
  "summary_gm_p05": 527.2106048583985,
  "summary_gm_p95": 838.7094970703124,
  "summary_gm_stdv": 93.73845672607422,
  "summary_wm_k": 1.2064684584812637,
  "summary_wm_mad": 42.195841869388,
  "summary_wm_mean": 997.2791137695312,
  "summary_wm_median": 999.9991455078125,
  "summary_wm_n": 256794.0,
  "summary_wm_p05": 914.1096710205079,
  "summary_wm_p95": 1069.1552673339843,
  "summary_wm_stdv": 47.510162353515625,
  "tpm_overlap_csf": 0.18118350207805634,
  "tpm_overlap_gm": 0.45116153359413147,
  "tpm_overlap_wm": 0.5144500732421875,
  "wm2max": 0.7319414013610384
}