{
  "aor": 0.0006804166666666666,
  "aqi": 0.005650675333333333,
  "bids_meta": {
    "AcquisitionNumber": 3,
    "BidsifyVersion": "0.3.7",
    "ConversionSoftware": "dcm2niix",
    "ConversionSoftwareVersion": "v1.0.20190902",
    "EchoTime": 0.02763,
    "EffectiveEchoSpacing": 0.0006621159151938905,
    "ImageComments": "Upgrade_2017",
    "ImageOrientationPatientDICOM": [
      0.998934,
      0.03743,
      0.0270186,
      -0.0273793,
      0.951621,
      -0.306052
    ],
    "InstitutionName": "Spinoza Centre for Neuroimaging, location REC",
    "MagneticFieldStrength": 3,
    "Manufacturer": "Philips",
    "ParallelAcquisitionTechnique": "SENSE",
    "PatientPosition": "HFS",
    "PhilipsRescaleIntercept": 0,
    "PhilipsRescaleSlope": 0.92845,
    "PhilipsScaleSlope": 0.0501738,
    "ProtocolName": "WIPtask-rest_acq-sequential_boldSENSE",
    "ReconMatrixPE": 80,
    "RepetitionTime": 2,
    "SeriesDescription": "ImageMRSERIES",
    "SeriesNumber": 3,
    "TaskName": "restingstate",
    "TotalReadoutTime": 0.025822520692561732,
    "UsePhilipsFloatNotDisplayScaling": 1,
    "acq_id": "seq",
    "dataset": "<unset>",
    "modality": "bold",
    "session_id": "pre",
    "subject_id": "01",
    "task_id": "restingstate"
  },
  "dummy_trs": 0,
  "dvars_nstd": 30.058463834853576,
  "dvars_std": 1.3410251655648535,
  "dvars_vstd": 0.9842413284518828,
  "efc": 0.39302332713354843,
  "fber": 208888656.0,
  "fd_mean": 0.2561660357724769,
  "fd_num": 184,
  "fd_perc": 76.66666666666667,
  "fwhm_avg": 1.7566274599491336,
  "fwhm_x": 1.7145433333333333,
  "fwhm_y": 1.87938,
  "fwhm_z": 1.6759590465140672,
  "gcor": 0.0530391,
  "gsr_x": -0.009121301583945751,
  "gsr_y": 0.002793053165078163,
  "provenance": {
    "md5sum": "079f667038059f5284217dae8831e920",
    "settings": {
      "fd_thres": 0.2,
      "testing": false
    },
    "software": "mriqc",
    "version": "0.16.0",
    "webapi_port": null,
    "webapi_url": "https://mriqc.nimh.nih.gov/api/v1"
  },
  "size_t": 240,
  "size_x": 80,
  "size_y": 80,
  "size_z": 36,
  "snr": 5.418173314496402,
  "spacing_tr": 2.0,
  "spacing_x": 3.0,
  "spacing_y": 3.0,
  "spacing_z": 3.3002119064331055,
  "spikes_num": 0,
  "summary_bg_k": 54.98943596701487,
  "summary_bg_mad": 2.25292466802473,
  "summary_bg_mean": 327.1451721191406,
  "summary_bg_median": 1.5431625843048096,
  "summary_bg_n": 157934.0,
  "summary_bg_p05": 0.013968639587983491,
  "summary_bg_p95": 1850.611437988283,
  "summary_bg_stdv": 1482.422607421875,
  "summary_fg_k": 2.2769552703354528,
  "summary_fg_mad": 3935.4618957009025,
  "summary_fg_mean": 24512.2890625,
  "summary_fg_median": 23966.57421875,
  "summary_fg_n": 32222.0,
  "summary_fg_p05": 18358.295703125,
  "summary_fg_p95": 31907.205273437496,
  "summary_fg_stdv": 4423.29931640625,
  "tsnr": 68.94596862792969
}