{
  "aor": 0.0017713333333333335,
  "aqi": 0.005613957777777777,
  "bids_meta": {
    "AcquisitionNumber": 8,
    "BidsifyVersion": "0.3.7",
    "ConversionSoftware": "dcm2niix",
    "ConversionSoftwareVersion": "v1.0.20190902",
    "EchoTime": 0.02763,
    "EffectiveEchoSpacing": 0.0006621159151938905,
    "ImageComments": "Upgrade_2017",
    "ImageOrientationPatientDICOM": [
      0.998934,
      0.03743,
      0.0270186,
      -0.0273793,
      0.951621,
      -0.306052
    ],
    "InstitutionName": "Spinoza Centre for Neuroimaging, location REC",
    "MagneticFieldStrength": 3,
    "Manufacturer": "Philips",
    "ParallelAcquisitionTechnique": "SENSE",
    "PatientPosition": "HFS",
    "PhilipsRescaleIntercept": 0,
    "PhilipsRescaleSlope": 0.86813,
    "PhilipsScaleSlope": 0.0546477,
    "ProtocolName": "WIPtask-harriri_acq-sequential_boldSENSE",
    "ReconMatrixPE": 80,
    "RepetitionTime": 2,
    "SeriesDescription": "ImageMRSERIES",
    "SeriesNumber": 8,
    "TaskName": "emomatching",
    "TotalReadoutTime": 0.025822520692561732,
    "UsePhilipsFloatNotDisplayScaling": 1,
    "acq_id": "seq",
    "dataset": "<unset>",
    "modality": "bold",
    "session_id": "pre",
    "subject_id": "01",
    "task_id": "emomatching"
  },
  "dummy_trs": 0,
  "dvars_nstd": 27.13257543380597,
  "dvars_std": 1.290393729850746,
  "dvars_vstd": 1.0079448676865674,
  "efc": 0.3946125716449735,
  "fber": 76191024.0,
  "fd_mean": 0.21098763929592626,
  "fd_num": 63,
  "fd_perc": 46.666666666666664,
  "fwhm_avg": 1.744071828757291,
  "fwhm_x": 1.70221,
  "fwhm_y": 1.86467,
  "fwhm_z": 1.6653354862718728,
  "gcor": 0.0200723,
  "gsr_x": -0.009348036721348763,
  "gsr_y": 0.0032072134781628847,
  "provenance": {
    "md5sum": "4918cf3f67ba18738b8f8cc98b60e0b3",
    "settings": {
      "fd_thres": 0.2,
      "testing": false
    },
    "software": "mriqc",
    "version": "0.16.0",
    "webapi_port": null,
    "webapi_url": "https://mriqc.nimh.nih.gov/api/v1"
  },
  "size_t": 135,
  "size_x": 80,
  "size_y": 80,
  "size_z": 36,
  "snr": 5.427648998615514,
  "spacing_tr": 2.0,
  "spacing_x": 3.0,
  "spacing_y": 3.0,
  "spacing_z": 3.3002119064331055,
  "spikes_num": 0,
  "summary_bg_k": 52.89073479922053,
  "summary_bg_mad": 3.824184392021455,
  "summary_bg_mean": 341.58148193359375,
  "summary_bg_median": 2.638591766357422,
  "summary_bg_n": 157920.0,
  "summary_bg_p05": 0.021803800854831933,
  "summary_bg_p95": 1971.6855285644463,
  "summary_bg_stdv": 1526.055419921875,
  "summary_fg_k": 2.28046771897917,
  "summary_fg_mad": 3893.047020709573,
  "summary_fg_mean": 24112.208984375,
  "summary_fg_median": 23606.73828125,
  "summary_fg_n": 32227.0,
  "summary_fg_p05": 18048.33984375,
  "summary_fg_p95": 31384.850781249996,
  "summary_fg_stdv": 4349.28125,
  "tsnr": 68.70993041992188
}