{
  "aor": 5.720565149136578e-05,
  "aqi": 0.03210873076923077,
  "bids_meta": {
    "AcquisitionNumber": 10,
    "BidsifyVersion": "0.3.7",
    "ConversionSoftware": "dcm2niix",
    "ConversionSoftwareVersion": "v1.0.20190902",
    "EchoTime": 0.02763,
    "EffectiveEchoSpacing": 0.0006333282667071997,
    "ImageComments": "Upgrade_2017",
    "ImageOrientationPatientDICOM": [
      0.998934,
      0.03743,
      0.0270186,
      -0.0273793,
      0.951621,
      -0.306052
    ],
    "InstitutionName": "Spinoza Centre for Neuroimaging, location REC",
    "MagneticFieldStrength": 3,
    "Manufacturer": "Philips",
    "ParallelAcquisitionTechnique": "SENSE",
    "PatientPosition": "HFS",
    "PhilipsRescaleIntercept": 0,
    "PhilipsRescaleSlope": 0.86325,
    "PhilipsScaleSlope": 0.0894467,
    "ProtocolName": "WIPtask-rest_acq-multiband_boldSENSE",
    "ReconMatrixPE": 80,
    "RepetitionTime": 0.763789,
    "SeriesDescription": "ImageMRSERIES",
    "SeriesNumber": 10,
    "TaskName": "restingstate",
    "TotalReadoutTime": 0.024699802401580786,
    "UsePhilipsFloatNotDisplayScaling": 1,
    "acq_id": "mb3",
    "dataset": "<unset>",
    "modality": "bold",
    "session_id": "pre",
    "subject_id": "01",
    "task_id": "restingstate"
  },
  "dummy_trs": 0,
  "dvars_nstd": 54.625928932610066,
  "dvars_std": 1.1033479256289296,
  "dvars_vstd": 0.9990161155188694,
  "efc": 0.3975728232602518,
  "fber": 232674688.0,
  "fd_mean": 0.14310216052299926,
  "fd_num": 135,
  "fd_perc": 21.19309262166405,
  "fwhm_avg": 1.7187393931479271,
  "fwhm_x": 1.69998,
  "fwhm_y": 1.8658766666666666,
  "fwhm_z": 1.590361512777115,
  "gcor": 0.0040674,
  "gsr_x": -0.011743297800421715,
  "gsr_y": 0.0035828042309731245,
  "provenance": {
    "md5sum": "b10c2a1f50dac0d9ea66d0ff79873ce7",
    "settings": {
      "fd_thres": 0.2,
      "testing": false
    },
    "software": "mriqc",
    "version": "0.16.0",
    "webapi_port": null,
    "webapi_url": "https://mriqc.nimh.nih.gov/api/v1"
  },
  "size_t": 637,
  "size_x": 80,
  "size_y": 80,
  "size_z": 36,
  "snr": 6.922465389312276,
  "spacing_tr": 0.7637892961502075,
  "spacing_x": 3.0,
  "spacing_y": 3.0,
  "spacing_z": 3.3002119064331055,
  "spikes_num": 0,
  "summary_bg_k": 47.891448963682045,
  "summary_bg_mad": 1.6831252480585275,
  "summary_bg_mean": 279.60186767578125,
  "summary_bg_median": 1.1467368602752686,
  "summary_bg_n": 158418.0,
  "summary_bg_p05": 0.004948708252049983,
  "summary_bg_p95": 1757.3272216796875,
  "summary_bg_stdv": 1210.9619140625,
  "summary_fg_k": 1.4701040270459451,
  "summary_fg_mad": 2393.7003738279773,
  "summary_fg_mean": 18184.09375,
  "summary_fg_median": 18154.044921875,
  "summary_fg_n": 31656.0,
  "summary_fg_p05": 14081.808837890625,
  "summary_fg_p95": 22458.45654296875,
  "summary_fg_stdv": 2622.441162109375,
  "tsnr": 28.905385971069336
}