{
  "aor": 0.00029395833333333335,
  "aqi": 0.004065199125,
  "bids_meta": {
    "AcquisitionNumber": 10,
    "BidsifyVersion": "0.3.7",
    "ConversionSoftware": "dcm2niix",
    "ConversionSoftwareVersion": "v1.0.20190902",
    "EchoTime": 0.02763,
    "EffectiveEchoSpacing": 0.0006621159151938905,
    "ImageComments": "Upgrade_2017",
    "ImageOrientationPatientDICOM": [
      0.998978,
      0.0451565,
      0.00187993,
      -0.0439657,
      0.98059,
      -0.191076
    ],
    "InstitutionName": "Spinoza Centre for Neuroimaging, location REC",
    "MagneticFieldStrength": 3,
    "Manufacturer": "Philips",
    "ParallelAcquisitionTechnique": "SENSE",
    "PatientPosition": "HFS",
    "PhilipsRescaleIntercept": 0,
    "PhilipsRescaleSlope": 0.81807,
    "PhilipsScaleSlope": 0.0214788,
    "ProtocolName": "task-rest_acq-sequential_bold",
    "ReconMatrixPE": 80,
    "RepetitionTime": 2,
    "SeriesDescription": "ImageMRSERIES",
    "SeriesNumber": 10,
    "TaskName": "restingstate",
    "TotalReadoutTime": 0.025822520692561732,
    "UsePhilipsFloatNotDisplayScaling": 1,
    "acq_id": "seq",
    "dataset": "<unset>",
    "modality": "bold",
    "session_id": "post",
    "subject_id": "07",
    "task_id": "restingstate"
  },
  "dummy_trs": 0,
  "dvars_nstd": 18.843180025690362,
  "dvars_std": 1.1245880719665278,
  "dvars_vstd": 0.9832389048117152,
  "efc": 0.3868211913707969,
  "fber": 1310690304.0,
  "fd_mean": 0.13474824778259573,
  "fd_num": 34,
  "fd_perc": 14.166666666666666,
  "fwhm_avg": 1.921042028945991,
  "fwhm_x": 1.8442633333333334,
  "fwhm_y": 2.1034566666666668,
  "fwhm_z": 1.8154060868379722,
  "gcor": 0.0203039,
  "gsr_x": -0.017510468140244484,
  "gsr_y": 0.007627835962921381,
  "provenance": {
    "md5sum": "4667d6e7d1fa91e0c3a39d7f53439953",
    "settings": {
      "fd_thres": 0.2,
      "testing": false
    },
    "software": "mriqc",
    "version": "0.16.0",
    "webapi_port": null,
    "webapi_url": "https://mriqc.nimh.nih.gov/api/v1"
  },
  "size_t": 240,
  "size_x": 80,
  "size_y": 80,
  "size_z": 36,
  "snr": 6.206367105469206,
  "spacing_tr": 2.0,
  "spacing_x": 3.0,
  "spacing_y": 3.0,
  "spacing_z": 3.299999952316284,
  "spikes_num": 0,
  "summary_bg_k": 50.952628927210476,
  "summary_bg_mad": 2.487467421262658,
  "summary_bg_mean": 756.4829711914062,
  "summary_bg_median": 1.6889004707336426,
  "summary_bg_n": 159283.0,
  "summary_bg_p05": 0.0024207622278481725,
  "summary_bg_p95": 4804.919189453121,
  "summary_bg_stdv": 3299.663330078125,
  "summary_fg_k": 1.4880013812770976,
  "summary_fg_mad": 9173.305864842694,
  "summary_fg_mean": 64809.69140625,
  "summary_fg_median": 64170.9375,
  "summary_fg_n": 30996.0,
  "summary_fg_p05": 48417.6875,
  "summary_fg_p95": 82061.787109375,
  "summary_fg_stdv": 10339.3662109375,
  "tsnr": 88.957763671875
}