{
  "aor": 0.00021029827315541605,
  "aqi": 0.008795643689167975,
  "bids_meta": {
    "AcquisitionNumber": 3,
    "BidsifyVersion": "0.3.7",
    "ConversionSoftware": "dcm2niix",
    "ConversionSoftwareVersion": "v1.0.20190902",
    "EchoTime": 0.02763,
    "EffectiveEchoSpacing": 0.0006333282667071997,
    "ImageComments": "Upgrade_2017",
    "ImageOrientationPatientDICOM": [
      0.998978,
      0.0451565,
      0.00187993,
      -0.0439657,
      0.98059,
      -0.191076
    ],
    "InstitutionName": "Spinoza Centre for Neuroimaging, location REC",
    "MagneticFieldStrength": 3,
    "Manufacturer": "Philips",
    "ParallelAcquisitionTechnique": "SENSE",
    "PatientPosition": "HFS",
    "PhilipsRescaleIntercept": 0,
    "PhilipsRescaleSlope": 0.7939,
    "PhilipsScaleSlope": 0.0391128,
    "ProtocolName": "task-rest_acq-multiband_bold",
    "ReconMatrixPE": 80,
    "RepetitionTime": 0.763994,
    "SeriesDescription": "ImageMRSERIES",
    "SeriesNumber": 3,
    "TaskName": "restingstate",
    "TotalReadoutTime": 0.024699802401580786,
    "UsePhilipsFloatNotDisplayScaling": 1,
    "acq_id": "mb3",
    "dataset": "<unset>",
    "modality": "bold",
    "session_id": "post",
    "subject_id": "07",
    "task_id": "restingstate"
  },
  "dummy_trs": 0,
  "dvars_nstd": 24.464691165220135,
  "dvars_std": 1.2801768730345913,
  "dvars_vstd": 1.0024316064779872,
  "efc": 0.38785120767437076,
  "fber": 2653815296.0,
  "fd_mean": 0.10007124832461436,
  "fd_num": 7,
  "fd_perc": 1.098901098901099,
  "fwhm_avg": 2.0190272818334907,
  "fwhm_x": 1.9036566666666666,
  "fwhm_y": 2.26281,
  "fwhm_z": 1.890615178833805,
  "gcor": 0.0165773,
  "gsr_x": -0.017649207264184952,
  "gsr_y": 0.00663695577532053,
  "provenance": {
    "md5sum": "45344817fa139d2bfe2c9c5b39355fba",
    "settings": {
      "fd_thres": 0.2,
      "testing": false
    },
    "software": "mriqc",
    "version": "0.16.0",
    "webapi_port": null,
    "webapi_url": "https://mriqc.nimh.nih.gov/api/v1"
  },
  "size_t": 637,
  "size_x": 80,
  "size_y": 80,
  "size_z": 36,
  "snr": 8.767049326954188,
  "spacing_tr": 0.7639936804771423,
  "spacing_x": 3.0,
  "spacing_y": 3.0,
  "spacing_z": 3.299999952316284,
  "spikes_num": 0,
  "summary_bg_k": 54.22858714063934,
  "summary_bg_mad": 1.3644633964812025,
  "summary_bg_mean": 598.5869750976562,
  "summary_bg_median": 0.9236457347869873,
  "summary_bg_n": 159600.0,
  "summary_bg_p05": 0.0018186430213972928,
  "summary_bg_p95": 3771.298535156247,
  "summary_bg_stdv": 2626.382568359375,
  "summary_fg_k": 2.9588807522477945,
  "summary_fg_mad": 4815.29509759905,
  "summary_fg_mean": 50911.9609375,
  "summary_fg_median": 51571.9296875,
  "summary_fg_n": 30514.0,
  "summary_fg_p05": 40051.0390625,
  "summary_fg_p95": 59089.781640625,
  "summary_fg_stdv": 5882.37646484375,
  "tsnr": 78.16459655761719
}