{
  "aor": 0.0008952713178294573,
  "aqi": 0.003542637054263566,
  "bids_meta": {
    "AcquisitionNumber": 8,
    "BidsifyVersion": "0.3.7",
    "ConversionSoftware": "dcm2niix",
    "ConversionSoftwareVersion": "v1.0.20190902",
    "EchoTime": 0.02763,
    "EffectiveEchoSpacing": 0.0006621159151938905,
    "ImageComments": "Upgrade_2017",
    "ImageOrientationPatientDICOM": [
      0.998978,
      0.0451565,
      0.00187993,
      -0.0439657,
      0.98059,
      -0.191076
    ],
    "InstitutionName": "Spinoza Centre for Neuroimaging, location REC",
    "MagneticFieldStrength": 3,
    "Manufacturer": "Philips",
    "ParallelAcquisitionTechnique": "SENSE",
    "PatientPosition": "HFS",
    "PhilipsRescaleIntercept": 0,
    "PhilipsRescaleSlope": 0.82882,
    "PhilipsScaleSlope": 0.0216201,
    "ProtocolName": "task-harriri_acq-sequential_bold",
    "ReconMatrixPE": 80,
    "RepetitionTime": 2,
    "SeriesDescription": "ImageMRSERIES",
    "SeriesNumber": 8,
    "TaskName": "emomatching",
    "TotalReadoutTime": 0.025822520692561732,
    "UsePhilipsFloatNotDisplayScaling": 1,
    "acq_id": "seq",
    "dataset": "<unset>",
    "modality": "bold",
    "session_id": "post",
    "subject_id": "07",
    "task_id": "emomatching"
  },
  "dummy_trs": 0,
  "dvars_nstd": 18.242631093203123,
  "dvars_std": 1.1511912992968745,
  "dvars_vstd": 1.00693839671875,
  "efc": 0.38598259621350206,
  "fber": 3571360768.0,
  "fd_mean": 0.12947219507841762,
  "fd_num": 22,
  "fd_perc": 17.05426356589147,
  "fwhm_avg": 1.9010180894355788,
  "fwhm_x": 1.8335966666666668,
  "fwhm_y": 2.0782333333333334,
  "fwhm_z": 1.791224268306736,
  "gcor": 0.039531,
  "gsr_x": -0.017430687323212624,
  "gsr_y": 0.0075463498942554,
  "provenance": {
    "md5sum": "28a76db636cf17c16ccdb047ad26b2a6",
    "settings": {
      "fd_thres": 0.2,
      "testing": false
    },
    "software": "mriqc",
    "version": "0.16.0",
    "webapi_port": null,
    "webapi_url": "https://mriqc.nimh.nih.gov/api/v1"
  },
  "size_t": 129,
  "size_x": 80,
  "size_y": 80,
  "size_z": 36,
  "snr": 6.225243453838127,
  "spacing_tr": 2.0,
  "spacing_x": 3.0,
  "spacing_y": 3.0,
  "spacing_z": 3.299999952316284,
  "spikes_num": 1,
  "summary_bg_k": 52.519388079337546,
  "summary_bg_mad": 1.5078624019135867,
  "summary_bg_mean": 752.2344360351562,
  "summary_bg_median": 1.0187804698944092,
  "summary_bg_n": 159404.0,
  "summary_bg_p05": 0.0,
  "summary_bg_p95": 4697.9346435546895,
  "summary_bg_stdv": 3318.268310546875,
  "summary_fg_k": 1.4993809350836154,
  "summary_fg_mad": 9133.333519092204,
  "summary_fg_mean": 65015.828125,
  "summary_fg_median": 64335.06640625,
  "summary_fg_n": 30878.0,
  "summary_fg_p05": 48847.424999999996,
  "summary_fg_p95": 82205.21210937499,
  "summary_fg_stdv": 10334.37890625,
  "tsnr": 96.51300048828125
}