{
    "Manufacturer": "Philips",
    "PatientPosition": "HFS",
    "SeriesDescription": "ImageMRSERIES",
    "ProtocolName": "task-harriri_acq-sequential_bold",
    "SeriesNumber": 8,
    "AcquisitionNumber": 8,
    "ImageComments": "Upgrade2017",
    "PhilipsRescaleSlope": 0.77729,
    "PhilipsRescaleIntercept": 0,
    "PhilipsScaleSlope": 0.0202737,
    "UsePhilipsFloatNotDisplayScaling": 1,
    "EchoTime": 0.02763,
    "RepetitionTime": 2,
    "ReconMatrixPE": 80,
    "ImageOrientationPatientDICOM": [
        0.999887,
        0.0139568,
        0.0055129,
        -0.0125656,
        0.979547,
        -0.200821
    ],
    "ConversionSoftware": "dcm2niix",
    "ConversionSoftwareVersion": "v1.0.20190902",
    "BidsifyVersion": "0.3.7",
    "MagneticFieldStrength": 3,
    "ParallelAcquisitionTechnique": "SENSE",
    "InstitutionName": "Spinoza Centre for Neuroimaging, location REC",
    "TaskName": "emomatching"
}