{
  "bids_meta": {
    "AcquisitionNumber": 2,
    "BidsifyVersion": "0.3.7",
    "ConversionSoftware": "dcm2niix",
    "ConversionSoftwareVersion": "v1.0.20190902",
    "EchoTime": 0.00374,
    "ImageComments": "Upgrade2017",
    "ImageOrientationPatientDICOM": [
      0.999309,
      0.0317799,
      -0.0192743,
      -0.0307062,
      0.998088,
      0.0536504
    ],
    "InstitutionName": "Spinoza Centre for Neuroimaging, location REC",
    "MagneticFieldStrength": 3,
    "Manufacturer": "Philips",
    "ParallelAcquisitionTechnique": "SENSE",
    "PatientPosition": "HFS",
    "PhilipsRescaleIntercept": 0,
    "PhilipsRescaleSlope": 11.9101,
    "PhilipsScaleSlope": 0.00520179,
    "ProtocolName": "WIPT1wSENSE",
    "ReconMatrixPE": 240,
    "RepetitionTime": 0.008165,
    "SeriesDescription": "ImageMRSERIES",
    "SeriesNumber": 2,
    "UsePhilipsFloatNotDisplayScaling": 1,
    "dataset": "<unset>",
    "modality": "T1w",
    "session_id": "pre",
    "subject_id": "02"
  },
  "cjv": 0.34200790967770145,
  "cnr": 3.8665893132467115,
  "efc": 0.767401774389117,
  "fber": 836.4574584960938,
  "fwhm_avg": 3.3076600633579534,
  "fwhm_x": 3.28627,
  "fwhm_y": 3.4478,
  "fwhm_z": 3.1889101900738592,
  "icvs_csf": 0.17682761531340332,
  "icvs_gm": 0.45203716130036736,
  "icvs_wm": 0.37113522338622934,
  "inu_med": 2.0616345405578613,
  "inu_range": 0.5131676912307741,
  "provenance": {
    "md5sum": "dd56cbd4bac3b0d41885eae2f71eb0e1",
    "settings": {
      "testing": false
    },
    "software": "mriqc",
    "version": "0.16.0",
    "warnings": {
      "large_rot_frame": true,
      "small_air_mask": true
    },
    "webapi_port": null,
    "webapi_url": "https://mriqc.nimh.nih.gov/api/v1"
  },
  "qi_1": 0.0,
  "qi_2": 0.00018204785312443043,
  "rpve_csf": 34.65547231835339,
  "rpve_gm": 15.446319979861201,
  "rpve_wm": 22.61309911549208,
  "size_x": 240,
  "size_y": 240,
  "size_z": 220,
  "snr_csf": 0.8174155099626484,
  "snr_gm": 6.7526867048287516,
  "snr_total": 7.708948786097512,
  "snr_wm": 15.556744143501136,
  "snrd_csf": 14.836232605356038,
  "snrd_gm": 31.924139025531336,
  "snrd_total": 33.89297663696537,
  "snrd_wm": 54.918558280008746,
  "spacing_x": 1.0,
  "spacing_y": 1.0,
  "spacing_z": 0.9999999403953552,
  "summary_bg_k": 142.67970959834602,
  "summary_bg_mad": 11.929077547337185,
  "summary_bg_mean": 16.515827178955078,
  "summary_bg_median": 16.101945877075195,
  "summary_bg_n": 108765.0,
  "summary_bg_p05": 0.0,
  "summary_bg_p95": 40.56486968994139,
  "summary_bg_stdv": 13.561236381530762,
  "summary_csf_k": 38.140932383385284,
  "summary_csf_mad": 160.95330664292572,
  "summary_csf_mean": 308.91717529296875,
  "summary_csf_median": 270.1461486816406,
  "summary_csf_n": 3460.0,
  "summary_csf_p05": 65.78709983825686,
  "summary_csf_p95": 515.2850372314452,
  "summary_csf_stdv": 330.4403991699219,
  "summary_gm_k": 0.09816940419971898,
  "summary_gm_mad": 83.78634514376299,
  "summary_gm_mean": 582.8021850585938,
  "summary_gm_median": 581.2919921875,
  "summary_gm_n": 19390.0,
  "summary_gm_p05": 442.0958847045898,
  "summary_gm_p95": 726.2118927001952,
  "summary_gm_stdv": 86.08084869384766,
  "summary_wm_k": 0.7481429137855073,
  "summary_wm_mad": 59.41059648016433,
  "summary_wm_mean": 996.4434204101562,
  "summary_wm_median": 999.98681640625,
  "summary_wm_n": 173458.0,
  "summary_wm_p05": 883.8902160644532,
  "summary_wm_p95": 1094.9515441894532,
  "summary_wm_stdv": 64.27976989746094,
  "tpm_overlap_csf": 0.16143980622291565,
  "tpm_overlap_gm": 0.4505988657474518,
  "tpm_overlap_wm": 0.5024863481521606,
  "wm2max": 0.6662536557963958
}