{
  "aor": 0.00019337519623233908,
  "aqi": 0.022410109262166404,
  "bids_meta": {
    "AcquisitionNumber": 3,
    "BidsifyVersion": "0.3.7",
    "ConversionSoftware": "dcm2niix",
    "ConversionSoftwareVersion": "v1.0.20190902",
    "EchoTime": 0.02763,
    "EffectiveEchoSpacing": 0.0006333282667071997,
    "ImageComments": "Upgrade2017",
    "ImageOrientationPatientDICOM": [
      0.998051,
      0.0426934,
      -0.0455045,
      -0.044274,
      0.99843,
      -0.034312
    ],
    "InstitutionName": "Spinoza Centre for Neuroimaging, location REC",
    "MagneticFieldStrength": 3,
    "Manufacturer": "Philips",
    "ParallelAcquisitionTechnique": "SENSE",
    "PatientPosition": "HFS",
    "PhilipsRescaleIntercept": 0,
    "PhilipsRescaleSlope": 0.76777,
    "PhilipsScaleSlope": 0.0877736,
    "ProtocolName": "WIPtask-rest_acq-multiband_boldSENSE",
    "ReconMatrixPE": 80,
    "RepetitionTime": 0.761525,
    "SeriesDescription": "ImageMRSERIES",
    "SeriesNumber": 3,
    "TaskName": "restingstate",
    "TotalReadoutTime": 0.024699802401580786,
    "UsePhilipsFloatNotDisplayScaling": 1,
    "acq_id": "mb3",
    "dataset": "<unset>",
    "modality": "bold",
    "session_id": "pre",
    "subject_id": "24",
    "task_id": "restingstate"
  },
  "dummy_trs": 0,
  "dvars_nstd": 39.688590631525166,
  "dvars_std": 1.1209800007389945,
  "dvars_vstd": 0.9985216913836489,
  "efc": 0.4282334077503111,
  "fber": 266361600.0,
  "fd_mean": 0.12245445076218978,
  "fd_num": 67,
  "fd_perc": 10.518053375196232,
  "fwhm_avg": 1.8319658081973902,
  "fwhm_x": 1.7798466666666668,
  "fwhm_y": 1.9643899999999999,
  "fwhm_z": 1.751660757925504,
  "gcor": 0.00734917,
  "gsr_x": -0.009753416292369366,
  "gsr_y": 0.00864638015627861,
  "provenance": {
    "md5sum": "24a43de07fe18aaa411ea4fa572331de",
    "settings": {
      "fd_thres": 0.2,
      "testing": false
    },
    "software": "mriqc",
    "version": "0.16.0",
    "webapi_port": null,
    "webapi_url": "https://mriqc.nimh.nih.gov/api/v1"
  },
  "size_t": 637,
  "size_x": 80,
  "size_y": 80,
  "size_z": 36,
  "snr": 7.266654259767098,
  "spacing_tr": 0.7615252137184143,
  "spacing_x": 3.0,
  "spacing_y": 3.0,
  "spacing_z": 3.299999713897705,
  "spikes_num": 0,
  "summary_bg_k": 34.79999149054381,
  "summary_bg_mad": 1.6629388078985181,
  "summary_bg_mean": 334.4570007324219,
  "summary_bg_median": 1.1284124851226807,
  "summary_bg_n": 152022.0,
  "summary_bg_p05": 0.004146871156990528,
  "summary_bg_p95": 2156.5239990234254,
  "summary_bg_stdv": 1344.036865234375,
  "summary_fg_k": 1.992599065524172,
  "summary_fg_mad": 2575.801280886674,
  "summary_fg_mean": 20238.08203125,
  "summary_fg_median": 20189.7734375,
  "summary_fg_n": 37321.0,
  "summary_fg_p05": 15998.00390625,
  "summary_fg_p95": 24708.958984375,
  "summary_fg_stdv": 2778.376708984375,
  "tsnr": 38.451351165771484
}