{
  "aor": 0.0005750833333333333,
  "aqi": 0.004475501083333333,
  "bids_meta": {
    "AcquisitionNumber": 10,
    "BidsifyVersion": "0.3.7",
    "ConversionSoftware": "dcm2niix",
    "ConversionSoftwareVersion": "v1.0.20190902",
    "EchoTime": 0.02763,
    "EffectiveEchoSpacing": 0.0006621159151938905,
    "ImageComments": "Upgrade2017",
    "ImageOrientationPatientDICOM": [
      0.998051,
      0.0426934,
      -0.0455045,
      -0.044274,
      0.99843,
      -0.034312
    ],
    "InstitutionName": "Spinoza Centre for Neuroimaging, location REC",
    "MagneticFieldStrength": 3,
    "Manufacturer": "Philips",
    "ParallelAcquisitionTechnique": "SENSE",
    "PatientPosition": "HFS",
    "PhilipsRescaleIntercept": 0,
    "PhilipsRescaleSlope": 0.77021,
    "PhilipsScaleSlope": 0.0511038,
    "ProtocolName": "WIPtask-rest_acq-sequential_boldSENSE",
    "ReconMatrixPE": 80,
    "RepetitionTime": 2,
    "SeriesDescription": "ImageMRSERIES",
    "SeriesNumber": 10,
    "TaskName": "restingstate",
    "TotalReadoutTime": 0.025822520692561732,
    "UsePhilipsFloatNotDisplayScaling": 1,
    "acq_id": "seq",
    "dataset": "<unset>",
    "modality": "bold",
    "session_id": "pre",
    "subject_id": "24",
    "task_id": "restingstate"
  },
  "dummy_trs": 0,
  "dvars_nstd": 21.28765657656904,
  "dvars_std": 1.2348805667364013,
  "dvars_vstd": 0.9776858216317985,
  "efc": 0.4265130889786192,
  "fber": 267863488.0,
  "fd_mean": 0.10173398387526443,
  "fd_num": 8,
  "fd_perc": 3.3333333333333335,
  "fwhm_avg": 1.8469480312181943,
  "fwhm_x": 1.7799266666666667,
  "fwhm_y": 1.9816233333333333,
  "fwhm_z": 1.779294093654583,
  "gcor": 0.0140731,
  "gsr_x": -0.007578576449304819,
  "gsr_y": 0.007824631407856941,
  "provenance": {
    "md5sum": "de6fb2a33395550cc0053027f4ed2935",
    "settings": {
      "fd_thres": 0.2,
      "testing": false
    },
    "software": "mriqc",
    "version": "0.16.0",
    "webapi_port": null,
    "webapi_url": "https://mriqc.nimh.nih.gov/api/v1"
  },
  "size_t": 240,
  "size_x": 80,
  "size_y": 80,
  "size_z": 36,
  "snr": 5.348290973600078,
  "spacing_tr": 2.0,
  "spacing_x": 3.0,
  "spacing_y": 3.0,
  "spacing_z": 3.299999713897705,
  "spikes_num": 0,
  "summary_bg_k": 35.20727494631594,
  "summary_bg_mad": 2.2538489934917862,
  "summary_bg_mean": 437.7998352050781,
  "summary_bg_median": 1.5240768194198608,
  "summary_bg_n": 151362.0,
  "summary_bg_p05": 0.0013969251420348884,
  "summary_bg_p95": 2726.7422729492046,
  "summary_bg_stdv": 1789.069580078125,
  "summary_fg_k": 2.2002067835618586,
  "summary_fg_mad": 4551.95077424445,
  "summary_fg_mean": 27705.384765625,
  "summary_fg_median": 27156.67578125,
  "summary_fg_n": 37978.0,
  "summary_fg_p05": 20549.93603515625,
  "summary_fg_p95": 36090.437109375,
  "summary_fg_stdv": 5077.5693359375,
  "tsnr": 79.63929748535156
}