{
  "aor": 0.0002988148148148148,
  "aqi": 0.0031242053333333333,
  "bids_meta": {
    "AcquisitionNumber": 8,
    "BidsifyVersion": "0.3.7",
    "ConversionSoftware": "dcm2niix",
    "ConversionSoftwareVersion": "v1.0.20190902",
    "EchoTime": 0.02763,
    "EffectiveEchoSpacing": 0.0006621159151938905,
    "ImageComments": "upgrade2017",
    "ImageOrientationPatientDICOM": [
      0.999832,
      0.0165041,
      -0.00799571,
      -0.0176267,
      0.985181,
      -0.170611
    ],
    "InstitutionName": "Spinoza Centre for Neuroimaging, location REC",
    "MagneticFieldStrength": 3,
    "Manufacturer": "Philips",
    "ParallelAcquisitionTechnique": "SENSE",
    "PatientPosition": "HFS",
    "PhilipsRescaleIntercept": 0,
    "PhilipsRescaleSlope": 0.75092,
    "PhilipsScaleSlope": 0.0578191,
    "ProtocolName": "WIPtask-harriri_acq-sequential_boldSENSE",
    "ReconMatrixPE": 80,
    "RepetitionTime": 2,
    "SeriesDescription": "ImageMRSERIES",
    "SeriesNumber": 8,
    "TaskName": "emomatching",
    "TotalReadoutTime": 0.025822520692561732,
    "UsePhilipsFloatNotDisplayScaling": 1,
    "acq_id": "seq",
    "dataset": "<unset>",
    "modality": "bold",
    "session_id": "pre",
    "subject_id": "18",
    "task_id": "emomatching"
  },
  "dummy_trs": 0,
  "dvars_nstd": 17.069057927089556,
  "dvars_std": 1.1280229362686567,
  "dvars_vstd": 0.9830740162686563,
  "efc": 0.39540305406311316,
  "fber": 1219423616.0,
  "fd_mean": 0.10414300962186782,
  "fd_num": 9,
  "fd_perc": 6.666666666666667,
  "fwhm_avg": 1.872810860436452,
  "fwhm_x": 1.84237,
  "fwhm_y": 2.009933333333333,
  "fwhm_z": 1.766129247976022,
  "gcor": 0.0281225,
  "gsr_x": -0.008523618802428246,
  "gsr_y": 0.006164287682622671,
  "provenance": {
    "md5sum": "f475c773a7092f0e53e08a3f0f9f2c7d",
    "settings": {
      "fd_thres": 0.2,
      "testing": false
    },
    "software": "mriqc",
    "version": "0.16.0",
    "webapi_port": null,
    "webapi_url": "https://mriqc.nimh.nih.gov/api/v1"
  },
  "size_t": 135,
  "size_x": 80,
  "size_y": 80,
  "size_z": 36,
  "snr": 5.570315020195881,
  "spacing_tr": 2.0,
  "spacing_x": 3.0,
  "spacing_y": 3.0,
  "spacing_z": 3.299877405166626,
  "spikes_num": 0,
  "summary_bg_k": 51.42412726056758,
  "summary_bg_mad": 1.0641833941583894,
  "summary_bg_mean": 289.93817138671875,
  "summary_bg_median": 0.7221001982688904,
  "summary_bg_n": 157014.0,
  "summary_bg_p05": 0.0016988436225801706,
  "summary_bg_p95": 1854.6100219726563,
  "summary_bg_stdv": 1277.117431640625,
  "summary_fg_k": 1.0434977190415786,
  "summary_fg_mad": 4527.215641138054,
  "summary_fg_mean": 26375.263671875,
  "summary_fg_median": 26100.544921875,
  "summary_fg_n": 33415.0,
  "summary_fg_p05": 19251.733203125,
  "summary_fg_p95": 33985.544531249994,
  "summary_fg_stdv": 4685.57958984375,
  "tsnr": 89.55525207519531
}