{
  "aor": 0.0004655259026687598,
  "aqi": 0.018412953846153848,
  "bids_meta": {
    "AcquisitionNumber": 3,
    "BidsifyVersion": "0.3.7",
    "ConversionSoftware": "dcm2niix",
    "ConversionSoftwareVersion": "v1.0.20190902",
    "EchoTime": 0.02763,
    "EffectiveEchoSpacing": 0.0006333282667071997,
    "ImageComments": "upgrade2017",
    "ImageOrientationPatientDICOM": [
      0.999832,
      0.0165041,
      -0.00799571,
      -0.0176267,
      0.985181,
      -0.170611
    ],
    "InstitutionName": "Spinoza Centre for Neuroimaging, location REC",
    "MagneticFieldStrength": 3,
    "Manufacturer": "Philips",
    "ParallelAcquisitionTechnique": "SENSE",
    "PatientPosition": "HFS",
    "PhilipsRescaleIntercept": 0,
    "PhilipsRescaleSlope": 0.77582,
    "PhilipsScaleSlope": 0.086726,
    "ProtocolName": "WIPtask-rest_acq-multiband_boldSENSE",
    "ReconMatrixPE": 80,
    "RepetitionTime": 0.762233,
    "SeriesDescription": "ImageMRSERIES",
    "SeriesNumber": 3,
    "TaskName": "restingstate",
    "TotalReadoutTime": 0.024699802401580786,
    "UsePhilipsFloatNotDisplayScaling": 1,
    "acq_id": "mb3",
    "dataset": "<unset>",
    "modality": "bold",
    "session_id": "pre",
    "subject_id": "18",
    "task_id": "restingstate"
  },
  "dummy_trs": 0,
  "dvars_nstd": 40.33955133772018,
  "dvars_std": 1.1449794400471693,
  "dvars_vstd": 1.0066939156918242,
  "efc": 0.3940481943854148,
  "fber": 1853027072.0,
  "fd_mean": 0.09299646159850967,
  "fd_num": 14,
  "fd_perc": 2.197802197802198,
  "fwhm_avg": 1.9310276750444528,
  "fwhm_x": 1.8905366666666668,
  "fwhm_y": 2.1163133333333333,
  "fwhm_z": 1.7862330251333587,
  "gcor": 0.04174,
  "gsr_x": -0.009345305152237415,
  "gsr_y": 0.005178272724151611,
  "provenance": {
    "md5sum": "97ab5e90330c63bd831d2713040bb4a5",
    "settings": {
      "fd_thres": 0.2,
      "testing": false
    },
    "software": "mriqc",
    "version": "0.16.0",
    "webapi_port": null,
    "webapi_url": "https://mriqc.nimh.nih.gov/api/v1"
  },
  "size_t": 637,
  "size_x": 80,
  "size_y": 80,
  "size_z": 36,
  "snr": 7.150183061719731,
  "spacing_tr": 0.7622327208518982,
  "spacing_x": 3.0,
  "spacing_y": 3.0,
  "spacing_z": 3.299877405166626,
  "spikes_num": 0,
  "summary_bg_k": 51.688122632703354,
  "summary_bg_mad": 0.6650002974356435,
  "summary_bg_mean": 224.82383728027344,
  "summary_bg_median": 0.4506448805332184,
  "summary_bg_n": 157945.0,
  "summary_bg_p05": 0.001140802656300366,
  "summary_bg_p95": 1512.7669921874976,
  "summary_bg_stdv": 977.2415771484375,
  "summary_fg_k": 1.0745488817525626,
  "summary_fg_mad": 2749.857912626994,
  "summary_fg_mean": 20571.791015625,
  "summary_fg_median": 20579.19921875,
  "summary_fg_n": 32562.0,
  "summary_fg_p05": 15924.329687500001,
  "summary_fg_p95": 25175.621972656245,
  "summary_fg_stdv": 2878.091796875,
  "tsnr": 40.15612030029297
}