{
  "aor": 0.0013073333333333333,
  "aqi": 0.0032670155416666667,
  "bids_meta": {
    "AcquisitionNumber": 10,
    "BidsifyVersion": "0.3.7",
    "ConversionSoftware": "dcm2niix",
    "ConversionSoftwareVersion": "v1.0.20190902",
    "EchoTime": 0.02763,
    "EffectiveEchoSpacing": 0.0006621159151938905,
    "ImageComments": "upgrade2017",
    "ImageOrientationPatientDICOM": [
      0.999832,
      0.0165041,
      -0.00799571,
      -0.0176267,
      0.985181,
      -0.170611
    ],
    "InstitutionName": "Spinoza Centre for Neuroimaging, location REC",
    "MagneticFieldStrength": 3,
    "Manufacturer": "Philips",
    "ParallelAcquisitionTechnique": "SENSE",
    "PatientPosition": "HFS",
    "PhilipsRescaleIntercept": 0,
    "PhilipsRescaleSlope": 0.76947,
    "PhilipsScaleSlope": 0.0568704,
    "ProtocolName": "WIPtask-rest_acq-sequential_boldSENSE",
    "ReconMatrixPE": 80,
    "RepetitionTime": 2,
    "SeriesDescription": "ImageMRSERIES",
    "SeriesNumber": 10,
    "TaskName": "restingstate",
    "TotalReadoutTime": 0.025822520692561732,
    "UsePhilipsFloatNotDisplayScaling": 1,
    "acq_id": "seq",
    "dataset": "<unset>",
    "modality": "bold",
    "session_id": "pre",
    "subject_id": "18",
    "task_id": "restingstate"
  },
  "dummy_trs": 0,
  "dvars_nstd": 17.72366734836821,
  "dvars_std": 1.1789390366945598,
  "dvars_vstd": 1.012982984393305,
  "efc": 0.3960640687251188,
  "fber": 1169891200.0,
  "fd_mean": 0.12434634369411861,
  "fd_num": 25,
  "fd_perc": 10.416666666666666,
  "fwhm_avg": 1.8600914680126595,
  "fwhm_x": 1.82751,
  "fwhm_y": 2.0028266666666665,
  "fwhm_z": 1.7499377373713116,
  "gcor": 0.0799789,
  "gsr_x": -0.008603839203715324,
  "gsr_y": 0.006290266290307045,
  "provenance": {
    "md5sum": "ca912dbef09d07b10502f172cd4eab87",
    "settings": {
      "fd_thres": 0.2,
      "testing": false
    },
    "software": "mriqc",
    "version": "0.16.0",
    "webapi_port": null,
    "webapi_url": "https://mriqc.nimh.nih.gov/api/v1"
  },
  "size_t": 240,
  "size_x": 80,
  "size_y": 80,
  "size_z": 36,
  "snr": 5.583461246816521,
  "spacing_tr": 2.0,
  "spacing_x": 3.0,
  "spacing_y": 3.0,
  "spacing_z": 3.299877405166626,
  "spikes_num": 10,
  "summary_bg_k": 52.15004930661208,
  "summary_bg_mad": 1.053995563142668,
  "summary_bg_mean": 288.0225830078125,
  "summary_bg_median": 0.7199144959449768,
  "summary_bg_n": 156954.0,
  "summary_bg_p05": 0.0035761349834501745,
  "summary_bg_p95": 1846.224298095703,
  "summary_bg_stdv": 1265.7403564453125,
  "summary_fg_k": 1.1976376492955838,
  "summary_fg_mad": 4388.41714340657,
  "summary_fg_mean": 25889.751953125,
  "summary_fg_median": 25590.92578125,
  "summary_fg_n": 33450.0,
  "summary_fg_p05": 18970.69814453125,
  "summary_fg_p95": 33320.8486328125,
  "summary_fg_stdv": 4583.27587890625,
  "tsnr": 85.8031234741211
}