{
    "Manufacturer": "Philips",
    "PatientPosition": "HFS",
    "SeriesDescription": "ImageMRSERIES",
    "ProtocolName": "WIPT1wSENSE",
    "SeriesNumber": 2,
    "AcquisitionNumber": 2,
    "ImageComments": "Upgrade2017",
    "PhilipsRescaleSlope": 11.9101,
    "PhilipsRescaleIntercept": 0,
    "PhilipsScaleSlope": 0.00520179,
    "UsePhilipsFloatNotDisplayScaling": 1,
    "EchoTime": 0.00374,
    "RepetitionTime": 0.008165,
    "ReconMatrixPE": 240,
    "ImageOrientationPatientDICOM": [
        0.999309,
        0.0317799,
        -0.0192743,
        -0.0307062,
        0.998088,
        0.0536504
    ],
    "ConversionSoftware": "dcm2niix",
    "ConversionSoftwareVersion": "v1.0.20190902",
    "BidsifyVersion": "0.3.7",
    "MagneticFieldStrength": 3,
    "ParallelAcquisitionTechnique": "SENSE",
    "InstitutionName": "Spinoza Centre for Neuroimaging, location REC"
}