{
  "bids_meta": {
    "AcquisitionNumber": 2,
    "BidsifyVersion": "0.3.7",
    "ConversionSoftware": "dcm2niix",
    "ConversionSoftwareVersion": "v1.0.20190902",
    "EchoTime": 0.00389,
    "ImageComments": "Upgrade_2017",
    "ImageOrientationPatientDICOM": [
      0.998525,
      0.054231,
      -0.00248574,
      -0.0528548,
      0.960694,
      -0.27253
    ],
    "InstitutionName": "Spinoza Centre for Neuroimaging, location REC",
    "InversionTime": 0.9,
    "MagneticFieldStrength": 3,
    "Manufacturer": "Philips",
    "ParallelAcquisitionTechnique": "SENSE",
    "PatientPosition": "HFS",
    "PhilipsRescaleIntercept": 0,
    "PhilipsRescaleSlope": 4.09451,
    "PhilipsScaleSlope": 0.00478861,
    "ProtocolName": "T1w",
    "ReconMatrixPE": 240,
    "RepetitionTime": 0.0084,
    "SeriesDescription": "ImageMRSERIES",
    "SeriesNumber": 2,
    "UsePhilipsFloatNotDisplayScaling": 1,
    "dataset": "<unset>",
    "modality": "T1w",
    "session_id": "post",
    "subject_id": "24"
  },
  "cjv": 0.34448121257230324,
  "cnr": 3.5701501181195012,
  "efc": 0.6995350687034264,
  "fber": 40533.30078125,
  "fwhm_avg": 3.8264301533540177,
  "fwhm_x": 3.76073,
  "fwhm_y": 4.035680240545287,
  "fwhm_z": 3.6828802195167674,
  "icvs_csf": 0.22251517399047713,
  "icvs_gm": 0.411172144897721,
  "icvs_wm": 0.3663126811118019,
  "inu_med": 1.6341058015823364,
  "inu_range": 0.4436607599258422,
  "provenance": {
    "md5sum": "ce322e71fc5db9076b2a61e026ae2b55",
    "settings": {
      "testing": false
    },
    "software": "mriqc",
    "version": "0.16.0",
    "warnings": {
      "large_rot_frame": true,
      "small_air_mask": false
    },
    "webapi_port": null,
    "webapi_url": "https://mriqc.nimh.nih.gov/api/v1"
  },
  "qi_1": 0.0,
  "qi_2": 8.42320562679287e-05,
  "rpve_csf": 24.278984554461573,
  "rpve_gm": 13.714695237320875,
  "rpve_wm": 19.438822322179444,
  "size_x": 240,
  "size_y": 240,
  "size_z": 220,
  "snr_csf": 2.084352145507697,
  "snr_gm": 7.986872775972934,
  "snr_total": 10.332630836700526,
  "snr_wm": 20.926667588620944,
  "snrd_csf": 45.73890472940361,
  "snrd_gm": 111.45516753401925,
  "snrd_total": 108.79699138900871,
  "snrd_wm": 169.19690190360328,
  "spacing_x": 1.0,
  "spacing_y": 0.9999999403953552,
  "spacing_z": 0.9999999403953552,
  "summary_bg_k": 5.7623779639557995,
  "summary_bg_mad": 3.8720133256613893,
  "summary_bg_mean": 5.761792182922363,
  "summary_bg_median": 2.61163330078125,
  "summary_bg_n": 717604.0,
  "summary_bg_p05": 0.0,
  "summary_bg_p95": 21.16286287307739,
  "summary_bg_stdv": 7.193849563598633,
  "summary_csf_k": 25.21681235005477,
  "summary_csf_mad": 131.1034492570878,
  "summary_csf_mean": 285.7344665527344,
  "summary_csf_median": 270.3279113769531,
  "summary_csf_n": 13189.0,
  "summary_csf_p05": 122.27885284423829,
  "summary_csf_p95": 478.706884765625,
  "summary_csf_stdv": 129.68905639648438,
  "summary_gm_k": 0.5023053187658082,
  "summary_gm_mad": 75.85577158854315,
  "summary_gm_mean": 666.2788696289062,
  "summary_gm_median": 658.726806640625,
  "summary_gm_n": 27205.0,
  "summary_gm_p05": 544.3705200195312,
  "summary_gm_p95": 816.23681640625,
  "summary_gm_stdv": 82.47467041015625,
  "summary_wm_k": 1.4216637777397603,
  "summary_wm_mad": 41.70447651010544,
  "summary_wm_mean": 997.53955078125,
  "summary_wm_median": 999.9943237304688,
  "summary_wm_n": 221206.0,
  "summary_wm_p05": 915.1781005859375,
  "summary_wm_p95": 1070.1552124023438,
  "summary_wm_stdv": 47.78553771972656,
  "tpm_overlap_csf": 0.1732674092054367,
  "tpm_overlap_gm": 0.45175251364707947,
  "tpm_overlap_wm": 0.5084394812583923,
  "wm2max": 0.6143975811524195
}