{
    "Manufacturer": "Philips",
    "PatientPosition": "HFS",
    "SeriesDescription": "ImageMRSERIES",
    "ProtocolName": "dwi_acq-sequential",
    "SeriesNumber": 5,
    "AcquisitionNumber": 5,
    "ImageComments": "Upgrade_2017",
    "PhilipsRescaleSlope": 1.67302,
    "PhilipsRescaleIntercept": 0,
    "PhilipsScaleSlope": 0.0247755,
    "UsePhilipsFloatNotDisplayScaling": 1,
    "EchoTime": 0.08599,
    "RepetitionTime": 7.46941,
    "ReconMatrixPE": 112,
    "ImageOrientationPatientDICOM": [
        0.999086,
        0.041149,
        -0.0116015,
        -0.0427475,
        0.957039,
        -0.286792
    ],
    "ConversionSoftware": "dcm2niix",
    "ConversionSoftwareVersion": "v1.0.20190902",
    "BidsifyVersion": "0.3.7",
    "MagneticFieldStrength": 3,
    "ParallelAcquisitionTechnique": "SENSE",
    "InstitutionName": "Spinoza Centre for Neuroimaging, location REC"
}