{
  "bids_meta": {
    "AcquisitionNumber": 2,
    "BidsifyVersion": "0.3.7",
    "ConversionSoftware": "dcm2niix",
    "ConversionSoftwareVersion": "v1.0.20190902",
    "EchoTime": 0.00373,
    "ImageComments": "Upgrade2017",
    "ImageOrientationPatientDICOM": [
      0.99987,
      0.0130835,
      -0.00944356,
      -0.0125654,
      0.998516,
      0.0529817
    ],
    "InstitutionName": "Spinoza Centre for Neuroimaging, location REC",
    "MagneticFieldStrength": 3,
    "Manufacturer": "Philips",
    "ParallelAcquisitionTechnique": "SENSE",
    "PatientPosition": "HFS",
    "PhilipsRescaleIntercept": 0,
    "PhilipsRescaleSlope": 11.6608,
    "PhilipsScaleSlope": 0.00546874,
    "ProtocolName": "WIPT1wSENSE",
    "ReconMatrixPE": 240,
    "RepetitionTime": 0.008144,
    "SeriesDescription": "ImageMRSERIES",
    "SeriesNumber": 2,
    "UsePhilipsFloatNotDisplayScaling": 1,
    "dataset": "<unset>",
    "modality": "T1w",
    "session_id": "pre",
    "subject_id": "23"
  },
  "cjv": 0.3723226133563039,
  "cnr": 3.5543523039185936,
  "efc": 0.7635930632818426,
  "fber": 420.1981506347656,
  "fwhm_avg": 3.3333699396360124,
  "fwhm_x": 3.2729196098375786,
  "fwhm_y": 3.5076202090704567,
  "fwhm_z": 3.21957,
  "icvs_csf": 0.19553964757581585,
  "icvs_gm": 0.43916237568455035,
  "icvs_wm": 0.3652979767396338,
  "inu_med": 1.5216598510742188,
  "inu_range": 0.37326186895370483,
  "provenance": {
    "md5sum": "243d6c54f9eba2f53535ca226c12f246",
    "settings": {
      "testing": false
    },
    "software": "mriqc",
    "version": "0.16.0",
    "warnings": {
      "large_rot_frame": true,
      "small_air_mask": true
    },
    "webapi_port": null,
    "webapi_url": "https://mriqc.nimh.nih.gov/api/v1"
  },
  "qi_1": 0.0,
  "qi_2": 0.0002473680253899423,
  "rpve_csf": 29.193614892238827,
  "rpve_gm": 14.360183521007873,
  "rpve_wm": 21.215724998568895,
  "size_x": 240,
  "size_y": 240,
  "size_z": 220,
  "snr_csf": 2.0709734919692964,
  "snr_gm": 6.728669649613021,
  "snr_total": 8.545247972828259,
  "snr_wm": 16.836100776902455,
  "snrd_csf": 15.301348549294032,
  "snrd_gm": 34.60032829982057,
  "snrd_total": 35.49534070400415,
  "snrd_wm": 56.584345262897855,
  "spacing_x": 1.0000001192092896,
  "spacing_y": 0.9999999403953552,
  "spacing_z": 1.0,
  "summary_bg_k": 1.4154821577084267,
  "summary_bg_mad": 11.577816779930286,
  "summary_bg_mean": 17.254636764526367,
  "summary_bg_median": 15.566275596618652,
  "summary_bg_n": 99215.0,
  "summary_bg_p05": 0.0,
  "summary_bg_p95": 39.76572341918945,
  "summary_bg_stdv": 12.730567932128906,
  "summary_csf_k": 19.200993327613492,
  "summary_csf_mad": 148.32426675535436,
  "summary_csf_mean": 261.9167785644531,
  "summary_csf_median": 270.41119384765625,
  "summary_csf_n": 5396.0,
  "summary_csf_p05": 69.5447883605957,
  "summary_csf_p95": 447.1607666015625,
  "summary_csf_stdv": 130.55992126464844,
  "summary_gm_k": -0.015357810806365446,
  "summary_gm_mad": 90.11115842265335,
  "summary_gm_mean": 614.2623901367188,
  "summary_gm_median": 611.4700317382812,
  "summary_gm_n": 17547.0,
  "summary_gm_p05": 467.31614685058594,
  "summary_gm_p95": 769.2106628417969,
  "summary_gm_stdv": 90.87273406982422,
  "summary_wm_k": 0.7502967360287989,
  "summary_wm_mad": 54.53983555406066,
  "summary_wm_mean": 999.5144653320312,
  "summary_wm_median": 999.9798583984375,
  "summary_wm_n": 187712.0,
  "summary_wm_p05": 901.1491088867188,
  "summary_wm_p95": 1095.7087829589843,
  "summary_wm_stdv": 59.39482116699219,
  "tpm_overlap_csf": 0.1546318084001541,
  "tpm_overlap_gm": 0.4498901069164276,
  "tpm_overlap_wm": 0.49982333183288574,
  "wm2max": 0.7182452576701267
}