{
    "Manufacturer": "Philips",
    "PatientPosition": "HFS",
    "SeriesDescription": "ImageMRSERIES",
    "ProtocolName": "WIPdwi_acq-sequentialSENSE",
    "SeriesNumber": 5,
    "AcquisitionNumber": 5,
    "ImageComments": "upgrade2017",
    "PhilipsRescaleSlope": 3.55678,
    "PhilipsRescaleIntercept": 0,
    "PhilipsScaleSlope": 0.0254762,
    "UsePhilipsFloatNotDisplayScaling": 1,
    "EchoTime": 0.08599,
    "RepetitionTime": 7.38463,
    "ReconMatrixPE": 112,
    "ImageOrientationPatientDICOM": [
        0.999647,
        0.0228723,
        -0.0135245,
        -0.0221615,
        0.998475,
        0.0505565
    ],
    "ConversionSoftware": "dcm2niix",
    "ConversionSoftwareVersion": "v1.0.20190902",
    "BidsifyVersion": "0.3.7",
    "MagneticFieldStrength": 3,
    "ParallelAcquisitionTechnique": "SENSE",
    "InstitutionName": "Spinoza Centre for Neuroimaging, location REC"
}