{
  "aor": 0.00020875000000000003,
  "aqi": 0.0021981749583333335,
  "bids_meta": {
    "AcquisitionNumber": 3,
    "BidsifyVersion": "0.3.7",
    "ConversionSoftware": "dcm2niix",
    "ConversionSoftwareVersion": "v1.0.20190902",
    "EchoTime": 0.02763,
    "EffectiveEchoSpacing": 0.0006621159151938905,
    "ImageComments": "Upgrade2017",
    "ImageOrientationPatientDICOM": [
      0.99751,
      0.0549318,
      -0.0442205,
      -0.0498335,
      0.992778,
      0.109127
    ],
    "InstitutionName": "Spinoza Centre for Neuroimaging, location REC",
    "MagneticFieldStrength": 3,
    "Manufacturer": "Philips",
    "ParallelAcquisitionTechnique": "SENSE",
    "PatientPosition": "HFS",
    "PhilipsRescaleIntercept": 0,
    "PhilipsRescaleSlope": 0.80586,
    "PhilipsScaleSlope": 0.0491051,
    "ProtocolName": "WIPtask-rest_acq-sequential_boldSENSE",
    "ReconMatrixPE": 80,
    "RepetitionTime": 2,
    "SeriesDescription": "ImageMRSERIES",
    "SeriesNumber": 3,
    "TaskName": "restingstate",
    "TotalReadoutTime": 0.025822520692561732,
    "UsePhilipsFloatNotDisplayScaling": 1,
    "acq_id": "seq",
    "dataset": "<unset>",
    "modality": "bold",
    "session_id": "pre",
    "subject_id": "17",
    "task_id": "restingstate"
  },
  "dummy_trs": 0,
  "dvars_nstd": 19.55580771225942,
  "dvars_std": 1.3215221078661081,
  "dvars_vstd": 0.985193214309624,
  "efc": 0.42474791166845133,
  "fber": 1866019584.0,
  "fd_mean": 0.08265086587172459,
  "fd_num": 1,
  "fd_perc": 0.4166666666666667,
  "fwhm_avg": 1.843362563601192,
  "fwhm_x": 1.8171166666666665,
  "fwhm_y": 1.9230566666666666,
  "fwhm_z": 1.7899143574702432,
  "gcor": 0.036812,
  "gsr_x": -0.0011853835312649608,
  "gsr_y": 0.002674554008990526,
  "provenance": {
    "md5sum": "f083f11f2dabc72ffa4af79a04d150e5",
    "settings": {
      "fd_thres": 0.2,
      "testing": false
    },
    "software": "mriqc",
    "version": "0.16.0",
    "webapi_port": null,
    "webapi_url": "https://mriqc.nimh.nih.gov/api/v1"
  },
  "size_t": 240,
  "size_x": 80,
  "size_y": 80,
  "size_z": 36,
  "snr": 5.0845730778328715,
  "spacing_tr": 2.0,
  "spacing_x": 3.0,
  "spacing_y": 3.0,
  "spacing_z": 3.3001132011413574,
  "spikes_num": 0,
  "summary_bg_k": 64.50410714497204,
  "summary_bg_mad": 0.8843618629720966,
  "summary_bg_mean": 393.4213562011719,
  "summary_bg_median": 0.5973801016807556,
  "summary_bg_n": 150903.0,
  "summary_bg_p05": 0.00040008610521908856,
  "summary_bg_p95": 2556.4971923828093,
  "summary_bg_stdv": 1676.9805908203125,
  "summary_fg_k": 1.2562360285233716,
  "summary_fg_mad": 5299.156231004152,
  "summary_fg_mean": 29234.193359375,
  "summary_fg_median": 28485.716796875,
  "summary_fg_n": 38305.0,
  "summary_fg_p05": 21502.641015625,
  "summary_fg_p95": 38929.566406249985,
  "summary_fg_stdv": 5602.30810546875,
  "tsnr": 101.08651733398438
}