{
  "bids_meta": {
    "AcquisitionNumber": 2,
    "BidsifyVersion": "0.3.7",
    "ConversionSoftware": "dcm2niix",
    "ConversionSoftwareVersion": "v1.0.20190902",
    "EchoTime": 0.00373,
    "ImageComments": "Upgrade2017",
    "ImageOrientationPatientDICOM": [
      0.999823,
      0.0186703,
      0.00212662,
      -0.0186739,
      0.999824,
      0.00170591
    ],
    "InstitutionName": "Spinoza Centre for Neuroimaging, location REC",
    "InversionTime": 0.9,
    "MagneticFieldStrength": 3,
    "Manufacturer": "Philips",
    "ParallelAcquisitionTechnique": "SENSE",
    "PatientPosition": "HFS",
    "PhilipsRescaleIntercept": 0,
    "PhilipsRescaleSlope": 3.72869,
    "PhilipsScaleSlope": 0.00494667,
    "ProtocolName": "T1w",
    "ReconMatrixPE": 240,
    "RepetitionTime": 0.008145,
    "SeriesDescription": "ImageMRSERIES",
    "SeriesNumber": 2,
    "UsePhilipsFloatNotDisplayScaling": 1,
    "dataset": "<unset>",
    "modality": "T1w",
    "session_id": "post",
    "subject_id": "16"
  },
  "cjv": 0.28308465596031385,
  "cnr": 4.341156820496477,
  "efc": 0.6886889565196477,
  "fber": 11850.1650390625,
  "fwhm_avg": 3.7855866666666667,
  "fwhm_x": 3.75554,
  "fwhm_y": 4.04686,
  "fwhm_z": 3.55436,
  "icvs_csf": 0.2135078551441576,
  "icvs_gm": 0.4138468497739174,
  "icvs_wm": 0.372645295081925,
  "inu_med": 1.8678476810455322,
  "inu_range": 0.40693482756614685,
  "provenance": {
    "md5sum": "4d03ef0296b48cbe678e2d86ad6deda9",
    "settings": {
      "testing": false
    },
    "software": "mriqc",
    "version": "0.16.0",
    "warnings": {
      "large_rot_frame": true,
      "small_air_mask": false
    },
    "webapi_port": null,
    "webapi_url": "https://mriqc.nimh.nih.gov/api/v1"
  },
  "qi_1": 0.0,
  "qi_2": 0.00012453580221041547,
  "rpve_csf": 27.38726238228113,
  "rpve_gm": 14.977008766441573,
  "rpve_wm": 21.30537094255174,
  "size_x": 240,
  "size_y": 240,
  "size_z": 220,
  "snr_csf": 1.6055411501768024,
  "snr_gm": 7.992560483864733,
  "snr_total": 10.93408672612347,
  "snr_wm": 23.204158544328877,
  "snrd_csf": 54.80032142147901,
  "snrd_gm": 125.43125111949891,
  "snrd_total": 127.99378825354184,
  "snrd_wm": 203.74979221964762,
  "spacing_x": 1.0,
  "spacing_y": 1.0,
  "spacing_z": 1.0,
  "summary_bg_k": 1418.9043874719732,
  "summary_bg_mad": 3.215342377492432,
  "summary_bg_mean": 5.159854412078857,
  "summary_bg_median": 2.168715476989746,
  "summary_bg_n": 396631.0,
  "summary_bg_p05": 0.0,
  "summary_bg_p95": 17.154926300048828,
  "summary_bg_stdv": 7.1099066734313965,
  "summary_csf_k": 69.08950575232178,
  "summary_csf_mad": 143.78698726392767,
  "summary_csf_mean": 280.71575927734375,
  "summary_csf_median": 268.9543762207031,
  "summary_csf_n": 9583.0,
  "summary_csf_p05": 105.43904266357421,
  "summary_csf_p95": 457.21109313964837,
  "summary_csf_stdv": 167.50759887695312,
  "summary_gm_k": 0.5081270880830089,
  "summary_gm_mad": 71.58795124971383,
  "summary_gm_mean": 620.382080078125,
  "summary_gm_median": 615.603759765625,
  "summary_gm_n": 24020.0,
  "summary_gm_p05": 503.30249786376953,
  "summary_gm_p95": 757.2212951660156,
  "summary_gm_stdv": 77.02049255371094,
  "summary_wm_k": 1.4408539338967428,
  "summary_wm_mad": 37.22395740939883,
  "summary_wm_mean": 996.2568359375,
  "summary_wm_median": 999.983154296875,
  "summary_wm_n": 209029.0,
  "summary_wm_p05": 918.50361328125,
  "summary_wm_p95": 1058.9275390624998,
  "summary_wm_stdv": 43.09489440917969,
  "tpm_overlap_csf": 0.16141259670257568,
  "tpm_overlap_gm": 0.44235336780548096,
  "tpm_overlap_wm": 0.5061405897140503,
  "wm2max": 0.7531169006565778
}