{
    "Manufacturer": "Philips",
    "PatientPosition": "HFS",
    "SeriesDescription": "ImageMRSERIES",
    "ProtocolName": "WIPT1wSENSE",
    "SeriesNumber": 2,
    "AcquisitionNumber": 2,
    "ImageComments": "Upgrade_2017",
    "PhilipsRescaleSlope": 12.2242,
    "PhilipsRescaleIntercept": 0,
    "PhilipsScaleSlope": 0.00499157,
    "UsePhilipsFloatNotDisplayScaling": 1,
    "EchoTime": 0.00381,
    "RepetitionTime": 0.00828,
    "ReconMatrixPE": 240,
    "ImageOrientationPatientDICOM": [
        0.999052,
        0.0367066,
        0.0234221,
        -0.0329674,
        0.989054,
        -0.143825
    ],
    "ConversionSoftware": "dcm2niix",
    "ConversionSoftwareVersion": "v1.0.20190902",
    "BidsifyVersion": "0.3.7",
    "MagneticFieldStrength": 3,
    "ParallelAcquisitionTechnique": "SENSE",
    "InstitutionName": "Spinoza Centre for Neuroimaging, location REC"
}