{
  "aor": 0.00016160063391442155,
  "aqi": 0.013582717591125198,
  "bids_meta": {
    "AcquisitionNumber": 3,
    "BidsifyVersion": "0.3.7",
    "ConversionSoftware": "dcm2niix",
    "ConversionSoftwareVersion": "v1.0.20190902",
    "EchoTime": 0.02763,
    "EffectiveEchoSpacing": 0.0006333282667071997,
    "ImageComments": "Upgrade2017",
    "ImageOrientationPatientDICOM": [
      0.99985,
      0.00875797,
      0.0149751,
      -0.0102963,
      0.994319,
      0.105942
    ],
    "InstitutionName": "Spinoza Centre for Neuroimaging, location REC",
    "MagneticFieldStrength": 3,
    "Manufacturer": "Philips",
    "ParallelAcquisitionTechnique": "SENSE",
    "PatientPosition": "HFS",
    "PhilipsRescaleIntercept": 0,
    "PhilipsRescaleSlope": 0.81538,
    "PhilipsScaleSlope": 0.0767721,
    "ProtocolName": "WIPtask-rest_acq-multiband_boldSENSE",
    "ReconMatrixPE": 80,
    "RepetitionTime": 0.761525,
    "SeriesDescription": "ImageMRSERIES",
    "SeriesNumber": 3,
    "TaskName": "restingstate",
    "TotalReadoutTime": 0.024699802401580786,
    "UsePhilipsFloatNotDisplayScaling": 1,
    "acq_id": "mb3",
    "dataset": "<unset>",
    "modality": "bold",
    "session_id": "pre",
    "subject_id": "16",
    "task_id": "restingstate"
  },
  "dummy_trs": 6,
  "dvars_nstd": 31.504762404333352,
  "dvars_std": 1.088301437126984,
  "dvars_vstd": 0.9896373201746035,
  "efc": 0.39380495318275116,
  "fber": 1451004672.0,
  "fd_mean": 0.08000529669599306,
  "fd_num": 1,
  "fd_perc": 0.15847860538827258,
  "fwhm_avg": 2.015599301770149,
  "fwhm_x": 1.9546599999999998,
  "fwhm_y": 2.2566166666666665,
  "fwhm_z": 1.8355212386437798,
  "gcor": 0.0172863,
  "gsr_x": -0.014864083379507065,
  "gsr_y": 0.00956321507692337,
  "provenance": {
    "md5sum": "863e1e8bf5447c1a05ec12ede621a017",
    "settings": {
      "fd_thres": 0.2,
      "testing": false
    },
    "software": "mriqc",
    "version": "0.16.0",
    "webapi_port": null,
    "webapi_url": "https://mriqc.nimh.nih.gov/api/v1"
  },
  "size_t": 631,
  "size_x": 80,
  "size_y": 80,
  "size_z": 36,
  "snr": 6.646843585497567,
  "spacing_tr": 0.7615252137184143,
  "spacing_x": 3.0,
  "spacing_y": 3.0,
  "spacing_z": 3.299999952316284,
  "spikes_num": 0,
  "summary_bg_k": 55.415818377143026,
  "summary_bg_mad": 0.7962278018604851,
  "summary_bg_mean": 254.1587677001953,
  "summary_bg_median": 0.5438711643218994,
  "summary_bg_n": 158226.0,
  "summary_bg_p05": 0.0035850415006279945,
  "summary_bg_p95": 1749.6288452148438,
  "summary_bg_stdv": 1057.6783447265625,
  "summary_fg_k": 0.6583075093128588,
  "summary_fg_mad": 3222.6806092021284,
  "summary_fg_mean": 21837.1640625,
  "summary_fg_median": 21938.7109375,
  "summary_fg_n": 32150.0,
  "summary_fg_p05": 16344.437402343749,
  "summary_fg_p95": 27019.337695312497,
  "summary_fg_stdv": 3300.569580078125,
  "tsnr": 41.92218017578125
}