{
  "aor": 0.000425,
  "aqi": 0.014536993403361346,
  "bids_meta": {
    "AcquisitionNumber": 10,
    "BidsifyVersion": "0.3.7",
    "ConversionSoftware": "dcm2niix",
    "ConversionSoftwareVersion": "v1.0.20190902",
    "EchoTime": 0.02763,
    "EffectiveEchoSpacing": 0.0006621159151938905,
    "ImageComments": "Upgrade2017",
    "ImageOrientationPatientDICOM": [
      0.99985,
      0.00875797,
      0.0149751,
      -0.0102963,
      0.994319,
      0.105942
    ],
    "InstitutionName": "Spinoza Centre for Neuroimaging, location REC",
    "MagneticFieldStrength": 3,
    "Manufacturer": "Philips",
    "ParallelAcquisitionTechnique": "SENSE",
    "PatientPosition": "HFS",
    "PhilipsRescaleIntercept": 0,
    "PhilipsRescaleSlope": 0.75311,
    "PhilipsScaleSlope": 0.0455022,
    "ProtocolName": "WIPtask-rest_acq-sequential_boldSENSE",
    "ReconMatrixPE": 80,
    "RepetitionTime": 2,
    "SeriesDescription": "ImageMRSERIES",
    "SeriesNumber": 10,
    "TaskName": "restingstate",
    "TotalReadoutTime": 0.025822520692561732,
    "UsePhilipsFloatNotDisplayScaling": 1,
    "acq_id": "seq",
    "dataset": "<unset>",
    "modality": "bold",
    "session_id": "pre",
    "subject_id": "16",
    "task_id": "restingstate"
  },
  "dummy_trs": 2,
  "dvars_nstd": 19.57482238160337,
  "dvars_std": 1.074100276793249,
  "dvars_vstd": 0.8817351161181428,
  "efc": 0.39399316132076473,
  "fber": 160560144.0,
  "fd_mean": 0.1123910689171947,
  "fd_num": 11,
  "fd_perc": 4.621848739495798,
  "fwhm_avg": 2.0002169787298594,
  "fwhm_x": 1.93015,
  "fwhm_y": 2.19511,
  "fwhm_z": 1.8753909361895784,
  "gcor": 0.00870388,
  "gsr_x": -0.013488720171153545,
  "gsr_y": 0.010867343284189701,
  "provenance": {
    "md5sum": "fe249e4252e4300e4ffa18aaa6e5acfe",
    "settings": {
      "fd_thres": 0.2,
      "testing": false
    },
    "software": "mriqc",
    "version": "0.16.0",
    "webapi_port": null,
    "webapi_url": "https://mriqc.nimh.nih.gov/api/v1"
  },
  "size_t": 238,
  "size_x": 80,
  "size_y": 80,
  "size_z": 36,
  "snr": 5.240884792682375,
  "spacing_tr": 2.0,
  "spacing_x": 3.0,
  "spacing_y": 3.0,
  "spacing_z": 3.299999952316284,
  "spikes_num": 0,
  "summary_bg_k": 61.872583548388576,
  "summary_bg_mad": 3.4364754407581866,
  "summary_bg_mean": 339.8834533691406,
  "summary_bg_median": 2.362760066986084,
  "summary_bg_n": 157510.0,
  "summary_bg_p05": 0.010389905562624337,
  "summary_bg_p95": 2248.7885864257787,
  "summary_bg_stdv": 1444.698486328125,
  "summary_fg_k": 0.7851312469273224,
  "summary_fg_mad": 5607.203038241916,
  "summary_fg_mean": 30989.26171875,
  "summary_fg_median": 30479.94140625,
  "summary_fg_n": 32936.0,
  "summary_fg_p05": 22159.001953125,
  "summary_fg_p95": 40810.181640625,
  "summary_fg_stdv": 5815.71240234375,
  "tsnr": 49.1771125793457
}