{
  "aor": 0.00010166929133858269,
  "aqi": 0.020189725511811023,
  "bids_meta": {
    "AcquisitionNumber": 10,
    "BidsifyVersion": "0.3.7",
    "ConversionSoftware": "dcm2niix",
    "ConversionSoftwareVersion": "v1.0.20190902",
    "EchoTime": 0.02763,
    "EffectiveEchoSpacing": 0.0006333282667071997,
    "ImageComments": "upgrade2017",
    "ImageOrientationPatientDICOM": [
      0.998571,
      -0.000570456,
      -0.053442,
      -0.00662287,
      0.990915,
      -0.134326
    ],
    "InstitutionName": "Spinoza Centre for Neuroimaging, location REC",
    "MagneticFieldStrength": 3,
    "Manufacturer": "Philips",
    "ParallelAcquisitionTechnique": "SENSE",
    "PatientPosition": "HFS",
    "PhilipsRescaleIntercept": 0,
    "PhilipsRescaleSlope": 0.83541,
    "PhilipsScaleSlope": 0.0907986,
    "ProtocolName": "WIPtask-rest_acq-multiband_boldSENSE",
    "ReconMatrixPE": 80,
    "RepetitionTime": 0.761525,
    "SeriesDescription": "ImageMRSERIES",
    "SeriesNumber": 10,
    "TaskName": "restingstate",
    "TotalReadoutTime": 0.024699802401580786,
    "UsePhilipsFloatNotDisplayScaling": 1,
    "acq_id": "mb3",
    "dataset": "<unset>",
    "modality": "bold",
    "session_id": "pre",
    "subject_id": "19",
    "task_id": "restingstate"
  },
  "dummy_trs": 2,
  "dvars_nstd": 40.40347564981075,
  "dvars_std": 1.1658770210094638,
  "dvars_vstd": 0.9990644605835955,
  "efc": 0.42978994548529,
  "fber": 899351808.0,
  "fd_mean": 0.07615258432238894,
  "fd_num": 3,
  "fd_perc": 0.47244094488188976,
  "fwhm_avg": 1.8144059395412058,
  "fwhm_x": 1.76072,
  "fwhm_y": 1.9928466666666667,
  "fwhm_z": 1.6896511519569504,
  "gcor": 0.0147916,
  "gsr_x": -0.011648327112197876,
  "gsr_y": 0.007992219179868698,
  "provenance": {
    "md5sum": "e975623e6de3b03e45bff8a0d550da26",
    "settings": {
      "fd_thres": 0.2,
      "testing": false
    },
    "software": "mriqc",
    "version": "0.16.0",
    "webapi_port": null,
    "webapi_url": "https://mriqc.nimh.nih.gov/api/v1"
  },
  "size_t": 635,
  "size_x": 80,
  "size_y": 80,
  "size_z": 36,
  "snr": 7.5356273207973645,
  "spacing_tr": 0.7615252137184143,
  "spacing_x": 3.0,
  "spacing_y": 3.0,
  "spacing_z": 3.2998054027557373,
  "spikes_num": 0,
  "summary_bg_k": 43.08791798547276,
  "summary_bg_mad": 0.8742865452344513,
  "summary_bg_mean": 283.3403625488281,
  "summary_bg_median": 0.5963277220726013,
  "summary_bg_n": 151597.0,
  "summary_bg_p05": 0.0034248253330588342,
  "summary_bg_p95": 2000.4894775390624,
  "summary_bg_stdv": 1127.5909423828125,
  "summary_fg_k": 1.7912453500832726,
  "summary_fg_mad": 2307.9570281423134,
  "summary_fg_mean": 19235.814453125,
  "summary_fg_median": 19323.884765625,
  "summary_fg_n": 37887.0,
  "summary_fg_p05": 15000.25439453125,
  "summary_fg_p95": 23214.587499999998,
  "summary_fg_stdv": 2564.302734375,
  "tsnr": 41.816165924072266
}