{
  "aor": 0.0033927916666666672,
  "aqi": 0.005422508041666667,
  "bids_meta": {
    "AcquisitionNumber": 3,
    "BidsifyVersion": "0.3.7",
    "ConversionSoftware": "dcm2niix",
    "ConversionSoftwareVersion": "v1.0.20190902",
    "EchoTime": 0.02763,
    "EffectiveEchoSpacing": 0.0006621159151938905,
    "ImageComments": "upgrade2017",
    "ImageOrientationPatientDICOM": [
      0.998571,
      -0.000570456,
      -0.053442,
      -0.00662287,
      0.990915,
      -0.134326
    ],
    "InstitutionName": "Spinoza Centre for Neuroimaging, location REC",
    "MagneticFieldStrength": 3,
    "Manufacturer": "Philips",
    "ParallelAcquisitionTechnique": "SENSE",
    "PatientPosition": "HFS",
    "PhilipsRescaleIntercept": 0,
    "PhilipsRescaleSlope": 0.77338,
    "PhilipsScaleSlope": 0.050922,
    "ProtocolName": "WIPtask-rest_acq-sequential_boldSENSE",
    "ReconMatrixPE": 80,
    "RepetitionTime": 2,
    "SeriesDescription": "ImageMRSERIES",
    "SeriesNumber": 3,
    "TaskName": "restingstate",
    "TotalReadoutTime": 0.025822520692561732,
    "UsePhilipsFloatNotDisplayScaling": 1,
    "acq_id": "seq",
    "dataset": "<unset>",
    "modality": "bold",
    "session_id": "pre",
    "subject_id": "19",
    "task_id": "restingstate"
  },
  "dummy_trs": 0,
  "dvars_nstd": 17.243603594728032,
  "dvars_std": 1.1793053602092045,
  "dvars_vstd": 1.000374313933055,
  "efc": 0.42641216756515166,
  "fber": 303308320.0,
  "fd_mean": 0.0926495642909674,
  "fd_num": 3,
  "fd_perc": 1.25,
  "fwhm_avg": 1.8459772506082703,
  "fwhm_x": 1.7756533333333333,
  "fwhm_y": 1.9956500000000001,
  "fwhm_z": 1.7666284184914771,
  "gcor": 0.0212537,
  "gsr_x": -0.010732071474194527,
  "gsr_y": 0.0090817641466856,
  "provenance": {
    "md5sum": "36a18aa853b65f2f11b26fea74dfb6fe",
    "settings": {
      "fd_thres": 0.2,
      "testing": false
    },
    "software": "mriqc",
    "version": "0.16.0",
    "webapi_port": null,
    "webapi_url": "https://mriqc.nimh.nih.gov/api/v1"
  },
  "size_t": 240,
  "size_x": 80,
  "size_y": 80,
  "size_z": 36,
  "snr": 5.467086517595206,
  "spacing_tr": 2.0,
  "spacing_x": 3.0,
  "spacing_y": 3.0,
  "spacing_z": 3.2998054027557373,
  "spikes_num": 0,
  "summary_bg_k": 47.199422160688364,
  "summary_bg_mad": 2.1562087538952612,
  "summary_bg_mean": 366.251220703125,
  "summary_bg_median": 1.4623627662658691,
  "summary_bg_n": 151101.0,
  "summary_bg_p05": 0.0017533753998577595,
  "summary_bg_p95": 2450.81591796875,
  "summary_bg_stdv": 1470.626953125,
  "summary_fg_k": 2.065189358494215,
  "summary_fg_mad": 4563.414880070746,
  "summary_fg_mean": 28186.896484375,
  "summary_fg_median": 27626.029296875,
  "summary_fg_n": 38304.0,
  "summary_fg_p05": 20954.73134765625,
  "summary_fg_p95": 36656.44531249999,
  "summary_fg_stdv": 5053.087890625,
  "tsnr": 78.17940521240234
}