{
  "bids_meta": {
    "AcquisitionNumber": 2,
    "BidsifyVersion": "0.3.7",
    "ConversionSoftware": "dcm2niix",
    "ConversionSoftwareVersion": "v1.0.20190902",
    "EchoTime": 0.00374,
    "ImageComments": "upgrade2017",
    "ImageOrientationPatientDICOM": [
      0.999647,
      0.0228723,
      -0.0135245,
      -0.0221615,
      0.998475,
      0.0505565
    ],
    "InstitutionName": "Spinoza Centre for Neuroimaging, location REC",
    "MagneticFieldStrength": 3,
    "Manufacturer": "Philips",
    "ParallelAcquisitionTechnique": "SENSE",
    "PatientPosition": "HFS",
    "PhilipsRescaleIntercept": 0,
    "PhilipsRescaleSlope": 11.6305,
    "PhilipsScaleSlope": 0.0051466,
    "ProtocolName": "WIPT1wSENSE",
    "ReconMatrixPE": 240,
    "RepetitionTime": 0.008151,
    "SeriesDescription": "ImageMRSERIES",
    "SeriesNumber": 2,
    "UsePhilipsFloatNotDisplayScaling": 1,
    "dataset": "<unset>",
    "modality": "T1w",
    "session_id": "pre",
    "subject_id": "18"
  },
  "cjv": 0.37690929145514873,
  "cnr": 3.4197700089205445,
  "efc": 0.767697018394586,
  "fber": 361.8059387207031,
  "fwhm_avg": 3.4063699999999995,
  "fwhm_x": 3.3888,
  "fwhm_y": 3.58006,
  "fwhm_z": 3.25025,
  "icvs_csf": 0.19748174729907556,
  "icvs_gm": 0.428199140981263,
  "icvs_wm": 0.3743191117196614,
  "inu_med": 1.5872691869735718,
  "inu_range": 0.48022408485412593,
  "provenance": {
    "md5sum": "9484507f8189c2a48760ba5d29ca92b3",
    "settings": {
      "testing": false
    },
    "software": "mriqc",
    "version": "0.16.0",
    "warnings": {
      "large_rot_frame": true,
      "small_air_mask": true
    },
    "webapi_port": null,
    "webapi_url": "https://mriqc.nimh.nih.gov/api/v1"
  },
  "qi_1": 0.0,
  "qi_2": 0.0002510943888094079,
  "rpve_csf": 30.505039796807036,
  "rpve_gm": 15.295341102238961,
  "rpve_wm": 21.990830649635214,
  "size_x": 240,
  "size_y": 240,
  "size_z": 220,
  "snr_csf": 2.2670930969853678,
  "snr_gm": 6.721770771049461,
  "snr_total": 8.954340680174331,
  "snr_wm": 17.87415817248817,
  "snrd_csf": 15.376499817976121,
  "snrd_gm": 31.63066809527298,
  "snrd_total": 32.51969160292658,
  "snrd_wm": 50.55190689553062,
  "spacing_x": 1.0,
  "spacing_y": 1.0,
  "spacing_z": 1.0,
  "summary_bg_k": 1.2056874853899364,
  "summary_bg_mad": 12.95956057448612,
  "summary_bg_mean": 18.195659637451172,
  "summary_bg_median": 17.468910217285156,
  "summary_bg_n": 79516.0,
  "summary_bg_p05": 0.0,
  "summary_bg_p95": 43.82655048370361,
  "summary_bg_stdv": 13.586283683776855,
  "summary_csf_k": 3.6863725523280877,
  "summary_csf_mad": 149.15947475256212,
  "summary_csf_mean": 286.5048522949219,
  "summary_csf_median": 304.1697692871094,
  "summary_csf_n": 4787.0,
  "summary_csf_p05": 77.21235046386718,
  "summary_csf_p95": 477.0639373779296,
  "summary_csf_stdv": 134.15328979492188,
  "summary_gm_k": 0.08285226123916134,
  "summary_gm_mad": 90.03225039442233,
  "summary_gm_mean": 631.89599609375,
  "summary_gm_median": 625.7011108398438,
  "summary_gm_n": 19175.0,
  "summary_gm_p05": 487.4164733886719,
  "summary_gm_p95": 796.0949279785156,
  "summary_gm_stdv": 93.08332824707031,
  "summary_wm_k": 0.8999101068529063,
  "summary_wm_mad": 51.0410970179095,
  "summary_wm_mean": 997.271240234375,
  "summary_wm_median": 999.9910278320312,
  "summary_wm_n": 184627.0,
  "summary_wm_p05": 900.4838012695313,
  "summary_wm_p95": 1083.0107910156248,
  "summary_wm_stdv": 55.94603729248047,
  "tpm_overlap_csf": 0.1622573584318161,
  "tpm_overlap_gm": 0.45417729020118713,
  "tpm_overlap_wm": 0.5047490000724792,
  "wm2max": 0.7355782196484659
}