{
  "bids_meta": {
    "AcquisitionNumber": 2,
    "BidsifyVersion": "0.3.7",
    "ConversionSoftware": "dcm2niix",
    "ConversionSoftwareVersion": "v1.0.20190902",
    "EchoTime": 0.00379,
    "ImageComments": "Upgrade_2017",
    "ImageOrientationPatientDICOM": [
      0.999101,
      0.0421411,
      -0.00467056,
      -0.0423988,
      0.992559,
      -0.114148
    ],
    "InstitutionName": "Spinoza Centre for Neuroimaging, location REC",
    "InversionTime": 0.9,
    "MagneticFieldStrength": 3,
    "Manufacturer": "Philips",
    "ParallelAcquisitionTechnique": "SENSE",
    "PatientPosition": "HFS",
    "PhilipsRescaleIntercept": 0,
    "PhilipsRescaleSlope": 4.37192,
    "PhilipsScaleSlope": 0.00515075,
    "ProtocolName": "T1w",
    "ReconMatrixPE": 240,
    "RepetitionTime": 0.008237,
    "SeriesDescription": "ImageMRSERIES",
    "SeriesNumber": 2,
    "UsePhilipsFloatNotDisplayScaling": 1,
    "dataset": "<unset>",
    "modality": "T1w",
    "session_id": "post",
    "subject_id": "12"
  },
  "cjv": 0.2680505493831296,
  "cnr": 4.486806005627255,
  "efc": 0.7102280814808057,
  "fber": 8789.83203125,
  "fwhm_avg": 3.584090144105364,
  "fwhm_x": 3.49921,
  "fwhm_y": 3.7886402258205547,
  "fwhm_z": 3.464420206495536,
  "icvs_csf": 0.19224573255470856,
  "icvs_gm": 0.4701815931523388,
  "icvs_wm": 0.3375726742929526,
  "inu_med": 2.52915358543396,
  "inu_range": 0.72443356513977,
  "provenance": {
    "md5sum": "c1fc32d54c4500dd4044867882272267",
    "settings": {
      "testing": false
    },
    "software": "mriqc",
    "version": "0.16.0",
    "warnings": {
      "large_rot_frame": true,
      "small_air_mask": false
    },
    "webapi_port": null,
    "webapi_url": "https://mriqc.nimh.nih.gov/api/v1"
  },
  "qi_1": 0.0,
  "qi_2": 5.3426877722753114e-05,
  "rpve_csf": 32.98351563421056,
  "rpve_gm": 15.390417989749718,
  "rpve_wm": 24.46090395173126,
  "size_x": 240,
  "size_y": 240,
  "size_z": 220,
  "snr_csf": 1.382352835421073,
  "snr_gm": 8.25566730606357,
  "snr_total": 9.29714338130387,
  "snr_wm": 18.25341000242697,
  "snrd_csf": 30.452680273019396,
  "snrd_gm": 88.3264799202302,
  "snrd_total": 89.2325550003216,
  "snrd_wm": 148.91850480771515,
  "spacing_x": 1.0,
  "spacing_y": 0.9999999403953552,
  "spacing_z": 0.9999999403953552,
  "summary_bg_k": 18.409663027614727,
  "summary_bg_mad": 4.399274216762104,
  "summary_bg_mean": 7.197320461273193,
  "summary_bg_median": 5.112302780151367,
  "summary_bg_n": 417018.0,
  "summary_bg_p05": 0.0,
  "summary_bg_p95": 21.787263488769526,
  "summary_bg_stdv": 7.804272651672363,
  "summary_csf_k": 85.70746613315977,
  "summary_csf_mad": 97.45376762760827,
  "summary_csf_mean": 235.1229705810547,
  "summary_csf_median": 204.49130249023438,
  "summary_csf_n": 6111.0,
  "summary_csf_p05": 99.49618911743164,
  "summary_csf_p95": 427.53965759277344,
  "summary_csf_stdv": 147.91778564453125,
  "summary_gm_k": 0.4936761217568377,
  "summary_gm_mad": 65.88784160946197,
  "summary_gm_mean": 598.4954833984375,
  "summary_gm_median": 593.1168212890625,
  "summary_gm_n": 24430.0,
  "summary_gm_p05": 489.0241104125977,
  "summary_gm_p95": 727.799249267578,
  "summary_gm_stdv": 71.84212493896484,
  "summary_wm_k": 2.06874793012706,
  "summary_wm_mad": 43.176174580214436,
  "summary_wm_mean": 993.5225219726562,
  "summary_wm_median": 999.995361328125,
  "summary_wm_n": 150341.0,
  "summary_wm_p05": 886.8236083984375,
  "summary_wm_p95": 1069.1663818359375,
  "summary_wm_stdv": 54.78384780883789,
  "tpm_overlap_csf": 0.17421236634254456,
  "tpm_overlap_gm": 0.47426849603652954,
  "tpm_overlap_wm": 0.5025784969329834,
  "wm2max": 0.6617600388009177
}