{
    "Manufacturer": "Philips",
    "PatientPosition": "HFS",
    "SeriesDescription": "ImageMRSERIES",
    "ProtocolName": "task-rest_acq-sequential_bold",
    "SeriesNumber": 10,
    "AcquisitionNumber": 10,
    "ImageComments": "Upgrade_2017",
    "PhilipsRescaleSlope": 0.81807,
    "PhilipsRescaleIntercept": 0,
    "PhilipsScaleSlope": 0.0214788,
    "UsePhilipsFloatNotDisplayScaling": 1,
    "EchoTime": 0.02763,
    "RepetitionTime": 2,
    "ReconMatrixPE": 80,
    "ImageOrientationPatientDICOM": [
        0.998978,
        0.0451565,
        0.00187993,
        -0.0439657,
        0.98059,
        -0.191076
    ],
    "ConversionSoftware": "dcm2niix",
    "ConversionSoftwareVersion": "v1.0.20190902",
    "BidsifyVersion": "0.3.7",
    "MagneticFieldStrength": 3,
    "ParallelAcquisitionTechnique": "SENSE",
    "InstitutionName": "Spinoza Centre for Neuroimaging, location REC",
    "TaskName": "restingstate"
}