{
  "aor": 0.0005356514913657771,
  "aqi": 0.011273306389324961,
  "bids_meta": {
    "AcquisitionNumber": 10,
    "BidsifyVersion": "0.3.7",
    "ConversionSoftware": "dcm2niix",
    "ConversionSoftwareVersion": "v1.0.20190902",
    "EchoTime": 0.02763,
    "EffectiveEchoSpacing": 0.0006333282667071997,
    "ImageComments": "Upgrade_2017",
    "ImageOrientationPatientDICOM": [
      0.998206,
      0.0462715,
      0.0379867,
      -0.0441063,
      0.997457,
      -0.0559845
    ],
    "InstitutionName": "Spinoza Centre for Neuroimaging, location REC",
    "MagneticFieldStrength": 3,
    "Manufacturer": "Philips",
    "ParallelAcquisitionTechnique": "SENSE",
    "PatientPosition": "HFS",
    "PhilipsRescaleIntercept": 0,
    "PhilipsRescaleSlope": 0.77338,
    "PhilipsScaleSlope": 0.0396464,
    "ProtocolName": "task-rest_acq-multiband_bold",
    "ReconMatrixPE": 80,
    "RepetitionTime": 0.763994,
    "SeriesDescription": "ImageMRSERIES",
    "SeriesNumber": 10,
    "TaskName": "restingstate",
    "TotalReadoutTime": 0.024699802401580786,
    "UsePhilipsFloatNotDisplayScaling": 1,
    "acq_id": "mb3",
    "dataset": "<unset>",
    "modality": "bold",
    "session_id": "post",
    "subject_id": "20",
    "task_id": "restingstate"
  },
  "dummy_trs": 0,
  "dvars_nstd": 18.9823038321541,
  "dvars_std": 1.08936828196541,
  "dvars_vstd": 1.012427624308176,
  "efc": 0.43232550331573133,
  "fber": 175737904.0,
  "fd_mean": 0.10662031832435806,
  "fd_num": 38,
  "fd_perc": 5.965463108320251,
  "fwhm_avg": 2.0786470940590274,
  "fwhm_x": 2.0263166666666668,
  "fwhm_y": 2.3556033333333333,
  "fwhm_z": 1.8540212821770816,
  "gcor": 0.0564962,
  "gsr_x": -0.0062030921690166,
  "gsr_y": 0.007712163496762514,
  "provenance": {
    "md5sum": "52ed7654cd5413637eae2fdce249ee44",
    "settings": {
      "fd_thres": 0.2,
      "testing": false
    },
    "software": "mriqc",
    "version": "0.16.0",
    "webapi_port": null,
    "webapi_url": "https://mriqc.nimh.nih.gov/api/v1"
  },
  "size_t": 637,
  "size_x": 80,
  "size_y": 80,
  "size_z": 36,
  "snr": 8.73177547861205,
  "spacing_tr": 0.7639936804771423,
  "spacing_x": 3.0,
  "spacing_y": 3.0,
  "spacing_z": 3.300123929977417,
  "spikes_num": 0,
  "summary_bg_k": 40.07984377976107,
  "summary_bg_mad": 5.3415347997034335,
  "summary_bg_mean": 771.3030395507812,
  "summary_bg_median": 3.6161587238311768,
  "summary_bg_n": 150870.0,
  "summary_bg_p05": 0.0,
  "summary_bg_p95": 5071.037548828109,
  "summary_bg_stdv": 3087.73876953125,
  "summary_fg_k": 2.624940741737869,
  "summary_fg_mad": 5363.53939062574,
  "summary_fg_mean": 49603.54296875,
  "summary_fg_median": 49950.9765625,
  "summary_fg_n": 38157.0,
  "summary_fg_p05": 40244.878125,
  "summary_fg_p95": 58151.829687499994,
  "summary_fg_stdv": 5720.52294921875,
  "tsnr": 63.51022720336914
}