{
  "bids_meta": {
    "AcquisitionNumber": 2,
    "BidsifyVersion": "0.3.7",
    "ConversionSoftware": "dcm2niix",
    "ConversionSoftwareVersion": "v1.0.20190902",
    "EchoTime": 0.00378,
    "ImageComments": "Upgrade_2017",
    "ImageOrientationPatientDICOM": [
      0.999196,
      0.0400834,
      0.000944331,
      -0.0399572,
      0.993548,
      0.106138
    ],
    "InstitutionName": "Spinoza Centre for Neuroimaging, location REC",
    "InversionTime": 0.9,
    "MagneticFieldStrength": 3,
    "Manufacturer": "Philips",
    "ParallelAcquisitionTechnique": "SENSE",
    "PatientPosition": "HFS",
    "PhilipsRescaleIntercept": 0,
    "PhilipsRescaleSlope": 4.04884,
    "PhilipsScaleSlope": 0.00503177,
    "ProtocolName": "T1w",
    "ReconMatrixPE": 240,
    "RepetitionTime": 0.008224,
    "SeriesDescription": "ImageMRSERIES",
    "SeriesNumber": 2,
    "UsePhilipsFloatNotDisplayScaling": 1,
    "dataset": "<unset>",
    "modality": "T1w",
    "session_id": "post",
    "subject_id": "18"
  },
  "cjv": 0.31380776722692594,
  "cnr": 3.7880170342203816,
  "efc": 0.6965266969861479,
  "fber": 20953.21484375,
  "fwhm_avg": 3.8196763611917066,
  "fwhm_x": 3.7715,
  "fwhm_y": 4.037399518704472,
  "fwhm_z": 3.6501295648706478,
  "icvs_csf": 0.2124946593608102,
  "icvs_gm": 0.42000927508846964,
  "icvs_wm": 0.3674960655507202,
  "inu_med": 0.5506225228309631,
  "inu_range": 0.19602854251861568,
  "provenance": {
    "md5sum": "5e5802e557d4f5cca6438bd328e8d17a",
    "settings": {
      "testing": false
    },
    "software": "mriqc",
    "version": "0.16.0",
    "warnings": {
      "large_rot_frame": true,
      "small_air_mask": false
    },
    "webapi_port": null,
    "webapi_url": "https://mriqc.nimh.nih.gov/api/v1"
  },
  "qi_1": 0.006139089243323741,
  "qi_2": 0.00011780109265603948,
  "rpve_csf": 28.524153723254567,
  "rpve_gm": 15.330410095410954,
  "rpve_wm": 22.07545629850443,
  "size_x": 240,
  "size_y": 240,
  "size_z": 220,
  "snr_csf": 2.20664726314656,
  "snr_gm": 7.616013441322689,
  "snr_total": 11.215358094766676,
  "snr_wm": 23.823413579830774,
  "snrd_csf": 34.442060698178445,
  "snrd_gm": 78.4044190209819,
  "snrd_total": 78.33611413841089,
  "snrd_wm": 122.16186269607232,
  "spacing_x": 1.0,
  "spacing_y": 1.0000001192092896,
  "spacing_z": 1.0000001192092896,
  "summary_bg_k": 3.2779273478984967,
  "summary_bg_mad": 5.362842082212703,
  "summary_bg_mean": 7.595624923706055,
  "summary_bg_median": 3.6171820163726807,
  "summary_bg_n": 377485.0,
  "summary_bg_p05": 0.0,
  "summary_bg_p95": 24.944162750244136,
  "summary_bg_stdv": 8.84603214263916,
  "summary_csf_k": 0.46032006738697584,
  "summary_csf_mad": 157.44477247138923,
  "summary_csf_mean": 289.8812561035156,
  "summary_csf_median": 281.9372253417969,
  "summary_csf_n": 8933.0,
  "summary_csf_p05": 113.60432281494141,
  "summary_csf_p95": 488.03167114257815,
  "summary_csf_stdv": 127.76008605957031,
  "summary_gm_k": 0.48986732435912383,
  "summary_gm_mad": 76.38699817080249,
  "summary_gm_mean": 648.4200439453125,
  "summary_gm_median": 641.8060913085938,
  "summary_gm_n": 24408.0,
  "summary_gm_p05": 519.8490905761719,
  "summary_gm_p95": 801.8371490478514,
  "summary_gm_stdv": 84.26888275146484,
  "summary_wm_k": 1.9972498740453952,
  "summary_wm_mad": 36.01626641768888,
  "summary_wm_mean": 997.9692993164062,
  "summary_wm_median": 999.99755859375,
  "summary_wm_n": 190079.0,
  "summary_wm_p05": 926.0799255371094,
  "summary_wm_p95": 1060.9676391601563,
  "summary_wm_stdv": 41.97529983520508,
  "tpm_overlap_csf": 0.17499321699142456,
  "tpm_overlap_gm": 0.46249639987945557,
  "tpm_overlap_wm": 0.5133574604988098,
  "wm2max": 0.6712693421813143
}