{
  "bids_meta": {
    "AcquisitionNumber": 2,
    "BidsifyVersion": "0.3.7",
    "ConversionSoftware": "dcm2niix",
    "ConversionSoftwareVersion": "v1.0.20190902",
    "EchoTime": 0.00376,
    "ImageComments": "Upgrade_2017",
    "ImageOrientationPatientDICOM": [
      0.999145,
      0.0403026,
      0.00922866,
      -0.0396058,
      0.997022,
      -0.0661689
    ],
    "InstitutionName": "Spinoza Centre for Neuroimaging, location REC",
    "InversionTime": 0.9,
    "MagneticFieldStrength": 3,
    "Manufacturer": "Philips",
    "ParallelAcquisitionTechnique": "SENSE",
    "PatientPosition": "HFS",
    "PhilipsRescaleIntercept": 0,
    "PhilipsRescaleSlope": 4.30452,
    "PhilipsScaleSlope": 0.00503811,
    "ProtocolName": "T1w",
    "ReconMatrixPE": 240,
    "RepetitionTime": 0.008179,
    "SeriesDescription": "ImageMRSERIES",
    "SeriesNumber": 2,
    "UsePhilipsFloatNotDisplayScaling": 1,
    "dataset": "<unset>",
    "modality": "T1w",
    "session_id": "post",
    "subject_id": "04"
  },
  "cjv": 0.3179078415506843,
  "cnr": 3.7700039115920574,
  "efc": 0.7199387082346461,
  "fber": 1912.6002197265625,
  "fwhm_avg": 3.7534130430957027,
  "fwhm_x": 3.7010495588005115,
  "fwhm_y": 3.95617,
  "fwhm_z": 3.603019570486597,
  "icvs_csf": 0.22321831473902023,
  "icvs_gm": 0.41771151644192406,
  "icvs_wm": 0.3590701688190557,
  "inu_med": 2.3871994018554688,
  "inu_range": 0.6703786492347712,
  "provenance": {
    "md5sum": "8f25a1d22b4b717bfa2a9a1638c22c76",
    "settings": {
      "testing": false
    },
    "software": "mriqc",
    "version": "0.16.0",
    "warnings": {
      "large_rot_frame": true,
      "small_air_mask": false
    },
    "webapi_port": null,
    "webapi_url": "https://mriqc.nimh.nih.gov/api/v1"
  },
  "qi_1": 0.0,
  "qi_2": 6.67121225994375e-05,
  "rpve_csf": 25.06931833608842,
  "rpve_gm": 13.990269600317362,
  "rpve_wm": 20.55645800769459,
  "size_x": 240,
  "size_y": 240,
  "size_z": 220,
  "snr_csf": 2.1334615758561766,
  "snr_gm": 7.242587924890368,
  "snr_total": 10.239816562141447,
  "snr_wm": 21.343400185677798,
  "snrd_csf": 25.786246875287567,
  "snrd_gm": 54.92562728698769,
  "snrd_total": 56.10783472598957,
  "snrd_wm": 87.61163001569345,
  "spacing_x": 1.0000001192092896,
  "spacing_y": 1.0,
  "spacing_z": 1.0000001192092896,
  "summary_bg_k": 253.17155450019942,
  "summary_bg_mad": 7.477674587172199,
  "summary_bg_mean": 8.980286598205566,
  "summary_bg_median": 5.467653751373291,
  "summary_bg_n": 385754.0,
  "summary_bg_p05": 0.0,
  "summary_bg_p95": 24.596048736572264,
  "summary_bg_stdv": 10.269683837890625,
  "summary_csf_k": 31.147482801474553,
  "summary_csf_mad": 128.54122323374602,
  "summary_csf_mean": 296.43121337890625,
  "summary_csf_median": 294.3221740722656,
  "summary_csf_n": 10075.0,
  "summary_csf_p05": 110.4332374572754,
  "summary_csf_p95": 476.3455780029295,
  "summary_csf_stdv": 137.94837951660156,
  "summary_gm_k": 0.3750497459049056,
  "summary_gm_mad": 79.2251081976641,
  "summary_gm_mean": 635.1148681640625,
  "summary_gm_median": 626.916748046875,
  "summary_gm_n": 21716.0,
  "summary_gm_p05": 504.39440155029297,
  "summary_gm_p95": 793.4369049072266,
  "summary_gm_stdv": 86.55777740478516,
  "summary_wm_k": 1.608526077800625,
  "summary_wm_mad": 39.37849949445187,
  "summary_wm_mean": 995.4818115234375,
  "summary_wm_median": 999.9921875,
  "summary_wm_n": 209784.0,
  "summary_wm_p05": 909.255581665039,
  "summary_wm_p95": 1062.6637451171875,
  "summary_wm_stdv": 46.852413177490234,
  "tpm_overlap_csf": 0.16351155936717987,
  "tpm_overlap_gm": 0.4402669668197632,
  "tpm_overlap_wm": 0.4894585907459259,
  "wm2max": 0.7467540115680585
}