{
  "aor": 0.00023159055118110236,
  "aqi": 0.010527489669291339,
  "bids_meta": {
    "AcquisitionNumber": 3,
    "BidsifyVersion": "0.3.7",
    "ConversionSoftware": "dcm2niix",
    "ConversionSoftwareVersion": "v1.0.20190902",
    "EchoTime": 0.02763,
    "EffectiveEchoSpacing": 0.0006333282667071997,
    "ImageComments": "Upgrade_2017",
    "ImageOrientationPatientDICOM": [
      0.999843,
      0.00369506,
      -0.0173303,
      -0.00820194,
      0.963446,
      -0.267778
    ],
    "InstitutionName": "Spinoza Centre for Neuroimaging, location REC",
    "MagneticFieldStrength": 3,
    "Manufacturer": "Philips",
    "ParallelAcquisitionTechnique": "SENSE",
    "PatientPosition": "HFS",
    "PhilipsRescaleIntercept": 0,
    "PhilipsRescaleSlope": 0.79463,
    "PhilipsScaleSlope": 0.0441462,
    "ProtocolName": "task-rest_acq-multiband_bold",
    "ReconMatrixPE": 80,
    "RepetitionTime": 0.763994,
    "SeriesDescription": "ImageMRSERIES",
    "SeriesNumber": 3,
    "TaskName": "restingstate",
    "TotalReadoutTime": 0.024699802401580786,
    "UsePhilipsFloatNotDisplayScaling": 1,
    "acq_id": "mb3",
    "dataset": "<unset>",
    "modality": "bold",
    "session_id": "post",
    "subject_id": "05",
    "task_id": "restingstate"
  },
  "dummy_trs": 2,
  "dvars_nstd": 22.221324141435304,
  "dvars_std": 1.1504997564511041,
  "dvars_vstd": 1.0045107748580444,
  "efc": 0.4036929037349921,
  "fber": 757803904.0,
  "fd_mean": 0.16082724210600222,
  "fd_num": 184,
  "fd_perc": 28.976377952755904,
  "fwhm_avg": 1.9043158854832487,
  "fwhm_x": 1.8361133333333333,
  "fwhm_y": 2.16177,
  "fwhm_z": 1.7150643231164129,
  "gcor": 0.0293476,
  "gsr_x": -0.008752048946917057,
  "gsr_y": 0.006212880369275808,
  "provenance": {
    "md5sum": "25a173d6d969703d47613a83bef1ca87",
    "settings": {
      "fd_thres": 0.2,
      "testing": false
    },
    "software": "mriqc",
    "version": "0.16.0",
    "webapi_port": null,
    "webapi_url": "https://mriqc.nimh.nih.gov/api/v1"
  },
  "size_t": 635,
  "size_x": 80,
  "size_y": 80,
  "size_z": 36,
  "snr": 9.336290557223206,
  "spacing_tr": 0.7639936804771423,
  "spacing_x": 3.0,
  "spacing_y": 3.0,
  "spacing_z": 3.2998878955841064,
  "spikes_num": 0,
  "summary_bg_k": 72.9181918266274,
  "summary_bg_mad": 2.3039987764876515,
  "summary_bg_mean": 567.4129638671875,
  "summary_bg_median": 1.5627567768096924,
  "summary_bg_n": 156206.0,
  "summary_bg_p05": 0.004633608157746494,
  "summary_bg_p95": 3124.80859375,
  "summary_bg_stdv": 2637.483642578125,
  "summary_fg_k": 6.135115025226355,
  "summary_fg_mad": 3999.1920732907083,
  "summary_fg_mean": 45565.84375,
  "summary_fg_median": 45966.5703125,
  "summary_fg_n": 33378.0,
  "summary_fg_p05": 37599.2412109375,
  "summary_fg_p95": 52592.04921874999,
  "summary_fg_stdv": 4923.35595703125,
  "tsnr": 72.88623046875
}