{
  "aor": 0.006476958333333333,
  "aqi": 0.0113735245,
  "bids_meta": {
    "AcquisitionNumber": 10,
    "BidsifyVersion": "0.3.7",
    "ConversionSoftware": "dcm2niix",
    "ConversionSoftwareVersion": "v1.0.20190902",
    "EchoTime": 0.02763,
    "EffectiveEchoSpacing": 0.0006621159151938905,
    "ImageComments": "Upgrade_2017",
    "ImageOrientationPatientDICOM": [
      0.999843,
      0.00369506,
      -0.0173303,
      -0.00820194,
      0.963446,
      -0.267778
    ],
    "InstitutionName": "Spinoza Centre for Neuroimaging, location REC",
    "MagneticFieldStrength": 3,
    "Manufacturer": "Philips",
    "ParallelAcquisitionTechnique": "SENSE",
    "PatientPosition": "HFS",
    "PhilipsRescaleIntercept": 0,
    "PhilipsRescaleSlope": 0.73919,
    "PhilipsScaleSlope": 0.0272815,
    "ProtocolName": "task-rest_acq-sequential_bold",
    "ReconMatrixPE": 80,
    "RepetitionTime": 2,
    "SeriesDescription": "ImageMRSERIES",
    "SeriesNumber": 10,
    "TaskName": "restingstate",
    "TotalReadoutTime": 0.025822520692561732,
    "UsePhilipsFloatNotDisplayScaling": 1,
    "acq_id": "seq",
    "dataset": "<unset>",
    "modality": "bold",
    "session_id": "post",
    "subject_id": "05",
    "task_id": "restingstate"
  },
  "dummy_trs": 0,
  "dvars_nstd": 20.38893536849372,
  "dvars_std": 1.1671642076569038,
  "dvars_vstd": 1.051483102677824,
  "efc": 0.4054334479817912,
  "fber": 102691776.0,
  "fd_mean": 0.15497339344301259,
  "fd_num": 53,
  "fd_perc": 22.083333333333332,
  "fwhm_avg": 1.8205740766124485,
  "fwhm_x": 1.7480133333333334,
  "fwhm_y": 2.0335033333333334,
  "fwhm_z": 1.6802055631706787,
  "gcor": 0.0345264,
  "gsr_x": -0.008102331310510635,
  "gsr_y": 0.007950630970299244,
  "provenance": {
    "md5sum": "3086e000d40acdb9c077592dbabeab61",
    "settings": {
      "fd_thres": 0.2,
      "testing": false
    },
    "software": "mriqc",
    "version": "0.16.0",
    "webapi_port": null,
    "webapi_url": "https://mriqc.nimh.nih.gov/api/v1"
  },
  "size_t": 240,
  "size_x": 80,
  "size_y": 80,
  "size_z": 36,
  "snr": 6.659518335834636,
  "spacing_tr": 2.0,
  "spacing_x": 3.0,
  "spacing_y": 3.0,
  "spacing_z": 3.2998878955841064,
  "spikes_num": 6,
  "summary_bg_k": 88.09857802436427,
  "summary_bg_mad": 7.7990303352387125,
  "summary_bg_mean": 732.666259765625,
  "summary_bg_median": 5.381665229797363,
  "summary_bg_n": 155380.0,
  "summary_bg_p05": 0.022986237891018394,
  "summary_bg_p95": 3929.2071777343567,
  "summary_bg_stdv": 3343.4482421875,
  "summary_fg_k": 2.246899221526534,
  "summary_fg_mad": 7672.171118605772,
  "summary_fg_mean": 57614.6484375,
  "summary_fg_median": 56830.76171875,
  "summary_fg_n": 34153.0,
  "summary_fg_p05": 45817.329687499994,
  "summary_fg_p95": 71943.40312499998,
  "summary_fg_stdv": 8533.6396484375,
  "tsnr": 60.1767463684082
}