{
  "aor": 0.0030596296296296296,
  "aqi": 0.006373643259259259,
  "bids_meta": {
    "AcquisitionNumber": 8,
    "BidsifyVersion": "0.3.7",
    "ConversionSoftware": "dcm2niix",
    "ConversionSoftwareVersion": "v1.0.20190902",
    "EchoTime": 0.02763,
    "EffectiveEchoSpacing": 0.0006621159151938905,
    "ImageComments": "Upgrade_2017",
    "ImageOrientationPatientDICOM": [
      0.999843,
      0.00369506,
      -0.0173303,
      -0.00820194,
      0.963446,
      -0.267778
    ],
    "InstitutionName": "Spinoza Centre for Neuroimaging, location REC",
    "MagneticFieldStrength": 3,
    "Manufacturer": "Philips",
    "ParallelAcquisitionTechnique": "SENSE",
    "PatientPosition": "HFS",
    "PhilipsRescaleIntercept": 0,
    "PhilipsRescaleSlope": 0.76777,
    "PhilipsScaleSlope": 0.0256842,
    "ProtocolName": "task-harriri_acq-sequential_bold",
    "ReconMatrixPE": 80,
    "RepetitionTime": 2,
    "SeriesDescription": "ImageMRSERIES",
    "SeriesNumber": 8,
    "TaskName": "emomatching",
    "TotalReadoutTime": 0.025822520692561732,
    "UsePhilipsFloatNotDisplayScaling": 1,
    "acq_id": "seq",
    "dataset": "<unset>",
    "modality": "bold",
    "session_id": "post",
    "subject_id": "05",
    "task_id": "emomatching"
  },
  "dummy_trs": 0,
  "dvars_nstd": 17.927138172164184,
  "dvars_std": 1.1195422149253729,
  "dvars_vstd": 1.0013156878358214,
  "efc": 0.40446678561042676,
  "fber": 246342528.0,
  "fd_mean": 0.11663452069122741,
  "fd_num": 10,
  "fd_perc": 7.407407407407407,
  "fwhm_avg": 1.7954872034703655,
  "fwhm_x": 1.7273399999999999,
  "fwhm_y": 1.9971500000000002,
  "fwhm_z": 1.6619716104110962,
  "gcor": 0.0302807,
  "gsr_x": -0.008098951540887356,
  "gsr_y": 0.007684001699090004,
  "provenance": {
    "md5sum": "a010dcd6529866c515938159da78c1b3",
    "settings": {
      "fd_thres": 0.2,
      "testing": false
    },
    "software": "mriqc",
    "version": "0.16.0",
    "webapi_port": null,
    "webapi_url": "https://mriqc.nimh.nih.gov/api/v1"
  },
  "size_t": 135,
  "size_x": 80,
  "size_y": 80,
  "size_z": 36,
  "snr": 6.606529425310045,
  "spacing_tr": 2.0,
  "spacing_x": 3.0,
  "spacing_y": 3.0,
  "spacing_z": 3.2998878955841064,
  "spikes_num": 0,
  "summary_bg_k": 103.34903179715998,
  "summary_bg_mad": 5.215367417554331,
  "summary_bg_mean": 722.8576049804688,
  "summary_bg_median": 3.546663761138916,
  "summary_bg_n": 155460.0,
  "summary_bg_p05": 0.004280804051086308,
  "summary_bg_p95": 3892.283337402342,
  "summary_bg_stdv": 3392.537353515625,
  "summary_fg_k": 2.229680239376263,
  "summary_fg_mad": 7816.079092146931,
  "summary_fg_mean": 58049.63671875,
  "summary_fg_median": 57233.6015625,
  "summary_fg_n": 34184.0,
  "summary_fg_p05": 46037.8375,
  "summary_fg_p95": 72502.5359375,
  "summary_fg_stdv": 8663.060546875,
  "tsnr": 78.67166137695312
}