{
  "bids_meta": {
    "AcquisitionNumber": 2,
    "BidsifyVersion": "0.3.7",
    "ConversionSoftware": "dcm2niix",
    "ConversionSoftwareVersion": "v1.0.20190902",
    "EchoTime": 0.00375,
    "ImageComments": "Upgrade_2017",
    "ImageOrientationPatientDICOM": [
      0.997715,
      0.013019,
      0.0662904,
      -0.00888108,
      0.998016,
      -0.0623379
    ],
    "InstitutionName": "Spinoza Centre for Neuroimaging, location REC",
    "InversionTime": 0.9,
    "MagneticFieldStrength": 3,
    "Manufacturer": "Philips",
    "ParallelAcquisitionTechnique": "SENSE",
    "PatientPosition": "HFS",
    "PhilipsRescaleIntercept": 0,
    "PhilipsRescaleSlope": 3.7851,
    "PhilipsScaleSlope": 0.00517363,
    "ProtocolName": "T1w",
    "ReconMatrixPE": 240,
    "RepetitionTime": 0.008206,
    "SeriesDescription": "ImageMRSERIES",
    "SeriesNumber": 2,
    "UsePhilipsFloatNotDisplayScaling": 1,
    "dataset": "<unset>",
    "modality": "T1w",
    "session_id": "post",
    "subject_id": "03"
  },
  "cjv": 0.2872407616853048,
  "cnr": 4.21182230807477,
  "efc": 0.6956181057199478,
  "fber": 4202.22705078125,
  "fwhm_avg": 3.7964698567418425,
  "fwhm_x": 3.76885,
  "fwhm_y": 4.01535,
  "fwhm_z": 3.6052095702255285,
  "icvs_csf": 0.23289402070641302,
  "icvs_gm": 0.41596852117801886,
  "icvs_wm": 0.35113745811556807,
  "inu_med": 2.5527472496032715,
  "inu_range": 0.5970008373260498,
  "provenance": {
    "md5sum": "da363427cebb48c6d65b8af74a465560",
    "settings": {
      "testing": false
    },
    "software": "mriqc",
    "version": "0.16.0",
    "warnings": {
      "large_rot_frame": true,
      "small_air_mask": false
    },
    "webapi_port": null,
    "webapi_url": "https://mriqc.nimh.nih.gov/api/v1"
  },
  "qi_1": 0.0,
  "qi_2": 8.865309052348277e-05,
  "rpve_csf": 27.975853666677793,
  "rpve_gm": 16.096507123460444,
  "rpve_wm": 23.914522116356753,
  "size_x": 240,
  "size_y": 240,
  "size_z": 220,
  "snr_csf": 2.754257028663852,
  "snr_gm": 8.104174804349931,
  "snr_total": 11.061011673412287,
  "snr_wm": 22.324603187223076,
  "snrd_csf": 28.589717990520203,
  "snrd_gm": 60.282057872225614,
  "snrd_total": 61.852885484861105,
  "snrd_wm": 96.68688059183751,
  "spacing_x": 1.0,
  "spacing_y": 1.0,
  "spacing_z": 1.0000001192092896,
  "summary_bg_k": 154.82690284953557,
  "summary_bg_mad": 6.775825371155419,
  "summary_bg_mean": 7.601419925689697,
  "summary_bg_median": 4.69614315032959,
  "summary_bg_n": 375589.0,
  "summary_bg_p05": 0.0,
  "summary_bg_p95": 21.60796966552734,
  "summary_bg_stdv": 8.183025360107422,
  "summary_csf_k": 0.7187510809069915,
  "summary_csf_mad": 120.94297735476287,
  "summary_csf_mean": 290.8760681152344,
  "summary_csf_median": 295.6925354003906,
  "summary_csf_n": 12659.0,
  "summary_csf_p05": 119.73144683837893,
  "summary_csf_p95": 448.7709991455077,
  "summary_csf_stdv": 107.3541259765625,
  "summary_gm_k": 0.6306637374379545,
  "summary_gm_mad": 69.38087922155515,
  "summary_gm_mean": 628.484619140625,
  "summary_gm_median": 623.4743041992188,
  "summary_gm_n": 18699.0,
  "summary_gm_p05": 509.28082885742185,
  "summary_gm_p95": 764.4987365722657,
  "summary_gm_stdv": 76.93042755126953,
  "summary_wm_k": 1.5765420680593554,
  "summary_wm_mad": 38.7713510822776,
  "summary_wm_mean": 996.7337646484375,
  "summary_wm_median": 999.9954833984375,
  "summary_wm_n": 172023.0,
  "summary_wm_p05": 917.851495361328,
  "summary_wm_p95": 1062.7769653320313,
  "summary_wm_stdv": 44.793296813964844,
  "tpm_overlap_csf": 0.1592731773853302,
  "tpm_overlap_gm": 0.4433155059814453,
  "tpm_overlap_wm": 0.501339852809906,
  "wm2max": 0.7336074210888027
}