{
    "Manufacturer": "Philips",
    "PatientPosition": "HFS",
    "SeriesDescription": "ImageMRSERIES",
    "ProtocolName": "T1w",
    "SeriesNumber": 2,
    "AcquisitionNumber": 2,
    "ImageComments": "Upgrade_2017",
    "PhilipsRescaleSlope": 4.09451,
    "PhilipsRescaleIntercept": 0,
    "PhilipsScaleSlope": 0.00478861,
    "UsePhilipsFloatNotDisplayScaling": 1,
    "EchoTime": 0.00389,
    "RepetitionTime": 0.0084,
    "InversionTime": 0.9,
    "ReconMatrixPE": 240,
    "ImageOrientationPatientDICOM": [
        0.998525,
        0.054231,
        -0.00248574,
        -0.0528548,
        0.960694,
        -0.27253
    ],
    "ConversionSoftware": "dcm2niix",
    "ConversionSoftwareVersion": "v1.0.20190902",
    "BidsifyVersion": "0.3.7",
    "MagneticFieldStrength": 3,
    "ParallelAcquisitionTechnique": "SENSE",
    "InstitutionName": "Spinoza Centre for Neuroimaging, location REC"
}