{
  "aor": 0.00025028257456828883,
  "aqi": 0.009669627912087912,
  "bids_meta": {
    "AcquisitionNumber": 10,
    "BidsifyVersion": "0.3.7",
    "ConversionSoftware": "dcm2niix",
    "ConversionSoftwareVersion": "v1.0.20190902",
    "EchoTime": 0.02763,
    "EffectiveEchoSpacing": 0.0006333282667071997,
    "ImageComments": "Upgrade_2017",
    "ImageOrientationPatientDICOM": [
      0.999101,
      0.0421411,
      -0.00467056,
      -0.0423988,
      0.992559,
      -0.114148
    ],
    "InstitutionName": "Spinoza Centre for Neuroimaging, location REC",
    "MagneticFieldStrength": 3,
    "Manufacturer": "Philips",
    "ParallelAcquisitionTechnique": "SENSE",
    "PatientPosition": "HFS",
    "PhilipsRescaleIntercept": 0,
    "PhilipsRescaleSlope": 0.79463,
    "PhilipsScaleSlope": 0.035296,
    "ProtocolName": "task-rest_acq-multiband_bold",
    "ReconMatrixPE": 80,
    "RepetitionTime": 0.763994,
    "SeriesDescription": "ImageMRSERIES",
    "SeriesNumber": 10,
    "TaskName": "restingstate",
    "TotalReadoutTime": 0.024699802401580786,
    "UsePhilipsFloatNotDisplayScaling": 1,
    "acq_id": "mb3",
    "dataset": "<unset>",
    "modality": "bold",
    "session_id": "post",
    "subject_id": "12",
    "task_id": "restingstate"
  },
  "dummy_trs": 0,
  "dvars_nstd": 17.30225456284594,
  "dvars_std": 1.1209428405817596,
  "dvars_vstd": 1.0020402042452843,
  "efc": 0.38435458964082275,
  "fber": 4320114688.0,
  "fd_mean": 0.08747133812460095,
  "fd_num": 8,
  "fd_perc": 1.2558869701726845,
  "fwhm_avg": 1.975111790126525,
  "fwhm_x": 1.9152666666666667,
  "fwhm_y": 2.2147099999999997,
  "fwhm_z": 1.7953587037129082,
  "gcor": 0.0343635,
  "gsr_x": -0.01342933438718319,
  "gsr_y": 0.0034771596547216177,
  "provenance": {
    "md5sum": "a0b8fadaa53c4d0703800fb74229f863",
    "settings": {
      "fd_thres": 0.2,
      "testing": false
    },
    "software": "mriqc",
    "version": "0.16.0",
    "webapi_port": null,
    "webapi_url": "https://mriqc.nimh.nih.gov/api/v1"
  },
  "size_t": 637,
  "size_x": 80,
  "size_y": 80,
  "size_z": 36,
  "snr": 10.690585339702602,
  "spacing_tr": 0.7639936804771423,
  "spacing_x": 3.0,
  "spacing_y": 3.0,
  "spacing_z": 3.300159454345703,
  "spikes_num": 1,
  "summary_bg_k": 50.64379529147177,
  "summary_bg_mad": 1.2180364464614408,
  "summary_bg_mean": 714.6504516601562,
  "summary_bg_median": 0.8268830180168152,
  "summary_bg_n": 161108.0,
  "summary_bg_p05": 0.0020513929543085397,
  "summary_bg_p95": 4500.944433593747,
  "summary_bg_stdv": 3158.57470703125,
  "summary_fg_k": 4.980561950673136,
  "summary_fg_mad": 4098.899968192668,
  "summary_fg_mean": 54222.90625,
  "summary_fg_median": 54476.734375,
  "summary_fg_n": 29942.0,
  "summary_fg_p05": 45554.9228515625,
  "summary_fg_p95": 61742.473437500004,
  "summary_fg_stdv": 5095.68212890625,
  "tsnr": 86.04025268554688
}