{
  "bids_meta": {
    "AcquisitionNumber": 2,
    "BidsifyVersion": "0.3.7",
    "ConversionSoftware": "dcm2niix",
    "ConversionSoftwareVersion": "v1.0.20190902",
    "EchoTime": 0.00379,
    "ImageComments": "Upgrade2017",
    "ImageOrientationPatientDICOM": [
      0.999841,
      -0.0174182,
      0.00392989,
      0.0178014,
      0.989548,
      -0.1431
    ],
    "InstitutionName": "Spinoza Centre for Neuroimaging, location REC",
    "MagneticFieldStrength": 3,
    "Manufacturer": "Philips",
    "ParallelAcquisitionTechnique": "SENSE",
    "PatientPosition": "HFS",
    "PhilipsRescaleIntercept": 0,
    "PhilipsRescaleSlope": 12.5482,
    "PhilipsScaleSlope": 0.00486891,
    "ProtocolName": "WIPT1wSENSE",
    "ReconMatrixPE": 240,
    "RepetitionTime": 0.008253,
    "SeriesDescription": "ImageMRSERIES",
    "SeriesNumber": 2,
    "UsePhilipsFloatNotDisplayScaling": 1,
    "dataset": "<unset>",
    "modality": "T1w",
    "session_id": "pre",
    "subject_id": "08"
  },
  "cjv": 0.4025573321681853,
  "cnr": 3.271624503378806,
  "efc": 0.7835663248489371,
  "fber": 301.8617248535156,
  "fwhm_avg": 3.360253333333333,
  "fwhm_x": 3.36944,
  "fwhm_y": 3.49181,
  "fwhm_z": 3.21951,
  "icvs_csf": 0.18802574594471835,
  "icvs_gm": 0.42032130907025356,
  "icvs_wm": 0.3916529449850281,
  "inu_med": 1.5240559577941895,
  "inu_range": 0.5384387493133547,
  "provenance": {
    "md5sum": "8ce924ce305916dd74bad4deb744f927",
    "settings": {
      "testing": false
    },
    "software": "mriqc",
    "version": "0.16.0",
    "warnings": {
      "large_rot_frame": true,
      "small_air_mask": true
    },
    "webapi_port": null,
    "webapi_url": "https://mriqc.nimh.nih.gov/api/v1"
  },
  "qi_1": 0.0,
  "qi_2": 0.00012828017750985232,
  "rpve_csf": 26.963852216135724,
  "rpve_gm": 13.097362542865232,
  "rpve_wm": 17.7019311727176,
  "size_x": 240,
  "size_y": 240,
  "size_z": 220,
  "snr_csf": 1.948346843407922,
  "snr_gm": 6.281671036019106,
  "snr_total": 7.930502491679853,
  "snr_wm": 15.56148959561253,
  "snrd_csf": 13.383835739674149,
  "snrd_gm": 28.970869753666484,
  "snrd_total": 29.833243163759818,
  "snrd_wm": 47.14502399793882,
  "spacing_x": 1.0,
  "spacing_y": 1.0,
  "spacing_z": 1.0,
  "summary_bg_k": 1.5541657242085138,
  "summary_bg_mad": 13.896102779608317,
  "summary_bg_mean": 18.333078384399414,
  "summary_bg_median": 18.761857986450195,
  "summary_bg_n": 158525.0,
  "summary_bg_p05": 0.0,
  "summary_bg_p95": 46.8526268005371,
  "summary_bg_stdv": 13.606266021728516,
  "summary_csf_k": 1.554651755767119,
  "summary_csf_mad": 177.20200347573507,
  "summary_csf_mean": 284.42266845703125,
  "summary_csf_median": 283.8846435546875,
  "summary_csf_n": 7077.0,
  "summary_csf_p05": 67.91280670166016,
  "summary_csf_p95": 497.5438415527344,
  "summary_csf_stdv": 145.69509887695312,
  "summary_gm_k": 0.2273254921834158,
  "summary_gm_mad": 95.82113156643408,
  "summary_gm_mean": 620.3604125976562,
  "summary_gm_median": 614.5013427734375,
  "summary_gm_n": 18051.0,
  "summary_gm_p05": 469.7460632324219,
  "summary_gm_p95": 789.19873046875,
  "summary_gm_stdv": 97.82179260253906,
  "summary_wm_k": 0.800886792269925,
  "summary_wm_mad": 59.36155043509414,
  "summary_wm_mean": 997.8206787109375,
  "summary_wm_median": 999.9934692382812,
  "summary_wm_n": 247159.0,
  "summary_wm_p05": 888.9924682617188,
  "summary_wm_p95": 1098.0457885742187,
  "summary_wm_stdv": 64.26065063476562,
  "tpm_overlap_csf": 0.16911189258098602,
  "tpm_overlap_gm": 0.4466361403465271,
  "tpm_overlap_wm": 0.5096856355667114,
  "wm2max": 0.6613969350282486
}