{
  "aor": 0.0002453333333333333,
  "aqi": 0.002520334888888889,
  "bids_meta": {
    "AcquisitionNumber": 8,
    "BidsifyVersion": "0.3.7",
    "ConversionSoftware": "dcm2niix",
    "ConversionSoftwareVersion": "v1.0.20190902",
    "EchoTime": 0.02763,
    "EffectiveEchoSpacing": 0.0006621159151938905,
    "ImageComments": "Upgrade2017",
    "ImageOrientationPatientDICOM": [
      0.998021,
      0.0498332,
      0.038345,
      -0.0348517,
      0.945991,
      -0.322313
    ],
    "InstitutionName": "Spinoza Centre for Neuroimaging, location REC",
    "MagneticFieldStrength": 3,
    "Manufacturer": "Philips",
    "ParallelAcquisitionTechnique": "SENSE",
    "PatientPosition": "HFS",
    "PhilipsRescaleIntercept": 0,
    "PhilipsRescaleSlope": 0.74799,
    "PhilipsScaleSlope": 0.066861,
    "ProtocolName": "WIPtask-harriri_acq-sequential_boldSENSE",
    "ReconMatrixPE": 80,
    "RepetitionTime": 2,
    "SeriesDescription": "ImageMRSERIES",
    "SeriesNumber": 8,
    "TaskName": "emomatching",
    "TotalReadoutTime": 0.025822520692561732,
    "UsePhilipsFloatNotDisplayScaling": 1,
    "acq_id": "seq",
    "dataset": "<unset>",
    "modality": "bold",
    "session_id": "pre",
    "subject_id": "10",
    "task_id": "emomatching"
  },
  "dummy_trs": 0,
  "dvars_nstd": 21.350867798432844,
  "dvars_std": 1.2217252458208963,
  "dvars_vstd": 0.9995872612686568,
  "efc": 0.40349831077286125,
  "fber": 1364187904.0,
  "fd_mean": 0.14039087642615397,
  "fd_num": 19,
  "fd_perc": 14.074074074074074,
  "fwhm_avg": 1.6935308326272664,
  "fwhm_x": 1.6445233333333331,
  "fwhm_y": 1.8405566666666668,
  "fwhm_z": 1.5955124978817992,
  "gcor": 0.0272204,
  "gsr_x": -0.006743969861418009,
  "gsr_y": 0.0037583354860544205,
  "provenance": {
    "md5sum": "b47a8cc5fe40e8bf4256caae36bb9ec5",
    "settings": {
      "fd_thres": 0.2,
      "testing": false
    },
    "software": "mriqc",
    "version": "0.16.0",
    "webapi_port": null,
    "webapi_url": "https://mriqc.nimh.nih.gov/api/v1"
  },
  "size_t": 135,
  "size_x": 80,
  "size_y": 80,
  "size_z": 36,
  "snr": 5.623758195698835,
  "spacing_tr": 2.0,
  "spacing_x": 3.0,
  "spacing_y": 3.0,
  "spacing_z": 3.3001747131347656,
  "spikes_num": 0,
  "summary_bg_k": 47.48974433245378,
  "summary_bg_mad": 0.845543063999242,
  "summary_bg_mean": 334.4825439453125,
  "summary_bg_median": 0.5740941762924194,
  "summary_bg_n": 156481.0,
  "summary_bg_p05": 0.0009074770496226847,
  "summary_bg_p95": 2135.061279296875,
  "summary_bg_stdv": 1455.3211669921875,
  "summary_fg_k": 2.8540655585738968,
  "summary_fg_mad": 3700.1306462951766,
  "summary_fg_mean": 22132.57421875,
  "summary_fg_median": 21845.4921875,
  "summary_fg_n": 33352.0,
  "summary_fg_p05": 16713.99111328125,
  "summary_fg_p95": 28234.185644531248,
  "summary_fg_stdv": 3884.4423828125,
  "tsnr": 92.52967834472656
}