{
  "aor": 0.00024533333333333335,
  "aqi": 0.00308463125,
  "bids_meta": {
    "AcquisitionNumber": 10,
    "BidsifyVersion": "0.3.7",
    "ConversionSoftware": "dcm2niix",
    "ConversionSoftwareVersion": "v1.0.20190902",
    "EchoTime": 0.02763,
    "EffectiveEchoSpacing": 0.0006621159151938905,
    "ImageComments": "Upgrade2017",
    "ImageOrientationPatientDICOM": [
      0.998021,
      0.0498332,
      0.038345,
      -0.0348517,
      0.945991,
      -0.322313
    ],
    "InstitutionName": "Spinoza Centre for Neuroimaging, location REC",
    "MagneticFieldStrength": 3,
    "Manufacturer": "Philips",
    "ParallelAcquisitionTechnique": "SENSE",
    "PatientPosition": "HFS",
    "PhilipsRescaleIntercept": 0,
    "PhilipsRescaleSlope": 0.74042,
    "PhilipsScaleSlope": 0.0677228,
    "ProtocolName": "WIPtask-rest_acq-sequential_boldSENSE",
    "ReconMatrixPE": 80,
    "RepetitionTime": 2,
    "SeriesDescription": "ImageMRSERIES",
    "SeriesNumber": 10,
    "TaskName": "restingstate",
    "TotalReadoutTime": 0.025822520692561732,
    "UsePhilipsFloatNotDisplayScaling": 1,
    "acq_id": "seq",
    "dataset": "<unset>",
    "modality": "bold",
    "session_id": "pre",
    "subject_id": "10",
    "task_id": "restingstate"
  },
  "dummy_trs": 0,
  "dvars_nstd": 20.503656403514647,
  "dvars_std": 1.159924783807531,
  "dvars_vstd": 0.9889007802510456,
  "efc": 0.40421435849951687,
  "fber": 2744067840.0,
  "fd_mean": 0.14699149247971985,
  "fd_num": 45,
  "fd_perc": 18.75,
  "fwhm_avg": 1.6815601888226552,
  "fwhm_x": 1.63343,
  "fwhm_y": 1.8250466666666665,
  "fwhm_z": 1.5862038998012995,
  "gcor": 0.0368448,
  "gsr_x": -0.006778877228498459,
  "gsr_y": 0.004188972525298595,
  "provenance": {
    "md5sum": "62c9862760f20eb1e20b292520c123ef",
    "settings": {
      "fd_thres": 0.2,
      "testing": false
    },
    "software": "mriqc",
    "version": "0.16.0",
    "webapi_port": null,
    "webapi_url": "https://mriqc.nimh.nih.gov/api/v1"
  },
  "size_t": 240,
  "size_x": 80,
  "size_y": 80,
  "size_z": 36,
  "snr": 5.682993933737054,
  "spacing_tr": 2.0,
  "spacing_x": 3.0,
  "spacing_y": 3.0,
  "spacing_z": 3.3001747131347656,
  "spikes_num": 0,
  "summary_bg_k": 45.51454627630347,
  "summary_bg_mad": 0.5705672411656132,
  "summary_bg_mean": 339.0087890625,
  "summary_bg_median": 0.3881723880767822,
  "summary_bg_n": 156465.0,
  "summary_bg_p05": 0.0020127057097852233,
  "summary_bg_p95": 2182.3608886718703,
  "summary_bg_stdv": 1453.672119140625,
  "summary_fg_k": 2.862268423878594,
  "summary_fg_mad": 3639.658139595642,
  "summary_fg_mean": 22009.68359375,
  "summary_fg_median": 21743.982421875,
  "summary_fg_n": 33355.0,
  "summary_fg_p05": 16649.764453125,
  "summary_fg_p95": 27988.10390625,
  "summary_fg_stdv": 3826.091796875,
  "tsnr": 85.73562622070312
}