{
    "Manufacturer": "Philips",
    "PatientPosition": "HFS",
    "SeriesDescription": "ImageMRSERIES",
    "ProtocolName": "task-rest_acq-multiband_bold",
    "SeriesNumber": 10,
    "AcquisitionNumber": 10,
    "ImageComments": "Upgrade_2017",
    "PhilipsRescaleSlope": 0.76777,
    "PhilipsRescaleIntercept": 0,
    "PhilipsScaleSlope": 0.038778,
    "UsePhilipsFloatNotDisplayScaling": 1,
    "EchoTime": 0.02763,
    "RepetitionTime": 0.763994,
    "ReconMatrixPE": 80,
    "ImageOrientationPatientDICOM": [
        0.997446,
        0.0694763,
        0.0165547,
        -0.068174,
        0.995263,
        -0.0693055
    ],
    "ConversionSoftware": "dcm2niix",
    "ConversionSoftwareVersion": "v1.0.20190902",
    "BidsifyVersion": "0.3.7",
    "MagneticFieldStrength": 3,
    "ParallelAcquisitionTechnique": "SENSE",
    "InstitutionName": "Spinoza Centre for Neuroimaging, location REC",
    "TaskName": "restingstate"
}