{
    "Manufacturer": "Philips",
    "PatientPosition": "HFS",
    "SeriesDescription": "ImageMRSERIES",
    "ProtocolName": "task-rest_acq-multiband_bold",
    "SeriesNumber": 10,
    "AcquisitionNumber": 10,
    "ImageComments": "Upgrade_2017",
    "PhilipsRescaleSlope": 0.74066,
    "PhilipsRescaleIntercept": 0,
    "PhilipsScaleSlope": 0.0420207,
    "UsePhilipsFloatNotDisplayScaling": 1,
    "EchoTime": 0.02763,
    "RepetitionTime": 0.763994,
    "ReconMatrixPE": 80,
    "ImageOrientationPatientDICOM": [
        0.99762,
        0.0107983,
        0.0680945,
        0.0074872,
        0.96485,
        -0.262696
    ],
    "ConversionSoftware": "dcm2niix",
    "ConversionSoftwareVersion": "v1.0.20190902",
    "BidsifyVersion": "0.3.7",
    "MagneticFieldStrength": 3,
    "ParallelAcquisitionTechnique": "SENSE",
    "InstitutionName": "Spinoza Centre for Neuroimaging, location REC",
    "TaskName": "restingstate"
}