{
  "aor": 0.0008110370370370369,
  "aqi": 0.0037970801481481482,
  "bids_meta": {
    "AcquisitionNumber": 8,
    "BidsifyVersion": "0.3.7",
    "ConversionSoftware": "dcm2niix",
    "ConversionSoftwareVersion": "v1.0.20190902",
    "EchoTime": 0.02763,
    "EffectiveEchoSpacing": 0.0006621159151938905,
    "ImageComments": "Upgrade2017",
    "ImageOrientationPatientDICOM": [
      0.994672,
      -0.0786821,
      0.0666093,
      0.0898221,
      0.97855,
      -0.185398
    ],
    "InstitutionName": "Spinoza Centre for Neuroimaging, location REC",
    "MagneticFieldStrength": 3,
    "Manufacturer": "Philips",
    "ParallelAcquisitionTechnique": "SENSE",
    "PatientPosition": "HFS",
    "PhilipsRescaleIntercept": 0,
    "PhilipsRescaleSlope": 0.84103,
    "PhilipsScaleSlope": 0.058927,
    "ProtocolName": "WIPtask-harriri_acq-sequential_boldSENSE",
    "ReconMatrixPE": 80,
    "RepetitionTime": 2,
    "SeriesDescription": "ImageMRSERIES",
    "SeriesNumber": 8,
    "TaskName": "emomatching",
    "TotalReadoutTime": 0.025822520692561732,
    "UsePhilipsFloatNotDisplayScaling": 1,
    "acq_id": "seq",
    "dataset": "<unset>",
    "modality": "bold",
    "session_id": "pre",
    "subject_id": "05",
    "task_id": "emomatching"
  },
  "dummy_trs": 0,
  "dvars_nstd": 18.94649551134328,
  "dvars_std": 1.1886436686567161,
  "dvars_vstd": 0.9952403982835817,
  "efc": 0.40223114974384544,
  "fber": 283328064.0,
  "fd_mean": 0.08669401119979424,
  "fd_num": 6,
  "fd_perc": 4.444444444444445,
  "fwhm_avg": 1.8000730708124413,
  "fwhm_x": 1.7394965284239032,
  "fwhm_y": 1.9820766666666667,
  "fwhm_z": 1.6786460173467541,
  "gcor": 0.0288081,
  "gsr_x": -0.0073182969354093075,
  "gsr_y": 0.007583725266158581,
  "provenance": {
    "md5sum": "7191014d3cddb614e7a07e187670bad4",
    "settings": {
      "fd_thres": 0.2,
      "testing": false
    },
    "software": "mriqc",
    "version": "0.16.0",
    "webapi_port": null,
    "webapi_url": "https://mriqc.nimh.nih.gov/api/v1"
  },
  "size_t": 135,
  "size_x": 80,
  "size_y": 80,
  "size_z": 36,
  "snr": 5.504603335053374,
  "spacing_tr": 2.0,
  "spacing_x": 3.000000238418579,
  "spacing_y": 3.0,
  "spacing_z": 3.2998082637786865,
  "spikes_num": 0,
  "summary_bg_k": 104.93837891124541,
  "summary_bg_mad": 1.9631108454081878,
  "summary_bg_mean": 299.9059753417969,
  "summary_bg_median": 1.340186357498169,
  "summary_bg_n": 155863.0,
  "summary_bg_p05": 0.003881643572822213,
  "summary_bg_p95": 1619.7880737304686,
  "summary_bg_stdv": 1410.3260498046875,
  "summary_fg_k": 1.8006294132963365,
  "summary_fg_mad": 3811.954181201487,
  "summary_fg_mean": 23674.958984375,
  "summary_fg_median": 23295.8984375,
  "summary_fg_n": 34072.0,
  "summary_fg_p05": 17664.78974609375,
  "summary_fg_p95": 30816.71474609375,
  "summary_fg_stdv": 4232.013671875,
  "tsnr": 82.97388458251953
}