{
    "Manufacturer": "Philips",
    "PatientPosition": "HFS",
    "SeriesDescription": "ImageMRSERIES",
    "ProtocolName": "WIPdwi_acq-sequentialSENSE",
    "SeriesNumber": 5,
    "AcquisitionNumber": 5,
    "ImageComments": "Upgrade2017",
    "PhilipsRescaleSlope": 3.85079,
    "PhilipsRescaleIntercept": 0,
    "PhilipsScaleSlope": 0.0260853,
    "UsePhilipsFloatNotDisplayScaling": 1,
    "EchoTime": 0.08599,
    "RepetitionTime": 7.38463,
    "ReconMatrixPE": 112,
    "ImageOrientationPatientDICOM": [
        0.998878,
        -0.0427983,
        -0.0202972,
        0.0409922,
        0.995763,
        -0.0823181
    ],
    "ConversionSoftware": "dcm2niix",
    "ConversionSoftwareVersion": "v1.0.20190902",
    "BidsifyVersion": "0.3.7",
    "MagneticFieldStrength": 3,
    "ParallelAcquisitionTechnique": "SENSE",
    "InstitutionName": "Spinoza Centre for Neuroimaging, location REC"
}