{
  "aor": 0.0011758333333333334,
  "aqi": 0.00825369075,
  "bids_meta": {
    "AcquisitionNumber": 10,
    "BidsifyVersion": "0.3.7",
    "ConversionSoftware": "dcm2niix",
    "ConversionSoftwareVersion": "v1.0.20190902",
    "EchoTime": 0.02763,
    "EffectiveEchoSpacing": 0.0006621159151938905,
    "ImageComments": "Upgrade_2017",
    "ImageOrientationPatientDICOM": [
      0.999157,
      0.0394638,
      -0.0112767,
      -0.040829,
      0.927648,
      -0.371217
    ],
    "InstitutionName": "Spinoza Centre for Neuroimaging, location REC",
    "MagneticFieldStrength": 3,
    "Manufacturer": "Philips",
    "ParallelAcquisitionTechnique": "SENSE",
    "PatientPosition": "HFS",
    "PhilipsRescaleIntercept": 0,
    "PhilipsRescaleSlope": 0.75702,
    "PhilipsScaleSlope": 0.0203319,
    "ProtocolName": "task-rest_acq-sequential_bold",
    "ReconMatrixPE": 80,
    "RepetitionTime": 2,
    "SeriesDescription": "ImageMRSERIES",
    "SeriesNumber": 10,
    "TaskName": "restingstate",
    "TotalReadoutTime": 0.025822520692561732,
    "UsePhilipsFloatNotDisplayScaling": 1,
    "acq_id": "seq",
    "dataset": "<unset>",
    "modality": "bold",
    "session_id": "post",
    "subject_id": "13",
    "task_id": "restingstate"
  },
  "dummy_trs": 0,
  "dvars_nstd": 19.98132036506278,
  "dvars_std": 1.1475500969456074,
  "dvars_vstd": 0.9871495019246864,
  "efc": 0.4101190850356416,
  "fber": 278787008.0,
  "fd_mean": 0.13148298368098915,
  "fd_num": 31,
  "fd_perc": 12.916666666666666,
  "fwhm_avg": 1.9817011199269794,
  "fwhm_x": 1.9439733333333333,
  "fwhm_y": 2.1707966666666665,
  "fwhm_z": 1.8303333597809381,
  "gcor": 0.0365403,
  "gsr_x": -0.00943562388420105,
  "gsr_y": 0.009474687278270721,
  "provenance": {
    "md5sum": "b7367e6aaebe0dbac20aa9f97fa928c2",
    "settings": {
      "fd_thres": 0.2,
      "testing": false
    },
    "software": "mriqc",
    "version": "0.16.0",
    "webapi_port": null,
    "webapi_url": "https://mriqc.nimh.nih.gov/api/v1"
  },
  "size_t": 240,
  "size_x": 80,
  "size_y": 80,
  "size_z": 36,
  "snr": 6.679186646978356,
  "spacing_tr": 2.0,
  "spacing_x": 3.0,
  "spacing_y": 3.0,
  "spacing_z": 3.299999952316284,
  "spikes_num": 0,
  "summary_bg_k": 41.16322527576289,
  "summary_bg_mad": 5.51697221306046,
  "summary_bg_mean": 889.304443359375,
  "summary_bg_median": 3.7431704998016357,
  "summary_bg_n": 154713.0,
  "summary_bg_p05": 0.0,
  "summary_bg_p95": 5412.115722656228,
  "summary_bg_stdv": 3678.482666015625,
  "summary_fg_k": 3.1758621300598096,
  "summary_fg_mad": 8776.692397147697,
  "summary_fg_mean": 68444.5703125,
  "summary_fg_median": 67315.4375,
  "summary_fg_n": 34687.0,
  "summary_fg_p05": 54517.26015625,
  "summary_fg_p95": 85105.76406249999,
  "summary_fg_stdv": 10078.2431640625,
  "tsnr": 74.16858673095703
}