{
  "bids_meta": {
    "AcquisitionNumber": 2,
    "BidsifyVersion": "0.3.7",
    "ConversionSoftware": "dcm2niix",
    "ConversionSoftwareVersion": "v1.0.20190902",
    "EchoTime": 0.0038,
    "ImageComments": "Upgrade2017",
    "ImageOrientationPatientDICOM": [
      0.986968,
      -0.142222,
      0.0752835,
      0.144335,
      0.989253,
      -0.0233798
    ],
    "InstitutionName": "Spinoza Centre for Neuroimaging, location REC",
    "MagneticFieldStrength": 3,
    "Manufacturer": "Philips",
    "ParallelAcquisitionTechnique": "SENSE",
    "PatientPosition": "HFS",
    "PhilipsRescaleIntercept": 0,
    "PhilipsRescaleSlope": 11.8691,
    "PhilipsScaleSlope": 0.00534311,
    "ProtocolName": "WIPT1wSENSE",
    "ReconMatrixPE": 240,
    "RepetitionTime": 0.008254,
    "SeriesDescription": "ImageMRSERIES",
    "SeriesNumber": 2,
    "UsePhilipsFloatNotDisplayScaling": 1,
    "dataset": "<unset>",
    "modality": "T1w",
    "session_id": "pre",
    "subject_id": "06"
  },
  "cjv": 0.4074778388731814,
  "cnr": 3.1158380767967784,
  "efc": 0.777454434787078,
  "fber": 301.4518737792969,
  "fwhm_avg": 3.4062434693406107,
  "fwhm_x": 3.37326,
  "fwhm_y": 3.550950211653126,
  "fwhm_z": 3.294520196368706,
  "icvs_csf": 0.20354840085470682,
  "icvs_gm": 0.41793241551713983,
  "icvs_wm": 0.37851918362815334,
  "inu_med": 0.7736176252365112,
  "inu_range": 0.3066424190998077,
  "provenance": {
    "md5sum": "5e0994912f97751f47d82cc1e75f0d64",
    "settings": {
      "testing": false
    },
    "software": "mriqc",
    "version": "0.16.0",
    "warnings": {
      "large_rot_frame": true,
      "small_air_mask": true
    },
    "webapi_port": null,
    "webapi_url": "https://mriqc.nimh.nih.gov/api/v1"
  },
  "qi_1": 0.0,
  "qi_2": 0.00019672907748038805,
  "rpve_csf": 27.6202183330293,
  "rpve_gm": 14.408545772938924,
  "rpve_wm": 20.3120836791761,
  "size_x": 240,
  "size_y": 240,
  "size_z": 220,
  "snr_csf": 2.4438218176950603,
  "snr_gm": 6.377486601236605,
  "snr_total": 8.687528703760456,
  "snr_wm": 17.241277692349705,
  "snrd_csf": 13.411505621224203,
  "snrd_gm": 26.31653259313183,
  "snrd_total": 27.026072722491687,
  "snrd_wm": 41.350179953119024,
  "spacing_x": 1.0,
  "spacing_y": 0.9999999403953552,
  "spacing_z": 0.9999999403953552,
  "summary_bg_k": 1.3767973838615655,
  "summary_bg_mad": 15.84355229422502,
  "summary_bg_mean": 22.336395263671875,
  "summary_bg_median": 21.364330291748047,
  "summary_bg_n": 98003.0,
  "summary_bg_p05": 0.0,
  "summary_bg_p95": 53.80568771362305,
  "summary_bg_stdv": 17.120405197143555,
  "summary_csf_k": 3.034162060619013,
  "summary_csf_mad": 138.82288501773192,
  "summary_csf_mean": 303.2113037109375,
  "summary_csf_median": 324.3384094238281,
  "summary_csf_n": 7047.0,
  "summary_csf_p05": 85.51604156494142,
  "summary_csf_p95": 490.24993591308595,
  "summary_csf_stdv": 132.70828247070312,
  "summary_gm_k": 0.1524928746567582,
  "summary_gm_mad": 94.79179805596647,
  "summary_gm_mean": 642.687255859375,
  "summary_gm_median": 636.4283447265625,
  "summary_gm_n": 15371.0,
  "summary_gm_p05": 487.3436737060547,
  "summary_gm_p95": 819.9842224121094,
  "summary_gm_stdv": 99.78972625732422,
  "summary_wm_k": 0.8862285081910257,
  "summary_wm_mad": 53.35395285914392,
  "summary_wm_mean": 998.7216796875,
  "summary_wm_median": 999.9959716796875,
  "summary_wm_n": 209057.0,
  "summary_wm_p05": 901.5063110351562,
  "summary_wm_p95": 1090.086767578125,
  "summary_wm_stdv": 57.999969482421875,
  "tpm_overlap_csf": 0.16782915592193604,
  "tpm_overlap_gm": 0.4490180015563965,
  "tpm_overlap_wm": 0.5104630589485168,
  "wm2max": 0.5773724325005571
}