{
    "Manufacturer": "Philips",
    "PatientPosition": "HFS",
    "SeriesDescription": "ImageMRSERIES",
    "ProtocolName": "WIPT1wSENSE",
    "SeriesNumber": 2,
    "AcquisitionNumber": 2,
    "ImageComments": "Upgrade2017",
    "PhilipsRescaleSlope": 13.1158,
    "PhilipsRescaleIntercept": 0,
    "PhilipsScaleSlope": 0.00501403,
    "UsePhilipsFloatNotDisplayScaling": 1,
    "EchoTime": 0.00387,
    "RepetitionTime": 0.008375,
    "ReconMatrixPE": 240,
    "ImageOrientationPatientDICOM": [
        0.999675,
        0.0248072,
        -0.00587744,
        -0.025479,
        0.964284,
        -0.263641
    ],
    "ConversionSoftware": "dcm2niix",
    "ConversionSoftwareVersion": "v1.0.20190902",
    "BidsifyVersion": "0.3.7",
    "MagneticFieldStrength": 3,
    "ParallelAcquisitionTechnique": "SENSE",
    "InstitutionName": "Spinoza Centre for Neuroimaging, location REC"
}