{
    "Manufacturer": "Philips",
    "PatientPosition": "HFS",
    "SeriesDescription": "ImageMRSERIES",
    "ProtocolName": "task-rest_acq-sequential_bold",
    "SeriesNumber": 10,
    "AcquisitionNumber": 10,
    "ImageComments": "------",
    "PhilipsRescaleSlope": 0.75629,
    "PhilipsRescaleIntercept": 0,
    "PhilipsScaleSlope": 0.0204681,
    "UsePhilipsFloatNotDisplayScaling": 1,
    "EchoTime": 0.02763,
    "RepetitionTime": 2,
    "ReconMatrixPE": 80,
    "ImageOrientationPatientDICOM": [
        0.999629,
        0.0271739,
        -0.00168314,
        -0.0272238,
        0.998428,
        -0.0489964
    ],
    "ConversionSoftware": "dcm2niix",
    "ConversionSoftwareVersion": "v1.0.20190902",
    "BidsifyVersion": "0.3.7",
    "MagneticFieldStrength": 3,
    "ParallelAcquisitionTechnique": "SENSE",
    "InstitutionName": "Spinoza Centre for Neuroimaging, location REC",
    "TaskName": "restingstate"
}