{
    "Manufacturer": "Philips",
    "PatientPosition": "HFS",
    "SeriesDescription": "ImageMRSERIES",
    "ProtocolName": "task-rest_acq-sequential_bold",
    "SeriesNumber": 3,
    "AcquisitionNumber": 3,
    "ImageComments": "Upgrade_2017",
    "PhilipsRescaleSlope": 0.79878,
    "PhilipsRescaleIntercept": 0,
    "PhilipsScaleSlope": 0.0205544,
    "UsePhilipsFloatNotDisplayScaling": 1,
    "EchoTime": 0.02763,
    "RepetitionTime": 2,
    "ReconMatrixPE": 80,
    "ImageOrientationPatientDICOM": [
        0.998969,
        0.04448,
        0.00910802,
        -0.0450135,
        0.996486,
        0.0706368
    ],
    "ConversionSoftware": "dcm2niix",
    "ConversionSoftwareVersion": "v1.0.20190902",
    "BidsifyVersion": "0.3.7",
    "MagneticFieldStrength": 3,
    "ParallelAcquisitionTechnique": "SENSE",
    "InstitutionName": "Spinoza Centre for Neuroimaging, location REC",
    "TaskName": "restingstate"
}