{
    "Manufacturer": "Philips",
    "PatientPosition": "HFS",
    "SeriesDescription": "ImageMRSERIES",
    "ProtocolName": "T1w",
    "SeriesNumber": 2,
    "AcquisitionNumber": 2,
    "ImageComments": "Upgrade_2017",
    "PhilipsRescaleSlope": 4.21856,
    "PhilipsRescaleIntercept": 0,
    "PhilipsScaleSlope": 0.00491879,
    "UsePhilipsFloatNotDisplayScaling": 1,
    "EchoTime": 0.00377,
    "RepetitionTime": 0.008182,
    "InversionTime": 0.9,
    "ReconMatrixPE": 240,
    "ImageOrientationPatientDICOM": [
        0.997318,
        0.0715559,
        0.0153611,
        -0.0721885,
        0.996348,
        0.0455934
    ],
    "ConversionSoftware": "dcm2niix",
    "ConversionSoftwareVersion": "v1.0.20190902",
    "BidsifyVersion": "0.3.7",
    "MagneticFieldStrength": 3,
    "ParallelAcquisitionTechnique": "SENSE",
    "InstitutionName": "Spinoza Centre for Neuroimaging, location REC"
}