{
    "Manufacturer": "Philips",
    "PatientPosition": "HFS",
    "SeriesDescription": "ImageMRSERIES",
    "ProtocolName": "WIPT1wSENSE",
    "SeriesNumber": 2,
    "AcquisitionNumber": 2,
    "ImageComments": "Upgrade2017",
    "PhilipsRescaleSlope": 11.5976,
    "PhilipsRescaleIntercept": 0,
    "PhilipsScaleSlope": 0.00531056,
    "UsePhilipsFloatNotDisplayScaling": 1,
    "EchoTime": 0.00377,
    "RepetitionTime": 0.008227,
    "ReconMatrixPE": 240,
    "ImageOrientationPatientDICOM": [
        0.999691,
        0.0149359,
        0.0198881,
        -0.0125631,
        0.993344,
        -0.114503
    ],
    "ConversionSoftware": "dcm2niix",
    "ConversionSoftwareVersion": "v1.0.20190902",
    "BidsifyVersion": "0.3.7",
    "MagneticFieldStrength": 3,
    "ParallelAcquisitionTechnique": "SENSE",
    "InstitutionName": "Spinoza Centre for Neuroimaging, location REC"
}