{
  "aor": 0.0002774882260596546,
  "aqi": 0.009056689905808478,
  "bids_meta": {
    "AcquisitionNumber": 10,
    "BidsifyVersion": "0.3.7",
    "ConversionSoftware": "dcm2niix",
    "ConversionSoftwareVersion": "v1.0.20190902",
    "EchoTime": 0.02763,
    "EffectiveEchoSpacing": 0.0006333282667071997,
    "ImageComments": "Upgrade_2017",
    "ImageOrientationPatientDICOM": [
      0.997446,
      0.0694763,
      0.0165547,
      -0.068174,
      0.995263,
      -0.0693055
    ],
    "InstitutionName": "Spinoza Centre for Neuroimaging, location REC",
    "MagneticFieldStrength": 3,
    "Manufacturer": "Philips",
    "ParallelAcquisitionTechnique": "SENSE",
    "PatientPosition": "HFS",
    "PhilipsRescaleIntercept": 0,
    "PhilipsRescaleSlope": 0.76777,
    "PhilipsScaleSlope": 0.038778,
    "ProtocolName": "task-rest_acq-multiband_bold",
    "ReconMatrixPE": 80,
    "RepetitionTime": 0.763994,
    "SeriesDescription": "ImageMRSERIES",
    "SeriesNumber": 10,
    "TaskName": "restingstate",
    "TotalReadoutTime": 0.024699802401580786,
    "UsePhilipsFloatNotDisplayScaling": 1,
    "acq_id": "mb3",
    "dataset": "<unset>",
    "modality": "bold",
    "session_id": "post",
    "subject_id": "14",
    "task_id": "restingstate"
  },
  "dummy_trs": 0,
  "dvars_nstd": 17.080494413050317,
  "dvars_std": 1.088971952452831,
  "dvars_vstd": 1.003211899779874,
  "efc": 0.4220117879758983,
  "fber": 1297856512.0,
  "fd_mean": 0.07395391783411832,
  "fd_num": 1,
  "fd_perc": 0.15698587127158556,
  "fwhm_avg": 1.9851915237284246,
  "fwhm_x": 1.9111833333333335,
  "fwhm_y": 2.26367,
  "fwhm_z": 1.780721237851941,
  "gcor": 0.013968,
  "gsr_x": -0.008693881332874298,
  "gsr_y": 0.004883951973170042,
  "provenance": {
    "md5sum": "17306134b7b13868fe5a8d2cb6e23fcd",
    "settings": {
      "fd_thres": 0.2,
      "testing": false
    },
    "software": "mriqc",
    "version": "0.16.0",
    "webapi_port": null,
    "webapi_url": "https://mriqc.nimh.nih.gov/api/v1"
  },
  "size_t": 637,
  "size_x": 80,
  "size_y": 80,
  "size_z": 36,
  "snr": 10.057767842906559,
  "spacing_tr": 0.7639936804771423,
  "spacing_x": 3.0,
  "spacing_y": 3.0,
  "spacing_z": 3.299999952316284,
  "spikes_num": 0,
  "summary_bg_k": 40.297474818010016,
  "summary_bg_mad": 2.0754052186633176,
  "summary_bg_mean": 698.1028442382812,
  "summary_bg_median": 1.4007103443145752,
  "summary_bg_n": 152822.0,
  "summary_bg_p05": 0.00022852724869153464,
  "summary_bg_p95": 4937.104907226505,
  "summary_bg_stdv": 2718.120849609375,
  "summary_fg_k": 4.080128192898949,
  "summary_fg_mad": 4379.036499096319,
  "summary_fg_mean": 52917.01953125,
  "summary_fg_median": 53443.7109375,
  "summary_fg_n": 36596.0,
  "summary_fg_p05": 43607.453125,
  "summary_fg_p95": 60539.2333984375,
  "summary_fg_stdv": 5313.6025390625,
  "tsnr": 84.80375671386719
}