{
  "bids_meta": {
    "AcquisitionNumber": 2,
    "BidsifyVersion": "0.3.7",
    "ConversionSoftware": "dcm2niix",
    "ConversionSoftwareVersion": "v1.0.20190902",
    "EchoTime": 0.00376,
    "ImageComments": "Upgrade_2017",
    "ImageOrientationPatientDICOM": [
      0.999834,
      0.00275281,
      -0.0180369,
      -0.00471164,
      0.993978,
      -0.109477
    ],
    "InstitutionName": "Spinoza Centre for Neuroimaging, location REC",
    "InversionTime": 0.9,
    "MagneticFieldStrength": 3,
    "Manufacturer": "Philips",
    "ParallelAcquisitionTechnique": "SENSE",
    "PatientPosition": "HFS",
    "PhilipsRescaleIntercept": 0,
    "PhilipsRescaleSlope": 4.30794,
    "PhilipsScaleSlope": 0.00550532,
    "ProtocolName": "T1w",
    "ReconMatrixPE": 240,
    "RepetitionTime": 0.00821,
    "SeriesDescription": "ImageMRSERIES",
    "SeriesNumber": 2,
    "UsePhilipsFloatNotDisplayScaling": 1,
    "dataset": "<unset>",
    "modality": "T1w",
    "session_id": "post",
    "subject_id": "05"
  },
  "cjv": 0.3408437697953223,
  "cnr": 3.5286362646793514,
  "efc": 0.6883961423399038,
  "fber": 7567.0537109375,
  "fwhm_avg": 3.8618265218170653,
  "fwhm_x": 3.80905,
  "fwhm_y": 4.13117,
  "fwhm_z": 3.645259565451197,
  "icvs_csf": 0.22783620643551794,
  "icvs_gm": 0.3941568448614623,
  "icvs_wm": 0.37800694870301976,
  "inu_med": 2.0488550662994385,
  "inu_range": 0.49726890921592704,
  "provenance": {
    "md5sum": "03141e484f04bbce361ee39cb20e9165",
    "settings": {
      "testing": false
    },
    "software": "mriqc",
    "version": "0.16.0",
    "warnings": {
      "large_rot_frame": true,
      "small_air_mask": false
    },
    "webapi_port": null,
    "webapi_url": "https://mriqc.nimh.nih.gov/api/v1"
  },
  "qi_1": 0.0,
  "qi_2": 3.810699584975745e-05,
  "rpve_csf": 27.097898840739717,
  "rpve_gm": 15.738890385811525,
  "rpve_wm": 21.50630734531905,
  "size_x": 240,
  "size_y": 240,
  "size_z": 220,
  "snr_csf": 2.4532485442651426,
  "snr_gm": 7.674304759142313,
  "snr_total": 11.058354786900702,
  "snr_wm": 23.04751105729465,
  "snrd_csf": 26.780387556969146,
  "snrd_gm": 54.56243907005579,
  "snrd_total": 54.72272269329712,
  "snrd_wm": 82.82534145286644,
  "spacing_x": 1.0,
  "spacing_y": 1.0,
  "spacing_z": 1.0000001192092896,
  "summary_bg_k": 61.78785164740607,
  "summary_bg_mad": 7.909774090102064,
  "summary_bg_mean": 8.234822273254395,
  "summary_bg_median": 5.335061550140381,
  "summary_bg_n": 542573.0,
  "summary_bg_p05": 0.0,
  "summary_bg_p95": 27.07406005859375,
  "summary_bg_stdv": 10.05447006225586,
  "summary_csf_k": 8.932547577057557,
  "summary_csf_mad": 135.31996127939533,
  "summary_csf_mean": 317.18402099609375,
  "summary_csf_median": 323.3323974609375,
  "summary_csf_n": 11020.0,
  "summary_csf_p05": 116.55215568542482,
  "summary_csf_p95": 494.6621185302734,
  "summary_csf_stdv": 131.7916717529297,
  "summary_gm_k": 0.6616507729230547,
  "summary_gm_mad": 76.5123732546489,
  "summary_gm_mean": 666.5150756835938,
  "summary_gm_median": 658.7583618164062,
  "summary_gm_n": 15764.0,
  "summary_gm_p05": 537.5606750488282,
  "summary_gm_p95": 822.8123931884764,
  "summary_gm_stdv": 85.83676147460938,
  "summary_wm_k": 1.0113637962008344,
  "summary_wm_mad": 39.79425974182272,
  "summary_wm_mean": 998.7805786132812,
  "summary_wm_median": 999.9898681640625,
  "summary_wm_n": 213939.0,
  "summary_wm_p05": 926.3906555175781,
  "summary_wm_p95": 1066.5829711914062,
  "summary_wm_stdv": 43.388092041015625,
  "tpm_overlap_csf": 0.16893935203552246,
  "tpm_overlap_gm": 0.4391021132469177,
  "tpm_overlap_wm": 0.5118230581283569,
  "wm2max": 0.7408019602444208
}