{
  "bids_meta": {
    "AcquisitionNumber": 2,
    "BidsifyVersion": "0.3.7",
    "ConversionSoftware": "dcm2niix",
    "ConversionSoftwareVersion": "v1.0.20190902",
    "EchoTime": 0.00375,
    "ImageComments": "------",
    "ImageOrientationPatientDICOM": [
      0.999555,
      0.0297775,
      -0.00194128,
      -0.0298407,
      0.997437,
      -0.0650258
    ],
    "InstitutionName": "Spinoza Centre for Neuroimaging, location REC",
    "InversionTime": 0.9,
    "MagneticFieldStrength": 3,
    "Manufacturer": "Philips",
    "ParallelAcquisitionTechnique": "SENSE",
    "PatientPosition": "HFS",
    "PhilipsRescaleIntercept": 0,
    "PhilipsRescaleSlope": 4.1265,
    "PhilipsScaleSlope": 0.00482551,
    "ProtocolName": "T1w",
    "ReconMatrixPE": 240,
    "RepetitionTime": 0.008166,
    "SeriesDescription": "ImageMRSERIES",
    "SeriesNumber": 2,
    "UsePhilipsFloatNotDisplayScaling": 1,
    "dataset": "<unset>",
    "modality": "T1w",
    "session_id": "post",
    "subject_id": "15"
  },
  "cjv": 0.37699850085549325,
  "cnr": 3.3230610210634515,
  "efc": 0.6850766422463832,
  "fber": 10170.4814453125,
  "fwhm_avg": 4.044806666666667,
  "fwhm_x": 3.97126,
  "fwhm_y": 4.31165,
  "fwhm_z": 3.85151,
  "icvs_csf": 0.21243756227333715,
  "icvs_gm": 0.4162453681096142,
  "icvs_wm": 0.37131706961704863,
  "inu_med": 1.8062803745269775,
  "inu_range": 0.5227905392646788,
  "provenance": {
    "md5sum": "ea2fadd34b200305d1cbe9bb1e5a0f90",
    "settings": {
      "testing": false
    },
    "software": "mriqc",
    "version": "0.16.0",
    "warnings": {
      "large_rot_frame": true,
      "small_air_mask": false
    },
    "webapi_port": null,
    "webapi_url": "https://mriqc.nimh.nih.gov/api/v1"
  },
  "qi_1": 0.0,
  "qi_2": 5.6784900834315966e-05,
  "rpve_csf": 25.880549619704873,
  "rpve_gm": 13.95487205979041,
  "rpve_wm": 19.61366921490564,
  "size_x": 240,
  "size_y": 240,
  "size_z": 220,
  "snr_csf": 2.0303233755492283,
  "snr_gm": 7.166123381367477,
  "snr_total": 9.679813030900126,
  "snr_wm": 19.84299233578367,
  "snrd_csf": 43.98234147104319,
  "snrd_gm": 116.42260607763797,
  "snrd_total": 112.93065978809689,
  "snrd_wm": 178.38703181560956,
  "spacing_x": 1.0,
  "spacing_y": 1.0,
  "spacing_z": 1.0,
  "summary_bg_k": 15.481768742313658,
  "summary_bg_mad": 3.6725085550656007,
  "summary_bg_mean": 6.944950103759766,
  "summary_bg_median": 2.47706937789917,
  "summary_bg_n": 627783.0,
  "summary_bg_p05": 0.0,
  "summary_bg_p95": 25.556914138793946,
  "summary_bg_stdv": 9.636990547180176,
  "summary_csf_k": 25.076934047713486,
  "summary_csf_mad": 121.45246350837256,
  "summary_csf_mean": 265.8970947265625,
  "summary_csf_median": 246.55252075195312,
  "summary_csf_n": 14811.0,
  "summary_csf_p05": 110.2430419921875,
  "summary_csf_p95": 456.4933319091797,
  "summary_csf_stdv": 121.43099975585938,
  "summary_gm_k": 0.28358376577050093,
  "summary_gm_mad": 87.20576844282184,
  "summary_gm_mean": 664.703125,
  "summary_gm_median": 652.632080078125,
  "summary_gm_n": 22876.0,
  "summary_gm_p05": 536.3970642089844,
  "summary_gm_p95": 833.9457855224609,
  "summary_gm_stdv": 91.06985473632812,
  "summary_wm_k": 1.2651655880293937,
  "summary_wm_mad": 43.74653845858607,
  "summary_wm_mean": 997.4203491210938,
  "summary_wm_median": 999.987060546875,
  "summary_wm_n": 229595.0,
  "summary_wm_p05": 909.522216796875,
  "summary_wm_p95": 1074.5250854492188,
  "summary_wm_stdv": 50.39486312866211,
  "tpm_overlap_csf": 0.17447736859321594,
  "tpm_overlap_gm": 0.4501585066318512,
  "tpm_overlap_wm": 0.5104798674583435,
  "wm2max": 0.7420841812152813
}