{
  "bids_meta": {
    "AcquisitionNumber": 2,
    "BidsifyVersion": "0.3.7",
    "ConversionSoftware": "dcm2niix",
    "ConversionSoftwareVersion": "v1.0.20190902",
    "EchoTime": 0.00374,
    "ImageComments": "Upgrade2017",
    "ImageOrientationPatientDICOM": [
      0.999571,
      -0.0206756,
      0.0207434,
      0.0195418,
      0.998379,
      0.0534488
    ],
    "InstitutionName": "Spinoza Centre for Neuroimaging, location REC",
    "MagneticFieldStrength": 3,
    "Manufacturer": "Philips",
    "ParallelAcquisitionTechnique": "SENSE",
    "PatientPosition": "HFS",
    "PhilipsRescaleIntercept": 0,
    "PhilipsRescaleSlope": 11.6469,
    "PhilipsScaleSlope": 0.00488411,
    "ProtocolName": "WIPT1wSENSE",
    "ReconMatrixPE": 240,
    "RepetitionTime": 0.008156,
    "SeriesDescription": "ImageMRSERIES",
    "SeriesNumber": 2,
    "UsePhilipsFloatNotDisplayScaling": 1,
    "dataset": "<unset>",
    "modality": "T1w",
    "session_id": "pre",
    "subject_id": "14"
  },
  "cjv": 0.3504548309073158,
  "cnr": 3.601433144570578,
  "efc": 0.7762160925943316,
  "fber": 406.0445556640625,
  "fwhm_avg": 3.4566733333333333,
  "fwhm_x": 3.45423,
  "fwhm_y": 3.59829,
  "fwhm_z": 3.3175,
  "icvs_csf": 0.19520073449912714,
  "icvs_gm": 0.4275512746841545,
  "icvs_wm": 0.3772479908167184,
  "inu_med": 2.323218822479248,
  "inu_range": 0.6357253789901733,
  "provenance": {
    "md5sum": "53198facf928258d13d2d4047fc97e07",
    "settings": {
      "testing": false
    },
    "software": "mriqc",
    "version": "0.16.0",
    "warnings": {
      "large_rot_frame": true,
      "small_air_mask": true
    },
    "webapi_port": null,
    "webapi_url": "https://mriqc.nimh.nih.gov/api/v1"
  },
  "qi_1": 0.0,
  "qi_2": 0.00021110393546894225,
  "rpve_csf": 26.956953507384704,
  "rpve_gm": 13.400382695632484,
  "rpve_wm": 19.05467561033908,
  "size_x": 240,
  "size_y": 240,
  "size_z": 220,
  "snr_csf": 1.9548794390238078,
  "snr_gm": 6.429817096875942,
  "snr_total": 8.944865023478643,
  "snr_wm": 18.449898534536178,
  "snrd_csf": 15.006165355069124,
  "snrd_gm": 33.74686945206648,
  "snrd_total": 34.817026350972064,
  "snrd_wm": 55.698044245780586,
  "spacing_x": 1.0,
  "spacing_y": 1.0,
  "spacing_z": 1.0,
  "summary_bg_k": 111.7797708918178,
  "summary_bg_mad": 11.762128983809077,
  "summary_bg_mean": 13.804798126220703,
  "summary_bg_median": 8.12449836730957,
  "summary_bg_n": 75625.0,
  "summary_bg_p05": 0.0,
  "summary_bg_p95": 32.513719940185545,
  "summary_bg_stdv": 12.586482048034668,
  "summary_csf_k": 20.88034146238347,
  "summary_csf_mad": 142.59014386382802,
  "summary_csf_mean": 267.69256591796875,
  "summary_csf_median": 269.4163513183594,
  "summary_csf_n": 7484.0,
  "summary_csf_p05": 75.92505760192871,
  "summary_csf_p95": 462.1618469238281,
  "summary_csf_stdv": 137.80816650390625,
  "summary_gm_k": 0.23503610989760304,
  "summary_gm_mad": 89.36659964251028,
  "summary_gm_mean": 610.272705078125,
  "summary_gm_median": 605.8815307617188,
  "summary_gm_n": 21682.0,
  "summary_gm_p05": 461.122248840332,
  "summary_gm_p95": 772.914080810547,
  "summary_gm_stdv": 94.2278060913086,
  "summary_wm_k": 1.1067478470734429,
  "summary_wm_mad": 48.74941603746184,
  "summary_wm_mean": 998.4534301757812,
  "summary_wm_median": 999.986572265625,
  "summary_wm_n": 220382.0,
  "summary_wm_p05": 907.5036407470703,
  "summary_wm_p95": 1083.610223388672,
  "summary_wm_stdv": 54.199989318847656,
  "tpm_overlap_csf": 0.17078420519828796,
  "tpm_overlap_gm": 0.4562998116016388,
  "tpm_overlap_wm": 0.5092304944992065,
  "wm2max": 0.7333616982504154
}