{
  "aor": 0.000966875,
  "aqi": 0.0052646857499999995,
  "bids_meta": {
    "AcquisitionNumber": 3,
    "BidsifyVersion": "0.3.7",
    "ConversionSoftware": "dcm2niix",
    "ConversionSoftwareVersion": "v1.0.20190902",
    "EchoTime": 0.02763,
    "EffectiveEchoSpacing": 0.0006621159151938905,
    "ImageComments": "Upgrade_2017",
    "ImageOrientationPatientDICOM": [
      0.998969,
      0.04448,
      0.00910802,
      -0.0450135,
      0.996486,
      0.0706368
    ],
    "InstitutionName": "Spinoza Centre for Neuroimaging, location REC",
    "MagneticFieldStrength": 3,
    "Manufacturer": "Philips",
    "ParallelAcquisitionTechnique": "SENSE",
    "PatientPosition": "HFS",
    "PhilipsRescaleIntercept": 0,
    "PhilipsRescaleSlope": 0.79878,
    "PhilipsScaleSlope": 0.0205544,
    "ProtocolName": "task-rest_acq-sequential_bold",
    "ReconMatrixPE": 80,
    "RepetitionTime": 2,
    "SeriesDescription": "ImageMRSERIES",
    "SeriesNumber": 3,
    "TaskName": "restingstate",
    "TotalReadoutTime": 0.025822520692561732,
    "UsePhilipsFloatNotDisplayScaling": 1,
    "acq_id": "seq",
    "dataset": "<unset>",
    "modality": "bold",
    "session_id": "post",
    "subject_id": "23",
    "task_id": "restingstate"
  },
  "dummy_trs": 0,
  "dvars_nstd": 17.850925505439328,
  "dvars_std": 1.1124325171129712,
  "dvars_vstd": 0.9698610679497907,
  "efc": 0.3964859202334131,
  "fber": 1000838528.0,
  "fd_mean": 0.17187506035759287,
  "fd_num": 70,
  "fd_perc": 29.166666666666668,
  "fwhm_avg": 2.1478736460136854,
  "fwhm_x": 2.0986333333333334,
  "fwhm_y": 2.3414633333333335,
  "fwhm_z": 2.0035242713743884,
  "gcor": 0.0206959,
  "gsr_x": -0.012062665075063705,
  "gsr_y": 0.007214002311229706,
  "provenance": {
    "md5sum": "e865b06d225d84301420a37eb7c71ec6",
    "settings": {
      "fd_thres": 0.2,
      "testing": false
    },
    "software": "mriqc",
    "version": "0.16.0",
    "webapi_port": null,
    "webapi_url": "https://mriqc.nimh.nih.gov/api/v1"
  },
  "size_t": 240,
  "size_x": 80,
  "size_y": 80,
  "size_z": 36,
  "snr": 5.537575393795929,
  "spacing_tr": 2.0,
  "spacing_x": 3.0,
  "spacing_y": 3.0,
  "spacing_z": 3.299999952316284,
  "spikes_num": 0,
  "summary_bg_k": 62.284536800460955,
  "summary_bg_mad": 3.014141078667137,
  "summary_bg_mean": 733.2871704101562,
  "summary_bg_median": 2.0446794033050537,
  "summary_bg_n": 156747.0,
  "summary_bg_p05": 8.814579923637241e-05,
  "summary_bg_p95": 4233.469287109361,
  "summary_bg_stdv": 3342.53466796875,
  "summary_fg_k": 0.8851888325718078,
  "summary_fg_mad": 11511.039452775814,
  "summary_fg_mean": 68375.2109375,
  "summary_fg_median": 67210.4765625,
  "summary_fg_n": 33615.0,
  "summary_fg_p05": 50485.71171875,
  "summary_fg_p95": 89561.32578125,
  "summary_fg_stdv": 12136.986328125,
  "tsnr": 79.6726303100586
}