{
  "aor": 0.00043243328100470954,
  "aqi": 0.010133432794348508,
  "bids_meta": {
    "AcquisitionNumber": 10,
    "BidsifyVersion": "0.3.7",
    "ConversionSoftware": "dcm2niix",
    "ConversionSoftwareVersion": "v1.0.20190902",
    "EchoTime": 0.02763,
    "EffectiveEchoSpacing": 0.0006333282667071997,
    "ImageComments": "Upgrade_2017",
    "ImageOrientationPatientDICOM": [
      0.99762,
      0.0107983,
      0.0680945,
      0.0074872,
      0.96485,
      -0.262696
    ],
    "InstitutionName": "Spinoza Centre for Neuroimaging, location REC",
    "MagneticFieldStrength": 3,
    "Manufacturer": "Philips",
    "ParallelAcquisitionTechnique": "SENSE",
    "PatientPosition": "HFS",
    "PhilipsRescaleIntercept": 0,
    "PhilipsRescaleSlope": 0.74066,
    "PhilipsScaleSlope": 0.0420207,
    "ProtocolName": "task-rest_acq-multiband_bold",
    "ReconMatrixPE": 80,
    "RepetitionTime": 0.763994,
    "SeriesDescription": "ImageMRSERIES",
    "SeriesNumber": 10,
    "TaskName": "restingstate",
    "TotalReadoutTime": 0.024699802401580786,
    "UsePhilipsFloatNotDisplayScaling": 1,
    "acq_id": "mb3",
    "dataset": "<unset>",
    "modality": "bold",
    "session_id": "post",
    "subject_id": "03",
    "task_id": "restingstate"
  },
  "dummy_trs": 0,
  "dvars_nstd": 20.504765267720156,
  "dvars_std": 1.1495880322798742,
  "dvars_vstd": 1.0059844822169797,
  "efc": 0.38257750772310706,
  "fber": 1495132160.0,
  "fd_mean": 0.12504892542662735,
  "fd_num": 88,
  "fd_perc": 13.814756671899529,
  "fwhm_avg": 1.8907837844789483,
  "fwhm_x": 1.8232100000000002,
  "fwhm_y": 2.131953333333333,
  "fwhm_z": 1.7171880201035117,
  "gcor": 0.0287367,
  "gsr_x": -0.014943961054086685,
  "gsr_y": 0.007791067473590374,
  "provenance": {
    "md5sum": "0f82f830059f4dc51516827fccac38ed",
    "settings": {
      "fd_thres": 0.2,
      "testing": false
    },
    "software": "mriqc",
    "version": "0.16.0",
    "webapi_port": null,
    "webapi_url": "https://mriqc.nimh.nih.gov/api/v1"
  },
  "size_t": 637,
  "size_x": 80,
  "size_y": 80,
  "size_z": 36,
  "snr": 10.117406099620172,
  "spacing_tr": 0.7639936804771423,
  "spacing_x": 3.0,
  "spacing_y": 3.0,
  "spacing_z": 3.2998483180999756,
  "spikes_num": 2,
  "summary_bg_k": 63.61555483338991,
  "summary_bg_mad": 1.9054434638898659,
  "summary_bg_mean": 589.4627685546875,
  "summary_bg_median": 1.2852020263671875,
  "summary_bg_n": 160558.0,
  "summary_bg_p05": 0.0,
  "summary_bg_p95": 3717.3694091796833,
  "summary_bg_stdv": 2569.015869140625,
  "summary_fg_k": 5.373414915466622,
  "summary_fg_mad": 4368.249988815199,
  "summary_fg_mean": 52473.55078125,
  "summary_fg_median": 52721.2265625,
  "summary_fg_n": 29599.0,
  "summary_fg_p05": 44145.541015625,
  "summary_fg_p95": 60056.77734375,
  "summary_fg_stdv": 5210.85498046875,
  "tsnr": 77.26425170898438
}