{
  "aor": 0.0033712592592592596,
  "aqi": 0.003573471333333333,
  "bids_meta": {
    "AcquisitionNumber": 8,
    "BidsifyVersion": "0.3.7",
    "ConversionSoftware": "dcm2niix",
    "ConversionSoftwareVersion": "v1.0.20190902",
    "EchoTime": 0.02763,
    "EffectiveEchoSpacing": 0.0006621159151938905,
    "ImageComments": "Upgrade_2017",
    "ImageOrientationPatientDICOM": [
      0.99762,
      0.0107983,
      0.0680945,
      0.0074872,
      0.96485,
      -0.262696
    ],
    "InstitutionName": "Spinoza Centre for Neuroimaging, location REC",
    "MagneticFieldStrength": 3,
    "Manufacturer": "Philips",
    "ParallelAcquisitionTechnique": "SENSE",
    "PatientPosition": "HFS",
    "PhilipsRescaleIntercept": 0,
    "PhilipsRescaleSlope": 0.78144,
    "PhilipsScaleSlope": 0.0225663,
    "ProtocolName": "task-harriri_acq-sequential_bold",
    "ReconMatrixPE": 80,
    "RepetitionTime": 2,
    "SeriesDescription": "ImageMRSERIES",
    "SeriesNumber": 8,
    "TaskName": "emomatching",
    "TotalReadoutTime": 0.025822520692561732,
    "UsePhilipsFloatNotDisplayScaling": 1,
    "acq_id": "seq",
    "dataset": "<unset>",
    "modality": "bold",
    "session_id": "post",
    "subject_id": "03",
    "task_id": "emomatching"
  },
  "dummy_trs": 0,
  "dvars_nstd": 18.297847755074628,
  "dvars_std": 1.1576520347014922,
  "dvars_vstd": 1.0226830273880598,
  "efc": 0.3809404800118361,
  "fber": 267560096.0,
  "fd_mean": 0.13361743800704284,
  "fd_num": 14,
  "fd_perc": 10.37037037037037,
  "fwhm_avg": 1.8088725906284526,
  "fwhm_x": 1.7383066666666667,
  "fwhm_y": 1.9765233333333334,
  "fwhm_z": 1.7117877718853571,
  "gcor": 0.034429,
  "gsr_x": -0.014825132675468922,
  "gsr_y": 0.008047368377447128,
  "provenance": {
    "md5sum": "ecbfd266a553984436a44286e071e4d5",
    "settings": {
      "fd_thres": 0.2,
      "testing": false
    },
    "software": "mriqc",
    "version": "0.16.0",
    "webapi_port": null,
    "webapi_url": "https://mriqc.nimh.nih.gov/api/v1"
  },
  "size_t": 135,
  "size_x": 80,
  "size_y": 80,
  "size_z": 36,
  "snr": 6.654066352733484,
  "spacing_tr": 2.0,
  "spacing_x": 3.0,
  "spacing_y": 3.0,
  "spacing_z": 3.2998483180999756,
  "spikes_num": 0,
  "summary_bg_k": 64.80568048219979,
  "summary_bg_mad": 5.962507015306134,
  "summary_bg_mean": 741.190185546875,
  "summary_bg_median": 4.0917887687683105,
  "summary_bg_n": 160171.0,
  "summary_bg_p05": 0.007087936857715249,
  "summary_bg_p95": 4523.470458984375,
  "summary_bg_stdv": 3271.834228515625,
  "summary_fg_k": 1.04521240219779,
  "summary_fg_mad": 10086.85813223574,
  "summary_fg_mean": 68540.3046875,
  "summary_fg_median": 67795.140625,
  "summary_fg_n": 29884.0,
  "summary_fg_p05": 53835.6310546875,
  "summary_fg_p95": 85531.85351562499,
  "summary_fg_stdv": 10188.357421875,
  "tsnr": 92.18165588378906
}