{
  "bids_meta": {
    "AcquisitionNumber": 2,
    "BidsifyVersion": "0.3.7",
    "ConversionSoftware": "dcm2niix",
    "ConversionSoftwareVersion": "v1.0.20190902",
    "EchoTime": 0.00375,
    "ImageComments": "Upgrade2017",
    "ImageOrientationPatientDICOM": [
      0.998221,
      -0.0402258,
      -0.0440119,
      0.0376499,
      0.997614,
      -0.05787
    ],
    "InstitutionName": "Spinoza Centre for Neuroimaging, location REC",
    "MagneticFieldStrength": 3,
    "Manufacturer": "Philips",
    "ParallelAcquisitionTechnique": "SENSE",
    "PatientPosition": "HFS",
    "PhilipsRescaleIntercept": 0,
    "PhilipsRescaleSlope": 12.3631,
    "PhilipsScaleSlope": 0.00549551,
    "ProtocolName": "WIPT1wSENSE",
    "ReconMatrixPE": 240,
    "RepetitionTime": 0.00819,
    "SeriesDescription": "ImageMRSERIES",
    "SeriesNumber": 2,
    "UsePhilipsFloatNotDisplayScaling": 1,
    "dataset": "<unset>",
    "modality": "T1w",
    "session_id": "pre",
    "subject_id": "22"
  },
  "cjv": 0.37626576086220587,
  "cnr": 3.4621027415015995,
  "efc": 0.7745006866003509,
  "fber": 336.7963562011719,
  "fwhm_avg": 3.4592034652787524,
  "fwhm_x": 3.3981002025425555,
  "fwhm_y": 3.73658,
  "fwhm_z": 3.2429301932937022,
  "icvs_csf": 0.21257509692546692,
  "icvs_gm": 0.40010514398602265,
  "icvs_wm": 0.3873197590885104,
  "inu_med": 1.5066478252410889,
  "inu_range": 0.40808639526367174,
  "provenance": {
    "md5sum": "30326d29bea02da6f87c3461583915d8",
    "settings": {
      "testing": false
    },
    "software": "mriqc",
    "version": "0.16.0",
    "warnings": {
      "large_rot_frame": true,
      "small_air_mask": true
    },
    "webapi_port": null,
    "webapi_url": "https://mriqc.nimh.nih.gov/api/v1"
  },
  "qi_1": 0.0,
  "qi_2": 0.00024878911230285096,
  "rpve_csf": 26.481544232309183,
  "rpve_gm": 14.681007546141412,
  "rpve_wm": 19.578274115144954,
  "size_x": 240,
  "size_y": 240,
  "size_z": 220,
  "snr_csf": 3.322991152285427,
  "snr_gm": 6.850719735072226,
  "snr_total": 9.64381279736475,
  "snr_wm": 18.757727504736597,
  "snrd_csf": 17.137540254483383,
  "snrd_gm": 31.173664610682838,
  "snrd_total": 32.63879948499308,
  "snrd_wm": 49.60519358981303,
  "spacing_x": 0.9999999403953552,
  "spacing_y": 1.0,
  "spacing_z": 0.9999999403953552,
  "summary_bg_k": 219.2107195564197,
  "summary_bg_mad": 13.20681270494693,
  "summary_bg_mean": 19.092758178710938,
  "summary_bg_median": 17.783597946166992,
  "summary_bg_n": 86063.0,
  "summary_bg_p05": 0.0,
  "summary_bg_p95": 44.891338348388665,
  "summary_bg_stdv": 16.1838436126709,
  "summary_csf_k": 1.2923152590222982,
  "summary_csf_mad": 92.60318616285268,
  "summary_csf_mean": 335.8587646484375,
  "summary_csf_median": 345.4735412597656,
  "summary_csf_n": 8291.0,
  "summary_csf_p05": 137.47527313232422,
  "summary_csf_p95": 478.9275817871094,
  "summary_csf_stdv": 103.95835876464844,
  "summary_gm_k": 0.09379626879240144,
  "summary_gm_mad": 89.5409302805688,
  "summary_gm_mean": 631.609619140625,
  "summary_gm_median": 628.426025390625,
  "summary_gm_n": 13776.0,
  "summary_gm_p05": 483.0822525024414,
  "summary_gm_p95": 785.7539520263672,
  "summary_gm_stdv": 91.72805786132812,
  "summary_wm_k": 0.601880486516845,
  "summary_wm_mad": 50.26396152886372,
  "summary_wm_mean": 999.3270263671875,
  "summary_wm_median": 999.9849243164062,
  "summary_wm_n": 225583.0,
  "summary_wm_p05": 911.2677795410157,
  "summary_wm_p95": 1085.1759033203125,
  "summary_wm_stdv": 53.31044006347656,
  "tpm_overlap_csf": 0.1499181091785431,
  "tpm_overlap_gm": 0.4339446723461151,
  "tpm_overlap_wm": 0.5124524235725403,
  "wm2max": 0.7118576573238659
}