{
  "aor": 0.0011909583333333334,
  "aqi": 0.0039326055,
  "bids_meta": {
    "AcquisitionNumber": 3,
    "BidsifyVersion": "0.3.7",
    "ConversionSoftware": "dcm2niix",
    "ConversionSoftwareVersion": "v1.0.20190902",
    "EchoTime": 0.02763,
    "EffectiveEchoSpacing": 0.0006621159151938905,
    "ImageComments": "Upgrade2017",
    "ImageOrientationPatientDICOM": [
      0.999876,
      0.0126179,
      -0.00943376,
      -0.0122164,
      0.999065,
      0.0414709
    ],
    "InstitutionName": "Spinoza Centre for Neuroimaging, location REC",
    "MagneticFieldStrength": 3,
    "Manufacturer": "Philips",
    "ParallelAcquisitionTechnique": "SENSE",
    "PatientPosition": "HFS",
    "PhilipsRescaleIntercept": 0,
    "PhilipsRescaleSlope": 0.75702,
    "PhilipsScaleSlope": 0.0562444,
    "ProtocolName": "WIPtask-rest_acq-sequential_boldSENSE",
    "ReconMatrixPE": 80,
    "RepetitionTime": 2,
    "SeriesDescription": "ImageMRSERIES",
    "SeriesNumber": 3,
    "TaskName": "restingstate",
    "TotalReadoutTime": 0.025822520692561732,
    "UsePhilipsFloatNotDisplayScaling": 1,
    "acq_id": "seq",
    "dataset": "<unset>",
    "modality": "bold",
    "session_id": "pre",
    "subject_id": "23",
    "task_id": "restingstate"
  },
  "dummy_trs": 0,
  "dvars_nstd": 22.601423439414226,
  "dvars_std": 1.2249931404184107,
  "dvars_vstd": 0.9948477492887021,
  "efc": 0.3989484851068486,
  "fber": 484968608.0,
  "fd_mean": 0.19118354460450535,
  "fd_num": 95,
  "fd_perc": 39.583333333333336,
  "fwhm_avg": 1.9708773062684342,
  "fwhm_x": 1.9220366666666668,
  "fwhm_y": 2.1160666666666668,
  "fwhm_z": 1.8745285854719682,
  "gcor": 0.0302346,
  "gsr_x": -0.012347548268735409,
  "gsr_y": 0.007908353582024574,
  "provenance": {
    "md5sum": "4b057e5f43ffc924c62caee3243c16c5",
    "settings": {
      "fd_thres": 0.2,
      "testing": false
    },
    "software": "mriqc",
    "version": "0.16.0",
    "webapi_port": null,
    "webapi_url": "https://mriqc.nimh.nih.gov/api/v1"
  },
  "size_t": 240,
  "size_x": 80,
  "size_y": 80,
  "size_z": 36,
  "snr": 5.04687342508752,
  "spacing_tr": 2.0,
  "spacing_x": 3.0,
  "spacing_y": 3.0,
  "spacing_z": 3.2998483180999756,
  "spikes_num": 2,
  "summary_bg_k": 59.15677034458977,
  "summary_bg_mad": 1.4907469369973985,
  "summary_bg_mean": 292.9244689941406,
  "summary_bg_median": 1.0267729759216309,
  "summary_bg_n": 156391.0,
  "summary_bg_p05": 0.008272681385278702,
  "summary_bg_p95": 1727.9827270507812,
  "summary_bg_stdv": 1329.3067626953125,
  "summary_fg_k": 1.196128565471902,
  "summary_fg_mad": 4487.7066085808465,
  "summary_fg_mean": 24390.609375,
  "summary_fg_median": 23881.125,
  "summary_fg_n": 33875.0,
  "summary_fg_p05": 17508.0125,
  "summary_fg_p95": 32417.600390625,
  "summary_fg_stdv": 4731.79541015625,
  "tsnr": 77.21380615234375
}