{
  "aor": 0.0004267295597484276,
  "aqi": 0.009154140235849057,
  "bids_meta": {
    "AcquisitionNumber": 3,
    "BidsifyVersion": "0.3.7",
    "ConversionSoftware": "dcm2niix",
    "ConversionSoftwareVersion": "v1.0.20190902",
    "EchoTime": 0.02763,
    "EffectiveEchoSpacing": 0.0006333282667071997,
    "ImageComments": "Upgrade_2017",
    "ImageOrientationPatientDICOM": [
      0.999326,
      -0.0135421,
      -0.0341134,
      0.0123841,
      0.999348,
      -0.0339294
    ],
    "InstitutionName": "Spinoza Centre for Neuroimaging, location REC",
    "MagneticFieldStrength": 3,
    "Manufacturer": "Philips",
    "ParallelAcquisitionTechnique": "SENSE",
    "PatientPosition": "HFS",
    "PhilipsRescaleIntercept": 0,
    "PhilipsRescaleSlope": 0.77167,
    "PhilipsScaleSlope": 0.0399318,
    "ProtocolName": "task-rest_acq-multiband_bold",
    "ReconMatrixPE": 80,
    "RepetitionTime": 0.763994,
    "SeriesDescription": "ImageMRSERIES",
    "SeriesNumber": 3,
    "TaskName": "restingstate",
    "TotalReadoutTime": 0.024699802401580786,
    "UsePhilipsFloatNotDisplayScaling": 1,
    "acq_id": "mb3",
    "dataset": "<unset>",
    "modality": "bold",
    "session_id": "post",
    "subject_id": "22",
    "task_id": "restingstate"
  },
  "dummy_trs": 1,
  "dvars_nstd": 19.638346968015735,
  "dvars_std": 1.084505931275592,
  "dvars_vstd": 0.9994873543307089,
  "efc": 0.42571638650601684,
  "fber": 679958272.0,
  "fd_mean": 0.1771343641276016,
  "fd_num": 254,
  "fd_perc": 39.937106918238996,
  "fwhm_avg": 2.0846579667777907,
  "fwhm_x": 2.028916827910489,
  "fwhm_y": 2.3683033333333334,
  "fwhm_z": 1.8567537390895499,
  "gcor": 0.0270186,
  "gsr_x": -0.012445135973393917,
  "gsr_y": 0.011237981729209423,
  "provenance": {
    "md5sum": "db651ec44e01890826d040608332c27a",
    "settings": {
      "fd_thres": 0.2,
      "testing": false
    },
    "software": "mriqc",
    "version": "0.16.0",
    "webapi_port": null,
    "webapi_url": "https://mriqc.nimh.nih.gov/api/v1"
  },
  "size_t": 636,
  "size_x": 80,
  "size_y": 80,
  "size_z": 36,
  "snr": 8.920155531434496,
  "spacing_tr": 0.7639936804771423,
  "spacing_x": 2.999999761581421,
  "spacing_y": 3.0,
  "spacing_z": 3.3001091480255127,
  "spikes_num": 0,
  "summary_bg_k": 57.445456766859294,
  "summary_bg_mad": 2.626459509670199,
  "summary_bg_mean": 684.4243774414062,
  "summary_bg_median": 1.7715200185775757,
  "summary_bg_n": 151574.0,
  "summary_bg_p05": 0.0,
  "summary_bg_p95": 4223.354931640626,
  "summary_bg_stdv": 2919.739990234375,
  "summary_fg_k": 1.490430222819076,
  "summary_fg_mad": 5246.112661788164,
  "summary_fg_mean": 50458.34765625,
  "summary_fg_median": 50496.328125,
  "summary_fg_n": 37246.0,
  "summary_fg_p05": 41274.3115234375,
  "summary_fg_p95": 59531.3017578125,
  "summary_fg_stdv": 5660.8486328125,
  "tsnr": 70.97388458251953
}