{
  "aor": 0.0006188069073783359,
  "aqi": 0.007136367331240189,
  "bids_meta": {
    "AcquisitionNumber": 10,
    "BidsifyVersion": "0.3.7",
    "ConversionSoftware": "dcm2niix",
    "ConversionSoftwareVersion": "v1.0.20190902",
    "EchoTime": 0.02763,
    "EffectiveEchoSpacing": 0.0006333282667071997,
    "ImageComments": "Upgrade_2017",
    "ImageOrientationPatientDICOM": [
      0.999417,
      0.0341247,
      0.000456849,
      -0.0340272,
      0.99741,
      -0.0633653
    ],
    "InstitutionName": "Spinoza Centre for Neuroimaging, location REC",
    "MagneticFieldStrength": 3,
    "Manufacturer": "Philips",
    "ParallelAcquisitionTechnique": "SENSE",
    "PatientPosition": "HFS",
    "PhilipsRescaleIntercept": 0,
    "PhilipsRescaleSlope": 0.76777,
    "PhilipsScaleSlope": 0.0370141,
    "ProtocolName": "task-rest_acq-multiband_bold",
    "ReconMatrixPE": 80,
    "RepetitionTime": 0.763994,
    "SeriesDescription": "ImageMRSERIES",
    "SeriesNumber": 10,
    "TaskName": "restingstate",
    "TotalReadoutTime": 0.024699802401580786,
    "UsePhilipsFloatNotDisplayScaling": 1,
    "acq_id": "mb3",
    "dataset": "<unset>",
    "modality": "bold",
    "session_id": "post",
    "subject_id": "18",
    "task_id": "restingstate"
  },
  "dummy_trs": 0,
  "dvars_nstd": 20.677254004937094,
  "dvars_std": 1.2063194863050315,
  "dvars_vstd": 1.016686928584906,
  "efc": 0.3933370897483983,
  "fber": 2167714048.0,
  "fd_mean": 0.08751833698609855,
  "fd_num": 17,
  "fd_perc": 2.6687598116169546,
  "fwhm_avg": 2.0616947563686,
  "fwhm_x": 2.009236666666667,
  "fwhm_y": 2.3293233333333334,
  "fwhm_z": 1.8465242691057997,
  "gcor": 0.0772134,
  "gsr_x": -0.008475841954350471,
  "gsr_y": 0.0031155094038695097,
  "provenance": {
    "md5sum": "0221ee45d1aef0d70b675a5286a9e17b",
    "settings": {
      "fd_thres": 0.2,
      "testing": false
    },
    "software": "mriqc",
    "version": "0.16.0",
    "webapi_port": null,
    "webapi_url": "https://mriqc.nimh.nih.gov/api/v1"
  },
  "size_t": 637,
  "size_x": 80,
  "size_y": 80,
  "size_z": 36,
  "snr": 8.433068910379843,
  "spacing_tr": 0.7639936804771423,
  "spacing_x": 3.0,
  "spacing_y": 3.0,
  "spacing_z": 3.299999952316284,
  "spikes_num": 3,
  "summary_bg_k": 63.546064840313036,
  "summary_bg_mad": 1.6521833609766101,
  "summary_bg_mean": 565.9080810546875,
  "summary_bg_median": 1.12261164188385,
  "summary_bg_n": 158057.0,
  "summary_bg_p05": 0.0036613625474274164,
  "summary_bg_p95": 3629.9792968749944,
  "summary_bg_stdv": 2558.230224609375,
  "summary_fg_k": 2.402148004109785,
  "summary_fg_mad": 5787.876361523809,
  "summary_fg_mean": 53927.0234375,
  "summary_fg_median": 54299.640625,
  "summary_fg_n": 32506.0,
  "summary_fg_p05": 42932.421875,
  "summary_fg_p95": 63666.630859375,
  "summary_fg_stdv": 6438.79541015625,
  "tsnr": 76.3853759765625
}