{
  "aor": 0.0016911278195488723,
  "aqi": 0.0024744115789473685,
  "bids_meta": {
    "AcquisitionNumber": 8,
    "BidsifyVersion": "0.3.7",
    "ConversionSoftware": "dcm2niix",
    "ConversionSoftwareVersion": "v1.0.20190902",
    "EchoTime": 0.02763,
    "EffectiveEchoSpacing": 0.0006621159151938905,
    "ImageComments": "Upgrade_2017",
    "ImageOrientationPatientDICOM": [
      0.999417,
      0.0341247,
      0.000456849,
      -0.0340272,
      0.99741,
      -0.0633653
    ],
    "InstitutionName": "Spinoza Centre for Neuroimaging, location REC",
    "MagneticFieldStrength": 3,
    "Manufacturer": "Philips",
    "ParallelAcquisitionTechnique": "SENSE",
    "PatientPosition": "HFS",
    "PhilipsRescaleIntercept": 0,
    "PhilipsRescaleSlope": 0.7663,
    "PhilipsScaleSlope": 0.0200841,
    "ProtocolName": "task-harriri_acq-sequential_bold",
    "ReconMatrixPE": 80,
    "RepetitionTime": 2,
    "SeriesDescription": "ImageMRSERIES",
    "SeriesNumber": 8,
    "TaskName": "emomatching",
    "TotalReadoutTime": 0.025822520692561732,
    "UsePhilipsFloatNotDisplayScaling": 1,
    "acq_id": "seq",
    "dataset": "<unset>",
    "modality": "bold",
    "session_id": "post",
    "subject_id": "18",
    "task_id": "emomatching"
  },
  "dummy_trs": 2,
  "dvars_nstd": 14.308485984696967,
  "dvars_std": 1.1116686684090913,
  "dvars_vstd": 1.0112677749999994,
  "efc": 0.3928089618128606,
  "fber": 1834375040.0,
  "fd_mean": 0.09640571439926915,
  "fd_num": 3,
  "fd_perc": 2.255639097744361,
  "fwhm_avg": 1.948130210592485,
  "fwhm_x": 1.9103766666666668,
  "fwhm_y": 2.1542533333333336,
  "fwhm_z": 1.7797606317774546,
  "gcor": 0.042281,
  "gsr_x": -0.008526894263923168,
  "gsr_y": 0.0046737538650631905,
  "provenance": {
    "md5sum": "8a86f6ad381422298968ffb88bdf1ba8",
    "settings": {
      "fd_thres": 0.2,
      "testing": false
    },
    "software": "mriqc",
    "version": "0.16.0",
    "webapi_port": null,
    "webapi_url": "https://mriqc.nimh.nih.gov/api/v1"
  },
  "size_t": 133,
  "size_x": 80,
  "size_y": 80,
  "size_z": 36,
  "snr": 6.11658332638871,
  "spacing_tr": 2.0,
  "spacing_x": 3.0,
  "spacing_y": 3.0,
  "spacing_z": 3.299999952316284,
  "spikes_num": 3,
  "summary_bg_k": 62.24652440657884,
  "summary_bg_mad": 2.330340424185468,
  "summary_bg_mean": 734.2112426757812,
  "summary_bg_median": 1.581641674041748,
  "summary_bg_n": 157600.0,
  "summary_bg_p05": 0.0019384910818189384,
  "summary_bg_p95": 4644.766235351561,
  "summary_bg_stdv": 3337.808349609375,
  "summary_fg_k": 1.4177123106696898,
  "summary_fg_mad": 10879.749165560603,
  "summary_fg_mean": 70874.0859375,
  "summary_fg_median": 70268.984375,
  "summary_fg_n": 32964.0,
  "summary_fg_p05": 53677.955078125,
  "summary_fg_p95": 89546.01406249999,
  "summary_fg_stdv": 11488.099609375,
  "tsnr": 107.15221405029297
}