{
  "aor": 0.0006178333333333333,
  "aqi": 0.0030111472083333333,
  "bids_meta": {
    "AcquisitionNumber": 3,
    "BidsifyVersion": "0.3.7",
    "ConversionSoftware": "dcm2niix",
    "ConversionSoftwareVersion": "v1.0.20190902",
    "EchoTime": 0.02763,
    "EffectiveEchoSpacing": 0.0006621159151938905,
    "ImageComments": "Upgrade_2017",
    "ImageOrientationPatientDICOM": [
      0.999417,
      0.0341247,
      0.000456849,
      -0.0340272,
      0.99741,
      -0.0633653
    ],
    "InstitutionName": "Spinoza Centre for Neuroimaging, location REC",
    "MagneticFieldStrength": 3,
    "Manufacturer": "Philips",
    "ParallelAcquisitionTechnique": "SENSE",
    "PatientPosition": "HFS",
    "PhilipsRescaleIntercept": 0,
    "PhilipsRescaleSlope": 0.78706,
    "PhilipsScaleSlope": 0.0193355,
    "ProtocolName": "task-rest_acq-sequential_bold",
    "ReconMatrixPE": 80,
    "RepetitionTime": 2,
    "SeriesDescription": "ImageMRSERIES",
    "SeriesNumber": 3,
    "TaskName": "restingstate",
    "TotalReadoutTime": 0.025822520692561732,
    "UsePhilipsFloatNotDisplayScaling": 1,
    "acq_id": "seq",
    "dataset": "<unset>",
    "modality": "bold",
    "session_id": "post",
    "subject_id": "18",
    "task_id": "restingstate"
  },
  "dummy_trs": 0,
  "dvars_nstd": 15.088853816025095,
  "dvars_std": 1.1146199050627619,
  "dvars_vstd": 0.991936457656903,
  "efc": 0.39121275578352693,
  "fber": 2584409088.0,
  "fd_mean": 0.10998034197530904,
  "fd_num": 29,
  "fd_perc": 12.083333333333334,
  "fwhm_avg": 1.9475744529419396,
  "fwhm_x": 1.91422,
  "fwhm_y": 2.16427,
  "fwhm_z": 1.764233358825819,
  "gcor": 0.191357,
  "gsr_x": -0.00850419607013464,
  "gsr_y": 0.004506903234869242,
  "provenance": {
    "md5sum": "14671014b323461a105779ff5e32c61b",
    "settings": {
      "fd_thres": 0.2,
      "testing": false
    },
    "software": "mriqc",
    "version": "0.16.0",
    "webapi_port": null,
    "webapi_url": "https://mriqc.nimh.nih.gov/api/v1"
  },
  "size_t": 240,
  "size_x": 80,
  "size_y": 80,
  "size_z": 36,
  "snr": 6.104029819783105,
  "spacing_tr": 2.0,
  "spacing_x": 3.0,
  "spacing_y": 3.0,
  "spacing_z": 3.299999952316284,
  "spikes_num": 3,
  "summary_bg_k": 62.21700778408977,
  "summary_bg_mad": 1.9827897881726704,
  "summary_bg_mean": 732.070068359375,
  "summary_bg_median": 1.3416681289672852,
  "summary_bg_n": 157842.0,
  "summary_bg_p05": 0.0009093412663787604,
  "summary_bg_p95": 4616.354418945307,
  "summary_bg_stdv": 3337.043701171875,
  "summary_fg_k": 1.3195504616863971,
  "summary_fg_mad": 11267.979560164636,
  "summary_fg_mean": 73091.25,
  "summary_fg_median": 72417.8125,
  "summary_fg_n": 32772.0,
  "summary_fg_p05": 55087.1650390625,
  "summary_fg_p95": 92274.73710937498,
  "summary_fg_stdv": 11863.75390625,
  "tsnr": 88.72450256347656
}