{
  "bids_meta": {
    "AcquisitionNumber": 2,
    "BidsifyVersion": "0.3.7",
    "ConversionSoftware": "dcm2niix",
    "ConversionSoftwareVersion": "v1.0.20190902",
    "EchoTime": 0.00377,
    "ImageComments": "upgrade2017",
    "ImageOrientationPatientDICOM": [
      0.998546,
      0.000702903,
      -0.0538976,
      -0.00609985,
      0.994965,
      -0.100034
    ],
    "InstitutionName": "Spinoza Centre for Neuroimaging, location REC",
    "MagneticFieldStrength": 3,
    "Manufacturer": "Philips",
    "ParallelAcquisitionTechnique": "SENSE",
    "PatientPosition": "HFS",
    "PhilipsRescaleIntercept": 0,
    "PhilipsRescaleSlope": 10.2957,
    "PhilipsScaleSlope": 0.00501201,
    "ProtocolName": "WIPT1wSENSE",
    "ReconMatrixPE": 240,
    "RepetitionTime": 0.00824,
    "SeriesDescription": "ImageMRSERIES",
    "SeriesNumber": 2,
    "UsePhilipsFloatNotDisplayScaling": 1,
    "dataset": "<unset>",
    "modality": "T1w",
    "session_id": "pre",
    "subject_id": "19"
  },
  "cjv": 0.35255449561384417,
  "cnr": 3.586553716765874,
  "efc": 0.7789401811648069,
  "fber": 436.1947021484375,
  "fwhm_avg": 3.30002641029798,
  "fwhm_x": 3.299699606645154,
  "fwhm_y": 3.44835,
  "fwhm_z": 3.1520296242487875,
  "icvs_csf": 0.19730237068447373,
  "icvs_gm": 0.4400357969523604,
  "icvs_wm": 0.36266183236316585,
  "inu_med": 2.142784357070923,
  "inu_range": 0.5731445968151092,
  "provenance": {
    "md5sum": "d7b619aeff94bc5155f6d51aa78e1841",
    "settings": {
      "testing": false
    },
    "software": "mriqc",
    "version": "0.16.0",
    "warnings": {
      "large_rot_frame": true,
      "small_air_mask": true
    },
    "webapi_port": null,
    "webapi_url": "https://mriqc.nimh.nih.gov/api/v1"
  },
  "qi_1": 0.0,
  "qi_2": 0.00010699605295745745,
  "rpve_csf": 25.932554387296975,
  "rpve_gm": 12.829826588408075,
  "rpve_wm": 18.993097530372676,
  "size_x": 240,
  "size_y": 240,
  "size_z": 220,
  "snr_csf": 1.613598620101244,
  "snr_gm": 6.594570075568448,
  "snr_total": 8.436415285327847,
  "snr_wm": 17.10107716031385,
  "snrd_csf": 11.356109316430475,
  "snrd_gm": 33.239812715614256,
  "snrd_total": 33.13583145128705,
  "snrd_wm": 54.81157232181643,
  "spacing_x": 1.0000001192092896,
  "spacing_y": 1.0,
  "spacing_z": 1.0000001192092896,
  "summary_bg_k": 6.13962620750573,
  "summary_bg_mad": 11.952369045850828,
  "summary_bg_mean": 16.638042449951172,
  "summary_bg_median": 16.109359741210938,
  "summary_bg_n": 115604.0,
  "summary_bg_p05": 0.0,
  "summary_bg_p95": 40.59638977050781,
  "summary_bg_stdv": 12.873868942260742,
  "summary_csf_k": 13.190625505574921,
  "summary_csf_mad": 123.1760881273292,
  "summary_csf_mean": 227.54644775390625,
  "summary_csf_median": 207.18191528320312,
  "summary_csf_n": 8712.0,
  "summary_csf_p05": 63.750704765319824,
  "summary_csf_p95": 446.54390258789056,
  "summary_csf_stdv": 128.3900604248047,
  "summary_gm_k": 0.6160739283314669,
  "summary_gm_mad": 86.35619502189655,
  "summary_gm_mean": 610.3947143554688,
  "summary_gm_median": 606.4302368164062,
  "summary_gm_n": 14978.0,
  "summary_gm_p05": 467.7484771728516,
  "summary_gm_p95": 769.5651794433593,
  "summary_gm_stdv": 91.9559555053711,
  "summary_wm_k": 1.168798477885149,
  "summary_wm_mad": 52.3941615730978,
  "summary_wm_mean": 998.047119140625,
  "summary_wm_median": 999.9874267578125,
  "summary_wm_n": 218140.0,
  "summary_wm_p05": 899.8981079101562,
  "summary_wm_p95": 1088.8414489746092,
  "summary_wm_stdv": 58.474979400634766,
  "tpm_overlap_csf": 0.16650250554084778,
  "tpm_overlap_gm": 0.44077515602111816,
  "tpm_overlap_wm": 0.5017988681793213,
  "wm2max": 0.6257409366740413
}