{
  "aor": 0.0010028333333333334,
  "aqi": 0.010665724041666666,
  "bids_meta": {
    "AcquisitionNumber": 10,
    "BidsifyVersion": "0.3.7",
    "ConversionSoftware": "dcm2niix",
    "ConversionSoftwareVersion": "v1.0.20190902",
    "EchoTime": 0.02763,
    "EffectiveEchoSpacing": 0.0006621159151938905,
    "ImageComments": "------",
    "ImageOrientationPatientDICOM": [
      0.999629,
      0.0271739,
      -0.00168314,
      -0.0272238,
      0.998428,
      -0.0489964
    ],
    "InstitutionName": "Spinoza Centre for Neuroimaging, location REC",
    "MagneticFieldStrength": 3,
    "Manufacturer": "Philips",
    "ParallelAcquisitionTechnique": "SENSE",
    "PatientPosition": "HFS",
    "PhilipsRescaleIntercept": 0,
    "PhilipsRescaleSlope": 0.75629,
    "PhilipsScaleSlope": 0.0204681,
    "ProtocolName": "task-rest_acq-sequential_bold",
    "ReconMatrixPE": 80,
    "RepetitionTime": 2,
    "SeriesDescription": "ImageMRSERIES",
    "SeriesNumber": 10,
    "TaskName": "restingstate",
    "TotalReadoutTime": 0.025822520692561732,
    "UsePhilipsFloatNotDisplayScaling": 1,
    "acq_id": "seq",
    "dataset": "<unset>",
    "modality": "bold",
    "session_id": "post",
    "subject_id": "15",
    "task_id": "restingstate"
  },
  "dummy_trs": 0,
  "dvars_nstd": 21.26130819125524,
  "dvars_std": 1.1085364213807534,
  "dvars_vstd": 0.9743829277405858,
  "efc": 0.42193883621130607,
  "fber": 73089416.0,
  "fd_mean": 0.24546989883689252,
  "fd_num": 136,
  "fd_perc": 56.666666666666664,
  "fwhm_avg": 2.0237063761214578,
  "fwhm_x": 1.9739366666666667,
  "fwhm_y": 2.21008,
  "fwhm_z": 1.8871024616977063,
  "gcor": 0.100953,
  "gsr_x": -0.01146705076098442,
  "gsr_y": 0.011158117093145847,
  "provenance": {
    "md5sum": "f93aa0b801060421fa6de29281001add",
    "settings": {
      "fd_thres": 0.2,
      "testing": false
    },
    "software": "mriqc",
    "version": "0.16.0",
    "webapi_port": null,
    "webapi_url": "https://mriqc.nimh.nih.gov/api/v1"
  },
  "size_t": 240,
  "size_x": 80,
  "size_y": 80,
  "size_z": 36,
  "snr": 6.244965488855793,
  "spacing_tr": 2.0,
  "spacing_x": 3.0,
  "spacing_y": 3.0,
  "spacing_z": 3.3002500534057617,
  "spikes_num": 0,
  "summary_bg_k": 48.44968096076452,
  "summary_bg_mad": 11.564007733597894,
  "summary_bg_mean": 880.9244995117188,
  "summary_bg_median": 7.7998046875,
  "summary_bg_n": 151800.0,
  "summary_bg_p05": 0.0,
  "summary_bg_p95": 5342.542041015609,
  "summary_bg_stdv": 3575.92919921875,
  "summary_fg_k": 2.2864453785937044,
  "summary_fg_mad": 9735.849161297083,
  "summary_fg_mean": 72001.5546875,
  "summary_fg_median": 70852.875,
  "summary_fg_n": 37842.0,
  "summary_fg_p05": 55935.212109375,
  "summary_fg_p95": 91352.519921875,
  "summary_fg_stdv": 11345.44921875,
  "tsnr": 57.63059997558594
}