{
  "aor": 0.0009587127158555731,
  "aqi": 0.030021948037676608,
  "bids_meta": {
    "AcquisitionNumber": 3,
    "BidsifyVersion": "0.3.7",
    "ConversionSoftware": "dcm2niix",
    "ConversionSoftwareVersion": "v1.0.20190902",
    "EchoTime": 0.02763,
    "EffectiveEchoSpacing": 0.0006333282667071997,
    "ImageComments": "------",
    "ImageOrientationPatientDICOM": [
      0.999629,
      0.0271739,
      -0.00168314,
      -0.0272238,
      0.998428,
      -0.0489964
    ],
    "InstitutionName": "Spinoza Centre for Neuroimaging, location REC",
    "MagneticFieldStrength": 3,
    "Manufacturer": "Philips",
    "ParallelAcquisitionTechnique": "SENSE",
    "PatientPosition": "HFS",
    "PhilipsRescaleIntercept": 0,
    "PhilipsRescaleSlope": 0.76777,
    "PhilipsScaleSlope": 0.0354077,
    "ProtocolName": "task-rest_acq-multiband_bold",
    "ReconMatrixPE": 80,
    "RepetitionTime": 0.763994,
    "SeriesDescription": "ImageMRSERIES",
    "SeriesNumber": 3,
    "TaskName": "restingstate",
    "TotalReadoutTime": 0.024699802401580786,
    "UsePhilipsFloatNotDisplayScaling": 1,
    "acq_id": "mb3",
    "dataset": "<unset>",
    "modality": "bold",
    "session_id": "post",
    "subject_id": "15",
    "task_id": "restingstate"
  },
  "dummy_trs": 0,
  "dvars_nstd": 18.78699395338051,
  "dvars_std": 1.0707163005974847,
  "dvars_vstd": 0.982097700880504,
  "efc": 0.4252880677887778,
  "fber": 21215838.0,
  "fd_mean": 0.14326175420440976,
  "fd_num": 118,
  "fd_perc": 18.524332810047095,
  "fwhm_avg": 2.08828985596756,
  "fwhm_x": 2.0181999999999998,
  "fwhm_y": 2.4173566666666666,
  "fwhm_z": 1.8293129012360128,
  "gcor": 0.06943,
  "gsr_x": -0.011945952661335468,
  "gsr_y": 0.011042822152376175,
  "provenance": {
    "md5sum": "fbf72bfa4348b1d8aa18897c992eb530",
    "settings": {
      "fd_thres": 0.2,
      "testing": false
    },
    "software": "mriqc",
    "version": "0.16.0",
    "webapi_port": null,
    "webapi_url": "https://mriqc.nimh.nih.gov/api/v1"
  },
  "size_t": 637,
  "size_x": 80,
  "size_y": 80,
  "size_z": 36,
  "snr": 9.835101958396834,
  "spacing_tr": 0.7639936804771423,
  "spacing_x": 3.0,
  "spacing_y": 3.0,
  "spacing_z": 3.3002500534057617,
  "spikes_num": 4,
  "summary_bg_k": 53.88422051653257,
  "summary_bg_mad": 17.457065047850115,
  "summary_bg_mean": 744.2740478515625,
  "summary_bg_median": 11.908111572265625,
  "summary_bg_n": 152218.0,
  "summary_bg_p05": 0.04437180887907744,
  "summary_bg_p95": 4376.287451171871,
  "summary_bg_stdv": 2911.111328125,
  "summary_fg_k": 3.231853723349528,
  "summary_fg_mad": 5172.054943549334,
  "summary_fg_mean": 57103.05859375,
  "summary_fg_median": 57317.3828125,
  "summary_fg_n": 37388.0,
  "summary_fg_p05": 47813.206640625,
  "summary_fg_p95": 66018.7296875,
  "summary_fg_stdv": 5827.76025390625,
  "tsnr": 47.23558044433594
}