{
  "aor": 0.0002828100470957614,
  "aqi": 0.023935606279434852,
  "bids_meta": {
    "AcquisitionNumber": 10,
    "BidsifyVersion": "0.3.7",
    "ConversionSoftware": "dcm2niix",
    "ConversionSoftwareVersion": "v1.0.20190902",
    "EchoTime": 0.02763,
    "EffectiveEchoSpacing": 0.0006333282667071997,
    "ImageComments": "Upgrade2017",
    "ImageOrientationPatientDICOM": [
      0.998907,
      -0.0417622,
      -0.0209899,
      0.0404695,
      0.997459,
      -0.058636
    ],
    "InstitutionName": "Spinoza Centre for Neuroimaging, location REC",
    "MagneticFieldStrength": 3,
    "Manufacturer": "Philips",
    "ParallelAcquisitionTechnique": "SENSE",
    "PatientPosition": "HFS",
    "PhilipsRescaleIntercept": 0,
    "PhilipsRescaleSlope": 0.7685,
    "PhilipsScaleSlope": 0.0866712,
    "ProtocolName": "WIPtask-rest_acq-multiband_boldSENSE",
    "ReconMatrixPE": 80,
    "RepetitionTime": 0.760833,
    "SeriesDescription": "ImageMRSERIES",
    "SeriesNumber": 10,
    "TaskName": "restingstate",
    "TotalReadoutTime": 0.024699802401580786,
    "UsePhilipsFloatNotDisplayScaling": 1,
    "acq_id": "mb3",
    "dataset": "<unset>",
    "modality": "bold",
    "session_id": "pre",
    "subject_id": "21",
    "task_id": "restingstate"
  },
  "dummy_trs": 0,
  "dvars_nstd": 44.38444492044029,
  "dvars_std": 1.1395189091981128,
  "dvars_vstd": 1.0042002305345903,
  "efc": 0.42078301827641384,
  "fber": 1522817152.0,
  "fd_mean": 0.0846789883155833,
  "fd_num": 9,
  "fd_perc": 1.41287284144427,
  "fwhm_avg": 1.989792089843009,
  "fwhm_x": 1.9273866666666668,
  "fwhm_y": 2.1907200000000002,
  "fwhm_z": 1.85126960286236,
  "gcor": 0.00818249,
  "gsr_x": -0.014051673002541065,
  "gsr_y": 0.01206454262137413,
  "provenance": {
    "md5sum": "a52153d1a098f776c067801cc71e087c",
    "settings": {
      "fd_thres": 0.2,
      "testing": false
    },
    "software": "mriqc",
    "version": "0.16.0",
    "webapi_port": null,
    "webapi_url": "https://mriqc.nimh.nih.gov/api/v1"
  },
  "size_t": 637,
  "size_x": 80,
  "size_y": 80,
  "size_z": 36,
  "snr": 6.9546763796338995,
  "spacing_tr": 0.7608333230018616,
  "spacing_x": 3.0,
  "spacing_y": 3.0,
  "spacing_z": 3.300124406814575,
  "spikes_num": 0,
  "summary_bg_k": 58.08095962191857,
  "summary_bg_mad": 0.6636266053632944,
  "summary_bg_mean": 225.1838836669922,
  "summary_bg_median": 0.4485023021697998,
  "summary_bg_n": 151977.0,
  "summary_bg_p05": 0.0003728980722371489,
  "summary_bg_p95": 1426.9177978515622,
  "summary_bg_stdv": 935.98095703125,
  "summary_fg_k": 1.550911808901387,
  "summary_fg_mad": 2622.585778432154,
  "summary_fg_mean": 19783.78125,
  "summary_fg_median": 19631.251953125,
  "summary_fg_n": 37012.0,
  "summary_fg_p05": 15638.4623046875,
  "summary_fg_p95": 24574.034375,
  "summary_fg_stdv": 2822.703125,
  "tsnr": 35.89708709716797
}