{
  "aor": 0.0008490416666666666,
  "aqi": 0.009020164249999999,
  "bids_meta": {
    "AcquisitionNumber": 3,
    "BidsifyVersion": "0.3.7",
    "ConversionSoftware": "dcm2niix",
    "ConversionSoftwareVersion": "v1.0.20190902",
    "EchoTime": 0.02763,
    "EffectiveEchoSpacing": 0.0006621159151938905,
    "ImageComments": "Upgrade2017",
    "ImageOrientationPatientDICOM": [
      0.998907,
      -0.0417622,
      -0.0209899,
      0.0404695,
      0.997459,
      -0.058636
    ],
    "InstitutionName": "Spinoza Centre for Neuroimaging, location REC",
    "MagneticFieldStrength": 3,
    "Manufacturer": "Philips",
    "ParallelAcquisitionTechnique": "SENSE",
    "PatientPosition": "HFS",
    "PhilipsRescaleIntercept": 0,
    "PhilipsRescaleSlope": 0.74432,
    "PhilipsScaleSlope": 0.0517981,
    "ProtocolName": "WIPtask-rest_acq-sequential_boldSENSE",
    "ReconMatrixPE": 80,
    "RepetitionTime": 2,
    "SeriesDescription": "ImageMRSERIES",
    "SeriesNumber": 3,
    "TaskName": "restingstate",
    "TotalReadoutTime": 0.025822520692561732,
    "UsePhilipsFloatNotDisplayScaling": 1,
    "acq_id": "seq",
    "dataset": "<unset>",
    "modality": "bold",
    "session_id": "pre",
    "subject_id": "21",
    "task_id": "restingstate"
  },
  "dummy_trs": 0,
  "dvars_nstd": 17.962343064267767,
  "dvars_std": 1.1041155449790803,
  "dvars_vstd": 0.9351407630543935,
  "efc": 0.4162232240462954,
  "fber": 165247664.0,
  "fd_mean": 0.09931535267221059,
  "fd_num": 15,
  "fd_perc": 6.25,
  "fwhm_avg": 1.945755391873484,
  "fwhm_x": 1.87464,
  "fwhm_y": 2.13298,
  "fwhm_z": 1.8296461756204518,
  "gcor": 0.0231714,
  "gsr_x": -0.012325771152973175,
  "gsr_y": 0.011650542728602886,
  "provenance": {
    "md5sum": "f5be5c8aea1506689590efae91fdd422",
    "settings": {
      "fd_thres": 0.2,
      "testing": false
    },
    "software": "mriqc",
    "version": "0.16.0",
    "webapi_port": null,
    "webapi_url": "https://mriqc.nimh.nih.gov/api/v1"
  },
  "size_t": 240,
  "size_x": 80,
  "size_y": 80,
  "size_z": 36,
  "snr": 4.961363903605267,
  "spacing_tr": 2.0,
  "spacing_x": 3.0,
  "spacing_y": 3.0,
  "spacing_z": 3.300124406814575,
  "spikes_num": 0,
  "summary_bg_k": 63.29695981475115,
  "summary_bg_mad": 2.767554530173257,
  "summary_bg_mean": 278.6132507324219,
  "summary_bg_median": 1.8766515254974365,
  "summary_bg_n": 151778.0,
  "summary_bg_p05": 0.004159642895683648,
  "summary_bg_p95": 1619.497906494139,
  "summary_bg_stdv": 1185.4794921875,
  "summary_fg_k": 2.368528944616325,
  "summary_fg_mad": 4664.207217415735,
  "summary_fg_mean": 27563.525390625,
  "summary_fg_median": 26830.37890625,
  "summary_fg_n": 37542.0,
  "summary_fg_p05": 20261.956640625,
  "summary_fg_p95": 37008.778906249994,
  "summary_fg_stdv": 5407.79150390625,
  "tsnr": 60.11274719238281
}