{
  "aor": 0.004720148148148148,
  "aqi": 0.0067625137777777775,
  "bids_meta": {
    "AcquisitionNumber": 8,
    "BidsifyVersion": "0.3.7",
    "ConversionSoftware": "dcm2niix",
    "ConversionSoftwareVersion": "v1.0.20190902",
    "EchoTime": 0.02763,
    "EffectiveEchoSpacing": 0.0006621159151938905,
    "ImageComments": "Upgrade2017",
    "ImageOrientationPatientDICOM": [
      0.998907,
      -0.0417622,
      -0.0209899,
      0.0404695,
      0.997459,
      -0.058636
    ],
    "InstitutionName": "Spinoza Centre for Neuroimaging, location REC",
    "MagneticFieldStrength": 3,
    "Manufacturer": "Philips",
    "ParallelAcquisitionTechnique": "SENSE",
    "PatientPosition": "HFS",
    "PhilipsRescaleIntercept": 0,
    "PhilipsRescaleSlope": 0.74872,
    "PhilipsScaleSlope": 0.0525489,
    "ProtocolName": "WIPtask-harriri_acq-sequential_boldSENSE",
    "ReconMatrixPE": 80,
    "RepetitionTime": 2,
    "SeriesDescription": "ImageMRSERIES",
    "SeriesNumber": 8,
    "TaskName": "emomatching",
    "TotalReadoutTime": 0.025822520692561732,
    "UsePhilipsFloatNotDisplayScaling": 1,
    "acq_id": "seq",
    "dataset": "<unset>",
    "modality": "bold",
    "session_id": "pre",
    "subject_id": "21",
    "task_id": "emomatching"
  },
  "dummy_trs": 0,
  "dvars_nstd": 17.190550825223887,
  "dvars_std": 1.1372622005223882,
  "dvars_vstd": 0.9677197905223881,
  "efc": 0.41816993632346394,
  "fber": 191748208.0,
  "fd_mean": 0.1028127357555901,
  "fd_num": 3,
  "fd_perc": 2.2222222222222223,
  "fwhm_avg": 1.9345123903720252,
  "fwhm_x": 1.8559133333333333,
  "fwhm_y": 2.1041933333333334,
  "fwhm_z": 1.8434305044494093,
  "gcor": 0.019644,
  "gsr_x": -0.012382473796606064,
  "gsr_y": 0.009877979755401611,
  "provenance": {
    "md5sum": "4dc9daa807db19011cd29c063964ab4b",
    "settings": {
      "fd_thres": 0.2,
      "testing": false
    },
    "software": "mriqc",
    "version": "0.16.0",
    "webapi_port": null,
    "webapi_url": "https://mriqc.nimh.nih.gov/api/v1"
  },
  "size_t": 135,
  "size_x": 80,
  "size_y": 80,
  "size_z": 36,
  "snr": 5.160995037598791,
  "spacing_tr": 2.0,
  "spacing_x": 3.0,
  "spacing_y": 3.0,
  "spacing_z": 3.300124406814575,
  "spikes_num": 1,
  "summary_bg_k": 62.64984283967084,
  "summary_bg_mad": 2.6017913366837275,
  "summary_bg_mean": 290.4436340332031,
  "summary_bg_median": 1.7717753648757935,
  "summary_bg_n": 151595.0,
  "summary_bg_p05": 0.008921326976269484,
  "summary_bg_p95": 1723.3782714843721,
  "summary_bg_stdv": 1252.7786865234375,
  "summary_fg_k": 1.9929412049900543,
  "summary_fg_mad": 4645.558861386094,
  "summary_fg_mean": 27610.703125,
  "summary_fg_median": 26957.599609375,
  "summary_fg_n": 37790.0,
  "summary_fg_p05": 20386.0029296875,
  "summary_fg_p95": 36616.79667968748,
  "summary_fg_stdv": 5223.2646484375,
  "tsnr": 70.1379623413086
}