{
    "Manufacturer": "Philips",
    "PatientPosition": "HFS",
    "SeriesDescription": "ImageMRSERIES",
    "ProtocolName": "T1w",
    "SeriesNumber": 2,
    "AcquisitionNumber": 2,
    "ImageComments": "Upgrade_2017",
    "PhilipsRescaleSlope": 3.04444,
    "PhilipsRescaleIntercept": 0,
    "PhilipsScaleSlope": 0.00494614,
    "UsePhilipsFloatNotDisplayScaling": 1,
    "EchoTime": 0.00389,
    "RepetitionTime": 0.008406,
    "InversionTime": 0.9,
    "ReconMatrixPE": 240,
    "ImageOrientationPatientDICOM": [
        0.999086,
        0.041149,
        -0.0116015,
        -0.0427475,
        0.957039,
        -0.286792
    ],
    "ConversionSoftware": "dcm2niix",
    "ConversionSoftwareVersion": "v1.0.20190902",
    "BidsifyVersion": "0.3.7",
    "MagneticFieldStrength": 3,
    "ParallelAcquisitionTechnique": "SENSE",
    "InstitutionName": "Spinoza Centre for Neuroimaging, location REC"
}