{
  "aor": 0.00012416666666666666,
  "aqi": 0.0032555264166666664,
  "bids_meta": {
    "AcquisitionNumber": 3,
    "BidsifyVersion": "0.3.7",
    "ConversionSoftware": "dcm2niix",
    "ConversionSoftwareVersion": "v1.0.20190902",
    "EchoTime": 0.02763,
    "EffectiveEchoSpacing": 0.0006621159151938905,
    "ImageComments": "Upgrade2017",
    "ImageOrientationPatientDICOM": [
      0.999557,
      0.0200693,
      0.0219834,
      -0.012038,
      0.947984,
      -0.318089
    ],
    "InstitutionName": "Spinoza Centre for Neuroimaging, location REC",
    "MagneticFieldStrength": 3,
    "Manufacturer": "Philips",
    "ParallelAcquisitionTechnique": "SENSE",
    "PatientPosition": "HFS",
    "PhilipsRescaleIntercept": 0,
    "PhilipsRescaleSlope": 0.76703,
    "PhilipsScaleSlope": 0.0603196,
    "ProtocolName": "WIPtask-rest_acq-sequential_boldSENSE",
    "ReconMatrixPE": 80,
    "RepetitionTime": 2,
    "SeriesDescription": "ImageMRSERIES",
    "SeriesNumber": 3,
    "TaskName": "restingstate",
    "TotalReadoutTime": 0.025822520692561732,
    "UsePhilipsFloatNotDisplayScaling": 1,
    "acq_id": "seq",
    "dataset": "<unset>",
    "modality": "bold",
    "session_id": "pre",
    "subject_id": "03",
    "task_id": "restingstate"
  },
  "dummy_trs": 0,
  "dvars_nstd": 21.81312648422595,
  "dvars_std": 1.202387841924685,
  "dvars_vstd": 0.981245940794979,
  "efc": 0.3847230969734271,
  "fber": 911095680.0,
  "fd_mean": 0.17283256719857465,
  "fd_num": 76,
  "fd_perc": 31.666666666666668,
  "fwhm_avg": 1.747801725263412,
  "fwhm_x": 1.6917900000000001,
  "fwhm_y": 1.8716333333333333,
  "fwhm_z": 1.6799818424569022,
  "gcor": 0.0200549,
  "gsr_x": -0.015519923530519009,
  "gsr_y": 0.009903906844556332,
  "provenance": {
    "md5sum": "f32a993e466cec86687aaa3ff3cf4682",
    "settings": {
      "fd_thres": 0.2,
      "testing": false
    },
    "software": "mriqc",
    "version": "0.16.0",
    "webapi_port": null,
    "webapi_url": "https://mriqc.nimh.nih.gov/api/v1"
  },
  "size_t": 240,
  "size_x": 80,
  "size_y": 80,
  "size_z": 36,
  "snr": 5.737171451965297,
  "spacing_tr": 2.0,
  "spacing_x": 3.0,
  "spacing_y": 3.0,
  "spacing_z": 3.299999952316284,
  "spikes_num": 0,
  "summary_bg_k": 58.27470251379443,
  "summary_bg_mad": 1.1567296164144614,
  "summary_bg_mean": 296.9142761230469,
  "summary_bg_median": 0.7846845388412476,
  "summary_bg_n": 159351.0,
  "summary_bg_p05": 0.0027253550942987204,
  "summary_bg_p95": 1864.0379028320312,
  "summary_bg_stdv": 1295.1915283203125,
  "summary_fg_k": 0.8639087069072033,
  "summary_fg_mad": 4336.417476729199,
  "summary_fg_mean": 25546.927734375,
  "summary_fg_median": 25217.646484375,
  "summary_fg_n": 30485.0,
  "summary_fg_p05": 19079.594140625,
  "summary_fg_p95": 32980.94296875,
  "summary_fg_stdv": 4395.412109375,
  "tsnr": 85.27689361572266
}