{
  "aor": 0.00038970370370370363,
  "aqi": 0.003259056222222222,
  "bids_meta": {
    "AcquisitionNumber": 8,
    "BidsifyVersion": "0.3.7",
    "ConversionSoftware": "dcm2niix",
    "ConversionSoftwareVersion": "v1.0.20190902",
    "EchoTime": 0.02763,
    "EffectiveEchoSpacing": 0.0006621159151938905,
    "ImageComments": "Upgrade2017",
    "ImageOrientationPatientDICOM": [
      0.999557,
      0.0200693,
      0.0219834,
      -0.012038,
      0.947984,
      -0.318089
    ],
    "InstitutionName": "Spinoza Centre for Neuroimaging, location REC",
    "MagneticFieldStrength": 3,
    "Manufacturer": "Philips",
    "ParallelAcquisitionTechnique": "SENSE",
    "PatientPosition": "HFS",
    "PhilipsRescaleIntercept": 0,
    "PhilipsRescaleSlope": 0.75775,
    "PhilipsScaleSlope": 0.0629283,
    "ProtocolName": "WIPtask-harriri_acq-sequential_boldSENSE",
    "ReconMatrixPE": 80,
    "RepetitionTime": 2,
    "SeriesDescription": "ImageMRSERIES",
    "SeriesNumber": 8,
    "TaskName": "emomatching",
    "TotalReadoutTime": 0.025822520692561732,
    "UsePhilipsFloatNotDisplayScaling": 1,
    "acq_id": "seq",
    "dataset": "<unset>",
    "modality": "bold",
    "session_id": "pre",
    "subject_id": "03",
    "task_id": "emomatching"
  },
  "dummy_trs": 0,
  "dvars_nstd": 20.59506123880597,
  "dvars_std": 1.2146717865671648,
  "dvars_vstd": 0.9959159852985074,
  "efc": 0.38517407151817923,
  "fber": 664284672.0,
  "fd_mean": 0.138797061042115,
  "fd_num": 16,
  "fd_perc": 11.851851851851851,
  "fwhm_avg": 1.7318983918353534,
  "fwhm_x": 1.67436,
  "fwhm_y": 1.86102,
  "fwhm_z": 1.66031517550606,
  "gcor": 0.0301671,
  "gsr_x": -0.015227681957185268,
  "gsr_y": 0.009499133564531803,
  "provenance": {
    "md5sum": "6ee7517f6282182a9ded6aa75f7c1aa1",
    "settings": {
      "fd_thres": 0.2,
      "testing": false
    },
    "software": "mriqc",
    "version": "0.16.0",
    "webapi_port": null,
    "webapi_url": "https://mriqc.nimh.nih.gov/api/v1"
  },
  "size_t": 135,
  "size_x": 80,
  "size_y": 80,
  "size_z": 36,
  "snr": 5.8211082152714235,
  "spacing_tr": 2.0,
  "spacing_x": 3.0,
  "spacing_y": 3.0,
  "spacing_z": 3.299999952316284,
  "spikes_num": 0,
  "summary_bg_k": 58.032494377267255,
  "summary_bg_mad": 1.353665029883117,
  "summary_bg_mean": 298.56072998046875,
  "summary_bg_median": 0.9264101982116699,
  "summary_bg_n": 159370.0,
  "summary_bg_p05": 0.006885681510902942,
  "summary_bg_p95": 1873.148889160149,
  "summary_bg_stdv": 1316.9412841796875,
  "summary_fg_k": 0.893406702453666,
  "summary_fg_mad": 4225.630605092859,
  "summary_fg_mean": 25213.60546875,
  "summary_fg_median": 24883.55859375,
  "summary_fg_n": 30551.0,
  "summary_fg_p05": 18967.8603515625,
  "summary_fg_p95": 32397.24609375,
  "summary_fg_stdv": 4274.6416015625,
  "tsnr": 86.74637603759766
}