{
  "aor": 0.001227037037037037,
  "aqi": 0.006314368148148149,
  "bids_meta": {
    "AcquisitionNumber": 8,
    "BidsifyVersion": "0.3.7",
    "ConversionSoftware": "dcm2niix",
    "ConversionSoftwareVersion": "v1.0.20190902",
    "EchoTime": 0.02763,
    "EffectiveEchoSpacing": 0.0006621159151938905,
    "ImageComments": "Upgrade_2017",
    "ImageOrientationPatientDICOM": [
      0.998206,
      0.0462715,
      0.0379867,
      -0.0441063,
      0.997457,
      -0.0559845
    ],
    "InstitutionName": "Spinoza Centre for Neuroimaging, location REC",
    "MagneticFieldStrength": 3,
    "Manufacturer": "Philips",
    "ParallelAcquisitionTechnique": "SENSE",
    "PatientPosition": "HFS",
    "PhilipsRescaleIntercept": 0,
    "PhilipsRescaleSlope": 0.77338,
    "PhilipsScaleSlope": 0.0217481,
    "ProtocolName": "task-harriri_acq-sequential_bold",
    "ReconMatrixPE": 80,
    "RepetitionTime": 2,
    "SeriesDescription": "ImageMRSERIES",
    "SeriesNumber": 8,
    "TaskName": "emomatching",
    "TotalReadoutTime": 0.025822520692561732,
    "UsePhilipsFloatNotDisplayScaling": 1,
    "acq_id": "seq",
    "dataset": "<unset>",
    "modality": "bold",
    "session_id": "post",
    "subject_id": "20",
    "task_id": "emomatching"
  },
  "dummy_trs": 0,
  "dvars_nstd": 20.163486637238815,
  "dvars_std": 1.1302831684328358,
  "dvars_vstd": 0.9890045329850746,
  "efc": 0.4305551357614423,
  "fber": 689075776.0,
  "fd_mean": 0.12430018861373954,
  "fd_num": 14,
  "fd_perc": 10.37037037037037,
  "fwhm_avg": 1.9855659588050483,
  "fwhm_x": 1.9535833333333334,
  "fwhm_y": 2.18751,
  "fwhm_z": 1.8156045430818113,
  "gcor": 0.0258494,
  "gsr_x": -0.006672459188848734,
  "gsr_y": 0.009016365744173527,
  "provenance": {
    "md5sum": "b715491f857c42f86c58c27160660c59",
    "settings": {
      "fd_thres": 0.2,
      "testing": false
    },
    "software": "mriqc",
    "version": "0.16.0",
    "webapi_port": null,
    "webapi_url": "https://mriqc.nimh.nih.gov/api/v1"
  },
  "size_t": 135,
  "size_x": 80,
  "size_y": 80,
  "size_z": 36,
  "snr": 6.014406083986465,
  "spacing_tr": 2.0,
  "spacing_x": 3.0,
  "spacing_y": 3.0,
  "spacing_z": 3.300123929977417,
  "spikes_num": 1,
  "summary_bg_k": 42.69523790188019,
  "summary_bg_mad": 3.479661119459868,
  "summary_bg_mean": 1001.8877563476562,
  "summary_bg_median": 2.347900390625,
  "summary_bg_n": 150476.0,
  "summary_bg_p05": 0.0,
  "summary_bg_p95": 6502.497802734375,
  "summary_bg_stdv": 3988.69873046875,
  "summary_fg_k": 1.5495813904967148,
  "summary_fg_mad": 10154.866717594768,
  "summary_fg_mean": 66661.8125,
  "summary_fg_median": 65956.703125,
  "summary_fg_n": 38690.0,
  "summary_fg_p05": 50277.4529296875,
  "summary_fg_p95": 84943.35117187498,
  "summary_fg_stdv": 10966.3115234375,
  "tsnr": 70.32688903808594
}