{
  "aor": 0.006461875000000001,
  "aqi": 0.011685769958333335,
  "bids_meta": {
    "AcquisitionNumber": 3,
    "BidsifyVersion": "0.3.7",
    "ConversionSoftware": "dcm2niix",
    "ConversionSoftwareVersion": "v1.0.20190902",
    "EchoTime": 0.02763,
    "EffectiveEchoSpacing": 0.0006621159151938905,
    "ImageComments": "Upgrade_2017",
    "ImageOrientationPatientDICOM": [
      0.998206,
      0.0462715,
      0.0379867,
      -0.0441063,
      0.997457,
      -0.0559845
    ],
    "InstitutionName": "Spinoza Centre for Neuroimaging, location REC",
    "MagneticFieldStrength": 3,
    "Manufacturer": "Philips",
    "ParallelAcquisitionTechnique": "SENSE",
    "PatientPosition": "HFS",
    "PhilipsRescaleIntercept": 0,
    "PhilipsRescaleSlope": 0.74945,
    "PhilipsScaleSlope": 0.0219118,
    "ProtocolName": "task-rest_acq-sequential_bold",
    "ReconMatrixPE": 80,
    "RepetitionTime": 2,
    "SeriesDescription": "ImageMRSERIES",
    "SeriesNumber": 3,
    "TaskName": "restingstate",
    "TotalReadoutTime": 0.025822520692561732,
    "UsePhilipsFloatNotDisplayScaling": 1,
    "acq_id": "seq",
    "dataset": "<unset>",
    "modality": "bold",
    "session_id": "post",
    "subject_id": "20",
    "task_id": "restingstate"
  },
  "dummy_trs": 0,
  "dvars_nstd": 19.78211763640167,
  "dvars_std": 1.146486325899582,
  "dvars_vstd": 1.0369899362761503,
  "efc": 0.42924913028634487,
  "fber": 431017056.0,
  "fd_mean": 0.15324775750466657,
  "fd_num": 56,
  "fd_perc": 23.333333333333332,
  "fwhm_avg": 1.9894723512482273,
  "fwhm_x": 1.9736900000000002,
  "fwhm_y": 2.2137,
  "fwhm_z": 1.781027053744682,
  "gcor": 0.0196968,
  "gsr_x": -0.0061995587311685085,
  "gsr_y": 0.0086062578484416,
  "provenance": {
    "md5sum": "8451ec409970448619e37fc1ba835e50",
    "settings": {
      "fd_thres": 0.2,
      "testing": false
    },
    "software": "mriqc",
    "version": "0.16.0",
    "webapi_port": null,
    "webapi_url": "https://mriqc.nimh.nih.gov/api/v1"
  },
  "size_t": 240,
  "size_x": 80,
  "size_y": 80,
  "size_z": 36,
  "snr": 5.997578722461151,
  "spacing_tr": 2.0,
  "spacing_x": 3.0,
  "spacing_y": 3.0,
  "spacing_z": 3.300123929977417,
  "spikes_num": 3,
  "summary_bg_k": 49.05747955646607,
  "summary_bg_mad": 4.299602071404758,
  "summary_bg_mean": 996.42138671875,
  "summary_bg_median": 2.9000375270843506,
  "summary_bg_n": 150636.0,
  "summary_bg_p05": 0.0,
  "summary_bg_p95": 6256.734375,
  "summary_bg_stdv": 4042.497802734375,
  "summary_fg_k": 1.4142885342007538,
  "summary_fg_mad": 10259.665266207925,
  "summary_fg_mean": 67143.0625,
  "summary_fg_median": 66405.4375,
  "summary_fg_n": 38569.0,
  "summary_fg_p05": 50558.22734375,
  "summary_fg_p95": 85634.01093749999,
  "summary_fg_stdv": 11071.8974609375,
  "tsnr": 61.0927734375
}