{
  "bids_meta": {
    "AcquisitionNumber": 2,
    "BidsifyVersion": "0.3.7",
    "ConversionSoftware": "dcm2niix",
    "ConversionSoftwareVersion": "v1.0.20190902",
    "EchoTime": 0.00376,
    "ImageComments": "Upgrade2017",
    "ImageOrientationPatientDICOM": [
      0.997529,
      0.0591715,
      -0.0378672,
      -0.0571678,
      0.997011,
      0.0519731
    ],
    "InstitutionName": "Spinoza Centre for Neuroimaging, location REC",
    "MagneticFieldStrength": 3,
    "Manufacturer": "Philips",
    "ParallelAcquisitionTechnique": "SENSE",
    "PatientPosition": "HFS",
    "PhilipsRescaleIntercept": 0,
    "PhilipsRescaleSlope": 11.8173,
    "PhilipsScaleSlope": 0.00492575,
    "ProtocolName": "WIPT1wSENSE",
    "ReconMatrixPE": 240,
    "RepetitionTime": 0.008193,
    "SeriesDescription": "ImageMRSERIES",
    "SeriesNumber": 2,
    "UsePhilipsFloatNotDisplayScaling": 1,
    "dataset": "<unset>",
    "modality": "T1w",
    "session_id": "pre",
    "subject_id": "15"
  },
  "cjv": 0.4002668402874378,
  "cnr": 3.257586261375724,
  "efc": 0.767798435221362,
  "fber": 411.1767578125,
  "fwhm_avg": 3.4818900662406325,
  "fwhm_x": 3.4123,
  "fwhm_y": 3.69937,
  "fwhm_z": 3.3340001987218977,
  "icvs_csf": 0.20109089560446336,
  "icvs_gm": 0.41973684099218617,
  "icvs_wm": 0.3791722634033505,
  "inu_med": 2.2618539333343506,
  "inu_range": 0.5620726346969604,
  "provenance": {
    "md5sum": "2df33edeab5d89200c4df189f59c505b",
    "settings": {
      "testing": false
    },
    "software": "mriqc",
    "version": "0.16.0",
    "warnings": {
      "large_rot_frame": true,
      "small_air_mask": true
    },
    "webapi_port": null,
    "webapi_url": "https://mriqc.nimh.nih.gov/api/v1"
  },
  "qi_1": 0.0,
  "qi_2": 8.673472641232852e-05,
  "rpve_csf": 27.440386807657532,
  "rpve_gm": 14.066965220975993,
  "rpve_wm": 19.71233481279305,
  "size_x": 240,
  "size_y": 240,
  "size_z": 220,
  "snr_csf": 2.24729340152418,
  "snr_gm": 6.559964033113616,
  "snr_total": 8.122824092929953,
  "snr_wm": 15.561214844152063,
  "snrd_csf": 17.22915323443374,
  "snrd_gm": 34.74160118490711,
  "snrd_total": 35.89866684240409,
  "snrd_wm": 55.72524610787142,
  "spacing_x": 1.0,
  "spacing_y": 1.0,
  "spacing_z": 0.9999999403953552,
  "summary_bg_k": 2.620526547243805,
  "summary_bg_mad": 11.75646057990322,
  "summary_bg_mean": 18.212862014770508,
  "summary_bg_median": 15.792366027832031,
  "summary_bg_n": 129624.0,
  "summary_bg_p05": 0.0,
  "summary_bg_p95": 47.17704296112059,
  "summary_bg_stdv": 14.163118362426758,
  "summary_csf_k": 17.554799215615404,
  "summary_csf_mad": 118.03604903034429,
  "summary_csf_mean": 303.2662658691406,
  "summary_csf_median": 309.17816162109375,
  "summary_csf_n": 3333.0,
  "summary_csf_p05": 94.43299865722656,
  "summary_csf_p95": 489.5085449218749,
  "summary_csf_stdv": 137.557373046875,
  "summary_gm_k": 0.2739217755859471,
  "summary_gm_mad": 91.94966118592106,
  "summary_gm_mean": 628.3825073242188,
  "summary_gm_median": 623.4400634765625,
  "summary_gm_n": 15654.0,
  "summary_gm_p05": 482.0460861206054,
  "summary_gm_p95": 794.1213867187498,
  "summary_gm_stdv": 95.0340805053711,
  "summary_wm_k": 0.7762757218650451,
  "summary_wm_mad": 58.771912003955066,
  "summary_wm_mean": 999.7933349609375,
  "summary_wm_median": 999.9927978515625,
  "summary_wm_n": 220515.0,
  "summary_wm_p05": 894.5710327148438,
  "summary_wm_p95": 1105.0529174804688,
  "summary_wm_stdv": 64.26172637939453,
  "tpm_overlap_csf": 0.15293145179748535,
  "tpm_overlap_gm": 0.43795886635780334,
  "tpm_overlap_wm": 0.5056121349334717,
  "wm2max": 0.685665936361463
}