{
  "aor": 2.9010989010989016e-05,
  "aqi": 0.022429360125588698,
  "bids_meta": {
    "AcquisitionNumber": 4,
    "BidsifyVersion": "0.3.7",
    "ConversionSoftware": "dcm2niix",
    "ConversionSoftwareVersion": "v1.0.20190902",
    "EchoTime": 0.02763,
    "EffectiveEchoSpacing": 0.0006333282667071997,
    "ImageComments": "Upgrade2017",
    "ImageOrientationPatientDICOM": [
      0.999378,
      0.0298598,
      -0.0187771,
      -0.0314067,
      0.995594,
      -0.0883481
    ],
    "InstitutionName": "Spinoza Centre for Neuroimaging, location REC",
    "MagneticFieldStrength": 3,
    "Manufacturer": "Philips",
    "ParallelAcquisitionTechnique": "SENSE",
    "PatientPosition": "HFS",
    "PhilipsRescaleIntercept": 0,
    "PhilipsRescaleSlope": 0.77485,
    "PhilipsScaleSlope": 0.0913715,
    "ProtocolName": "WIPtask-rest_acq-multiband_boldSENSE",
    "ReconMatrixPE": 80,
    "RepetitionTime": 0.761525,
    "SeriesDescription": "ImageMRSERIES",
    "SeriesNumber": 4,
    "TaskName": "restingstate",
    "TotalReadoutTime": 0.024699802401580786,
    "UsePhilipsFloatNotDisplayScaling": 1,
    "acq_id": "mb3",
    "dataset": "<unset>",
    "modality": "bold",
    "session_id": "pre",
    "subject_id": "02",
    "task_id": "restingstate"
  },
  "dummy_trs": 0,
  "dvars_nstd": 38.07673201154088,
  "dvars_std": 1.1167859169182386,
  "dvars_vstd": 0.9951287160534592,
  "efc": 0.3910667698695151,
  "fber": 1979367680.0,
  "fd_mean": 0.08793047390847293,
  "fd_num": 5,
  "fd_perc": 0.7849293563579278,
  "fwhm_avg": 1.8864333418295443,
  "fwhm_x": 1.8418366666666666,
  "fwhm_y": 2.0534966666666667,
  "fwhm_z": 1.763966692155299,
  "gcor": 0.0100186,
  "gsr_x": -0.014969537034630775,
  "gsr_y": 0.00389385805465281,
  "provenance": {
    "md5sum": "3ad7b511add785db5585a73d6afecf88",
    "settings": {
      "fd_thres": 0.2,
      "testing": false
    },
    "software": "mriqc",
    "version": "0.16.0",
    "webapi_port": null,
    "webapi_url": "https://mriqc.nimh.nih.gov/api/v1"
  },
  "size_t": 637,
  "size_x": 80,
  "size_y": 80,
  "size_z": 36,
  "snr": 7.887932937511768,
  "spacing_tr": 0.7615252137184143,
  "spacing_x": 3.0,
  "spacing_y": 3.0,
  "spacing_z": 3.299999952316284,
  "spikes_num": 0,
  "summary_bg_k": 64.7702240968134,
  "summary_bg_mad": 0.6375378788439788,
  "summary_bg_mean": 210.48941040039062,
  "summary_bg_median": 0.43244826793670654,
  "summary_bg_n": 158599.0,
  "summary_bg_p05": 0.001708259654697031,
  "summary_bg_p95": 1413.3693969726583,
  "summary_bg_stdv": 920.2197875976562,
  "summary_fg_k": 1.314906914874852,
  "summary_fg_mad": 2473.162930037199,
  "summary_fg_mean": 20611.109375,
  "summary_fg_median": 20624.984375,
  "summary_fg_n": 32242.0,
  "summary_fg_p05": 16430.44580078125,
  "summary_fg_p95": 24805.699902343746,
  "summary_fg_stdv": 2614.7109375,
  "tsnr": 41.59442138671875
}