{
  "aor": 0.002678962962962963,
  "aqi": 0.010749312592592592,
  "bids_meta": {
    "AcquisitionNumber": 9,
    "BidsifyVersion": "0.3.7",
    "ConversionSoftware": "dcm2niix",
    "ConversionSoftwareVersion": "v1.0.20190902",
    "EchoTime": 0.02763,
    "EffectiveEchoSpacing": 0.0006621159151938905,
    "ImageComments": "Upgrade2017",
    "ImageOrientationPatientDICOM": [
      0.999378,
      0.0298598,
      -0.0187771,
      -0.0314067,
      0.995594,
      -0.0883481
    ],
    "InstitutionName": "Spinoza Centre for Neuroimaging, location REC",
    "MagneticFieldStrength": 3,
    "Manufacturer": "Philips",
    "ParallelAcquisitionTechnique": "SENSE",
    "PatientPosition": "HFS",
    "PhilipsRescaleIntercept": 0,
    "PhilipsRescaleSlope": 0.82442,
    "PhilipsScaleSlope": 0.0581241,
    "ProtocolName": "WIPtask-harriri_acq-sequential_boldSENSE",
    "ReconMatrixPE": 80,
    "RepetitionTime": 2,
    "SeriesDescription": "ImageMRSERIES",
    "SeriesNumber": 9,
    "TaskName": "emomatching",
    "TotalReadoutTime": 0.025822520692561732,
    "UsePhilipsFloatNotDisplayScaling": 1,
    "acq_id": "seq",
    "dataset": "<unset>",
    "modality": "bold",
    "session_id": "pre",
    "subject_id": "02",
    "task_id": "emomatching"
  },
  "dummy_trs": 0,
  "dvars_nstd": 18.573982331268663,
  "dvars_std": 1.1729708531343288,
  "dvars_vstd": 0.9291547609701489,
  "efc": 0.39148067124197305,
  "fber": 738988544.0,
  "fd_mean": 0.087368709325549,
  "fd_num": 1,
  "fd_perc": 0.7407407407407407,
  "fwhm_avg": 1.8074286951759582,
  "fwhm_x": 1.77217,
  "fwhm_y": 1.9253766666666667,
  "fwhm_z": 1.7247394188612073,
  "gcor": 0.0147729,
  "gsr_x": -0.01425958052277565,
  "gsr_y": 0.004832885693758726,
  "provenance": {
    "md5sum": "b64cfeca8f4a3e7b583a5c4c39078325",
    "settings": {
      "fd_thres": 0.2,
      "testing": false
    },
    "software": "mriqc",
    "version": "0.16.0",
    "webapi_port": null,
    "webapi_url": "https://mriqc.nimh.nih.gov/api/v1"
  },
  "size_t": 135,
  "size_x": 80,
  "size_y": 80,
  "size_z": 36,
  "snr": 6.402126514959976,
  "spacing_tr": 2.0,
  "spacing_x": 3.0,
  "spacing_y": 3.0,
  "spacing_z": 3.299999952316284,
  "spikes_num": 0,
  "summary_bg_k": 73.3529646235044,
  "summary_bg_mad": 1.3849955494902746,
  "summary_bg_mean": 275.9002990722656,
  "summary_bg_median": 0.9376461505889893,
  "summary_bg_n": 158135.0,
  "summary_bg_p05": 0.0016308384947478778,
  "summary_bg_p95": 1752.1051391601513,
  "summary_bg_stdv": 1207.8736572265625,
  "summary_fg_k": 1.0906423279262238,
  "summary_fg_mad": 4023.99235981491,
  "summary_fg_mean": 27976.853515625,
  "summary_fg_median": 27667.63671875,
  "summary_fg_n": 32794.0,
  "summary_fg_p05": 21451.49501953125,
  "summary_fg_p95": 35310.5306640625,
  "summary_fg_stdv": 4321.56640625,
  "tsnr": 65.76837158203125
}