{
  "aor": 0.00035651851851851844,
  "aqi": 0.002594309333333333,
  "bids_meta": {
    "AcquisitionNumber": 8,
    "BidsifyVersion": "0.3.7",
    "ConversionSoftware": "dcm2niix",
    "ConversionSoftwareVersion": "v1.0.20190902",
    "EchoTime": 0.02763,
    "EffectiveEchoSpacing": 0.0006621159151938905,
    "ImageComments": "Upgrade2017",
    "ImageOrientationPatientDICOM": [
      0.999474,
      -0.0241529,
      0.0216577,
      0.0247757,
      0.999273,
      -0.028964
    ],
    "InstitutionName": "Spinoza Centre for Neuroimaging, location REC",
    "MagneticFieldStrength": 3,
    "Manufacturer": "Philips",
    "ParallelAcquisitionTechnique": "SENSE",
    "PatientPosition": "HFS",
    "PhilipsRescaleIntercept": 0,
    "PhilipsRescaleSlope": 0.78462,
    "PhilipsScaleSlope": 0.0490939,
    "ProtocolName": "WIPtask-harriri_acq-sequential_boldSENSE",
    "ReconMatrixPE": 80,
    "RepetitionTime": 2,
    "SeriesDescription": "ImageMRSERIES",
    "SeriesNumber": 8,
    "TaskName": "emomatching",
    "TotalReadoutTime": 0.025822520692561732,
    "UsePhilipsFloatNotDisplayScaling": 1,
    "acq_id": "seq",
    "dataset": "<unset>",
    "modality": "bold",
    "session_id": "pre",
    "subject_id": "14",
    "task_id": "emomatching"
  },
  "dummy_trs": 0,
  "dvars_nstd": 17.300127157537307,
  "dvars_std": 1.1702826126865675,
  "dvars_vstd": 0.9907721947761193,
  "efc": 0.42161156248477555,
  "fber": 898612736.0,
  "fd_mean": 0.07030708049432076,
  "fd_num": 0,
  "fd_perc": 0.0,
  "fwhm_avg": 1.8366541831159602,
  "fwhm_x": 1.7702033333333331,
  "fwhm_y": 2.0316233333333336,
  "fwhm_z": 1.708135882681214,
  "gcor": 0.0384065,
  "gsr_x": -0.009602312929928303,
  "gsr_y": 0.008531133644282818,
  "provenance": {
    "md5sum": "b38475c3d6bc06e5d71e6b213c88fab0",
    "settings": {
      "fd_thres": 0.2,
      "testing": false
    },
    "software": "mriqc",
    "version": "0.16.0",
    "webapi_port": null,
    "webapi_url": "https://mriqc.nimh.nih.gov/api/v1"
  },
  "size_t": 135,
  "size_x": 80,
  "size_y": 80,
  "size_z": 36,
  "snr": 5.648975209437488,
  "spacing_tr": 2.0,
  "spacing_x": 3.0,
  "spacing_y": 3.0,
  "spacing_z": 3.2998838424682617,
  "spikes_num": 0,
  "summary_bg_k": 36.857641482507496,
  "summary_bg_mad": 1.2914832279665307,
  "summary_bg_mean": 414.19464111328125,
  "summary_bg_median": 0.8777770400047302,
  "summary_bg_n": 152449.0,
  "summary_bg_p05": 0.0020173847675323485,
  "summary_bg_p95": 2916.2666503906257,
  "summary_bg_stdv": 1665.750732421875,
  "summary_fg_k": 2.2260547397409978,
  "summary_fg_mad": 4357.903626067698,
  "summary_fg_mean": 28000.3359375,
  "summary_fg_median": 27578.6640625,
  "summary_fg_n": 37008.0,
  "summary_fg_p05": 20814.4763671875,
  "summary_fg_p95": 35838.7396484375,
  "summary_fg_stdv": 4881.9990234375,
  "tsnr": 99.47711181640625
}