{
  "aor": 0.00011447409733124021,
  "aqi": 0.03233155306122449,
  "bids_meta": {
    "AcquisitionNumber": 3,
    "BidsifyVersion": "0.3.7",
    "ConversionSoftware": "dcm2niix",
    "ConversionSoftwareVersion": "v1.0.20190902",
    "EchoTime": 0.02763,
    "EffectiveEchoSpacing": 0.0006333282667071997,
    "ImageComments": "Upgrade2017",
    "ImageOrientationPatientDICOM": [
      0.998221,
      -0.0413567,
      -0.042951,
      0.0376499,
      0.995772,
      -0.0837908
    ],
    "InstitutionName": "Spinoza Centre for Neuroimaging, location REC",
    "MagneticFieldStrength": 3,
    "Manufacturer": "Philips",
    "ParallelAcquisitionTechnique": "SENSE",
    "PatientPosition": "HFS",
    "PhilipsRescaleIntercept": 0,
    "PhilipsRescaleSlope": 0.74872,
    "PhilipsScaleSlope": 0.0939559,
    "ProtocolName": "WIPtask-rest_acq-multiband_boldSENSE",
    "ReconMatrixPE": 80,
    "RepetitionTime": 0.760833,
    "SeriesDescription": "ImageMRSERIES",
    "SeriesNumber": 3,
    "TaskName": "restingstate",
    "TotalReadoutTime": 0.024699802401580786,
    "UsePhilipsFloatNotDisplayScaling": 1,
    "acq_id": "mb3",
    "dataset": "<unset>",
    "modality": "bold",
    "session_id": "pre",
    "subject_id": "22",
    "task_id": "restingstate"
  },
  "dummy_trs": 0,
  "dvars_nstd": 51.59252815720124,
  "dvars_std": 1.098020294119497,
  "dvars_vstd": 0.9875780249842758,
  "efc": 0.4271861318254136,
  "fber": 275727072.0,
  "fd_mean": 0.15677424651491054,
  "fd_num": 171,
  "fd_perc": 26.84458398744113,
  "fwhm_avg": 1.8886136446929906,
  "fwhm_x": 1.83678,
  "fwhm_y": 2.099736666666667,
  "fwhm_z": 1.729324267412305,
  "gcor": 0.0102381,
  "gsr_x": -0.015124580822885036,
  "gsr_y": 0.012874232605099678,
  "provenance": {
    "md5sum": "ae033ed1fee133b672bfd4d47820af5b",
    "settings": {
      "fd_thres": 0.2,
      "testing": false
    },
    "software": "mriqc",
    "version": "0.16.0",
    "webapi_port": null,
    "webapi_url": "https://mriqc.nimh.nih.gov/api/v1"
  },
  "size_t": 637,
  "size_x": 80,
  "size_y": 80,
  "size_z": 36,
  "snr": 6.652946011956884,
  "spacing_tr": 0.7608333230018616,
  "spacing_x": 3.0,
  "spacing_y": 3.0,
  "spacing_z": 3.299999952316284,
  "spikes_num": 0,
  "summary_bg_k": 48.12484491120113,
  "summary_bg_mad": 1.536753775572172,
  "summary_bg_mean": 300.09912109375,
  "summary_bg_median": 1.0577051639556885,
  "summary_bg_n": 151917.0,
  "summary_bg_p05": 0.006794534809887409,
  "summary_bg_p95": 2014.1552978515579,
  "summary_bg_stdv": 1194.4251708984375,
  "summary_fg_k": 0.5975598162744955,
  "summary_fg_mad": 2705.847502826296,
  "summary_fg_mean": 18764.83984375,
  "summary_fg_median": 18757.88671875,
  "summary_fg_n": 37067.0,
  "summary_fg_p05": 14164.979199218751,
  "summary_fg_p95": 23341.330078125,
  "summary_fg_stdv": 2819.44775390625,
  "tsnr": 27.70449447631836
}