{
  "bids_meta": {
    "AcquisitionNumber": 2,
    "BidsifyVersion": "0.3.7",
    "ConversionSoftware": "dcm2niix",
    "ConversionSoftwareVersion": "v1.0.20190902",
    "EchoTime": 0.00378,
    "ImageComments": "Upgrade2017",
    "ImageOrientationPatientDICOM": [
      0.998055,
      0.0420638,
      -0.0460071,
      -0.0460197,
      0.995003,
      -0.0886075
    ],
    "InstitutionName": "Spinoza Centre for Neuroimaging, location REC",
    "MagneticFieldStrength": 3,
    "Manufacturer": "Philips",
    "ParallelAcquisitionTechnique": "SENSE",
    "PatientPosition": "HFS",
    "PhilipsRescaleIntercept": 0,
    "PhilipsRescaleSlope": 11.9155,
    "PhilipsScaleSlope": 0.00485774,
    "ProtocolName": "WIPT1wSENSE",
    "ReconMatrixPE": 240,
    "RepetitionTime": 0.008233,
    "SeriesDescription": "ImageMRSERIES",
    "SeriesNumber": 2,
    "UsePhilipsFloatNotDisplayScaling": 1,
    "dataset": "<unset>",
    "modality": "T1w",
    "session_id": "pre",
    "subject_id": "24"
  },
  "cjv": 0.3755393391101979,
  "cnr": 3.3773164459133698,
  "efc": 0.784516247335582,
  "fber": 956.3358154296875,
  "fwhm_avg": 3.2934633333333334,
  "fwhm_x": 3.22565,
  "fwhm_y": 3.47573,
  "fwhm_z": 3.17901,
  "icvs_csf": 0.18893442706055627,
  "icvs_gm": 0.43312866221416224,
  "icvs_wm": 0.37793691072528146,
  "inu_med": 2.8020737171173096,
  "inu_range": 0.7541440486907955,
  "provenance": {
    "md5sum": "62ebb378214d9842806debcdb2437dfb",
    "settings": {
      "testing": false
    },
    "software": "mriqc",
    "version": "0.16.0",
    "warnings": {
      "large_rot_frame": true,
      "small_air_mask": true
    },
    "webapi_port": null,
    "webapi_url": "https://mriqc.nimh.nih.gov/api/v1"
  },
  "qi_1": 0.0,
  "qi_2": 8.361526387153234e-05,
  "rpve_csf": 27.683583831577092,
  "rpve_gm": 13.342469410551091,
  "rpve_wm": 18.772386819437262,
  "size_x": 240,
  "size_y": 240,
  "size_z": 220,
  "snr_csf": 1.4414834429536216,
  "snr_gm": 6.746885532020534,
  "snr_total": 8.195496420833317,
  "snr_wm": 16.398120287525796,
  "snrd_csf": 10.31114966190815,
  "snrd_gm": 31.646103361673916,
  "snrd_total": 31.010848764143645,
  "snrd_wm": 51.07529326884886,
  "spacing_x": 1.0,
  "spacing_y": 1.0,
  "spacing_z": 1.0,
  "summary_bg_k": 92.45395392519026,
  "summary_bg_mad": 12.826666265902535,
  "summary_bg_mean": 19.350536346435547,
  "summary_bg_median": 17.283626556396484,
  "summary_bg_n": 171047.0,
  "summary_bg_p05": 0.0,
  "summary_bg_p95": 44.156569671630855,
  "summary_bg_stdv": 23.120412826538086,
  "summary_csf_k": 68.22175340034825,
  "summary_csf_mad": 113.87698173587091,
  "summary_csf_mean": 231.88351440429688,
  "summary_csf_median": 201.87808227539062,
  "summary_csf_n": 7370.0,
  "summary_csf_p05": 69.9598258972168,
  "summary_csf_p95": 467.0355789184569,
  "summary_csf_stdv": 140.03933715820312,
  "summary_gm_k": 0.1568209177246085,
  "summary_gm_mad": 88.51607606757533,
  "summary_gm_mean": 623.8375854492188,
  "summary_gm_median": 619.5870361328125,
  "summary_gm_n": 18941.0,
  "summary_gm_p05": 478.65618896484375,
  "summary_gm_p95": 783.713134765625,
  "summary_gm_stdv": 91.83061981201172,
  "summary_wm_k": 1.3010036154363611,
  "summary_wm_mad": 54.33785995886385,
  "summary_wm_mean": 998.32861328125,
  "summary_wm_median": 999.9837646484375,
  "summary_wm_n": 216093.0,
  "summary_wm_p05": 896.0906494140625,
  "summary_wm_p95": 1093.9843017578125,
  "summary_wm_stdv": 60.981468200683594,
  "tpm_overlap_csf": 0.17294542491436005,
  "tpm_overlap_gm": 0.44761741161346436,
  "tpm_overlap_wm": 0.5029517412185669,
  "wm2max": 0.6008947392158954
}