{
    "Manufacturer": "Philips",
    "PatientPosition": "HFS",
    "SeriesDescription": "ImageMRSERIES",
    "ProtocolName": "WIPtask-rest_acq-multiband_boldSENSE",
    "SeriesNumber": 10,
    "AcquisitionNumber": 10,
    "ImageComments": "upgrade2017",
    "PhilipsRescaleSlope": 0.83541,
    "PhilipsRescaleIntercept": 0,
    "PhilipsScaleSlope": 0.0907986,
    "UsePhilipsFloatNotDisplayScaling": 1,
    "EchoTime": 0.02763,
    "RepetitionTime": 0.761525,
    "ReconMatrixPE": 80,
    "ImageOrientationPatientDICOM": [
        0.998571,
        -0.000570456,
        -0.053442,
        -0.00662287,
        0.990915,
        -0.134326
    ],
    "ConversionSoftware": "dcm2niix",
    "ConversionSoftwareVersion": "v1.0.20190902",
    "BidsifyVersion": "0.3.7",
    "MagneticFieldStrength": 3,
    "ParallelAcquisitionTechnique": "SENSE",
    "InstitutionName": "Spinoza Centre for Neuroimaging, location REC",
    "TaskName": "restingstate"
}