{
  "bids_meta": {
    "AcquisitionNumber": 2,
    "BidsifyVersion": "0.3.7",
    "ConversionSoftware": "dcm2niix",
    "ConversionSoftwareVersion": "v1.0.20190902",
    "EchoTime": 0.00375,
    "ImageComments": "Upgrade2017",
    "ImageOrientationPatientDICOM": [
      0.997296,
      0.0734754,
      0.00168657,
      -0.0734118,
      0.996998,
      -0.0246224
    ],
    "InstitutionName": "Spinoza Centre for Neuroimaging, location REC",
    "MagneticFieldStrength": 3,
    "Manufacturer": "Philips",
    "ParallelAcquisitionTechnique": "SENSE",
    "PatientPosition": "HFS",
    "PhilipsRescaleIntercept": 0,
    "PhilipsRescaleSlope": 11.5827,
    "PhilipsScaleSlope": 0.0049585,
    "ProtocolName": "WIPT1wSENSE",
    "ReconMatrixPE": 240,
    "RepetitionTime": 0.008149,
    "SeriesDescription": "ImageMRSERIES",
    "SeriesNumber": 2,
    "UsePhilipsFloatNotDisplayScaling": 1,
    "dataset": "<unset>",
    "modality": "T1w",
    "session_id": "pre",
    "subject_id": "07"
  },
  "cjv": 0.38848425946044934,
  "cnr": 3.3325878704012024,
  "efc": 0.7807674522633018,
  "fber": 458.67529296875,
  "fwhm_avg": 3.23962,
  "fwhm_x": 3.20848,
  "fwhm_y": 3.36767,
  "fwhm_z": 3.14271,
  "icvs_csf": 0.19875008783425588,
  "icvs_gm": 0.42618001862538046,
  "icvs_wm": 0.3750698935403637,
  "inu_med": 1.9455980062484741,
  "inu_range": 0.5042171478271484,
  "provenance": {
    "md5sum": "9d03a790c64201d609465299c8c9caac",
    "settings": {
      "testing": false
    },
    "software": "mriqc",
    "version": "0.16.0",
    "warnings": {
      "large_rot_frame": true,
      "small_air_mask": true
    },
    "webapi_port": null,
    "webapi_url": "https://mriqc.nimh.nih.gov/api/v1"
  },
  "qi_1": 0.0,
  "qi_2": 8.434474450608217e-05,
  "rpve_csf": 32.18528916913415,
  "rpve_gm": 16.221367086378216,
  "rpve_wm": 23.02245822744136,
  "size_x": 240,
  "size_y": 240,
  "size_z": 220,
  "snr_csf": 2.2998487283428117,
  "snr_gm": 6.811125280176735,
  "snr_total": 9.030929677564535,
  "snr_wm": 17.981815024174054,
  "snrd_csf": 17.593049743428068,
  "snrd_gm": 35.06544532005502,
  "snrd_total": 35.953940438989505,
  "snrd_wm": 55.203326253485436,
  "spacing_x": 1.0,
  "spacing_y": 1.0,
  "spacing_z": 1.0,
  "summary_bg_k": 52.41905810493027,
  "summary_bg_mad": 11.867565679608973,
  "summary_bg_mean": 17.199411392211914,
  "summary_bg_median": 15.991053581237793,
  "summary_bg_n": 126327.0,
  "summary_bg_p05": 0.0,
  "summary_bg_p95": 40.34666900634765,
  "summary_bg_stdv": 13.888978958129883,
  "summary_csf_k": 2.6889548218004915,
  "summary_csf_mad": 154.951081961673,
  "summary_csf_mean": 306.0696716308594,
  "summary_csf_median": 318.6919250488281,
  "summary_csf_n": 5182.0,
  "summary_csf_p05": 90.21505737304688,
  "summary_csf_p95": 510.45012054443356,
  "summary_csf_stdv": 138.5574493408203,
  "summary_gm_k": 0.005753737872024711,
  "summary_gm_mad": 91.2175901441907,
  "summary_gm_mean": 637.944091796875,
  "summary_gm_median": 635.1982421875,
  "summary_gm_n": 10200.0,
  "summary_gm_p05": 488.2565567016602,
  "summary_gm_p95": 801.1186950683593,
  "summary_gm_stdv": 93.25435638427734,
  "summary_wm_k": 1.0581705457466128,
  "summary_wm_mad": 50.49783515152777,
  "summary_wm_mean": 998.574951171875,
  "summary_wm_median": 999.9888916015625,
  "summary_wm_n": 179046.0,
  "summary_wm_p05": 905.3789978027344,
  "summary_wm_p95": 1085.8420715332031,
  "summary_wm_stdv": 55.610965728759766,
  "tpm_overlap_csf": 0.16658174991607666,
  "tpm_overlap_gm": 0.44362103939056396,
  "tpm_overlap_wm": 0.5042548775672913,
  "wm2max": 0.6769782752818253
}