{
  "aor": 4.970172684458399e-05,
  "aqi": 0.022338590737833595,
  "bids_meta": {
    "AcquisitionNumber": 10,
    "BidsifyVersion": "0.3.7",
    "ConversionSoftware": "dcm2niix",
    "ConversionSoftwareVersion": "v1.0.20190902",
    "EchoTime": 0.02763,
    "EffectiveEchoSpacing": 0.0006333282667071997,
    "ImageComments": "Upgrade2017",
    "ImageOrientationPatientDICOM": [
      0.994672,
      -0.0786821,
      0.0666093,
      0.0898221,
      0.97855,
      -0.185398
    ],
    "InstitutionName": "Spinoza Centre for Neuroimaging, location REC",
    "MagneticFieldStrength": 3,
    "Manufacturer": "Philips",
    "ParallelAcquisitionTechnique": "SENSE",
    "PatientPosition": "HFS",
    "PhilipsRescaleIntercept": 0,
    "PhilipsRescaleSlope": 0.76239,
    "PhilipsScaleSlope": 0.101105,
    "ProtocolName": "WIPtask-rest_acq-multiband_boldSENSE",
    "ReconMatrixPE": 80,
    "RepetitionTime": 0.763789,
    "SeriesDescription": "ImageMRSERIES",
    "SeriesNumber": 10,
    "TaskName": "restingstate",
    "TotalReadoutTime": 0.024699802401580786,
    "UsePhilipsFloatNotDisplayScaling": 1,
    "acq_id": "mb3",
    "dataset": "<unset>",
    "modality": "bold",
    "session_id": "pre",
    "subject_id": "05",
    "task_id": "restingstate"
  },
  "dummy_trs": 0,
  "dvars_nstd": 46.57253289974845,
  "dvars_std": 1.1341611004874212,
  "dvars_vstd": 0.9987589262893072,
  "efc": 0.40220960611150114,
  "fber": 704698560.0,
  "fd_mean": 0.13714194579682523,
  "fd_num": 89,
  "fd_perc": 13.971742543171114,
  "fwhm_avg": 1.8334065943437696,
  "fwhm_x": 1.7825065250057759,
  "fwhm_y": 2.034403333333333,
  "fwhm_z": 1.6833099246921999,
  "gcor": 0.00497956,
  "gsr_x": -0.008574020117521286,
  "gsr_y": 0.007038802839815617,
  "provenance": {
    "md5sum": "2f5a19d0d58dd675d39f6da131e82686",
    "settings": {
      "fd_thres": 0.2,
      "testing": false
    },
    "software": "mriqc",
    "version": "0.16.0",
    "webapi_port": null,
    "webapi_url": "https://mriqc.nimh.nih.gov/api/v1"
  },
  "size_t": 637,
  "size_x": 80,
  "size_y": 80,
  "size_z": 36,
  "snr": 6.765526047823292,
  "spacing_tr": 0.7637892961502075,
  "spacing_x": 3.000000238418579,
  "spacing_y": 3.0,
  "spacing_z": 3.2998082637786865,
  "spikes_num": 0,
  "summary_bg_k": 63.78496281175377,
  "summary_bg_mad": 0.9716749034668033,
  "summary_bg_mean": 241.29513549804688,
  "summary_bg_median": 0.6617774367332458,
  "summary_bg_n": 156502.0,
  "summary_bg_p05": 0.0030483430833555757,
  "summary_bg_p95": 1475.0319152832021,
  "summary_bg_stdv": 1067.2684326171875,
  "summary_fg_k": 2.606227065415755,
  "summary_fg_mad": 2489.9001191445477,
  "summary_fg_mean": 18577.748046875,
  "summary_fg_median": 18534.6015625,
  "summary_fg_n": 33165.0,
  "summary_fg_p05": 14487.5830078125,
  "summary_fg_p95": 23012.239453125,
  "summary_fg_stdv": 2739.524169921875,
  "tsnr": 36.929222106933594
}