{
  "aor": 0.0004601666666666666,
  "aqi": 0.004577439416666666,
  "bids_meta": {
    "AcquisitionNumber": 3,
    "BidsifyVersion": "0.3.7",
    "ConversionSoftware": "dcm2niix",
    "ConversionSoftwareVersion": "v1.0.20190902",
    "EchoTime": 0.02763,
    "EffectiveEchoSpacing": 0.0006621159151938905,
    "ImageComments": "Upgrade2017",
    "ImageOrientationPatientDICOM": [
      0.994672,
      -0.0786821,
      0.0666093,
      0.0898221,
      0.97855,
      -0.185398
    ],
    "InstitutionName": "Spinoza Centre for Neuroimaging, location REC",
    "MagneticFieldStrength": 3,
    "Manufacturer": "Philips",
    "ParallelAcquisitionTechnique": "SENSE",
    "PatientPosition": "HFS",
    "PhilipsRescaleIntercept": 0,
    "PhilipsRescaleSlope": 0.76459,
    "PhilipsScaleSlope": 0.0641844,
    "ProtocolName": "WIPtask-rest_acq-sequential_boldSENSE",
    "ReconMatrixPE": 80,
    "RepetitionTime": 2,
    "SeriesDescription": "ImageMRSERIES",
    "SeriesNumber": 3,
    "TaskName": "restingstate",
    "TotalReadoutTime": 0.025822520692561732,
    "UsePhilipsFloatNotDisplayScaling": 1,
    "acq_id": "seq",
    "dataset": "<unset>",
    "modality": "bold",
    "session_id": "pre",
    "subject_id": "05",
    "task_id": "restingstate"
  },
  "dummy_trs": 0,
  "dvars_nstd": 18.72339938577406,
  "dvars_std": 1.120275027991631,
  "dvars_vstd": 0.9801551793305435,
  "efc": 0.40008333610318775,
  "fber": 479260928.0,
  "fd_mean": 0.10315105083699734,
  "fd_num": 3,
  "fd_perc": 1.25,
  "fwhm_avg": 1.802773452117748,
  "fwhm_x": 1.7513431941490814,
  "fwhm_y": 1.9742733333333333,
  "fwhm_z": 1.6827038288708296,
  "gcor": 0.016075,
  "gsr_x": -0.006870164070278406,
  "gsr_y": 0.008763691410422325,
  "provenance": {
    "md5sum": "b17216663433a41fc0af1bad622d2b74",
    "settings": {
      "fd_thres": 0.2,
      "testing": false
    },
    "software": "mriqc",
    "version": "0.16.0",
    "webapi_port": null,
    "webapi_url": "https://mriqc.nimh.nih.gov/api/v1"
  },
  "size_t": 240,
  "size_x": 80,
  "size_y": 80,
  "size_z": 36,
  "snr": 5.531137802995847,
  "spacing_tr": 2.0,
  "spacing_x": 3.000000238418579,
  "spacing_y": 3.0,
  "spacing_z": 3.2998082637786865,
  "spikes_num": 1,
  "summary_bg_k": 109.98698729225069,
  "summary_bg_mad": 1.4776004639103215,
  "summary_bg_mean": 288.1939697265625,
  "summary_bg_median": 1.0035617351531982,
  "summary_bg_n": 155967.0,
  "summary_bg_p05": 0.0011036180076189343,
  "summary_bg_p95": 1540.6974243163954,
  "summary_bg_stdv": 1360.652587890625,
  "summary_fg_k": 1.8248764411398923,
  "summary_fg_mad": 3766.3540280063366,
  "summary_fg_mean": 23513.001953125,
  "summary_fg_median": 23108.57421875,
  "summary_fg_n": 33783.0,
  "summary_fg_p05": 17578.4849609375,
  "summary_fg_p95": 30614.2029296875,
  "summary_fg_stdv": 4177.84423828125,
  "tsnr": 78.63469696044922
}