{
    "Manufacturer": "Philips",
    "PatientPosition": "HFS",
    "SeriesDescription": "ImageMRSERIES",
    "ProtocolName": "dwi_acq-sequential",
    "SeriesNumber": 5,
    "AcquisitionNumber": 5,
    "ImageComments": "Upgrade_2017",
    "PhilipsRescaleSlope": 1.78364,
    "PhilipsRescaleIntercept": 0,
    "PhilipsScaleSlope": 0.0184038,
    "UsePhilipsFloatNotDisplayScaling": 1,
    "EchoTime": 0.08599,
    "RepetitionTime": 7.46082,
    "ReconMatrixPE": 112,
    "ImageOrientationPatientDICOM": [
        0.999101,
        0.0421411,
        -0.00467056,
        -0.0423988,
        0.992559,
        -0.114148
    ],
    "ConversionSoftware": "dcm2niix",
    "ConversionSoftwareVersion": "v1.0.20190902",
    "BidsifyVersion": "0.3.7",
    "MagneticFieldStrength": 3,
    "ParallelAcquisitionTechnique": "SENSE",
    "InstitutionName": "Spinoza Centre for Neuroimaging, location REC"
}