{
    "Manufacturer": "Philips",
    "PatientPosition": "HFS",
    "SeriesDescription": "ImageMRSERIES",
    "ProtocolName": "T1w",
    "SeriesNumber": 2,
    "AcquisitionNumber": 2,
    "ImageComments": "Upgrade_2017",
    "PhilipsRescaleSlope": 3.81465,
    "PhilipsRescaleIntercept": 0,
    "PhilipsScaleSlope": 0.00535969,
    "UsePhilipsFloatNotDisplayScaling": 1,
    "EchoTime": 0.00374,
    "RepetitionTime": 0.008145,
    "InversionTime": 0.9,
    "ReconMatrixPE": 240,
    "ImageOrientationPatientDICOM": [
        0.999605,
        0.0272779,
        0.00673938,
        -0.0275723,
        0.998451,
        0.0483337
    ],
    "ConversionSoftware": "dcm2niix",
    "ConversionSoftwareVersion": "v1.0.20190902",
    "BidsifyVersion": "0.3.7",
    "MagneticFieldStrength": 3,
    "ParallelAcquisitionTechnique": "SENSE",
    "InstitutionName": "Spinoza Centre for Neuroimaging, location REC"
}