{
  "bids_meta": {
    "AcquisitionNumber": 2,
    "BidsifyVersion": "0.3.7",
    "ConversionSoftware": "dcm2niix",
    "ConversionSoftwareVersion": "v1.0.20190902",
    "EchoTime": 0.00377,
    "ImageComments": "Upgrade_2017",
    "ImageOrientationPatientDICOM": [
      0.997318,
      0.0715559,
      0.0153611,
      -0.0721885,
      0.996348,
      0.0455934
    ],
    "InstitutionName": "Spinoza Centre for Neuroimaging, location REC",
    "InversionTime": 0.9,
    "MagneticFieldStrength": 3,
    "Manufacturer": "Philips",
    "ParallelAcquisitionTechnique": "SENSE",
    "PatientPosition": "HFS",
    "PhilipsRescaleIntercept": 0,
    "PhilipsRescaleSlope": 4.21856,
    "PhilipsScaleSlope": 0.00491879,
    "ProtocolName": "T1w",
    "ReconMatrixPE": 240,
    "RepetitionTime": 0.008182,
    "SeriesDescription": "ImageMRSERIES",
    "SeriesNumber": 2,
    "UsePhilipsFloatNotDisplayScaling": 1,
    "dataset": "<unset>",
    "modality": "T1w",
    "session_id": "post",
    "subject_id": "14"
  },
  "cjv": 0.30906772948031125,
  "cnr": 3.832236772677953,
  "efc": 0.7000054243522768,
  "fber": 9280.1650390625,
  "fwhm_avg": 3.7706400747307183,
  "fwhm_x": 3.761320224192156,
  "fwhm_y": 3.91334,
  "fwhm_z": 3.63726,
  "icvs_csf": 0.2082395008397625,
  "icvs_gm": 0.4177786920283829,
  "icvs_wm": 0.3739818071318546,
  "inu_med": 2.1789987087249756,
  "inu_range": 0.6032667636871341,
  "provenance": {
    "md5sum": "cf616f0d14b1d0fc60af29cb0a3e7644",
    "settings": {
      "testing": false
    },
    "software": "mriqc",
    "version": "0.16.0",
    "warnings": {
      "large_rot_frame": true,
      "small_air_mask": false
    },
    "webapi_port": null,
    "webapi_url": "https://mriqc.nimh.nih.gov/api/v1"
  },
  "qi_1": 0.014329434926765337,
  "qi_2": 0.0001037868099141954,
  "rpve_csf": 25.279750865386358,
  "rpve_gm": 13.40953642981964,
  "rpve_wm": 18.982874513574696,
  "size_x": 240,
  "size_y": 240,
  "size_z": 220,
  "snr_csf": 1.8666739732766608,
  "snr_gm": 7.241546559138005,
  "snr_total": 10.79715666031403,
  "snr_wm": 23.283249448527425,
  "snrd_csf": 51.93037143090391,
  "snrd_gm": 108.6908136821901,
  "snrd_total": 111.21675240317576,
  "snrd_wm": 173.0290720964333,
  "spacing_x": 0.9999999403953552,
  "spacing_y": 1.0,
  "spacing_z": 1.0,
  "summary_bg_k": 57.214158196238245,
  "summary_bg_mad": 3.7862711167671295,
  "summary_bg_mean": 5.7940239906311035,
  "summary_bg_median": 2.5538010597229004,
  "summary_bg_n": 347707.0,
  "summary_bg_p05": 0.0,
  "summary_bg_p95": 18.41743507385254,
  "summary_bg_stdv": 6.743113994598389,
  "summary_csf_k": 69.92021247171883,
  "summary_csf_mad": 135.70476234195135,
  "summary_csf_mean": 299.28631591796875,
  "summary_csf_median": 300.1244812011719,
  "summary_csf_n": 12896.0,
  "summary_csf_p05": 114.26318359375,
  "summary_csf_p95": 467.7107849121094,
  "summary_csf_stdv": 160.77410888671875,
  "summary_gm_k": 0.6091127235104277,
  "summary_gm_mad": 78.41449109113496,
  "summary_gm_mean": 637.8479614257812,
  "summary_gm_median": 628.1636962890625,
  "summary_gm_n": 28491.0,
  "summary_gm_p05": 511.14991760253906,
  "summary_gm_p95": 798.7346801757812,
  "summary_gm_stdv": 86.74288940429688,
  "summary_wm_k": 1.9339017262105127,
  "summary_wm_mad": 36.50745079525531,
  "summary_wm_mean": 997.946533203125,
  "summary_wm_median": 999.9978637695312,
  "summary_wm_n": 229616.0,
  "summary_wm_p05": 924.7754669189453,
  "summary_wm_p95": 1062.1984558105469,
  "summary_wm_stdv": 42.94914627075195,
  "tpm_overlap_csf": 0.17935989797115326,
  "tpm_overlap_gm": 0.46330755949020386,
  "tpm_overlap_wm": 0.519226610660553,
  "wm2max": 0.7323896897282842
}