{
  "bids_meta": {
    "AcquisitionNumber": 2,
    "BidsifyVersion": "0.3.7",
    "ConversionSoftware": "dcm2niix",
    "ConversionSoftwareVersion": "v1.0.20190902",
    "EchoTime": 0.00389,
    "ImageComments": "Upgrade_2017",
    "ImageOrientationPatientDICOM": [
      0.999086,
      0.041149,
      -0.0116015,
      -0.0427475,
      0.957039,
      -0.286792
    ],
    "InstitutionName": "Spinoza Centre for Neuroimaging, location REC",
    "InversionTime": 0.9,
    "MagneticFieldStrength": 3,
    "Manufacturer": "Philips",
    "ParallelAcquisitionTechnique": "SENSE",
    "PatientPosition": "HFS",
    "PhilipsRescaleIntercept": 0,
    "PhilipsRescaleSlope": 3.04444,
    "PhilipsScaleSlope": 0.00494614,
    "ProtocolName": "T1w",
    "ReconMatrixPE": 240,
    "RepetitionTime": 0.008406,
    "SeriesDescription": "ImageMRSERIES",
    "SeriesNumber": 2,
    "UsePhilipsFloatNotDisplayScaling": 1,
    "dataset": "<unset>",
    "modality": "T1w",
    "session_id": "post",
    "subject_id": "13"
  },
  "cjv": 0.29103410299409566,
  "cnr": 3.935282863342882,
  "efc": 0.7301071660475114,
  "fber": 2610.200439453125,
  "fwhm_avg": 3.8031834062353815,
  "fwhm_x": 3.74328,
  "fwhm_y": 3.99699,
  "fwhm_z": 3.669280218706144,
  "icvs_csf": 0.2180963850508465,
  "icvs_gm": 0.4083389951301855,
  "icvs_wm": 0.373564619818968,
  "inu_med": 2.3527421951293945,
  "inu_range": 0.7280914306640627,
  "provenance": {
    "md5sum": "432ff684b11cf1f1c2ab5b7fec5cc242",
    "settings": {
      "testing": false
    },
    "software": "mriqc",
    "version": "0.16.0",
    "warnings": {
      "large_rot_frame": true,
      "small_air_mask": false
    },
    "webapi_port": null,
    "webapi_url": "https://mriqc.nimh.nih.gov/api/v1"
  },
  "qi_1": 0.0,
  "qi_2": 6.427691149613056e-05,
  "rpve_csf": 26.25349019443951,
  "rpve_gm": 14.683519606587128,
  "rpve_wm": 20.486418954288744,
  "size_x": 240,
  "size_y": 240,
  "size_z": 220,
  "snr_csf": 2.067769405583831,
  "snr_gm": 7.567783101336585,
  "snr_total": 10.567978106782379,
  "snr_wm": 22.06838181342672,
  "snrd_csf": 22.241540846872745,
  "snrd_gm": 43.19345910331122,
  "snrd_total": 44.781717794779034,
  "snrd_wm": 68.91015343415312,
  "spacing_x": 1.0,
  "spacing_y": 1.0,
  "spacing_z": 0.9999999403953552,
  "summary_bg_k": 20.78302272378977,
  "summary_bg_mad": 9.50710316351543,
  "summary_bg_mean": 8.93108081817627,
  "summary_bg_median": 6.456056118011475,
  "summary_bg_n": 418507.0,
  "summary_bg_p05": 0.0,
  "summary_bg_p95": 26.041519927978513,
  "summary_bg_stdv": 8.953619003295898,
  "summary_csf_k": 98.26842376994865,
  "summary_csf_mad": 97.83351251347003,
  "summary_csf_mean": 319.37744140625,
  "summary_csf_median": 322.76123046875,
  "summary_csf_n": 6256.0,
  "summary_csf_p05": 124.98693656921387,
  "summary_csf_p95": 478.39197540283203,
  "summary_csf_stdv": 156.0790252685547,
  "summary_gm_k": 1.366545023882086,
  "summary_gm_mad": 69.86717709278618,
  "summary_gm_mean": 632.9608764648438,
  "summary_gm_median": 626.8079223632812,
  "summary_gm_n": 14779.0,
  "summary_gm_p05": 509.03888244628905,
  "summary_gm_p95": 782.8756103515625,
  "summary_gm_stdv": 82.82302856445312,
  "summary_wm_k": 1.7622560357421095,
  "summary_wm_mad": 38.74424907028771,
  "summary_wm_mean": 997.095703125,
  "summary_wm_median": 999.9993286132812,
  "summary_wm_n": 210572.0,
  "summary_wm_p05": 918.7447814941406,
  "summary_wm_p95": 1064.2555847167969,
  "summary_wm_stdv": 45.313560485839844,
  "tpm_overlap_csf": 0.1485520899295807,
  "tpm_overlap_gm": 0.4363973140716553,
  "tpm_overlap_wm": 0.4961020052433014,
  "wm2max": 0.6969284993727638
}