{
  "bids_meta": {
    "AcquisitionNumber": 2,
    "BidsifyVersion": "0.3.7",
    "ConversionSoftware": "dcm2niix",
    "ConversionSoftwareVersion": "v1.0.20190902",
    "EchoTime": 0.0038,
    "ImageComments": "Upgrade2017",
    "ImageOrientationPatientDICOM": [
      0.99751,
      0.0549318,
      -0.0442205,
      -0.0498335,
      0.992778,
      0.109127
    ],
    "InstitutionName": "Spinoza Centre for Neuroimaging, location REC",
    "MagneticFieldStrength": 3,
    "Manufacturer": "Philips",
    "ParallelAcquisitionTechnique": "SENSE",
    "PatientPosition": "HFS",
    "PhilipsRescaleIntercept": 0,
    "PhilipsRescaleSlope": 11.3358,
    "PhilipsScaleSlope": 0.00501494,
    "ProtocolName": "WIPT1wSENSE",
    "ReconMatrixPE": 240,
    "RepetitionTime": 0.008264,
    "SeriesDescription": "ImageMRSERIES",
    "SeriesNumber": 2,
    "UsePhilipsFloatNotDisplayScaling": 1,
    "dataset": "<unset>",
    "modality": "T1w",
    "session_id": "pre",
    "subject_id": "17"
  },
  "cjv": 0.37792755355607865,
  "cnr": 3.381594458136426,
  "efc": 0.783485378162701,
  "fber": 815.8604125976562,
  "fwhm_avg": 3.4187966666666667,
  "fwhm_x": 3.48704,
  "fwhm_y": 3.47352,
  "fwhm_z": 3.29583,
  "icvs_csf": 0.2247062852997604,
  "icvs_gm": 0.39967453486730614,
  "icvs_wm": 0.3756191798329335,
  "inu_med": 0.9027862548828125,
  "inu_range": 0.30083829164505005,
  "provenance": {
    "md5sum": "bd9b3ecc17e9ab3ea5af8f0dd8010442",
    "settings": {
      "testing": false
    },
    "software": "mriqc",
    "version": "0.16.0",
    "warnings": {
      "large_rot_frame": true,
      "small_air_mask": true
    },
    "webapi_port": null,
    "webapi_url": "https://mriqc.nimh.nih.gov/api/v1"
  },
  "qi_1": 0.0,
  "qi_2": 0.0001938972464558049,
  "rpve_csf": 25.42831683489137,
  "rpve_gm": 14.319938342825816,
  "rpve_wm": 20.151784243645405,
  "size_x": 240,
  "size_y": 240,
  "size_z": 220,
  "snr_csf": 3.32520372449459,
  "snr_gm": 6.735882887090561,
  "snr_total": 9.747573424275274,
  "snr_wm": 19.18163366124067,
  "snrd_csf": 18.92595873974703,
  "snrd_gm": 32.62289698728401,
  "snrd_total": 34.34617494233343,
  "snrd_wm": 51.489669099969234,
  "spacing_x": 1.0,
  "spacing_y": 1.0,
  "spacing_z": 1.0,
  "summary_bg_k": 120.82312340608695,
  "summary_bg_mad": 12.723532138264448,
  "summary_bg_mean": 15.895201683044434,
  "summary_bg_median": 17.24041175842285,
  "summary_bg_n": 88217.0,
  "summary_bg_p05": 0.0,
  "summary_bg_p95": 35.16163101196289,
  "summary_bg_stdv": 13.286588668823242,
  "summary_csf_k": 0.4054934993103392,
  "summary_csf_mad": 100.6375979776999,
  "summary_csf_mean": 354.0011901855469,
  "summary_csf_median": 367.56475830078125,
  "summary_csf_n": 6143.0,
  "summary_csf_p05": 147.0386169433594,
  "summary_csf_p95": 511.8666687011718,
  "summary_csf_stdv": 110.53002166748047,
  "summary_gm_k": 0.04960624289317739,
  "summary_gm_mad": 91.59131738799124,
  "summary_gm_mean": 640.0459594726562,
  "summary_gm_median": 633.57568359375,
  "summary_gm_n": 14474.0,
  "summary_gm_p05": 494.1135955810547,
  "summary_gm_p95": 809.364758300781,
  "summary_gm_stdv": 94.05653381347656,
  "summary_wm_k": 1.136497398771831,
  "summary_wm_mad": 46.88711417852353,
  "summary_wm_mean": 997.270751953125,
  "summary_wm_median": 999.990966796875,
  "summary_wm_n": 207727.0,
  "summary_wm_p05": 906.9260437011719,
  "summary_wm_p95": 1076.5045532226563,
  "summary_wm_stdv": 52.132606506347656,
  "tpm_overlap_csf": 0.14391717314720154,
  "tpm_overlap_gm": 0.42751777172088623,
  "tpm_overlap_wm": 0.4938966929912567,
  "wm2max": 0.7607996305257633
}