{
  "aor": 0.0008779583333333332,
  "aqi": 0.006131179166666667,
  "bids_meta": {
    "AcquisitionNumber": 10,
    "BidsifyVersion": "0.3.7",
    "ConversionSoftware": "dcm2niix",
    "ConversionSoftwareVersion": "v1.0.20190902",
    "EchoTime": 0.02763,
    "EffectiveEchoSpacing": 0.0006621159151938905,
    "ImageComments": "Upgrade2017",
    "ImageOrientationPatientDICOM": [
      0.999856,
      -0.0165866,
      0.00365937,
      0.0167543,
      0.99851,
      -0.0519333
    ],
    "InstitutionName": "Spinoza Centre for Neuroimaging, location REC",
    "MagneticFieldStrength": 3,
    "Manufacturer": "Philips",
    "ParallelAcquisitionTechnique": "SENSE",
    "PatientPosition": "HFS",
    "PhilipsRescaleIntercept": 0,
    "PhilipsRescaleSlope": 0.75092,
    "PhilipsScaleSlope": 0.0543947,
    "ProtocolName": "WIPtask-rest_acq-sequential_boldSENSE",
    "ReconMatrixPE": 80,
    "RepetitionTime": 2,
    "SeriesDescription": "ImageMRSERIES",
    "SeriesNumber": 10,
    "TaskName": "restingstate",
    "TotalReadoutTime": 0.025822520692561732,
    "UsePhilipsFloatNotDisplayScaling": 1,
    "acq_id": "seq",
    "dataset": "<unset>",
    "modality": "bold",
    "session_id": "pre",
    "subject_id": "08",
    "task_id": "restingstate"
  },
  "dummy_trs": 0,
  "dvars_nstd": 21.96782290092051,
  "dvars_std": 1.1678411935983262,
  "dvars_vstd": 0.9889866258577404,
  "efc": 0.43462284541797563,
  "fber": 127292752.0,
  "fd_mean": 0.16765687985519273,
  "fd_num": 68,
  "fd_perc": 28.333333333333332,
  "fwhm_avg": 1.8402117827813846,
  "fwhm_x": 1.8025366666666667,
  "fwhm_y": 2.0135,
  "fwhm_z": 1.7045986816774874,
  "gcor": 0.0196375,
  "gsr_x": -0.0005212901160120964,
  "gsr_y": 0.007555634714663029,
  "provenance": {
    "md5sum": "1bc285a7399811aa29394fee7a171b36",
    "settings": {
      "fd_thres": 0.2,
      "testing": false
    },
    "software": "mriqc",
    "version": "0.16.0",
    "webapi_port": null,
    "webapi_url": "https://mriqc.nimh.nih.gov/api/v1"
  },
  "size_t": 240,
  "size_x": 80,
  "size_y": 80,
  "size_z": 36,
  "snr": 5.213068296449437,
  "spacing_tr": 2.0,
  "spacing_x": 3.0,
  "spacing_y": 3.0,
  "spacing_z": 3.2998969554901123,
  "spikes_num": 0,
  "summary_bg_k": 49.29716473964808,
  "summary_bg_mad": 3.0750748727997044,
  "summary_bg_mean": 325.19000244140625,
  "summary_bg_median": 2.115892171859741,
  "summary_bg_n": 148386.0,
  "summary_bg_p05": 0.010562076233327389,
  "summary_bg_p95": 1701.251708984375,
  "summary_bg_stdv": 1443.75244140625,
  "summary_fg_k": 3.5418162492311236,
  "summary_fg_mad": 3887.504636634925,
  "summary_fg_mean": 25132.5546875,
  "summary_fg_median": 24608.9765625,
  "summary_fg_n": 40568.0,
  "summary_fg_p05": 18626.97744140625,
  "summary_fg_p95": 32677.255078125003,
  "summary_fg_stdv": 4720.57373046875,
  "tsnr": 70.63430786132812
}