{
  "aor": 0.0008042700156985871,
  "aqi": 0.02448564081632653,
  "bids_meta": {
    "AcquisitionNumber": 3,
    "BidsifyVersion": "0.3.7",
    "ConversionSoftware": "dcm2niix",
    "ConversionSoftwareVersion": "v1.0.20190902",
    "EchoTime": 0.02763,
    "EffectiveEchoSpacing": 0.0006333282667071997,
    "ImageComments": "Upgrade2017",
    "ImageOrientationPatientDICOM": [
      0.999856,
      -0.0165866,
      0.00365937,
      0.0167543,
      0.99851,
      -0.0519333
    ],
    "InstitutionName": "Spinoza Centre for Neuroimaging, location REC",
    "MagneticFieldStrength": 3,
    "Manufacturer": "Philips",
    "ParallelAcquisitionTechnique": "SENSE",
    "PatientPosition": "HFS",
    "PhilipsRescaleIntercept": 0,
    "PhilipsRescaleSlope": 0.75775,
    "PhilipsScaleSlope": 0.0874564,
    "ProtocolName": "WIPtask-rest_acq-multiband_boldSENSE",
    "ReconMatrixPE": 80,
    "RepetitionTime": 0.761525,
    "SeriesDescription": "ImageMRSERIES",
    "SeriesNumber": 3,
    "TaskName": "restingstate",
    "TotalReadoutTime": 0.024699802401580786,
    "UsePhilipsFloatNotDisplayScaling": 1,
    "acq_id": "mb3",
    "dataset": "<unset>",
    "modality": "bold",
    "session_id": "pre",
    "subject_id": "08",
    "task_id": "restingstate"
  },
  "dummy_trs": 0,
  "dvars_nstd": 47.776120149717016,
  "dvars_std": 1.1338462708805037,
  "dvars_vstd": 1.0123214835691816,
  "efc": 0.43690338101544657,
  "fber": 296005984.0,
  "fd_mean": 0.08444720820563266,
  "fd_num": 8,
  "fd_perc": 1.2558869701726845,
  "fwhm_avg": 1.8212662401012356,
  "fwhm_x": 1.7981333333333334,
  "fwhm_y": 1.9889433333333333,
  "fwhm_z": 1.6767220536370409,
  "gcor": 0.00823297,
  "gsr_x": -0.003965022973716259,
  "gsr_y": 0.008977938443422318,
  "provenance": {
    "md5sum": "2e170d0293984d09fa477fc426972b31",
    "settings": {
      "fd_thres": 0.2,
      "testing": false
    },
    "software": "mriqc",
    "version": "0.16.0",
    "webapi_port": null,
    "webapi_url": "https://mriqc.nimh.nih.gov/api/v1"
  },
  "size_t": 637,
  "size_x": 80,
  "size_y": 80,
  "size_z": 36,
  "snr": 6.506450268278991,
  "spacing_tr": 0.7615252137184143,
  "spacing_x": 3.0,
  "spacing_y": 3.0,
  "spacing_z": 3.2998969554901123,
  "spikes_num": 1,
  "summary_bg_k": 45.62235722126301,
  "summary_bg_mad": 1.5604634311589773,
  "summary_bg_mean": 272.0412292480469,
  "summary_bg_median": 1.0637381076812744,
  "summary_bg_n": 149096.0,
  "summary_bg_p05": 0.003137973602861166,
  "summary_bg_p95": 1646.6917114257812,
  "summary_bg_stdv": 1135.8260498046875,
  "summary_fg_k": 2.066182905867314,
  "summary_fg_mad": 2718.5770328117464,
  "summary_fg_mean": 19250.115234375,
  "summary_fg_median": 19323.974609375,
  "summary_fg_n": 39757.0,
  "summary_fg_p05": 14551.3474609375,
  "summary_fg_p95": 23872.960156250003,
  "summary_fg_stdv": 2969.9345703125,
  "tsnr": 33.21898651123047
}