{
  "aor": 0.0003601481481481482,
  "aqi": 0.00358207562962963,
  "bids_meta": {
    "AcquisitionNumber": 8,
    "BidsifyVersion": "0.3.7",
    "ConversionSoftware": "dcm2niix",
    "ConversionSoftwareVersion": "v1.0.20190902",
    "EchoTime": 0.02763,
    "EffectiveEchoSpacing": 0.0006621159151938905,
    "ImageComments": "Upgrade2017",
    "ImageOrientationPatientDICOM": [
      0.999856,
      -0.0165866,
      0.00365937,
      0.0167543,
      0.99851,
      -0.0519333
    ],
    "InstitutionName": "Spinoza Centre for Neuroimaging, location REC",
    "MagneticFieldStrength": 3,
    "Manufacturer": "Philips",
    "ParallelAcquisitionTechnique": "SENSE",
    "PatientPosition": "HFS",
    "PhilipsRescaleIntercept": 0,
    "PhilipsRescaleSlope": 0.74432,
    "PhilipsScaleSlope": 0.0524216,
    "ProtocolName": "WIPtask-harriri_acq-sequential_boldSENSE",
    "ReconMatrixPE": 80,
    "RepetitionTime": 2,
    "SeriesDescription": "ImageMRSERIES",
    "SeriesNumber": 8,
    "TaskName": "emomatching",
    "TotalReadoutTime": 0.025822520692561732,
    "UsePhilipsFloatNotDisplayScaling": 1,
    "acq_id": "seq",
    "dataset": "<unset>",
    "modality": "bold",
    "session_id": "pre",
    "subject_id": "08",
    "task_id": "emomatching"
  },
  "dummy_trs": 0,
  "dvars_nstd": 20.06453719037313,
  "dvars_std": 1.1755757489552239,
  "dvars_vstd": 1.0041532117910448,
  "efc": 0.4331470448137708,
  "fber": 891695552.0,
  "fd_mean": 0.11428849710894395,
  "fd_num": 7,
  "fd_perc": 5.185185185185185,
  "fwhm_avg": 1.8473830264446007,
  "fwhm_x": 1.8100633333333331,
  "fwhm_y": 2.0244566666666666,
  "fwhm_z": 1.707629079333803,
  "gcor": 0.0230529,
  "gsr_x": -0.0005433456972241402,
  "gsr_y": 0.0071860430762171745,
  "provenance": {
    "md5sum": "c006340ddf056ebcde172b22db92a317",
    "settings": {
      "fd_thres": 0.2,
      "testing": false
    },
    "software": "mriqc",
    "version": "0.16.0",
    "webapi_port": null,
    "webapi_url": "https://mriqc.nimh.nih.gov/api/v1"
  },
  "size_t": 135,
  "size_x": 80,
  "size_y": 80,
  "size_z": 36,
  "snr": 5.102047773958471,
  "spacing_tr": 2.0,
  "spacing_x": 3.0,
  "spacing_y": 3.0,
  "spacing_z": 3.2998969554901123,
  "spikes_num": 0,
  "summary_bg_k": 49.92162322348485,
  "summary_bg_mad": 1.180088146318418,
  "summary_bg_mean": 325.8074951171875,
  "summary_bg_median": 0.8008837103843689,
  "summary_bg_n": 148494.0,
  "summary_bg_p05": 0.0018048237485345452,
  "summary_bg_p95": 1711.1120788574303,
  "summary_bg_stdv": 1476.1746826171875,
  "summary_fg_k": 3.6667884582916788,
  "summary_fg_mad": 4105.696193596638,
  "summary_fg_mean": 25944.48046875,
  "summary_fg_median": 25379.197265625,
  "summary_fg_n": 40451.0,
  "summary_fg_p05": 19115.7998046875,
  "summary_fg_p95": 33839.423828125,
  "summary_fg_stdv": 4974.25439453125,
  "tsnr": 87.17825317382812
}