{
    "Manufacturer": "Philips",
    "PatientPosition": "HFS",
    "SeriesDescription": "ImageMRSERIES",
    "ProtocolName": "WIPT1wSENSE",
    "SeriesNumber": 2,
    "AcquisitionNumber": 2,
    "ImageComments": "Upgrade2017",
    "PhilipsRescaleSlope": 10.8464,
    "PhilipsRescaleIntercept": 0,
    "PhilipsScaleSlope": 0.00489275,
    "UsePhilipsFloatNotDisplayScaling": 1,
    "EchoTime": 0.00373,
    "RepetitionTime": 0.008142,
    "ReconMatrixPE": 240,
    "ImageOrientationPatientDICOM": [
        0.99892,
        -0.0401465,
        -0.0233937,
        0.0399461,
        0.999161,
        -0.00897034
    ],
    "ConversionSoftware": "dcm2niix",
    "ConversionSoftwareVersion": "v1.0.20190902",
    "BidsifyVersion": "0.3.7",
    "MagneticFieldStrength": 3,
    "ParallelAcquisitionTechnique": "SENSE",
    "InstitutionName": "Spinoza Centre for Neuroimaging, location REC"
}