{
  "bids_meta": {
    "AcquisitionNumber": 2,
    "BidsifyVersion": "0.3.7",
    "ConversionSoftware": "dcm2niix",
    "ConversionSoftwareVersion": "v1.0.20190902",
    "EchoTime": 0.00373,
    "ImageComments": "Upgrade_2017",
    "ImageOrientationPatientDICOM": [
      0.999295,
      -0.0124464,
      -0.0354136,
      0.0129071,
      0.999835,
      0.0128078
    ],
    "InstitutionName": "Spinoza Centre for Neuroimaging, location REC",
    "InversionTime": 0.9,
    "MagneticFieldStrength": 3,
    "Manufacturer": "Philips",
    "ParallelAcquisitionTechnique": "SENSE",
    "PatientPosition": "HFS",
    "PhilipsRescaleIntercept": 0,
    "PhilipsRescaleSlope": 4.34115,
    "PhilipsScaleSlope": 0.00525326,
    "ProtocolName": "T1w",
    "ReconMatrixPE": 240,
    "RepetitionTime": 0.008175,
    "SeriesDescription": "ImageMRSERIES",
    "SeriesNumber": 2,
    "UsePhilipsFloatNotDisplayScaling": 1,
    "dataset": "<unset>",
    "modality": "T1w",
    "session_id": "post",
    "subject_id": "22"
  },
  "cjv": 0.3336499280364971,
  "cnr": 3.704951186742261,
  "efc": 0.6831503749413819,
  "fber": 34571.34765625,
  "fwhm_avg": 3.9242966666666668,
  "fwhm_x": 3.79854,
  "fwhm_y": 4.2787,
  "fwhm_z": 3.69565,
  "icvs_csf": 0.22275762614688144,
  "icvs_gm": 0.3953308592460229,
  "icvs_wm": 0.38191151460709566,
  "inu_med": 2.4785866737365723,
  "inu_range": 0.5780745506286618,
  "provenance": {
    "md5sum": "efa7c158472f59251b56af325fb1a103",
    "settings": {
      "testing": false
    },
    "software": "mriqc",
    "version": "0.16.0",
    "warnings": {
      "large_rot_frame": true,
      "small_air_mask": false
    },
    "webapi_port": null,
    "webapi_url": "https://mriqc.nimh.nih.gov/api/v1"
  },
  "qi_1": 0.0,
  "qi_2": 0.0001154378336916885,
  "rpve_csf": 25.31454449791052,
  "rpve_gm": 14.560026308301575,
  "rpve_wm": 19.60144809163987,
  "size_x": 240,
  "size_y": 240,
  "size_z": 220,
  "snr_csf": 2.3538976646406327,
  "snr_gm": 7.5674088248109435,
  "snr_total": 10.853104692480576,
  "snr_wm": 22.638007587990145,
  "snrd_csf": 46.9359676132982,
  "snrd_gm": 122.42138723079405,
  "snrd_total": 119.81901727550915,
  "snrd_wm": 190.09969698243518,
  "spacing_x": 1.0,
  "spacing_y": 1.0,
  "spacing_z": 1.0,
  "summary_bg_k": 168.97065445941504,
  "summary_bg_mad": 3.4462082395656237,
  "summary_bg_mean": 5.146120071411133,
  "summary_bg_median": 2.324432134628296,
  "summary_bg_n": 489907.0,
  "summary_bg_p05": 0.0,
  "summary_bg_p95": 16.943703269958498,
  "summary_bg_stdv": 6.3762736320495605,
  "summary_csf_k": 0.08675532109600059,
  "summary_csf_mad": 118.1100705522399,
  "summary_csf_mean": 255.3946075439453,
  "summary_csf_median": 246.89686584472656,
  "summary_csf_n": 14963.0,
  "summary_csf_p05": 104.33722610473633,
  "summary_csf_p95": 424.3279510498047,
  "summary_csf_stdv": 104.88502502441406,
  "summary_gm_k": 0.4402584401862413,
  "summary_gm_mad": 79.29261437777916,
  "summary_gm_mean": 649.5894165039062,
  "summary_gm_median": 643.97216796875,
  "summary_gm_n": 22209.0,
  "summary_gm_p05": 518.8807739257813,
  "summary_gm_p95": 801.17119140625,
  "summary_gm_stdv": 85.09619140625,
  "summary_wm_k": 1.0341047305835245,
  "summary_wm_mad": 39.48930555015012,
  "summary_wm_mean": 997.143310546875,
  "summary_wm_median": 999.9797973632812,
  "summary_wm_n": 234265.0,
  "summary_wm_p05": 919.3810302734375,
  "summary_wm_p95": 1064.071630859375,
  "summary_wm_stdv": 44.17251205444336,
  "tpm_overlap_csf": 0.17838142812252045,
  "tpm_overlap_gm": 0.4367842376232147,
  "tpm_overlap_wm": 0.5134234428405762,
  "wm2max": 0.8259636997392436
}