{
  "aor": 0.002319541666666667,
  "aqi": 0.0069382545833333335,
  "bids_meta": {
    "AcquisitionNumber": 3,
    "BidsifyVersion": "0.3.7",
    "ConversionSoftware": "dcm2niix",
    "ConversionSoftwareVersion": "v1.0.20190902",
    "EchoTime": 0.02763,
    "EffectiveEchoSpacing": 0.0006621159151938905,
    "ImageComments": "Upgrade_2017",
    "ImageOrientationPatientDICOM": [
      0.99677,
      0.0800121,
      -0.00693511,
      -0.0800231,
      0.982155,
      -0.1702
    ],
    "InstitutionName": "Spinoza Centre for Neuroimaging, location REC",
    "MagneticFieldStrength": 3,
    "Manufacturer": "Philips",
    "ParallelAcquisitionTechnique": "SENSE",
    "PatientPosition": "HFS",
    "PhilipsRescaleIntercept": 0,
    "PhilipsRescaleSlope": 0.7685,
    "PhilipsScaleSlope": 0.0224205,
    "ProtocolName": "task-rest_acq-sequential_bold",
    "ReconMatrixPE": 80,
    "RepetitionTime": 2,
    "SeriesDescription": "ImageMRSERIES",
    "SeriesNumber": 3,
    "TaskName": "restingstate",
    "TotalReadoutTime": 0.025822520692561732,
    "UsePhilipsFloatNotDisplayScaling": 1,
    "acq_id": "seq",
    "dataset": "<unset>",
    "modality": "bold",
    "session_id": "post",
    "subject_id": "10",
    "task_id": "restingstate"
  },
  "dummy_trs": 0,
  "dvars_nstd": 23.505918662217567,
  "dvars_std": 1.2359446525941427,
  "dvars_vstd": 1.002882663933055,
  "efc": 0.3995201534236252,
  "fber": 639799488.0,
  "fd_mean": 0.18221403903186686,
  "fd_num": 91,
  "fd_perc": 37.916666666666664,
  "fwhm_avg": 1.788152005451505,
  "fwhm_x": 1.7309133333333333,
  "fwhm_y": 2.0094233333333333,
  "fwhm_z": 1.6241193496878479,
  "gcor": 0.144806,
  "gsr_x": -0.006617705337703228,
  "gsr_y": 0.0010061028879135847,
  "provenance": {
    "md5sum": "81443201606a455930b0369e758e3390",
    "settings": {
      "fd_thres": 0.2,
      "testing": false
    },
    "software": "mriqc",
    "version": "0.16.0",
    "webapi_port": null,
    "webapi_url": "https://mriqc.nimh.nih.gov/api/v1"
  },
  "size_t": 240,
  "size_x": 80,
  "size_y": 80,
  "size_z": 36,
  "snr": 6.535317203357115,
  "spacing_tr": 2.0,
  "spacing_x": 3.0,
  "spacing_y": 3.0,
  "spacing_z": 3.300182342529297,
  "spikes_num": 2,
  "summary_bg_k": 53.2789509338086,
  "summary_bg_mad": 3.6275633671786163,
  "summary_bg_mean": 888.005126953125,
  "summary_bg_median": 2.4563355445861816,
  "summary_bg_n": 157341.0,
  "summary_bg_p05": 0.0,
  "summary_bg_p95": 5450.9716796875,
  "summary_bg_stdv": 3831.0322265625,
  "summary_fg_k": 2.5935186056259285,
  "summary_fg_mad": 9707.23378019694,
  "summary_fg_mean": 66154.75,
  "summary_fg_median": 65560.1484375,
  "summary_fg_n": 33023.0,
  "summary_fg_p05": 51983.521093749994,
  "summary_fg_p95": 81594.82656249999,
  "summary_fg_stdv": 10031.5185546875,
  "tsnr": 68.53905487060547
}