{
  "aor": 0.005896791044776118,
  "aqi": 0.005535831716417911,
  "bids_meta": {
    "AcquisitionNumber": 8,
    "BidsifyVersion": "0.3.7",
    "ConversionSoftware": "dcm2niix",
    "ConversionSoftwareVersion": "v1.0.20190902",
    "EchoTime": 0.02763,
    "EffectiveEchoSpacing": 0.0006621159151938905,
    "ImageComments": "Upgrade_2017",
    "ImageOrientationPatientDICOM": [
      0.99677,
      0.0800121,
      -0.00693511,
      -0.0800231,
      0.982155,
      -0.1702
    ],
    "InstitutionName": "Spinoza Centre for Neuroimaging, location REC",
    "MagneticFieldStrength": 3,
    "Manufacturer": "Philips",
    "ParallelAcquisitionTechnique": "SENSE",
    "PatientPosition": "HFS",
    "PhilipsRescaleIntercept": 0,
    "PhilipsRescaleSlope": 0.79976,
    "PhilipsScaleSlope": 0.0234601,
    "ProtocolName": "task-harriri_acq-sequential_bold",
    "ReconMatrixPE": 80,
    "RepetitionTime": 2,
    "SeriesDescription": "ImageMRSERIES",
    "SeriesNumber": 8,
    "TaskName": "emomatching",
    "TotalReadoutTime": 0.025822520692561732,
    "UsePhilipsFloatNotDisplayScaling": 1,
    "acq_id": "seq",
    "dataset": "<unset>",
    "modality": "bold",
    "session_id": "post",
    "subject_id": "10",
    "task_id": "emomatching"
  },
  "dummy_trs": 0,
  "dvars_nstd": 20.55786211699249,
  "dvars_std": 1.290476807518797,
  "dvars_vstd": 1.0588525127067665,
  "efc": 0.401172587097605,
  "fber": 761738048.0,
  "fd_mean": 0.1275207073046337,
  "fd_num": 12,
  "fd_perc": 8.955223880597014,
  "fwhm_avg": 1.745309843774302,
  "fwhm_x": 1.6973433333333334,
  "fwhm_y": 1.9561433333333333,
  "fwhm_z": 1.5824428646562396,
  "gcor": 0.0610334,
  "gsr_x": -0.006023157387971878,
  "gsr_y": 0.00037530119880102575,
  "provenance": {
    "md5sum": "9e07a5068720b948148589557404a202",
    "settings": {
      "fd_thres": 0.2,
      "testing": false
    },
    "software": "mriqc",
    "version": "0.16.0",
    "webapi_port": null,
    "webapi_url": "https://mriqc.nimh.nih.gov/api/v1"
  },
  "size_t": 134,
  "size_x": 80,
  "size_y": 80,
  "size_z": 36,
  "snr": 6.713322046096326,
  "spacing_tr": 2.0,
  "spacing_x": 3.0,
  "spacing_y": 3.0,
  "spacing_z": 3.300182342529297,
  "spikes_num": 1,
  "summary_bg_k": 63.07766053370287,
  "summary_bg_mad": 3.188065072603783,
  "summary_bg_mean": 865.256103515625,
  "summary_bg_median": 2.1638104915618896,
  "summary_bg_n": 157033.0,
  "summary_bg_p05": 0.003963548038154841,
  "summary_bg_p95": 5280.66591796875,
  "summary_bg_stdv": 3836.72802734375,
  "summary_fg_k": 2.684372103124244,
  "summary_fg_mad": 8975.175769150135,
  "summary_fg_mean": 62927.49609375,
  "summary_fg_median": 62447.0546875,
  "summary_fg_n": 33241.0,
  "summary_fg_p05": 49787.1875,
  "summary_fg_p95": 77271.34375,
  "summary_fg_stdv": 9301.8203125,
  "tsnr": 81.17106628417969
}