{
    "Manufacturer": "Philips",
    "PatientPosition": "HFS",
    "SeriesDescription": "ImageMRSERIES",
    "ProtocolName": "T1w",
    "SeriesNumber": 2,
    "AcquisitionNumber": 2,
    "ImageComments": "Upgrade_2017",
    "PhilipsRescaleSlope": 4.04884,
    "PhilipsRescaleIntercept": 0,
    "PhilipsScaleSlope": 0.00503177,
    "UsePhilipsFloatNotDisplayScaling": 1,
    "EchoTime": 0.00378,
    "RepetitionTime": 0.008224,
    "InversionTime": 0.9,
    "ReconMatrixPE": 240,
    "ImageOrientationPatientDICOM": [
        0.999196,
        0.0400834,
        0.000944331,
        -0.0399572,
        0.993548,
        0.106138
    ],
    "ConversionSoftware": "dcm2niix",
    "ConversionSoftwareVersion": "v1.0.20190902",
    "BidsifyVersion": "0.3.7",
    "MagneticFieldStrength": 3,
    "ParallelAcquisitionTechnique": "SENSE",
    "InstitutionName": "Spinoza Centre for Neuroimaging, location REC"
}