{
  "bids_meta": {
    "AcquisitionNumber": 2,
    "BidsifyVersion": "0.3.7",
    "ConversionSoftware": "dcm2niix",
    "ConversionSoftwareVersion": "v1.0.20190902",
    "EchoTime": 0.00374,
    "ImageComments": "Upgrade2017",
    "ImageOrientationPatientDICOM": [
      0.999737,
      0.0224246,
      0.00485183,
      -0.022338,
      0.999602,
      -0.0172161
    ],
    "InstitutionName": "Spinoza Centre for Neuroimaging, location REC",
    "MagneticFieldStrength": 3,
    "Manufacturer": "Philips",
    "ParallelAcquisitionTechnique": "SENSE",
    "PatientPosition": "HFS",
    "PhilipsRescaleIntercept": 0,
    "PhilipsRescaleSlope": 13.0801,
    "PhilipsScaleSlope": 0.0047699,
    "ProtocolName": "WIPT1wSENSE",
    "ReconMatrixPE": 240,
    "RepetitionTime": 0.008171,
    "SeriesDescription": "ImageMRSERIES",
    "SeriesNumber": 2,
    "UsePhilipsFloatNotDisplayScaling": 1,
    "dataset": "<unset>",
    "modality": "T1w",
    "session_id": "pre",
    "subject_id": "20"
  },
  "cjv": 0.3986708296137495,
  "cnr": 3.2500334451653585,
  "efc": 0.7878031295169265,
  "fber": 592.8681030273438,
  "fwhm_avg": 3.3275867352034694,
  "fwhm_x": 3.32176,
  "fwhm_y": 3.449570205610407,
  "fwhm_z": 3.21143,
  "icvs_csf": 0.21221027691851788,
  "icvs_gm": 0.4134401334099846,
  "icvs_wm": 0.3743495896714975,
  "inu_med": 2.0874054431915283,
  "inu_range": 0.7748122453689574,
  "provenance": {
    "md5sum": "500e7bb3214d976e82d88b78a41b87b6",
    "settings": {
      "testing": false
    },
    "software": "mriqc",
    "version": "0.16.0",
    "warnings": {
      "large_rot_frame": true,
      "small_air_mask": true
    },
    "webapi_port": null,
    "webapi_url": "https://mriqc.nimh.nih.gov/api/v1"
  },
  "qi_1": 0.0,
  "qi_2": 0.00018257539456728632,
  "rpve_csf": 24.799574154580306,
  "rpve_gm": 13.45658516606399,
  "rpve_wm": 19.18870972899634,
  "size_x": 240,
  "size_y": 240,
  "size_z": 220,
  "snr_csf": 2.8203215595382365,
  "snr_gm": 6.463441222519323,
  "snr_total": 8.647216792318481,
  "snr_wm": 16.657887594897883,
  "snrd_csf": 15.40295333094742,
  "snrd_gm": 26.29279930799024,
  "snrd_total": 27.886526989892925,
  "snrd_wm": 41.963828330741116,
  "spacing_x": 1.0,
  "spacing_y": 0.9999999403953552,
  "spacing_z": 1.0,
  "summary_bg_k": 0.9606789269432516,
  "summary_bg_mad": 15.611902060221976,
  "summary_bg_mean": 18.998149871826172,
  "summary_bg_median": 21.171459197998047,
  "summary_bg_n": 133202.0,
  "summary_bg_p05": 0.0,
  "summary_bg_p95": 42.91812019348144,
  "summary_bg_stdv": 14.230504989624023,
  "summary_csf_k": 27.48843978905172,
  "summary_csf_mad": 111.67965444198991,
  "summary_csf_mean": 356.9454040527344,
  "summary_csf_median": 367.05242919921875,
  "summary_csf_n": 4740.0,
  "summary_csf_p05": 129.24041976928712,
  "summary_csf_p95": 519.1526092529297,
  "summary_csf_stdv": 130.13186645507812,
  "summary_gm_k": 0.29791402749246654,
  "summary_gm_mad": 93.03962357129095,
  "summary_gm_mean": 631.032470703125,
  "summary_gm_median": 626.5574951171875,
  "summary_gm_n": 17532.0,
  "summary_gm_p05": 480.3879913330078,
  "summary_gm_p95": 802.2876495361329,
  "summary_gm_stdv": 96.93592071533203,
  "summary_wm_k": 0.7526807423139097,
  "summary_wm_mad": 55.84027967528527,
  "summary_wm_mean": 998.5278930664062,
  "summary_wm_median": 999.9981689453125,
  "summary_wm_n": 227921.0,
  "summary_wm_p05": 897.9219360351562,
  "summary_wm_p95": 1093.386474609375,
  "summary_wm_stdv": 60.03137969970703,
  "tpm_overlap_csf": 0.15488742291927338,
  "tpm_overlap_gm": 0.45069247484207153,
  "tpm_overlap_wm": 0.5142096877098083,
  "wm2max": 0.6520797751436624
}