{
    "Manufacturer": "Philips",
    "PatientPosition": "HFS",
    "SeriesDescription": "ImageMRSERIES",
    "ProtocolName": "dwi_acq-sequential",
    "SeriesNumber": 5,
    "AcquisitionNumber": 5,
    "ImageComments": "Upgrade_2017",
    "PhilipsRescaleSlope": 1.94676,
    "PhilipsRescaleIntercept": 0,
    "PhilipsScaleSlope": 0.0248146,
    "UsePhilipsFloatNotDisplayScaling": 1,
    "EchoTime": 0.08599,
    "RepetitionTime": 7.4567,
    "ReconMatrixPE": 112,
    "ImageOrientationPatientDICOM": [
        0.999145,
        0.0403026,
        0.00922866,
        -0.0396058,
        0.997022,
        -0.0661689
    ],
    "ConversionSoftware": "dcm2niix",
    "ConversionSoftwareVersion": "v1.0.20190902",
    "BidsifyVersion": "0.3.7",
    "MagneticFieldStrength": 3,
    "ParallelAcquisitionTechnique": "SENSE",
    "InstitutionName": "Spinoza Centre for Neuroimaging, location REC"
}