{
  "aor": 0.0005397037037037038,
  "aqi": 0.002876152148148148,
  "bids_meta": {
    "AcquisitionNumber": 8,
    "BidsifyVersion": "0.3.7",
    "ConversionSoftware": "dcm2niix",
    "ConversionSoftwareVersion": "v1.0.20190902",
    "EchoTime": 0.02763,
    "EffectiveEchoSpacing": 0.0006621159151938905,
    "ImageComments": "Upgrade2017",
    "ImageOrientationPatientDICOM": [
      0.999394,
      0.0281033,
      -0.0205517,
      -0.0307088,
      0.989677,
      -0.13999
    ],
    "InstitutionName": "Spinoza Centre for Neuroimaging, location REC",
    "MagneticFieldStrength": 3,
    "Manufacturer": "Philips",
    "ParallelAcquisitionTechnique": "SENSE",
    "PatientPosition": "HFS",
    "PhilipsRescaleIntercept": 0,
    "PhilipsRescaleSlope": 0.83346,
    "PhilipsScaleSlope": 0.0498975,
    "ProtocolName": "WIPtask-harriri_acq-sequential_boldSENSE",
    "ReconMatrixPE": 80,
    "RepetitionTime": 2,
    "SeriesDescription": "ImageMRSERIES",
    "SeriesNumber": 8,
    "TaskName": "emomatching",
    "TotalReadoutTime": 0.025822520692561732,
    "UsePhilipsFloatNotDisplayScaling": 1,
    "acq_id": "seq",
    "dataset": "<unset>",
    "modality": "bold",
    "session_id": "pre",
    "subject_id": "04",
    "task_id": "emomatching"
  },
  "dummy_trs": 0,
  "dvars_nstd": 23.073898528805973,
  "dvars_std": 1.326216262462686,
  "dvars_vstd": 1.008358542014925,
  "efc": 0.42674829766061906,
  "fber": 514625568.0,
  "fd_mean": 0.11293259740925223,
  "fd_num": 6,
  "fd_perc": 4.444444444444445,
  "fwhm_avg": 1.769953846480685,
  "fwhm_x": 1.6889466666666666,
  "fwhm_y": 1.9398633333333333,
  "fwhm_z": 1.6810515394420555,
  "gcor": 0.0405586,
  "gsr_x": -0.014468948356807232,
  "gsr_y": 0.010489113628864288,
  "provenance": {
    "md5sum": "cde54c584966909732ed3dd3f0742753",
    "settings": {
      "fd_thres": 0.2,
      "testing": false
    },
    "software": "mriqc",
    "version": "0.16.0",
    "webapi_port": null,
    "webapi_url": "https://mriqc.nimh.nih.gov/api/v1"
  },
  "size_t": 135,
  "size_x": 80,
  "size_y": 80,
  "size_z": 36,
  "snr": 5.4139408697684885,
  "spacing_tr": 2.0,
  "spacing_x": 3.0,
  "spacing_y": 3.0,
  "spacing_z": 3.299999952316284,
  "spikes_num": 1,
  "summary_bg_k": 32.990922017774466,
  "summary_bg_mad": 1.6697876383020827,
  "summary_bg_mean": 463.8454895019531,
  "summary_bg_median": 1.1343135833740234,
  "summary_bg_n": 151504.0,
  "summary_bg_p05": 0.0026760168722830715,
  "summary_bg_p95": 3201.1479980468816,
  "summary_bg_stdv": 1840.2244873046875,
  "summary_fg_k": 2.0167097630956308,
  "summary_fg_mad": 4629.2951204481315,
  "summary_fg_mean": 27783.5859375,
  "summary_fg_median": 27352.919921875,
  "summary_fg_n": 37343.0,
  "summary_fg_p05": 20463.73125,
  "summary_fg_p95": 36071.281640625,
  "summary_fg_stdv": 5052.24462890625,
  "tsnr": 91.07780456542969
}