{
  "aor": 0.00033574999999999995,
  "aqi": 0.0035496621666666664,
  "bids_meta": {
    "AcquisitionNumber": 10,
    "BidsifyVersion": "0.3.7",
    "ConversionSoftware": "dcm2niix",
    "ConversionSoftwareVersion": "v1.0.20190902",
    "EchoTime": 0.02763,
    "EffectiveEchoSpacing": 0.0006621159151938905,
    "ImageComments": "Upgrade2017",
    "ImageOrientationPatientDICOM": [
      0.999394,
      0.0281033,
      -0.0205517,
      -0.0307088,
      0.989677,
      -0.13999
    ],
    "InstitutionName": "Spinoza Centre for Neuroimaging, location REC",
    "MagneticFieldStrength": 3,
    "Manufacturer": "Philips",
    "ParallelAcquisitionTechnique": "SENSE",
    "PatientPosition": "HFS",
    "PhilipsRescaleIntercept": 0,
    "PhilipsRescaleSlope": 0.82076,
    "PhilipsScaleSlope": 0.0526799,
    "ProtocolName": "WIPtask-rest_acq-sequential_boldSENSE",
    "ReconMatrixPE": 80,
    "RepetitionTime": 2,
    "SeriesDescription": "ImageMRSERIES",
    "SeriesNumber": 10,
    "TaskName": "restingstate",
    "TotalReadoutTime": 0.025822520692561732,
    "UsePhilipsFloatNotDisplayScaling": 1,
    "acq_id": "seq",
    "dataset": "<unset>",
    "modality": "bold",
    "session_id": "pre",
    "subject_id": "04",
    "task_id": "restingstate"
  },
  "dummy_trs": 0,
  "dvars_nstd": 23.239130227615057,
  "dvars_std": 1.296178176569039,
  "dvars_vstd": 0.9911426699163179,
  "efc": 0.4274916971499451,
  "fber": 541019904.0,
  "fd_mean": 0.11044251802804012,
  "fd_num": 8,
  "fd_perc": 3.3333333333333335,
  "fwhm_avg": 1.7728365737594405,
  "fwhm_x": 1.6963100000000002,
  "fwhm_y": 1.9398966666666666,
  "fwhm_z": 1.6823030546116546,
  "gcor": 0.0430983,
  "gsr_x": -0.014695166610181332,
  "gsr_y": 0.010418261401355267,
  "provenance": {
    "md5sum": "0e714a4378b50d210a0b7f0897cb823a",
    "settings": {
      "fd_thres": 0.2,
      "testing": false
    },
    "software": "mriqc",
    "version": "0.16.0",
    "webapi_port": null,
    "webapi_url": "https://mriqc.nimh.nih.gov/api/v1"
  },
  "size_t": 240,
  "size_x": 80,
  "size_y": 80,
  "size_z": 36,
  "snr": 5.41861919959227,
  "spacing_tr": 2.0,
  "spacing_x": 3.0,
  "spacing_y": 3.0,
  "spacing_z": 3.299999952316284,
  "spikes_num": 0,
  "summary_bg_k": 33.335338618669084,
  "summary_bg_mad": 1.5560617349530734,
  "summary_bg_mean": 473.9783935546875,
  "summary_bg_median": 1.0595417022705078,
  "summary_bg_n": 151504.0,
  "summary_bg_p05": 0.00551874476950616,
  "summary_bg_p95": 3241.8280151367235,
  "summary_bg_stdv": 1860.6917724609375,
  "summary_fg_k": 1.9065091593620602,
  "summary_fg_mad": 4564.600672274805,
  "summary_fg_mean": 27548.48046875,
  "summary_fg_median": 27114.7578125,
  "summary_fg_n": 37344.0,
  "summary_fg_p05": 20286.003125,
  "summary_fg_p95": 35737.328125,
  "summary_fg_stdv": 5003.9306640625,
  "tsnr": 83.28365325927734
}