{
  "aor": 0.00024510204081632653,
  "aqi": 0.021981230298273157,
  "bids_meta": {
    "AcquisitionNumber": 3,
    "BidsifyVersion": "0.3.7",
    "ConversionSoftware": "dcm2niix",
    "ConversionSoftwareVersion": "v1.0.20190902",
    "EchoTime": 0.02763,
    "EffectiveEchoSpacing": 0.0006333282667071997,
    "ImageComments": "Upgrade2017",
    "ImageOrientationPatientDICOM": [
      0.999394,
      0.0281033,
      -0.0205517,
      -0.0307088,
      0.989677,
      -0.13999
    ],
    "InstitutionName": "Spinoza Centre for Neuroimaging, location REC",
    "MagneticFieldStrength": 3,
    "Manufacturer": "Philips",
    "ParallelAcquisitionTechnique": "SENSE",
    "PatientPosition": "HFS",
    "PhilipsRescaleIntercept": 0,
    "PhilipsRescaleSlope": 0.83639,
    "PhilipsScaleSlope": 0.0817543,
    "ProtocolName": "WIPtask-rest_acq-multiband_boldSENSE",
    "ReconMatrixPE": 80,
    "RepetitionTime": 0.762233,
    "SeriesDescription": "ImageMRSERIES",
    "SeriesNumber": 3,
    "TaskName": "restingstate",
    "TotalReadoutTime": 0.024699802401580786,
    "UsePhilipsFloatNotDisplayScaling": 1,
    "acq_id": "mb3",
    "dataset": "<unset>",
    "modality": "bold",
    "session_id": "pre",
    "subject_id": "04",
    "task_id": "restingstate"
  },
  "dummy_trs": 0,
  "dvars_nstd": 39.717604295172954,
  "dvars_std": 1.1085125325628928,
  "dvars_vstd": 0.9973377499842777,
  "efc": 0.4273028711257267,
  "fber": 328289536.0,
  "fd_mean": 0.10035765222054154,
  "fd_num": 15,
  "fd_perc": 2.3547880690737832,
  "fwhm_avg": 1.7949381897475885,
  "fwhm_x": 1.7353866666666666,
  "fwhm_y": 2.00314,
  "fwhm_z": 1.6462879025760984,
  "gcor": 0.0173028,
  "gsr_x": -0.016475381329655647,
  "gsr_y": 0.010212470777332783,
  "provenance": {
    "md5sum": "e50fa6c9654b84028fbd9a02d34d17f7",
    "settings": {
      "fd_thres": 0.2,
      "testing": false
    },
    "software": "mriqc",
    "version": "0.16.0",
    "webapi_port": null,
    "webapi_url": "https://mriqc.nimh.nih.gov/api/v1"
  },
  "size_t": 637,
  "size_x": 80,
  "size_y": 80,
  "size_z": 36,
  "snr": 6.950007508057946,
  "spacing_tr": 0.7622327208518982,
  "spacing_x": 3.0,
  "spacing_y": 3.0,
  "spacing_z": 3.299999952316284,
  "spikes_num": 0,
  "summary_bg_k": 33.153137458465416,
  "summary_bg_mad": 1.519538491846149,
  "summary_bg_mean": 357.5531311035156,
  "summary_bg_median": 1.0363082885742188,
  "summary_bg_n": 152410.0,
  "summary_bg_p05": 0.004266317817382518,
  "summary_bg_p95": 2467.6207519531163,
  "summary_bg_stdv": 1373.9698486328125,
  "summary_fg_k": 2.3361848694994887,
  "summary_fg_mad": 2654.9568921053456,
  "summary_fg_mean": 20381.66796875,
  "summary_fg_median": 20467.625,
  "summary_fg_n": 36268.0,
  "summary_fg_p05": 15650.4697265625,
  "summary_fg_p95": 24869.028027343753,
  "summary_fg_stdv": 2944.938232421875,
  "tsnr": 35.996341705322266
}