{
  "bids_meta": {
    "AcquisitionNumber": 2,
    "BidsifyVersion": "0.3.7",
    "ConversionSoftware": "dcm2niix",
    "ConversionSoftwareVersion": "v1.0.20190902",
    "EchoTime": 0.00381,
    "ImageComments": "Upgrade_2017",
    "ImageOrientationPatientDICOM": [
      0.999052,
      0.0367066,
      0.0234221,
      -0.0329674,
      0.989054,
      -0.143825
    ],
    "InstitutionName": "Spinoza Centre for Neuroimaging, location REC",
    "MagneticFieldStrength": 3,
    "Manufacturer": "Philips",
    "ParallelAcquisitionTechnique": "SENSE",
    "PatientPosition": "HFS",
    "PhilipsRescaleIntercept": 0,
    "PhilipsRescaleSlope": 12.2242,
    "PhilipsScaleSlope": 0.00499157,
    "ProtocolName": "WIPT1wSENSE",
    "ReconMatrixPE": 240,
    "RepetitionTime": 0.00828,
    "SeriesDescription": "ImageMRSERIES",
    "SeriesNumber": 2,
    "UsePhilipsFloatNotDisplayScaling": 1,
    "dataset": "<unset>",
    "modality": "T1w",
    "session_id": "pre",
    "subject_id": "01"
  },
  "cjv": 0.3905261972348941,
  "cnr": 3.3917334283061247,
  "efc": 0.7529504214860538,
  "fber": 696.76416015625,
  "fwhm_avg": 3.2645199999999996,
  "fwhm_x": 3.27798,
  "fwhm_y": 3.40915,
  "fwhm_z": 3.10643,
  "icvs_csf": 0.1947766990005985,
  "icvs_gm": 0.4285861394295129,
  "icvs_wm": 0.3766371615698886,
  "inu_med": 0.49796366691589355,
  "inu_range": 0.13508390784263613,
  "provenance": {
    "md5sum": "7fc4c57f7cb4abb59b56cf3e0487f01c",
    "settings": {
      "testing": false
    },
    "software": "mriqc",
    "version": "0.16.0",
    "warnings": {
      "large_rot_frame": true,
      "small_air_mask": true
    },
    "webapi_port": null,
    "webapi_url": "https://mriqc.nimh.nih.gov/api/v1"
  },
  "qi_1": 0.0,
  "qi_2": 0.0001434687526882703,
  "rpve_csf": 33.99506875654889,
  "rpve_gm": 16.822212164027956,
  "rpve_wm": 23.728019677326472,
  "size_x": 240,
  "size_y": 240,
  "size_z": 220,
  "snr_csf": 2.4494041009917322,
  "snr_gm": 7.292374748330804,
  "snr_total": 8.716598614112327,
  "snr_wm": 16.408016993014446,
  "snrd_csf": 15.12480755307166,
  "snrd_gm": 27.93401230108869,
  "snrd_total": 29.009998053087738,
  "snrd_wm": 43.971174305102856,
  "spacing_x": 1.0,
  "spacing_y": 1.0,
  "spacing_z": 1.0,
  "summary_bg_k": 4.776000489113225,
  "summary_bg_mad": 14.898990336806984,
  "summary_bg_mean": 20.02643394470215,
  "summary_bg_median": 20.12179183959961,
  "summary_bg_n": 205879.0,
  "summary_bg_p05": 0.0,
  "summary_bg_p95": 50.47090377807617,
  "summary_bg_stdv": 16.130096435546875,
  "summary_csf_k": 14.368940566104722,
  "summary_csf_mad": 126.79375427368976,
  "summary_csf_mean": 317.5382080078125,
  "summary_csf_median": 343.965576171875,
  "summary_csf_n": 5002.0,
  "summary_csf_p05": 92.18947410583496,
  "summary_csf_p95": 494.18916778564454,
  "summary_csf_stdv": 140.4142303466797,
  "summary_gm_k": 0.04373660815357816,
  "summary_gm_mad": 86.28149481856548,
  "summary_gm_mean": 637.11767578125,
  "summary_gm_median": 635.2701416015625,
  "summary_gm_n": 13374.0,
  "summary_gm_p05": 495.76103057861326,
  "summary_gm_p95": 784.017446899414,
  "summary_gm_stdv": 87.11104583740234,
  "summary_wm_k": 0.9166671409568479,
  "summary_wm_mad": 56.148943992138456,
  "summary_wm_mean": 998.560791015625,
  "summary_wm_median": 999.9843139648438,
  "summary_wm_n": 175077.0,
  "summary_wm_p05": 897.0726440429687,
  "summary_wm_p95": 1095.03583984375,
  "summary_wm_stdv": 60.94468688964844,
  "tpm_overlap_csf": 0.15760160982608795,
  "tpm_overlap_gm": 0.4336153566837311,
  "tpm_overlap_wm": 0.4850795865058899,
  "wm2max": 0.5826269201506933
}