{
    "Manufacturer": "Philips",
    "PatientPosition": "HFS",
    "SeriesDescription": "ImageMRSERIES",
    "ProtocolName": "T1w",
    "SeriesNumber": 2,
    "AcquisitionNumber": 2,
    "ImageComments": "------",
    "PhilipsRescaleSlope": 4.1265,
    "PhilipsRescaleIntercept": 0,
    "PhilipsScaleSlope": 0.00482551,
    "UsePhilipsFloatNotDisplayScaling": 1,
    "EchoTime": 0.00375,
    "RepetitionTime": 0.008166,
    "InversionTime": 0.9,
    "ReconMatrixPE": 240,
    "ImageOrientationPatientDICOM": [
        0.999555,
        0.0297775,
        -0.00194128,
        -0.0298407,
        0.997437,
        -0.0650258
    ],
    "ConversionSoftware": "dcm2niix",
    "ConversionSoftwareVersion": "v1.0.20190902",
    "BidsifyVersion": "0.3.7",
    "MagneticFieldStrength": 3,
    "ParallelAcquisitionTechnique": "SENSE",
    "InstitutionName": "Spinoza Centre for Neuroimaging, location REC"
}