{
  "aor": 0.000486,
  "aqi": 0.00321028675,
  "bids_meta": {
    "AcquisitionNumber": 3,
    "BidsifyVersion": "0.3.7",
    "ConversionSoftware": "dcm2niix",
    "ConversionSoftwareVersion": "v1.0.20190902",
    "EchoTime": 0.02763,
    "EffectiveEchoSpacing": 0.0006621159151938905,
    "ImageComments": "Upgrade_2017",
    "ImageOrientationPatientDICOM": [
      0.997446,
      0.0694763,
      0.0165547,
      -0.068174,
      0.995263,
      -0.0693055
    ],
    "InstitutionName": "Spinoza Centre for Neuroimaging, location REC",
    "MagneticFieldStrength": 3,
    "Manufacturer": "Philips",
    "ParallelAcquisitionTechnique": "SENSE",
    "PatientPosition": "HFS",
    "PhilipsRescaleIntercept": 0,
    "PhilipsRescaleSlope": 0.7939,
    "PhilipsScaleSlope": 0.0205324,
    "ProtocolName": "task-rest_acq-sequential_bold",
    "ReconMatrixPE": 80,
    "RepetitionTime": 2,
    "SeriesDescription": "ImageMRSERIES",
    "SeriesNumber": 3,
    "TaskName": "restingstate",
    "TotalReadoutTime": 0.025822520692561732,
    "UsePhilipsFloatNotDisplayScaling": 1,
    "acq_id": "seq",
    "dataset": "<unset>",
    "modality": "bold",
    "session_id": "post",
    "subject_id": "14",
    "task_id": "restingstate"
  },
  "dummy_trs": 0,
  "dvars_nstd": 16.960376304476988,
  "dvars_std": 1.1901065064853558,
  "dvars_vstd": 0.998021883389122,
  "efc": 0.421137973304924,
  "fber": 2161084672.0,
  "fd_mean": 0.06646123305192565,
  "fd_num": 0,
  "fd_perc": 0.0,
  "fwhm_avg": 1.9115729377248174,
  "fwhm_x": 1.8471733333333333,
  "fwhm_y": 2.1369333333333334,
  "fwhm_z": 1.7506121465077855,
  "gcor": 0.0163265,
  "gsr_x": -0.009079065173864365,
  "gsr_y": 0.006302275229245424,
  "provenance": {
    "md5sum": "912e5748ae63b10041957c01df78f2e1",
    "settings": {
      "fd_thres": 0.2,
      "testing": false
    },
    "software": "mriqc",
    "version": "0.16.0",
    "webapi_port": null,
    "webapi_url": "https://mriqc.nimh.nih.gov/api/v1"
  },
  "size_t": 240,
  "size_x": 80,
  "size_y": 80,
  "size_z": 36,
  "snr": 6.669986533261642,
  "spacing_tr": 2.0,
  "spacing_x": 3.0,
  "spacing_y": 3.0,
  "spacing_z": 3.299999952316284,
  "spikes_num": 0,
  "summary_bg_k": 43.78556893894249,
  "summary_bg_mad": 1.9002753224327336,
  "summary_bg_mean": 900.6343994140625,
  "summary_bg_median": 1.281716227531433,
  "summary_bg_n": 152377.0,
  "summary_bg_p05": 0.0,
  "summary_bg_p95": 6174.0209960937345,
  "summary_bg_stdv": 3598.995849609375,
  "summary_fg_k": 2.494214779931215,
  "summary_fg_mad": 9232.9284814033,
  "summary_fg_mean": 69516.3828125,
  "summary_fg_median": 68717.1328125,
  "summary_fg_n": 37131.0,
  "summary_fg_p05": 54397.80078125,
  "summary_fg_p95": 85800.62109375,
  "summary_fg_stdv": 10302.30078125,
  "tsnr": 106.12435913085938
}