{
  "aor": 0.0009702962962962962,
  "aqi": 0.004301781333333333,
  "bids_meta": {
    "AcquisitionNumber": 8,
    "BidsifyVersion": "0.3.7",
    "ConversionSoftware": "dcm2niix",
    "ConversionSoftwareVersion": "v1.0.20190902",
    "EchoTime": 0.02763,
    "EffectiveEchoSpacing": 0.0006621159151938905,
    "ImageComments": "Upgrade_2017",
    "ImageOrientationPatientDICOM": [
      0.997446,
      0.0694763,
      0.0165547,
      -0.068174,
      0.995263,
      -0.0693055
    ],
    "InstitutionName": "Spinoza Centre for Neuroimaging, location REC",
    "MagneticFieldStrength": 3,
    "Manufacturer": "Philips",
    "ParallelAcquisitionTechnique": "SENSE",
    "PatientPosition": "HFS",
    "PhilipsRescaleIntercept": 0,
    "PhilipsRescaleSlope": 0.78144,
    "PhilipsScaleSlope": 0.0204299,
    "ProtocolName": "task-harriri_acq-sequential_bold",
    "ReconMatrixPE": 80,
    "RepetitionTime": 2,
    "SeriesDescription": "ImageMRSERIES",
    "SeriesNumber": 8,
    "TaskName": "emomatching",
    "TotalReadoutTime": 0.025822520692561732,
    "UsePhilipsFloatNotDisplayScaling": 1,
    "acq_id": "seq",
    "dataset": "<unset>",
    "modality": "bold",
    "session_id": "post",
    "subject_id": "14",
    "task_id": "emomatching"
  },
  "dummy_trs": 0,
  "dvars_nstd": 16.735707297164172,
  "dvars_std": 1.1599385143283574,
  "dvars_vstd": 0.9927355741791041,
  "efc": 0.4209197770897658,
  "fber": 754895552.0,
  "fd_mean": 0.07516517385257804,
  "fd_num": 3,
  "fd_perc": 2.2222222222222223,
  "fwhm_avg": 1.8955750588330769,
  "fwhm_x": 1.8212966666666668,
  "fwhm_y": 2.13638,
  "fwhm_z": 1.729048509832563,
  "gcor": 0.0217375,
  "gsr_x": -0.009190971963107586,
  "gsr_y": 0.006120794452726841,
  "provenance": {
    "md5sum": "7d9b7fd571bfa430c254cced79816939",
    "settings": {
      "fd_thres": 0.2,
      "testing": false
    },
    "software": "mriqc",
    "version": "0.16.0",
    "webapi_port": null,
    "webapi_url": "https://mriqc.nimh.nih.gov/api/v1"
  },
  "size_t": 135,
  "size_x": 80,
  "size_y": 80,
  "size_z": 36,
  "snr": 6.749659714303167,
  "spacing_tr": 2.0,
  "spacing_x": 3.0,
  "spacing_y": 3.0,
  "spacing_z": 3.299999952316284,
  "spikes_num": 1,
  "summary_bg_k": 42.03859358479914,
  "summary_bg_mad": 3.4033614327202595,
  "summary_bg_mean": 900.725341796875,
  "summary_bg_median": 2.303223133087158,
  "summary_bg_n": 152455.0,
  "summary_bg_p05": 0.003058899031020701,
  "summary_bg_p95": 6229.303466796872,
  "summary_bg_stdv": 3595.8369140625,
  "summary_fg_k": 2.6577805550266183,
  "summary_fg_mad": 9061.792170634391,
  "summary_fg_mean": 69202.6953125,
  "summary_fg_median": 68404.28125,
  "summary_fg_n": 37068.0,
  "summary_fg_p05": 54372.3314453125,
  "summary_fg_p95": 85169.93164062501,
  "summary_fg_stdv": 10134.341796875,
  "tsnr": 94.96376037597656
}