{
    "Manufacturer": "Philips",
    "PatientPosition": "HFS",
    "SeriesDescription": "ImageMRSERIES",
    "ProtocolName": "WIPT1wSENSE",
    "SeriesNumber": 2,
    "AcquisitionNumber": 2,
    "ImageComments": "upgrade2017",
    "PhilipsRescaleSlope": 11.6305,
    "PhilipsRescaleIntercept": 0,
    "PhilipsScaleSlope": 0.0051466,
    "UsePhilipsFloatNotDisplayScaling": 1,
    "EchoTime": 0.00374,
    "RepetitionTime": 0.008151,
    "ReconMatrixPE": 240,
    "ImageOrientationPatientDICOM": [
        0.999647,
        0.0228723,
        -0.0135245,
        -0.0221615,
        0.998475,
        0.0505565
    ],
    "ConversionSoftware": "dcm2niix",
    "ConversionSoftwareVersion": "v1.0.20190902",
    "BidsifyVersion": "0.3.7",
    "MagneticFieldStrength": 3,
    "ParallelAcquisitionTechnique": "SENSE",
    "InstitutionName": "Spinoza Centre for Neuroimaging, location REC"
}