{
  "aor": 0.004898740740740741,
  "aqi": 0.011003511259259259,
  "bids_meta": {
    "AcquisitionNumber": 8,
    "BidsifyVersion": "0.3.7",
    "ConversionSoftware": "dcm2niix",
    "ConversionSoftwareVersion": "v1.0.20190902",
    "EchoTime": 0.02763,
    "EffectiveEchoSpacing": 0.0006621159151938905,
    "ImageComments": "------",
    "ImageOrientationPatientDICOM": [
      0.999629,
      0.0271739,
      -0.00168314,
      -0.0272238,
      0.998428,
      -0.0489964
    ],
    "InstitutionName": "Spinoza Centre for Neuroimaging, location REC",
    "MagneticFieldStrength": 3,
    "Manufacturer": "Philips",
    "ParallelAcquisitionTechnique": "SENSE",
    "PatientPosition": "HFS",
    "PhilipsRescaleIntercept": 0,
    "PhilipsRescaleSlope": 0.78632,
    "PhilipsScaleSlope": 0.0197593,
    "ProtocolName": "task-harriri_acq-sequential_bold",
    "ReconMatrixPE": 80,
    "RepetitionTime": 2,
    "SeriesDescription": "ImageMRSERIES",
    "SeriesNumber": 8,
    "TaskName": "emomatching",
    "TotalReadoutTime": 0.025822520692561732,
    "UsePhilipsFloatNotDisplayScaling": 1,
    "acq_id": "seq",
    "dataset": "<unset>",
    "modality": "bold",
    "session_id": "post",
    "subject_id": "15",
    "task_id": "emomatching"
  },
  "dummy_trs": 0,
  "dvars_nstd": 19.54736303932835,
  "dvars_std": 1.1566527766417907,
  "dvars_vstd": 1.0225311629104474,
  "efc": 0.4204655895367482,
  "fber": 134150952.0,
  "fd_mean": 0.18524404930399926,
  "fd_num": 40,
  "fd_perc": 29.62962962962963,
  "fwhm_avg": 2.0026420984571973,
  "fwhm_x": 1.9607599999999998,
  "fwhm_y": 2.214656666666667,
  "fwhm_z": 1.8325096287049247,
  "gcor": 0.0687198,
  "gsr_x": -0.011710126884281635,
  "gsr_y": 0.011255409568548203,
  "provenance": {
    "md5sum": "e7fe2a661746b99a4937854e8ddd3fca",
    "settings": {
      "fd_thres": 0.2,
      "testing": false
    },
    "software": "mriqc",
    "version": "0.16.0",
    "webapi_port": null,
    "webapi_url": "https://mriqc.nimh.nih.gov/api/v1"
  },
  "size_t": 135,
  "size_x": 80,
  "size_y": 80,
  "size_z": 36,
  "snr": 6.226394297926237,
  "spacing_tr": 2.0,
  "spacing_x": 3.0,
  "spacing_y": 3.0,
  "spacing_z": 3.3002500534057617,
  "spikes_num": 0,
  "summary_bg_k": 48.21173462294,
  "summary_bg_mad": 8.556951396241233,
  "summary_bg_mean": 876.96630859375,
  "summary_bg_median": 5.864748954772949,
  "summary_bg_n": 152083.0,
  "summary_bg_p05": 0.03510595597326756,
  "summary_bg_p95": 5491.393457031241,
  "summary_bg_stdv": 3555.05908203125,
  "summary_fg_k": 2.3751839859854282,
  "summary_fg_mad": 10073.902737068565,
  "summary_fg_mean": 73305.609375,
  "summary_fg_median": 72158.390625,
  "summary_fg_n": 37724.0,
  "summary_fg_p05": 57063.876367187506,
  "summary_fg_p95": 93118.134765625,
  "summary_fg_stdv": 11588.9599609375,
  "tsnr": 61.79235076904297
}