{
  "aor": 0.00012083202511773937,
  "aqi": 0.01547532448979592,
  "bids_meta": {
    "AcquisitionNumber": 10,
    "BidsifyVersion": "0.3.7",
    "ConversionSoftware": "dcm2niix",
    "ConversionSoftwareVersion": "v1.0.20190902",
    "EchoTime": 0.02763,
    "EffectiveEchoSpacing": 0.0006333282667071997,
    "ImageComments": "Upgrade2017",
    "ImageOrientationPatientDICOM": [
      0.99907,
      -0.0390374,
      -0.0182967,
      0.0331426,
      0.966858,
      -0.253153
    ],
    "InstitutionName": "Spinoza Centre for Neuroimaging, location REC",
    "MagneticFieldStrength": 3,
    "Manufacturer": "Philips",
    "ParallelAcquisitionTechnique": "SENSE",
    "PatientPosition": "HFS",
    "PhilipsRescaleIntercept": 0,
    "PhilipsRescaleSlope": 0.79878,
    "PhilipsScaleSlope": 0.0864681,
    "ProtocolName": "WIPtask-rest_acq-multiband_boldSENSE",
    "ReconMatrixPE": 80,
    "RepetitionTime": 0.762987,
    "SeriesDescription": "ImageMRSERIES",
    "SeriesNumber": 10,
    "TaskName": "restingstate",
    "TotalReadoutTime": 0.024699802401580786,
    "UsePhilipsFloatNotDisplayScaling": 1,
    "acq_id": "mb3",
    "dataset": "<unset>",
    "modality": "bold",
    "session_id": "pre",
    "subject_id": "11",
    "task_id": "restingstate"
  },
  "dummy_trs": 0,
  "dvars_nstd": 36.61973105149371,
  "dvars_std": 1.107129589025157,
  "dvars_vstd": 1.0015899483018857,
  "efc": 0.40053587595965895,
  "fber": 575889920.0,
  "fd_mean": 0.07779826794215763,
  "fd_num": 2,
  "fd_perc": 0.3139717425431711,
  "fwhm_avg": 1.876822945221501,
  "fwhm_x": 1.8768366666666667,
  "fwhm_y": 2.0216600000000002,
  "fwhm_z": 1.7319721689978362,
  "gcor": 0.0126538,
  "gsr_x": -0.01084131933748722,
  "gsr_y": 0.0023752404376864433,
  "provenance": {
    "md5sum": "08276e01dcf146dc2abcd847bffc53e6",
    "settings": {
      "fd_thres": 0.2,
      "testing": false
    },
    "software": "mriqc",
    "version": "0.16.0",
    "webapi_port": null,
    "webapi_url": "https://mriqc.nimh.nih.gov/api/v1"
  },
  "size_t": 637,
  "size_x": 80,
  "size_y": 80,
  "size_z": 36,
  "snr": 6.811506612262457,
  "spacing_tr": 0.7629873752593994,
  "spacing_x": 3.0,
  "spacing_y": 3.0,
  "spacing_z": 3.300116539001465,
  "spikes_num": 1,
  "summary_bg_k": 47.048889977911806,
  "summary_bg_mad": 1.1255345265610353,
  "summary_bg_mean": 274.6525573730469,
  "summary_bg_median": 0.7639349102973938,
  "summary_bg_n": 157071.0,
  "summary_bg_p05": 0.0021610583644360304,
  "summary_bg_p95": 1669.3346557617188,
  "summary_bg_stdv": 1180.8675537109375,
  "summary_fg_k": 1.2356791147250439,
  "summary_fg_mad": 2748.6909425214126,
  "summary_fg_mean": 19848.486328125,
  "summary_fg_median": 19862.17578125,
  "summary_fg_n": 32410.0,
  "summary_fg_p05": 15103.509326171874,
  "summary_fg_p95": 24470.4228515625,
  "summary_fg_stdv": 2915.928955078125,
  "tsnr": 40.202518463134766
}