{
  "aor": 0.0004832916666666666,
  "aqi": 0.0026191410416666673,
  "bids_meta": {
    "AcquisitionNumber": 3,
    "BidsifyVersion": "0.3.7",
    "ConversionSoftware": "dcm2niix",
    "ConversionSoftwareVersion": "v1.0.20190902",
    "EchoTime": 0.02763,
    "EffectiveEchoSpacing": 0.0006621159151938905,
    "ImageComments": "Upgrade2017",
    "ImageOrientationPatientDICOM": [
      0.99907,
      -0.0390374,
      -0.0182967,
      0.0331426,
      0.966858,
      -0.253153
    ],
    "InstitutionName": "Spinoza Centre for Neuroimaging, location REC",
    "MagneticFieldStrength": 3,
    "Manufacturer": "Philips",
    "ParallelAcquisitionTechnique": "SENSE",
    "PatientPosition": "HFS",
    "PhilipsRescaleIntercept": 0,
    "PhilipsRescaleSlope": 0.76703,
    "PhilipsScaleSlope": 0.0553107,
    "ProtocolName": "WIPtask-rest_acq-sequential_boldSENSE",
    "ReconMatrixPE": 80,
    "RepetitionTime": 2,
    "SeriesDescription": "ImageMRSERIES",
    "SeriesNumber": 3,
    "TaskName": "restingstate",
    "TotalReadoutTime": 0.025822520692561732,
    "UsePhilipsFloatNotDisplayScaling": 1,
    "acq_id": "seq",
    "dataset": "<unset>",
    "modality": "bold",
    "session_id": "pre",
    "subject_id": "11",
    "task_id": "restingstate"
  },
  "dummy_trs": 0,
  "dvars_nstd": 19.949625434560676,
  "dvars_std": 1.323795488953975,
  "dvars_vstd": 0.9875987629707106,
  "efc": 0.3988803940470682,
  "fber": 330326528.0,
  "fd_mean": 0.08147043135375405,
  "fd_num": 2,
  "fd_perc": 0.8333333333333334,
  "fwhm_avg": 1.8291897564873814,
  "fwhm_x": 1.79934,
  "fwhm_y": 1.95996,
  "fwhm_z": 1.728269269462144,
  "gcor": 0.0345386,
  "gsr_x": -0.00901960488408804,
  "gsr_y": 0.0013768526259809732,
  "provenance": {
    "md5sum": "1f21e7abbdba09bfdf24a4762c4c7249",
    "settings": {
      "fd_thres": 0.2,
      "testing": false
    },
    "software": "mriqc",
    "version": "0.16.0",
    "webapi_port": null,
    "webapi_url": "https://mriqc.nimh.nih.gov/api/v1"
  },
  "size_t": 240,
  "size_x": 80,
  "size_y": 80,
  "size_z": 36,
  "snr": 5.613955367995222,
  "spacing_tr": 2.0,
  "spacing_x": 3.0,
  "spacing_y": 3.0,
  "spacing_z": 3.300116539001465,
  "spikes_num": 0,
  "summary_bg_k": 52.55687877347938,
  "summary_bg_mad": 2.186439159781454,
  "summary_bg_mean": 363.4582824707031,
  "summary_bg_median": 1.480003833770752,
  "summary_bg_n": 156625.0,
  "summary_bg_p05": 0.0007883848855271937,
  "summary_bg_p95": 1975.418774414061,
  "summary_bg_stdv": 1626.2642822265625,
  "summary_fg_k": 0.6729942703648355,
  "summary_fg_mad": 5175.600737331679,
  "summary_fg_mean": 28469.53515625,
  "summary_fg_median": 28229.3984375,
  "summary_fg_n": 32842.0,
  "summary_fg_p05": 20871.738085937497,
  "summary_fg_p95": 36634.5560546875,
  "summary_fg_stdv": 5028.3564453125,
  "tsnr": 90.57621002197266
}