{
  "aor": 0.0008545454545454545,
  "aqi": 0.0028077584848484848,
  "bids_meta": {
    "AcquisitionNumber": 8,
    "BidsifyVersion": "0.3.7",
    "ConversionSoftware": "dcm2niix",
    "ConversionSoftwareVersion": "v1.0.20190902",
    "EchoTime": 0.02763,
    "EffectiveEchoSpacing": 0.0006621159151938905,
    "ImageComments": "Upgrade2017",
    "ImageOrientationPatientDICOM": [
      0.99907,
      -0.0390374,
      -0.0182967,
      0.0331426,
      0.966858,
      -0.253153
    ],
    "InstitutionName": "Spinoza Centre for Neuroimaging, location REC",
    "MagneticFieldStrength": 3,
    "Manufacturer": "Philips",
    "ParallelAcquisitionTechnique": "SENSE",
    "PatientPosition": "HFS",
    "PhilipsRescaleIntercept": 0,
    "PhilipsRescaleSlope": 0.7939,
    "PhilipsScaleSlope": 0.0564342,
    "ProtocolName": "WIPtask-harriri_acq-sequential_boldSENSE",
    "ReconMatrixPE": 80,
    "RepetitionTime": 2,
    "SeriesDescription": "ImageMRSERIES",
    "SeriesNumber": 8,
    "TaskName": "emomatching",
    "TotalReadoutTime": 0.025822520692561732,
    "UsePhilipsFloatNotDisplayScaling": 1,
    "acq_id": "seq",
    "dataset": "<unset>",
    "modality": "bold",
    "session_id": "pre",
    "subject_id": "11",
    "task_id": "emomatching"
  },
  "dummy_trs": 0,
  "dvars_nstd": 20.095590591526715,
  "dvars_std": 1.3037826847328238,
  "dvars_vstd": 0.986175041984733,
  "efc": 0.3984408298009,
  "fber": 710099584.0,
  "fd_mean": 0.08688715491869217,
  "fd_num": 0,
  "fd_perc": 0.0,
  "fwhm_avg": 1.8228455031480255,
  "fwhm_x": 1.7939633333333334,
  "fwhm_y": 1.9453766666666665,
  "fwhm_z": 1.7291965094440767,
  "gcor": 0.0431825,
  "gsr_x": -0.00944045651704073,
  "gsr_y": 0.0017766766250133514,
  "provenance": {
    "md5sum": "15324816f6116cf35e705fccbfe01a50",
    "settings": {
      "fd_thres": 0.2,
      "testing": false
    },
    "software": "mriqc",
    "version": "0.16.0",
    "webapi_port": null,
    "webapi_url": "https://mriqc.nimh.nih.gov/api/v1"
  },
  "size_t": 132,
  "size_x": 80,
  "size_y": 80,
  "size_z": 36,
  "snr": 5.6970185143079775,
  "spacing_tr": 2.0,
  "spacing_x": 3.0,
  "spacing_y": 3.0,
  "spacing_z": 3.300116539001465,
  "spikes_num": 0,
  "summary_bg_k": 51.532832220018165,
  "summary_bg_mad": 1.4330295877793149,
  "summary_bg_mean": 355.75213623046875,
  "summary_bg_median": 0.975841760635376,
  "summary_bg_n": 156640.0,
  "summary_bg_p05": 0.003950972692109644,
  "summary_bg_p95": 1980.1247680664057,
  "summary_bg_stdv": 1613.5634765625,
  "summary_fg_k": 0.5764659297711279,
  "summary_fg_mad": 5045.214269765739,
  "summary_fg_mean": 27895.947265625,
  "summary_fg_median": 27724.03125,
  "summary_fg_n": 32807.0,
  "summary_fg_p05": 20509.971875000003,
  "summary_fg_p95": 35803.26640625,
  "summary_fg_stdv": 4866.33642578125,
  "tsnr": 89.91998291015625
}