{
  "aor": 0.001022093023255814,
  "aqi": 0.0023081192248062014,
  "bids_meta": {
    "AcquisitionNumber": 8,
    "BidsifyVersion": "0.3.7",
    "ConversionSoftware": "dcm2niix",
    "ConversionSoftwareVersion": "v1.0.20190902",
    "EchoTime": 0.02763,
    "EffectiveEchoSpacing": 0.0006621159151938905,
    "ImageComments": "Upgrade_2017",
    "ImageOrientationPatientDICOM": [
      0.997456,
      0.0684443,
      0.0199293,
      -0.069574,
      0.995589,
      0.0629498
    ],
    "InstitutionName": "Spinoza Centre for Neuroimaging, location REC",
    "MagneticFieldStrength": 3,
    "Manufacturer": "Philips",
    "ParallelAcquisitionTechnique": "SENSE",
    "PatientPosition": "HFS",
    "PhilipsRescaleIntercept": 0,
    "PhilipsRescaleSlope": 0.80928,
    "PhilipsScaleSlope": 0.0180507,
    "ProtocolName": "task-harriri_acq-sequential_bold",
    "ReconMatrixPE": 80,
    "RepetitionTime": 2,
    "SeriesDescription": "ImageMRSERIES",
    "SeriesNumber": 8,
    "TaskName": "emomatching",
    "TotalReadoutTime": 0.025822520692561732,
    "UsePhilipsFloatNotDisplayScaling": 1,
    "acq_id": "seq",
    "dataset": "<unset>",
    "modality": "bold",
    "session_id": "post",
    "subject_id": "17",
    "task_id": "emomatching"
  },
  "dummy_trs": 0,
  "dvars_nstd": 15.78562210507813,
  "dvars_std": 1.2138275193750006,
  "dvars_vstd": 1.0090952497656254,
  "efc": 0.4289803909796256,
  "fber": 3241595904.0,
  "fd_mean": 0.07209622873222032,
  "fd_num": 0,
  "fd_perc": 0.0,
  "fwhm_avg": 1.8829177863428652,
  "fwhm_x": 1.8674833333333334,
  "fwhm_y": 2.0030033333333335,
  "fwhm_z": 1.7782666923619286,
  "gcor": 0.0169178,
  "gsr_x": -0.002009088173508644,
  "gsr_y": 0.0012006763136014342,
  "provenance": {
    "md5sum": "971f40ed0768f887b9915f561e596c45",
    "settings": {
      "fd_thres": 0.2,
      "testing": false
    },
    "software": "mriqc",
    "version": "0.16.0",
    "webapi_port": null,
    "webapi_url": "https://mriqc.nimh.nih.gov/api/v1"
  },
  "size_t": 129,
  "size_x": 80,
  "size_y": 80,
  "size_z": 36,
  "snr": 5.934924060178461,
  "spacing_tr": 2.0,
  "spacing_x": 3.0,
  "spacing_y": 3.0,
  "spacing_z": 3.299999952316284,
  "spikes_num": 0,
  "summary_bg_k": 62.48998307352541,
  "summary_bg_mad": 1.8952262118847925,
  "summary_bg_mean": 1032.141845703125,
  "summary_bg_median": 1.2848418951034546,
  "summary_bg_n": 150485.0,
  "summary_bg_p05": 0.001563637866638601,
  "summary_bg_p95": 6803.003027343746,
  "summary_bg_stdv": 4369.14208984375,
  "summary_fg_k": 1.3474574579003642,
  "summary_fg_mad": 12334.902973071647,
  "summary_fg_mean": 77412.7265625,
  "summary_fg_median": 75955.28125,
  "summary_fg_n": 38717.0,
  "summary_fg_p05": 59586.5140625,
  "summary_fg_p95": 99007.509375,
  "summary_fg_stdv": 12797.85546875,
  "tsnr": 117.33726501464844
}