{
  "aor": 0.0005142072213500785,
  "aqi": 0.007496615290423862,
  "bids_meta": {
    "AcquisitionNumber": 3,
    "BidsifyVersion": "0.3.7",
    "ConversionSoftware": "dcm2niix",
    "ConversionSoftwareVersion": "v1.0.20190902",
    "EchoTime": 0.02763,
    "EffectiveEchoSpacing": 0.0006333282667071997,
    "ImageComments": "Upgrade_2017",
    "ImageOrientationPatientDICOM": [
      0.997456,
      0.0684443,
      0.0199293,
      -0.069574,
      0.995589,
      0.0629498
    ],
    "InstitutionName": "Spinoza Centre for Neuroimaging, location REC",
    "MagneticFieldStrength": 3,
    "Manufacturer": "Philips",
    "ParallelAcquisitionTechnique": "SENSE",
    "PatientPosition": "HFS",
    "PhilipsRescaleIntercept": 0,
    "PhilipsRescaleSlope": 0.75458,
    "PhilipsScaleSlope": 0.0363491,
    "ProtocolName": "task-rest_acq-multiband_bold",
    "ReconMatrixPE": 80,
    "RepetitionTime": 0.763994,
    "SeriesDescription": "ImageMRSERIES",
    "SeriesNumber": 3,
    "TaskName": "restingstate",
    "TotalReadoutTime": 0.024699802401580786,
    "UsePhilipsFloatNotDisplayScaling": 1,
    "acq_id": "mb3",
    "dataset": "<unset>",
    "modality": "bold",
    "session_id": "post",
    "subject_id": "17",
    "task_id": "restingstate"
  },
  "dummy_trs": 0,
  "dvars_nstd": 20.9766970099371,
  "dvars_std": 1.296541068663523,
  "dvars_vstd": 1.0070410861949688,
  "efc": 0.43021562788805473,
  "fber": 1249734528.0,
  "fd_mean": 0.06987640939885198,
  "fd_num": 2,
  "fd_perc": 0.3139717425431711,
  "fwhm_avg": 1.9675082916448812,
  "fwhm_x": 1.9199833333333334,
  "fwhm_y": 2.1520566666666667,
  "fwhm_z": 1.8304848749346427,
  "gcor": 0.0159379,
  "gsr_x": -0.001791329588741064,
  "gsr_y": 0.00015738600632175803,
  "provenance": {
    "md5sum": "d5e45a4fae8632a3e2b4839213fa34e1",
    "settings": {
      "fd_thres": 0.2,
      "testing": false
    },
    "software": "mriqc",
    "version": "0.16.0",
    "webapi_port": null,
    "webapi_url": "https://mriqc.nimh.nih.gov/api/v1"
  },
  "size_t": 637,
  "size_x": 80,
  "size_y": 80,
  "size_z": 36,
  "snr": 9.849860941347366,
  "spacing_tr": 0.7639936804771423,
  "spacing_x": 3.0,
  "spacing_y": 3.0,
  "spacing_z": 3.299999952316284,
  "spikes_num": 2,
  "summary_bg_k": 51.7149364368239,
  "summary_bg_mad": 2.307477223200027,
  "summary_bg_mean": 784.5628051757812,
  "summary_bg_median": 1.5669691562652588,
  "summary_bg_n": 150944.0,
  "summary_bg_p05": 0.0004080651313415739,
  "summary_bg_p95": 5189.1582763671895,
  "summary_bg_stdv": 3287.676025390625,
  "summary_fg_k": 2.947766367157141,
  "summary_fg_mad": 5445.041972739136,
  "summary_fg_mean": 58551.8125,
  "summary_fg_median": 58755.3984375,
  "summary_fg_n": 38098.0,
  "summary_fg_p05": 48765.018359375,
  "summary_fg_p95": 67839.766796875,
  "summary_fg_stdv": 5965.02099609375,
  "tsnr": 90.04300689697266
}