{
  "aor": 0.0007593750000000001,
  "aqi": 0.004057253,
  "bids_meta": {
    "AcquisitionNumber": 10,
    "BidsifyVersion": "0.3.7",
    "ConversionSoftware": "dcm2niix",
    "ConversionSoftwareVersion": "v1.0.20190902",
    "EchoTime": 0.02763,
    "EffectiveEchoSpacing": 0.0006621159151938905,
    "ImageComments": "Upgrade_2017",
    "ImageOrientationPatientDICOM": [
      0.997456,
      0.0684443,
      0.0199293,
      -0.069574,
      0.995589,
      0.0629498
    ],
    "InstitutionName": "Spinoza Centre for Neuroimaging, location REC",
    "MagneticFieldStrength": 3,
    "Manufacturer": "Philips",
    "ParallelAcquisitionTechnique": "SENSE",
    "PatientPosition": "HFS",
    "PhilipsRescaleIntercept": 0,
    "PhilipsRescaleSlope": 0.79121,
    "PhilipsScaleSlope": 0.0189238,
    "ProtocolName": "task-rest_acq-sequential_bold",
    "ReconMatrixPE": 80,
    "RepetitionTime": 2,
    "SeriesDescription": "ImageMRSERIES",
    "SeriesNumber": 10,
    "TaskName": "restingstate",
    "TotalReadoutTime": 0.025822520692561732,
    "UsePhilipsFloatNotDisplayScaling": 1,
    "acq_id": "seq",
    "dataset": "<unset>",
    "modality": "bold",
    "session_id": "post",
    "subject_id": "17",
    "task_id": "restingstate"
  },
  "dummy_trs": 0,
  "dvars_nstd": 16.734309288368205,
  "dvars_std": 1.1663349951882847,
  "dvars_vstd": 0.9681358030543935,
  "efc": 0.43022687341698396,
  "fber": 853902720.0,
  "fd_mean": 0.10017472567054002,
  "fd_num": 9,
  "fd_perc": 3.75,
  "fwhm_avg": 1.8904698065940433,
  "fwhm_x": 1.8716033333333335,
  "fwhm_y": 2.0113333333333334,
  "fwhm_z": 1.7884727531154625,
  "gcor": 0.0257027,
  "gsr_x": -0.0024212226271629333,
  "gsr_y": 0.001177315367385745,
  "provenance": {
    "md5sum": "304dac1e90fe699f78e1e6eddfc23745",
    "settings": {
      "fd_thres": 0.2,
      "testing": false
    },
    "software": "mriqc",
    "version": "0.16.0",
    "webapi_port": null,
    "webapi_url": "https://mriqc.nimh.nih.gov/api/v1"
  },
  "size_t": 240,
  "size_x": 80,
  "size_y": 80,
  "size_z": 36,
  "snr": 5.963832271231039,
  "spacing_tr": 2.0,
  "spacing_x": 3.0,
  "spacing_y": 3.0,
  "spacing_z": 3.299999952316284,
  "spikes_num": 1,
  "summary_bg_k": 59.77206995579902,
  "summary_bg_mad": 3.4693727649182518,
  "summary_bg_mean": 1062.37744140625,
  "summary_bg_median": 2.342811346054077,
  "summary_bg_n": 150451.0,
  "summary_bg_p05": 0.0,
  "summary_bg_p95": 6878.9619140625,
  "summary_bg_stdv": 4408.3291015625,
  "summary_fg_k": 1.3029388453925321,
  "summary_fg_mad": 12173.68735605391,
  "summary_fg_mean": 76684.90625,
  "summary_fg_median": 75266.375,
  "summary_fg_n": 38744.0,
  "summary_fg_p05": 59084.345898437496,
  "summary_fg_p95": 98112.12226562499,
  "summary_fg_stdv": 12620.30859375,
  "tsnr": 92.83070373535156
}