{
    "Manufacturer": "Philips",
    "PatientPosition": "HFS",
    "SeriesDescription": "ImageMRSERIES",
    "ProtocolName": "WIPdwi_acq-sequentialSENSE",
    "SeriesNumber": 5,
    "AcquisitionNumber": 5,
    "ImageComments": "Upgrade2017",
    "PhilipsRescaleSlope": 4.29328,
    "PhilipsRescaleIntercept": 0,
    "PhilipsScaleSlope": 0.0254681,
    "UsePhilipsFloatNotDisplayScaling": 1,
    "EchoTime": 0.08599,
    "RepetitionTime": 7.38608,
    "ReconMatrixPE": 112,
    "ImageOrientationPatientDICOM": [
        0.99998,
        -0.00607283,
        -0.00177394,
        0.00575954,
        0.989857,
        -0.14195
    ],
    "ConversionSoftware": "dcm2niix",
    "ConversionSoftwareVersion": "v1.0.20190902",
    "BidsifyVersion": "0.3.7",
    "MagneticFieldStrength": 3,
    "ParallelAcquisitionTechnique": "SENSE",
    "InstitutionName": "Spinoza Centre for Neuroimaging, location REC"
}