{
  "aor": 0.0017128148148148148,
  "aqi": 0.004044237925925925,
  "bids_meta": {
    "AcquisitionNumber": 8,
    "BidsifyVersion": "0.3.7",
    "ConversionSoftware": "dcm2niix",
    "ConversionSoftwareVersion": "v1.0.20190902",
    "EchoTime": 0.02763,
    "EffectiveEchoSpacing": 0.0006621159151938905,
    "ImageComments": "Upgrade2017",
    "ImageOrientationPatientDICOM": [
      0.998051,
      0.0426934,
      -0.0455045,
      -0.044274,
      0.99843,
      -0.034312
    ],
    "InstitutionName": "Spinoza Centre for Neuroimaging, location REC",
    "MagneticFieldStrength": 3,
    "Manufacturer": "Philips",
    "ParallelAcquisitionTechnique": "SENSE",
    "PatientPosition": "HFS",
    "PhilipsRescaleIntercept": 0,
    "PhilipsRescaleSlope": 0.77021,
    "PhilipsScaleSlope": 0.0495759,
    "ProtocolName": "WIPtask-harriri_acq-sequential_boldSENSE",
    "ReconMatrixPE": 80,
    "RepetitionTime": 2,
    "SeriesDescription": "ImageMRSERIES",
    "SeriesNumber": 8,
    "TaskName": "emomatching",
    "TotalReadoutTime": 0.025822520692561732,
    "UsePhilipsFloatNotDisplayScaling": 1,
    "acq_id": "seq",
    "dataset": "<unset>",
    "modality": "bold",
    "session_id": "pre",
    "subject_id": "24",
    "task_id": "emomatching"
  },
  "dummy_trs": 0,
  "dvars_nstd": 21.146536756119396,
  "dvars_std": 1.2897102467910446,
  "dvars_vstd": 1.0061412255970148,
  "efc": 0.42627837460558327,
  "fber": 486391424.0,
  "fd_mean": 0.08659893845547481,
  "fd_num": 0,
  "fd_perc": 0.0,
  "fwhm_avg": 1.844790354343503,
  "fwhm_x": 1.7793266666666667,
  "fwhm_y": 1.9794533333333335,
  "fwhm_z": 1.7755910630305085,
  "gcor": 0.0108325,
  "gsr_x": -0.007691523991525173,
  "gsr_y": 0.007970849052071571,
  "provenance": {
    "md5sum": "ea92c713418860227be95d79eedcee59",
    "settings": {
      "fd_thres": 0.2,
      "testing": false
    },
    "software": "mriqc",
    "version": "0.16.0",
    "webapi_port": null,
    "webapi_url": "https://mriqc.nimh.nih.gov/api/v1"
  },
  "size_t": 135,
  "size_x": 80,
  "size_y": 80,
  "size_z": 36,
  "snr": 5.345733090120537,
  "spacing_tr": 2.0,
  "spacing_x": 3.0,
  "spacing_y": 3.0,
  "spacing_z": 3.299999713897705,
  "spikes_num": 0,
  "summary_bg_k": 35.70662367546828,
  "summary_bg_mad": 1.7217645234199022,
  "summary_bg_mean": 435.8272705078125,
  "summary_bg_median": 1.1684046983718872,
  "summary_bg_n": 151293.0,
  "summary_bg_p05": 0.0018630065489560368,
  "summary_bg_p95": 2701.785498046873,
  "summary_bg_stdv": 1807.6708984375,
  "summary_fg_k": 2.231286593701043,
  "summary_fg_mad": 4584.58829300378,
  "summary_fg_mean": 28051.31640625,
  "summary_fg_median": 27495.5234375,
  "summary_fg_n": 38051.0,
  "summary_fg_p05": 20791.4892578125,
  "summary_fg_p95": 36527.51171875,
  "summary_fg_stdv": 5143.384765625,
  "tsnr": 84.92742919921875
}