{
    "Manufacturer": "Philips",
    "PatientPosition": "HFS",
    "SeriesDescription": "ImageMRSERIES",
    "ProtocolName": "WIPT1wSENSE",
    "SeriesNumber": 2,
    "AcquisitionNumber": 2,
    "ImageComments": "Upgrade2017",
    "PhilipsRescaleSlope": 11.6469,
    "PhilipsRescaleIntercept": 0,
    "PhilipsScaleSlope": 0.00488411,
    "UsePhilipsFloatNotDisplayScaling": 1,
    "EchoTime": 0.00374,
    "RepetitionTime": 0.008156,
    "ReconMatrixPE": 240,
    "ImageOrientationPatientDICOM": [
        0.999571,
        -0.0206756,
        0.0207434,
        0.0195418,
        0.998379,
        0.0534488
    ],
    "ConversionSoftware": "dcm2niix",
    "ConversionSoftwareVersion": "v1.0.20190902",
    "BidsifyVersion": "0.3.7",
    "MagneticFieldStrength": 3,
    "ParallelAcquisitionTechnique": "SENSE",
    "InstitutionName": "Spinoza Centre for Neuroimaging, location REC"
}