{
  "aor": 0.002472222222222222,
  "aqi": 0.014095192666666667,
  "bids_meta": {
    "AcquisitionNumber": 8,
    "BidsifyVersion": "0.3.7",
    "ConversionSoftware": "dcm2niix",
    "ConversionSoftwareVersion": "v1.0.20190902",
    "EchoTime": 0.02763,
    "EffectiveEchoSpacing": 0.0006621159151938905,
    "ImageComments": "upgrade_2017",
    "ImageOrientationPatientDICOM": [
      0.999519,
      0.021034,
      0.0227726,
      -0.0209369,
      0.999771,
      -0.00449214
    ],
    "InstitutionName": "Spinoza Centre for Neuroimaging, location REC",
    "MagneticFieldStrength": 3,
    "Manufacturer": "Philips",
    "ParallelAcquisitionTechnique": "SENSE",
    "PatientPosition": "HFS",
    "PhilipsRescaleIntercept": 0,
    "PhilipsRescaleSlope": 0.80928,
    "PhilipsScaleSlope": 0.0217502,
    "ProtocolName": "task-harriri_acq-sequential_bold",
    "ReconMatrixPE": 80,
    "RepetitionTime": 2,
    "SeriesDescription": "ImageMRSERIES",
    "SeriesNumber": 8,
    "TaskName": "emomatching",
    "TotalReadoutTime": 0.025822520692561732,
    "UsePhilipsFloatNotDisplayScaling": 1,
    "acq_id": "seq",
    "dataset": "<unset>",
    "modality": "bold",
    "session_id": "post",
    "subject_id": "09",
    "task_id": "emomatching"
  },
  "dummy_trs": 0,
  "dvars_nstd": 18.87739617805969,
  "dvars_std": 1.1115395092537317,
  "dvars_vstd": 0.96205108619403,
  "efc": 0.4536314554332086,
  "fber": 228248528.0,
  "fd_mean": 0.07503324613063674,
  "fd_num": 0,
  "fd_perc": 0.0,
  "fwhm_avg": 1.7829265733066861,
  "fwhm_x": 1.7927099999999998,
  "fwhm_y": 1.9677666666666667,
  "fwhm_z": 1.5883030532533913,
  "gcor": 0.0100859,
  "gsr_x": 0.006541525945067406,
  "gsr_y": -0.0014301241608336568,
  "provenance": {
    "md5sum": "fe3e420202f2f9df96819dedbe121ebb",
    "settings": {
      "fd_thres": 0.2,
      "testing": false
    },
    "software": "mriqc",
    "version": "0.16.0",
    "webapi_port": null,
    "webapi_url": "https://mriqc.nimh.nih.gov/api/v1"
  },
  "size_t": 135,
  "size_x": 80,
  "size_y": 80,
  "size_z": 36,
  "snr": 6.719000462706203,
  "spacing_tr": 2.0,
  "spacing_x": 3.0,
  "spacing_y": 3.0,
  "spacing_z": 3.299999952316284,
  "spikes_num": 0,
  "summary_bg_k": 28.139456289251385,
  "summary_bg_mad": 5.987790190873827,
  "summary_bg_mean": 1198.8792724609375,
  "summary_bg_median": 4.055775165557861,
  "summary_bg_n": 146661.0,
  "summary_bg_p05": 0.002511091297492385,
  "summary_bg_p95": 8702.421875,
  "summary_bg_stdv": 4503.60400390625,
  "summary_fg_k": 3.455084547725402,
  "summary_fg_mad": 8475.530134391372,
  "summary_fg_mean": 65598.671875,
  "summary_fg_median": 65038.890625,
  "summary_fg_n": 41846.0,
  "summary_fg_p05": 52038.5380859375,
  "summary_fg_p95": 80613.50390625,
  "summary_fg_stdv": 9679.73046875,
  "tsnr": 62.35418701171875
}