{
  "aor": 0.0006660910518053373,
  "aqi": 0.0077928842857142855,
  "bids_meta": {
    "AcquisitionNumber": 10,
    "BidsifyVersion": "0.3.7",
    "ConversionSoftware": "dcm2niix",
    "ConversionSoftwareVersion": "v1.0.20190902",
    "EchoTime": 0.02763,
    "EffectiveEchoSpacing": 0.0006333282667071997,
    "ImageComments": "Upgrade_2017",
    "ImageOrientationPatientDICOM": [
      0.999357,
      0.0342361,
      0.0106186,
      -0.0314061,
      0.979088,
      -0.200998
    ],
    "InstitutionName": "Spinoza Centre for Neuroimaging, location REC",
    "MagneticFieldStrength": 3,
    "Manufacturer": "Philips",
    "ParallelAcquisitionTechnique": "SENSE",
    "PatientPosition": "HFS",
    "PhilipsRescaleIntercept": 0,
    "PhilipsRescaleSlope": 0.7663,
    "PhilipsScaleSlope": 0.0399007,
    "ProtocolName": "task-rest_acq-multiband_bold",
    "ReconMatrixPE": 80,
    "RepetitionTime": 0.763994,
    "SeriesDescription": "ImageMRSERIES",
    "SeriesNumber": 10,
    "TaskName": "restingstate",
    "TotalReadoutTime": 0.024699802401580786,
    "UsePhilipsFloatNotDisplayScaling": 1,
    "acq_id": "mb3",
    "dataset": "<unset>",
    "modality": "bold",
    "session_id": "post",
    "subject_id": "04",
    "task_id": "restingstate"
  },
  "dummy_trs": 0,
  "dvars_nstd": 21.52916402639938,
  "dvars_std": 1.174833914732704,
  "dvars_vstd": 1.0140286680345914,
  "efc": 0.42635511607223225,
  "fber": 624509184.0,
  "fd_mean": 0.0805080527884363,
  "fd_num": 4,
  "fd_perc": 0.6279434850863422,
  "fwhm_avg": 2.0367942065033304,
  "fwhm_x": 1.9485666666666666,
  "fwhm_y": 2.3408633333333335,
  "fwhm_z": 1.8209526195099908,
  "gcor": 0.0276908,
  "gsr_x": -0.01457018032670021,
  "gsr_y": 0.0083701740950346,
  "provenance": {
    "md5sum": "2c59b5c8bde5c032d6323032260b9d16",
    "settings": {
      "fd_thres": 0.2,
      "testing": false
    },
    "software": "mriqc",
    "version": "0.16.0",
    "webapi_port": null,
    "webapi_url": "https://mriqc.nimh.nih.gov/api/v1"
  },
  "size_t": 637,
  "size_x": 80,
  "size_y": 80,
  "size_z": 36,
  "snr": 8.283617740280476,
  "spacing_tr": 0.7639936804771423,
  "spacing_x": 3.0,
  "spacing_y": 3.0,
  "spacing_z": 3.299866199493408,
  "spikes_num": 0,
  "summary_bg_k": 34.3731156525642,
  "summary_bg_mad": 2.7626124943525614,
  "summary_bg_mean": 791.0494995117188,
  "summary_bg_median": 1.870344877243042,
  "summary_bg_n": 152193.0,
  "summary_bg_p05": 0.004638727568089963,
  "summary_bg_p95": 5388.587109374984,
  "summary_bg_stdv": 3051.595703125,
  "summary_fg_k": 3.047589639830692,
  "summary_fg_mad": 5505.550675781897,
  "summary_fg_mean": 51719.08203125,
  "summary_fg_median": 52032.625,
  "summary_fg_n": 36633.0,
  "summary_fg_p05": 41125.47109375,
  "summary_fg_p95": 61216.7375,
  "summary_fg_stdv": 6281.30322265625,
  "tsnr": 73.73478698730469
}