{
  "aor": 0.001127,
  "aqi": 0.0036389422916666666,
  "bids_meta": {
    "AcquisitionNumber": 3,
    "BidsifyVersion": "0.3.7",
    "ConversionSoftware": "dcm2niix",
    "ConversionSoftwareVersion": "v1.0.20190902",
    "EchoTime": 0.02763,
    "EffectiveEchoSpacing": 0.0006621159151938905,
    "ImageComments": "Upgrade_2017",
    "ImageOrientationPatientDICOM": [
      0.999357,
      0.0342361,
      0.0106186,
      -0.0314061,
      0.979088,
      -0.200998
    ],
    "InstitutionName": "Spinoza Centre for Neuroimaging, location REC",
    "MagneticFieldStrength": 3,
    "Manufacturer": "Philips",
    "ParallelAcquisitionTechnique": "SENSE",
    "PatientPosition": "HFS",
    "PhilipsRescaleIntercept": 0,
    "PhilipsRescaleSlope": 0.81197,
    "PhilipsScaleSlope": 0.0204158,
    "ProtocolName": "task-rest_acq-sequential_bold",
    "ReconMatrixPE": 80,
    "RepetitionTime": 2,
    "SeriesDescription": "ImageMRSERIES",
    "SeriesNumber": 3,
    "TaskName": "restingstate",
    "TotalReadoutTime": 0.025822520692561732,
    "UsePhilipsFloatNotDisplayScaling": 1,
    "acq_id": "seq",
    "dataset": "<unset>",
    "modality": "bold",
    "session_id": "post",
    "subject_id": "04",
    "task_id": "restingstate"
  },
  "dummy_trs": 0,
  "dvars_nstd": 19.8406930548954,
  "dvars_std": 1.2066383427615066,
  "dvars_vstd": 1.0053826900000007,
  "efc": 0.4228970953302838,
  "fber": 1269476224.0,
  "fd_mean": 0.10136558651809308,
  "fd_num": 4,
  "fd_perc": 1.6666666666666667,
  "fwhm_avg": 1.9377540696983404,
  "fwhm_x": 1.8660266666666667,
  "fwhm_y": 2.1588266666666667,
  "fwhm_z": 1.7884088757616878,
  "gcor": 0.052425,
  "gsr_x": -0.014668473042547703,
  "gsr_y": 0.009282425045967102,
  "provenance": {
    "md5sum": "18a219c8dc613e940c3fb3dd5721e105",
    "settings": {
      "fd_thres": 0.2,
      "testing": false
    },
    "software": "mriqc",
    "version": "0.16.0",
    "webapi_port": null,
    "webapi_url": "https://mriqc.nimh.nih.gov/api/v1"
  },
  "size_t": 240,
  "size_x": 80,
  "size_y": 80,
  "size_z": 36,
  "snr": 5.749868052226971,
  "spacing_tr": 2.0,
  "spacing_x": 3.0,
  "spacing_y": 3.0,
  "spacing_z": 3.299866199493408,
  "spikes_num": 3,
  "summary_bg_k": 34.39352811740752,
  "summary_bg_mad": 2.4873390417762797,
  "summary_bg_mean": 982.5722045898438,
  "summary_bg_median": 1.6883838176727295,
  "summary_bg_n": 151929.0,
  "summary_bg_p05": 0.0034719938412308693,
  "summary_bg_p95": 6682.454882812506,
  "summary_bg_stdv": 3859.973876953125,
  "summary_fg_k": 1.5952454755962533,
  "summary_fg_mad": 10543.50830265784,
  "summary_fg_mean": 67654.5625,
  "summary_fg_median": 66578.3125,
  "summary_fg_n": 37023.0,
  "summary_fg_p05": 50849.651953125,
  "summary_fg_p95": 87279.33203125,
  "summary_fg_stdv": 11578.9462890625,
  "tsnr": 86.64763641357422
}