{
  "aor": 0.0003919937205651491,
  "aqi": 0.012051435494505493,
  "bids_meta": {
    "AcquisitionNumber": 10,
    "BidsifyVersion": "0.3.7",
    "ConversionSoftware": "dcm2niix",
    "ConversionSoftwareVersion": "v1.0.20190902",
    "EchoTime": 0.02763,
    "EffectiveEchoSpacing": 0.0006333282667071997,
    "ImageComments": "Upgrade_2017",
    "ImageOrientationPatientDICOM": [
      0.996193,
      0.0777081,
      -0.0394983,
      -0.085579,
      0.95803,
      -0.273596
    ],
    "InstitutionName": "Spinoza Centre for Neuroimaging, location REC",
    "MagneticFieldStrength": 3,
    "Manufacturer": "Philips",
    "ParallelAcquisitionTechnique": "SENSE",
    "PatientPosition": "HFS",
    "PhilipsRescaleIntercept": 0,
    "PhilipsRescaleSlope": 0.78217,
    "PhilipsScaleSlope": 0.0392071,
    "ProtocolName": "task-rest_acq-multiband_bold",
    "ReconMatrixPE": 80,
    "RepetitionTime": 0.763994,
    "SeriesDescription": "ImageMRSERIES",
    "SeriesNumber": 10,
    "TaskName": "restingstate",
    "TotalReadoutTime": 0.024699802401580786,
    "UsePhilipsFloatNotDisplayScaling": 1,
    "acq_id": "mb3",
    "dataset": "<unset>",
    "modality": "bold",
    "session_id": "post",
    "subject_id": "02",
    "task_id": "restingstate"
  },
  "dummy_trs": 0,
  "dvars_nstd": 18.719260251902533,
  "dvars_std": 1.1644226026100641,
  "dvars_vstd": 1.006631953238994,
  "efc": 0.39095089560988894,
  "fber": 772864320.0,
  "fd_mean": 0.08898442777399175,
  "fd_num": 11,
  "fd_perc": 1.7268445839874411,
  "fwhm_avg": 1.9484717256602941,
  "fwhm_x": 1.9288999999999998,
  "fwhm_y": 2.1541333333333332,
  "fwhm_z": 1.76238184364755,
  "gcor": 0.0404593,
  "gsr_x": -0.01435204315930605,
  "gsr_y": 0.003899484174326062,
  "provenance": {
    "md5sum": "b56cb622732379e8305d522db8e6750a",
    "settings": {
      "fd_thres": 0.2,
      "testing": false
    },
    "software": "mriqc",
    "version": "0.16.0",
    "webapi_port": null,
    "webapi_url": "https://mriqc.nimh.nih.gov/api/v1"
  },
  "size_t": 637,
  "size_x": 80,
  "size_y": 80,
  "size_z": 36,
  "snr": 10.690471353457683,
  "spacing_tr": 0.7639936804771423,
  "spacing_x": 3.0,
  "spacing_y": 3.0,
  "spacing_z": 3.299999952316284,
  "spikes_num": 1,
  "summary_bg_k": 69.8614456867977,
  "summary_bg_mad": 2.769883951762305,
  "summary_bg_mean": 524.8533935546875,
  "summary_bg_median": 1.8908500671386719,
  "summary_bg_n": 158633.0,
  "summary_bg_p05": 0.010647863149642946,
  "summary_bg_p95": 3516.285839843749,
  "summary_bg_stdv": 2280.356689453125,
  "summary_fg_k": 4.174273180475735,
  "summary_fg_mad": 4463.333438906702,
  "summary_fg_mean": 55019.4140625,
  "summary_fg_median": 55441.85546875,
  "summary_fg_n": 31957.0,
  "summary_fg_p05": 46319.253125,
  "summary_fg_p95": 62671.710156249996,
  "summary_fg_stdv": 5186.01904296875,
  "tsnr": 76.5834732055664
}