{
    "Manufacturer": "Philips",
    "PatientPosition": "HFS",
    "SeriesDescription": "ImageMRSERIES",
    "ProtocolName": "WIPdwi_acq-sequentialSENSE",
    "SeriesNumber": 5,
    "AcquisitionNumber": 5,
    "ImageComments": "Upgrade2017",
    "PhilipsRescaleSlope": 3.95214,
    "PhilipsRescaleIntercept": 0,
    "PhilipsScaleSlope": 0.0254348,
    "UsePhilipsFloatNotDisplayScaling": 1,
    "EchoTime": 0.08599,
    "RepetitionTime": 7.3911,
    "ReconMatrixPE": 112,
    "ImageOrientationPatientDICOM": [
        0.999675,
        0.0248072,
        -0.00587744,
        -0.025479,
        0.964284,
        -0.263641
    ],
    "ConversionSoftware": "dcm2niix",
    "ConversionSoftwareVersion": "v1.0.20190902",
    "BidsifyVersion": "0.3.7",
    "MagneticFieldStrength": 3,
    "ParallelAcquisitionTechnique": "SENSE",
    "InstitutionName": "Spinoza Centre for Neuroimaging, location REC"
}