{
  "aor": 0.0005960833333333333,
  "aqi": 0.005230583499999999,
  "bids_meta": {
    "AcquisitionNumber": 3,
    "BidsifyVersion": "0.3.7",
    "ConversionSoftware": "dcm2niix",
    "ConversionSoftwareVersion": "v1.0.20190902",
    "EchoTime": 0.02763,
    "EffectiveEchoSpacing": 0.0006621159151938905,
    "ImageComments": "Upgrade_2017",
    "ImageOrientationPatientDICOM": [
      0.998024,
      0.0607531,
      0.0160264,
      -0.0524789,
      0.946273,
      -0.319083
    ],
    "InstitutionName": "Spinoza Centre for Neuroimaging, location REC",
    "MagneticFieldStrength": 3,
    "Manufacturer": "Philips",
    "ParallelAcquisitionTechnique": "SENSE",
    "PatientPosition": "HFS",
    "PhilipsRescaleIntercept": 0,
    "PhilipsRescaleSlope": 0.8022,
    "PhilipsScaleSlope": 0.0249988,
    "ProtocolName": "task-rest_acq-sequential_bold",
    "ReconMatrixPE": 80,
    "RepetitionTime": 2,
    "SeriesDescription": "ImageMRSERIES",
    "SeriesNumber": 3,
    "TaskName": "restingstate",
    "TotalReadoutTime": 0.025822520692561732,
    "UsePhilipsFloatNotDisplayScaling": 1,
    "acq_id": "seq",
    "dataset": "<unset>",
    "modality": "bold",
    "session_id": "post",
    "subject_id": "01",
    "task_id": "restingstate"
  },
  "dummy_trs": 0,
  "dvars_nstd": 24.478304548033478,
  "dvars_std": 1.2591893068200843,
  "dvars_vstd": 0.9892978075313803,
  "efc": 0.3917009270778143,
  "fber": 474075168.0,
  "fd_mean": 0.23127711131281203,
  "fd_num": 156,
  "fd_perc": 65.0,
  "fwhm_avg": 1.7065584925591768,
  "fwhm_x": 1.6502233333333332,
  "fwhm_y": 1.8685733333333332,
  "fwhm_z": 1.6008788110108636,
  "gcor": 0.039387,
  "gsr_x": -0.009978908114135265,
  "gsr_y": 0.002022842178121209,
  "provenance": {
    "md5sum": "f1182bf0f88d5b8f5fc553fc83d938e0",
    "settings": {
      "fd_thres": 0.2,
      "testing": false
    },
    "software": "mriqc",
    "version": "0.16.0",
    "webapi_port": null,
    "webapi_url": "https://mriqc.nimh.nih.gov/api/v1"
  },
  "size_t": 240,
  "size_x": 80,
  "size_y": 80,
  "size_z": 36,
  "snr": 6.429358210821584,
  "spacing_tr": 2.0,
  "spacing_x": 3.0,
  "spacing_y": 3.0,
  "spacing_z": 3.299999952316284,
  "spikes_num": 0,
  "summary_bg_k": 59.27133515416861,
  "summary_bg_mad": 3.7711876055076003,
  "summary_bg_mean": 723.0863647460938,
  "summary_bg_median": 2.553555488586426,
  "summary_bg_n": 158265.0,
  "summary_bg_p05": 0.004247483331710101,
  "summary_bg_p95": 4073.9860351562475,
  "summary_bg_stdv": 3321.343017578125,
  "summary_fg_k": 2.6318545728700826,
  "summary_fg_mad": 7973.3420684844705,
  "summary_fg_mean": 60129.18359375,
  "summary_fg_median": 58958.55859375,
  "summary_fg_n": 32153.0,
  "summary_fg_p05": 47802.528906249994,
  "summary_fg_p95": 75319.39062499999,
  "summary_fg_stdv": 9170.06640625,
  "tsnr": 82.02037048339844
}