{
  "aor": 0.005276833333333334,
  "aqi": 0.005870638916666667,
  "bids_meta": {
    "AcquisitionNumber": 10,
    "BidsifyVersion": "0.3.7",
    "ConversionSoftware": "dcm2niix",
    "ConversionSoftwareVersion": "v1.0.20190902",
    "EchoTime": 0.02763,
    "EffectiveEchoSpacing": 0.0006621159151938905,
    "ImageComments": "Upgrade2017",
    "ImageOrientationPatientDICOM": [
      0.999785,
      0.0201929,
      0.00478004,
      -0.0197205,
      0.996274,
      -0.0839624
    ],
    "InstitutionName": "Spinoza Centre for Neuroimaging, location REC",
    "MagneticFieldStrength": 3,
    "Manufacturer": "Philips",
    "ParallelAcquisitionTechnique": "SENSE",
    "PatientPosition": "HFS",
    "PhilipsRescaleIntercept": 0,
    "PhilipsRescaleSlope": 0.78877,
    "PhilipsScaleSlope": 0.0538247,
    "ProtocolName": "WIPtask-rest_acq-sequential_boldSENSE",
    "ReconMatrixPE": 80,
    "RepetitionTime": 2,
    "SeriesDescription": "ImageMRSERIES",
    "SeriesNumber": 10,
    "TaskName": "restingstate",
    "TotalReadoutTime": 0.025822520692561732,
    "UsePhilipsFloatNotDisplayScaling": 1,
    "acq_id": "seq",
    "dataset": "<unset>",
    "modality": "bold",
    "session_id": "pre",
    "subject_id": "20",
    "task_id": "restingstate"
  },
  "dummy_trs": 0,
  "dvars_nstd": 19.1097868002092,
  "dvars_std": 1.1906234338493724,
  "dvars_vstd": 1.0442077348953975,
  "efc": 0.43287546323050896,
  "fber": 285659968.0,
  "fd_mean": 0.14527539139387585,
  "fd_num": 54,
  "fd_perc": 22.5,
  "fwhm_avg": 1.900892937939956,
  "fwhm_x": 1.8461400000000001,
  "fwhm_y": 2.06126,
  "fwhm_z": 1.795278813819868,
  "gcor": 0.0407119,
  "gsr_x": -0.005310565698891878,
  "gsr_y": 0.009365938603878021,
  "provenance": {
    "md5sum": "3947b5500edf7b0dca3c2e4e6108f651",
    "settings": {
      "fd_thres": 0.2,
      "testing": false
    },
    "software": "mriqc",
    "version": "0.16.0",
    "webapi_port": null,
    "webapi_url": "https://mriqc.nimh.nih.gov/api/v1"
  },
  "size_t": 240,
  "size_x": 80,
  "size_y": 80,
  "size_z": 36,
  "snr": 5.425926688242048,
  "spacing_tr": 2.0,
  "spacing_x": 3.0,
  "spacing_y": 3.0,
  "spacing_z": 3.299999952316284,
  "spikes_num": 7,
  "summary_bg_k": 38.01870784451225,
  "summary_bg_mad": 2.1128470358964417,
  "summary_bg_mean": 407.6841735839844,
  "summary_bg_median": 1.4412298202514648,
  "summary_bg_n": 149601.0,
  "summary_bg_p05": 0.006075033452361822,
  "summary_bg_p95": 2622.638427734375,
  "summary_bg_stdv": 1632.0294189453125,
  "summary_fg_k": 1.5379120009799587,
  "summary_fg_mad": 4513.695583016564,
  "summary_fg_mean": 26779.3828125,
  "summary_fg_median": 26370.78125,
  "summary_fg_n": 39348.0,
  "summary_fg_p05": 19545.0810546875,
  "summary_fg_p95": 34760.993359375,
  "summary_fg_stdv": 4860.08154296875,
  "tsnr": 69.67581176757812
}