{
  "aor": 0.0008362166405023548,
  "aqi": 0.02165296326530612,
  "bids_meta": {
    "AcquisitionNumber": 3,
    "BidsifyVersion": "0.3.7",
    "ConversionSoftware": "dcm2niix",
    "ConversionSoftwareVersion": "v1.0.20190902",
    "EchoTime": 0.02763,
    "EffectiveEchoSpacing": 0.0006333282667071997,
    "ImageComments": "Upgrade2017",
    "ImageOrientationPatientDICOM": [
      0.999785,
      0.0201929,
      0.00478004,
      -0.0197205,
      0.996274,
      -0.0839624
    ],
    "InstitutionName": "Spinoza Centre for Neuroimaging, location REC",
    "MagneticFieldStrength": 3,
    "Manufacturer": "Philips",
    "ParallelAcquisitionTechnique": "SENSE",
    "PatientPosition": "HFS",
    "PhilipsRescaleIntercept": 0,
    "PhilipsRescaleSlope": 0.74725,
    "PhilipsScaleSlope": 0.0914397,
    "ProtocolName": "WIPtask-rest_acq-multiband_boldSENSE",
    "ReconMatrixPE": 80,
    "RepetitionTime": 0.761525,
    "SeriesDescription": "ImageMRSERIES",
    "SeriesNumber": 3,
    "TaskName": "restingstate",
    "TotalReadoutTime": 0.024699802401580786,
    "UsePhilipsFloatNotDisplayScaling": 1,
    "acq_id": "mb3",
    "dataset": "<unset>",
    "modality": "bold",
    "session_id": "pre",
    "subject_id": "20",
    "task_id": "restingstate"
  },
  "dummy_trs": 0,
  "dvars_nstd": 41.78982259643082,
  "dvars_std": 1.128167416808175,
  "dvars_vstd": 1.0108661464622646,
  "efc": 0.4322719119855594,
  "fber": 233366656.0,
  "fd_mean": 0.09573180711344442,
  "fd_num": 18,
  "fd_perc": 2.82574568288854,
  "fwhm_avg": 1.9229868772732799,
  "fwhm_x": 1.8751066666666667,
  "fwhm_y": 2.11116,
  "fwhm_z": 1.7826939651531735,
  "gcor": 0.00771704,
  "gsr_x": -0.006631813012063503,
  "gsr_y": 0.008412392809987068,
  "provenance": {
    "md5sum": "18f66f1c109c77a380a83b0ddd597196",
    "settings": {
      "fd_thres": 0.2,
      "testing": false
    },
    "software": "mriqc",
    "version": "0.16.0",
    "webapi_port": null,
    "webapi_url": "https://mriqc.nimh.nih.gov/api/v1"
  },
  "size_t": 637,
  "size_x": 80,
  "size_y": 80,
  "size_z": 36,
  "snr": 6.77691090946411,
  "spacing_tr": 0.7615252137184143,
  "spacing_x": 3.0,
  "spacing_y": 3.0,
  "spacing_z": 3.299999952316284,
  "spikes_num": 3,
  "summary_bg_k": 36.74007603531145,
  "summary_bg_mad": 1.7868313579772512,
  "summary_bg_mean": 325.1708984375,
  "summary_bg_median": 1.2255823612213135,
  "summary_bg_n": 150764.0,
  "summary_bg_p05": 0.006619463162496686,
  "summary_bg_p95": 2187.6568969726573,
  "summary_bg_stdv": 1277.1434326171875,
  "summary_fg_k": 1.0823892091091398,
  "summary_fg_mad": 2916.710024211764,
  "summary_fg_mean": 20249.515625,
  "summary_fg_median": 20243.388671875,
  "summary_fg_n": 38283.0,
  "summary_fg_p05": 15506.7830078125,
  "summary_fg_p95": 25028.656640625,
  "summary_fg_stdv": 2987.072509765625,
  "tsnr": 35.29229736328125
}