{
  "aor": 0.00043746268656716424,
  "aqi": 0.0033599623880597018,
  "bids_meta": {
    "AcquisitionNumber": 8,
    "BidsifyVersion": "0.3.7",
    "ConversionSoftware": "dcm2niix",
    "ConversionSoftwareVersion": "v1.0.20190902",
    "EchoTime": 0.02763,
    "EffectiveEchoSpacing": 0.0006621159151938905,
    "ImageComments": "Upgrade2017",
    "ImageOrientationPatientDICOM": [
      0.999785,
      0.0201929,
      0.00478004,
      -0.0197205,
      0.996274,
      -0.0839624
    ],
    "InstitutionName": "Spinoza Centre for Neuroimaging, location REC",
    "MagneticFieldStrength": 3,
    "Manufacturer": "Philips",
    "ParallelAcquisitionTechnique": "SENSE",
    "PatientPosition": "HFS",
    "PhilipsRescaleIntercept": 0,
    "PhilipsRescaleSlope": 0.78462,
    "PhilipsScaleSlope": 0.0513873,
    "ProtocolName": "WIPtask-harriri_acq-sequential_boldSENSE",
    "ReconMatrixPE": 80,
    "RepetitionTime": 2,
    "SeriesDescription": "ImageMRSERIES",
    "SeriesNumber": 8,
    "TaskName": "emomatching",
    "TotalReadoutTime": 0.025822520692561732,
    "UsePhilipsFloatNotDisplayScaling": 1,
    "acq_id": "seq",
    "dataset": "<unset>",
    "modality": "bold",
    "session_id": "pre",
    "subject_id": "20",
    "task_id": "emomatching"
  },
  "dummy_trs": 1,
  "dvars_nstd": 18.2321791687218,
  "dvars_std": 1.145735594210526,
  "dvars_vstd": 0.9948540764661652,
  "efc": 0.43234090927844027,
  "fber": 230847152.0,
  "fd_mean": 0.13795029929850078,
  "fd_num": 17,
  "fd_perc": 12.686567164179104,
  "fwhm_avg": 1.9091537460686523,
  "fwhm_x": 1.8620966666666667,
  "fwhm_y": 2.0601433333333334,
  "fwhm_z": 1.8052212382059565,
  "gcor": 0.030201,
  "gsr_x": -0.00526683172211051,
  "gsr_y": 0.009103996679186821,
  "provenance": {
    "md5sum": "55d245d2e66c401fe28dcddda7021bc8",
    "settings": {
      "fd_thres": 0.2,
      "testing": false
    },
    "software": "mriqc",
    "version": "0.16.0",
    "webapi_port": null,
    "webapi_url": "https://mriqc.nimh.nih.gov/api/v1"
  },
  "size_t": 134,
  "size_x": 80,
  "size_y": 80,
  "size_z": 36,
  "snr": 5.365136804224175,
  "spacing_tr": 2.0,
  "spacing_x": 3.0,
  "spacing_y": 3.0,
  "spacing_z": 3.299999952316284,
  "spikes_num": 0,
  "summary_bg_k": 40.44755770718514,
  "summary_bg_mad": 2.546194284261951,
  "summary_bg_mean": 409.4159851074219,
  "summary_bg_median": 1.7496782541275024,
  "summary_bg_n": 149601.0,
  "summary_bg_p05": 0.005253502633422613,
  "summary_bg_p95": 2657.802978515625,
  "summary_bg_stdv": 1670.838134765625,
  "summary_fg_k": 1.5468099920051186,
  "summary_fg_mad": 4685.251771366886,
  "summary_fg_mean": 27486.927734375,
  "summary_fg_median": 27065.923828125,
  "summary_fg_n": 39364.0,
  "summary_fg_p05": 19953.439355468752,
  "summary_fg_p95": 35744.084570312494,
  "summary_fg_stdv": 5044.7138671875,
  "tsnr": 84.57508850097656
}