{
  "bids_meta": {
    "AcquisitionNumber": 2,
    "BidsifyVersion": "0.3.7",
    "ConversionSoftware": "dcm2niix",
    "ConversionSoftwareVersion": "v1.0.20190902",
    "EchoTime": 0.00377,
    "ImageComments": "Upgrade2017",
    "ImageOrientationPatientDICOM": [
      0.999691,
      0.0149359,
      0.0198881,
      -0.0125631,
      0.993344,
      -0.114503
    ],
    "InstitutionName": "Spinoza Centre for Neuroimaging, location REC",
    "MagneticFieldStrength": 3,
    "Manufacturer": "Philips",
    "ParallelAcquisitionTechnique": "SENSE",
    "PatientPosition": "HFS",
    "PhilipsRescaleIntercept": 0,
    "PhilipsRescaleSlope": 11.5976,
    "PhilipsScaleSlope": 0.00531056,
    "ProtocolName": "WIPT1wSENSE",
    "ReconMatrixPE": 240,
    "RepetitionTime": 0.008227,
    "SeriesDescription": "ImageMRSERIES",
    "SeriesNumber": 2,
    "UsePhilipsFloatNotDisplayScaling": 1,
    "dataset": "<unset>",
    "modality": "T1w",
    "session_id": "pre",
    "subject_id": "03"
  },
  "cjv": 0.35916793375143763,
  "cnr": 3.6508964751822393,
  "efc": 0.7590125199287853,
  "fber": 149.31141662597656,
  "fwhm_avg": 3.276973398121997,
  "fwhm_x": 3.26092019436599,
  "fwhm_y": 3.45718,
  "fwhm_z": 3.11282,
  "icvs_csf": 0.2120380773829617,
  "icvs_gm": 0.42731633356411386,
  "icvs_wm": 0.36064558905292443,
  "inu_med": 2.0095772743225098,
  "inu_range": 0.4450692653656003,
  "provenance": {
    "md5sum": "5a7e87740d499f969efe30513eadb0ee",
    "settings": {
      "testing": false
    },
    "software": "mriqc",
    "version": "0.16.0",
    "warnings": {
      "large_rot_frame": true,
      "small_air_mask": true
    },
    "webapi_port": null,
    "webapi_url": "https://mriqc.nimh.nih.gov/api/v1"
  },
  "qi_1": 0.0,
  "qi_2": 6.96436082492737e-05,
  "rpve_csf": 30.09066395501854,
  "rpve_gm": 15.859382069965488,
  "rpve_wm": 23.682311662747278,
  "size_x": 240,
  "size_y": 240,
  "size_z": 220,
  "snr_csf": 2.236812146950085,
  "snr_gm": 6.775491980433889,
  "snr_total": 8.64727667859146,
  "snr_wm": 16.929525908390406,
  "snrd_csf": 16.075229501651435,
  "snrd_gm": 34.80671633954084,
  "snrd_total": 36.12698368311199,
  "snrd_wm": 57.49900520814369,
  "spacing_x": 0.9999999403953552,
  "spacing_y": 1.0,
  "spacing_z": 1.0,
  "summary_bg_k": 90.85481759679774,
  "summary_bg_mad": 11.39368131600865,
  "summary_bg_mean": 17.716306686401367,
  "summary_bg_median": 15.319483757019043,
  "summary_bg_n": 124824.0,
  "summary_bg_p05": 0.0,
  "summary_bg_p95": 39.30119800567626,
  "summary_bg_stdv": 14.650189399719238,
  "summary_csf_k": 10.720881212207548,
  "summary_csf_mad": 135.68077095320737,
  "summary_csf_mean": 273.9163513183594,
  "summary_csf_median": 279.5693359375,
  "summary_csf_n": 6349.0,
  "summary_csf_p05": 78.9980484008789,
  "summary_csf_p95": 455.24481201171875,
  "summary_csf_stdv": 124.97576904296875,
  "summary_gm_k": 0.097593527591465,
  "summary_gm_mad": 87.62021657275078,
  "summary_gm_mean": 608.0438842773438,
  "summary_gm_median": 605.33447265625,
  "summary_gm_n": 11549.0,
  "summary_gm_p05": 463.82073974609375,
  "summary_gm_p95": 758.2796630859375,
  "summary_gm_stdv": 89.33790588378906,
  "summary_wm_k": 0.8555209145128226,
  "summary_wm_mad": 54.12493496984141,
  "summary_wm_mean": 997.9252319335938,
  "summary_wm_median": 999.983154296875,
  "summary_wm_n": 165865.0,
  "summary_wm_p05": 897.7188232421875,
  "summary_wm_p95": 1090.06650390625,
  "summary_wm_stdv": 59.06722640991211,
  "tpm_overlap_csf": 0.16035327315330505,
  "tpm_overlap_gm": 0.4341438114643097,
  "tpm_overlap_wm": 0.4947245717048645,
  "wm2max": 0.6812118425469769
}