{
  "aor": 0.00012869496855345914,
  "aqi": 0.027839965408805033,
  "bids_meta": {
    "AcquisitionNumber": 3,
    "BidsifyVersion": "0.3.7",
    "ConversionSoftware": "dcm2niix",
    "ConversionSoftwareVersion": "v1.0.20190902",
    "EchoTime": 0.02763,
    "EffectiveEchoSpacing": 0.0006333282667071997,
    "ImageComments": "Upgrade2017",
    "ImageOrientationPatientDICOM": [
      0.998021,
      0.0498332,
      0.038345,
      -0.0348517,
      0.945991,
      -0.322313
    ],
    "InstitutionName": "Spinoza Centre for Neuroimaging, location REC",
    "MagneticFieldStrength": 3,
    "Manufacturer": "Philips",
    "ParallelAcquisitionTechnique": "SENSE",
    "PatientPosition": "HFS",
    "PhilipsRescaleIntercept": 0,
    "PhilipsRescaleSlope": 0.78388,
    "PhilipsScaleSlope": 0.0952036,
    "ProtocolName": "WIPtask-rest_acq-multiband_boldSENSE",
    "ReconMatrixPE": 80,
    "RepetitionTime": 0.764623,
    "SeriesDescription": "ImageMRSERIES",
    "SeriesNumber": 3,
    "TaskName": "restingstate",
    "TotalReadoutTime": 0.024699802401580786,
    "UsePhilipsFloatNotDisplayScaling": 1,
    "acq_id": "mb3",
    "dataset": "<unset>",
    "modality": "bold",
    "session_id": "pre",
    "subject_id": "10",
    "task_id": "restingstate"
  },
  "dummy_trs": 1,
  "dvars_nstd": 51.31174352458269,
  "dvars_std": 1.11496220223622,
  "dvars_vstd": 0.9989614861417334,
  "efc": 0.40598390220553277,
  "fber": 1547626752.0,
  "fd_mean": 0.11119284051560642,
  "fd_num": 27,
  "fd_perc": 4.245283018867925,
  "fwhm_avg": 1.7261113105218808,
  "fwhm_x": 1.7081833333333334,
  "fwhm_y": 1.8845466666666668,
  "fwhm_z": 1.5856039315656423,
  "gcor": 0.0118374,
  "gsr_x": -0.008032313548028469,
  "gsr_y": 0.0031386881601065397,
  "provenance": {
    "md5sum": "918a0265fc9814f2efb08ddae06ae897",
    "settings": {
      "fd_thres": 0.2,
      "testing": false
    },
    "software": "mriqc",
    "version": "0.16.0",
    "webapi_port": null,
    "webapi_url": "https://mriqc.nimh.nih.gov/api/v1"
  },
  "size_t": 636,
  "size_x": 80,
  "size_y": 80,
  "size_z": 36,
  "snr": 7.082062231402997,
  "spacing_tr": 0.7646226286888123,
  "spacing_x": 3.0,
  "spacing_y": 3.0,
  "spacing_z": 3.3001747131347656,
  "spikes_num": 1,
  "summary_bg_k": 41.91831419565923,
  "summary_bg_mad": 0.5941292647788422,
  "summary_bg_mean": 293.328857421875,
  "summary_bg_median": 0.4012575149536133,
  "summary_bg_n": 157057.0,
  "summary_bg_p05": 0.00041510126320645215,
  "summary_bg_p95": 1909.5643798828032,
  "summary_bg_stdv": 1218.6053466796875,
  "summary_fg_k": 2.252166520971887,
  "summary_fg_mad": 2382.781384930653,
  "summary_fg_mean": 17908.501953125,
  "summary_fg_median": 17975.533203125,
  "summary_fg_n": 32836.0,
  "summary_fg_p05": 13904.96484375,
  "summary_fg_p95": 21828.96728515625,
  "summary_fg_stdv": 2538.13916015625,
  "tsnr": 31.067298889160156
}