{
  "aor": 0.00855540740740741,
  "aqi": 0.006195836518518519,
  "bids_meta": {
    "AcquisitionNumber": 8,
    "BidsifyVersion": "0.3.7",
    "ConversionSoftware": "dcm2niix",
    "ConversionSoftwareVersion": "v1.0.20190902",
    "EchoTime": 0.02763,
    "EffectiveEchoSpacing": 0.0006621159151938905,
    "ImageComments": "Upgrade2017",
    "ImageOrientationPatientDICOM": [
      0.999876,
      0.0126179,
      -0.00943376,
      -0.0122164,
      0.999065,
      0.0414709
    ],
    "InstitutionName": "Spinoza Centre for Neuroimaging, location REC",
    "MagneticFieldStrength": 3,
    "Manufacturer": "Philips",
    "ParallelAcquisitionTechnique": "SENSE",
    "PatientPosition": "HFS",
    "PhilipsRescaleIntercept": 0,
    "PhilipsRescaleSlope": 0.78632,
    "PhilipsScaleSlope": 0.0601694,
    "ProtocolName": "WIPtask-harriri_acq-sequential_boldSENSE",
    "ReconMatrixPE": 80,
    "RepetitionTime": 2,
    "SeriesDescription": "ImageMRSERIES",
    "SeriesNumber": 8,
    "TaskName": "emomatching",
    "TotalReadoutTime": 0.025822520692561732,
    "UsePhilipsFloatNotDisplayScaling": 1,
    "acq_id": "seq",
    "dataset": "<unset>",
    "modality": "bold",
    "session_id": "pre",
    "subject_id": "23",
    "task_id": "emomatching"
  },
  "dummy_trs": 0,
  "dvars_nstd": 22.945609078432835,
  "dvars_std": 1.2790394097014925,
  "dvars_vstd": 1.0389288535820895,
  "efc": 0.4065488973512964,
  "fber": 103755584.0,
  "fd_mean": 0.1765533029640435,
  "fd_num": 45,
  "fd_perc": 33.333333333333336,
  "fwhm_avg": 2.0085231324665624,
  "fwhm_x": 1.9488866666666667,
  "fwhm_y": 2.1449333333333334,
  "fwhm_z": 1.9317493973996875,
  "gcor": 0.0147796,
  "gsr_x": -0.014072991907596588,
  "gsr_y": 0.00712141627445817,
  "provenance": {
    "md5sum": "c9fe1c15a5e60b6b1519bc609587f4ad",
    "settings": {
      "fd_thres": 0.2,
      "testing": false
    },
    "software": "mriqc",
    "version": "0.16.0",
    "webapi_port": null,
    "webapi_url": "https://mriqc.nimh.nih.gov/api/v1"
  },
  "size_t": 135,
  "size_x": 80,
  "size_y": 80,
  "size_z": 36,
  "snr": 5.063038681458842,
  "spacing_tr": 2.0,
  "spacing_x": 3.0,
  "spacing_y": 3.0,
  "spacing_z": 3.2998483180999756,
  "spikes_num": 0,
  "summary_bg_k": 54.35500290861105,
  "summary_bg_mad": 3.1892988279671943,
  "summary_bg_mean": 325.2391052246094,
  "summary_bg_median": 2.165860176086426,
  "summary_bg_n": 155453.0,
  "summary_bg_p05": 0.005731161218136549,
  "summary_bg_p95": 1907.6381591796874,
  "summary_bg_stdv": 1413.7607421875,
  "summary_fg_k": 0.9959252266831302,
  "summary_fg_mad": 4532.610344132343,
  "summary_fg_mean": 24537.66015625,
  "summary_fg_median": 24063.83203125,
  "summary_fg_n": 34736.0,
  "summary_fg_p05": 17524.63037109375,
  "summary_fg_p95": 32660.88330078125,
  "summary_fg_stdv": 4752.775390625,
  "tsnr": 66.08361053466797
}