{
  "aor": 0.00018666666666666666,
  "aqi": 0.03221798632075471,
  "bids_meta": {
    "AcquisitionNumber": 10,
    "BidsifyVersion": "0.3.7",
    "ConversionSoftware": "dcm2niix",
    "ConversionSoftwareVersion": "v1.0.20190902",
    "EchoTime": 0.02763,
    "EffectiveEchoSpacing": 0.0006333282667071997,
    "ImageComments": "Upgrade2017",
    "ImageOrientationPatientDICOM": [
      0.999876,
      0.0126179,
      -0.00943376,
      -0.0122164,
      0.999065,
      0.0414709
    ],
    "InstitutionName": "Spinoza Centre for Neuroimaging, location REC",
    "MagneticFieldStrength": 3,
    "Manufacturer": "Philips",
    "ParallelAcquisitionTechnique": "SENSE",
    "PatientPosition": "HFS",
    "PhilipsRescaleIntercept": 0,
    "PhilipsRescaleSlope": 0.8083,
    "PhilipsScaleSlope": 0.0846236,
    "ProtocolName": "WIPtask-rest_acq-multiband_boldSENSE",
    "ReconMatrixPE": 80,
    "RepetitionTime": 0.760833,
    "SeriesDescription": "ImageMRSERIES",
    "SeriesNumber": 10,
    "TaskName": "restingstate",
    "TotalReadoutTime": 0.024699802401580786,
    "UsePhilipsFloatNotDisplayScaling": 1,
    "acq_id": "mb3",
    "dataset": "<unset>",
    "modality": "bold",
    "session_id": "pre",
    "subject_id": "23",
    "task_id": "restingstate"
  },
  "dummy_trs": 1,
  "dvars_nstd": 45.458479855685056,
  "dvars_std": 1.0852028413228352,
  "dvars_vstd": 0.9636573336220468,
  "efc": 0.4080681971443264,
  "fber": 284491264.0,
  "fd_mean": 0.12938184325139993,
  "fd_num": 66,
  "fd_perc": 10.377358490566039,
  "fwhm_avg": 2.0760329543153833,
  "fwhm_x": 2.08571,
  "fwhm_y": 2.30138,
  "fwhm_z": 1.8410088629461496,
  "gcor": 0.0066739,
  "gsr_x": -0.01680201292037964,
  "gsr_y": 0.0074043115600943565,
  "provenance": {
    "md5sum": "8ad5e863e231c93c904c3435745ed657",
    "settings": {
      "fd_thres": 0.2,
      "testing": false
    },
    "software": "mriqc",
    "version": "0.16.0",
    "webapi_port": null,
    "webapi_url": "https://mriqc.nimh.nih.gov/api/v1"
  },
  "size_t": 636,
  "size_x": 80,
  "size_y": 80,
  "size_z": 36,
  "snr": 6.142337800888284,
  "spacing_tr": 0.7608333230018616,
  "spacing_x": 3.0,
  "spacing_y": 3.0,
  "spacing_z": 3.2998483180999756,
  "spikes_num": 0,
  "summary_bg_k": 46.878403365073545,
  "summary_bg_mad": 1.569390660978342,
  "summary_bg_mean": 287.7963562011719,
  "summary_bg_median": 1.0628139972686768,
  "summary_bg_n": 156113.0,
  "summary_bg_p05": 0.0016757614212110639,
  "summary_bg_p95": 1879.5256347656248,
  "summary_bg_stdv": 1166.064453125,
  "summary_fg_k": 0.4501576605292561,
  "summary_fg_mad": 3065.9533387443216,
  "summary_fg_mean": 19565.31640625,
  "summary_fg_median": 19515.29296875,
  "summary_fg_n": 33882.0,
  "summary_fg_p05": 14367.11298828125,
  "summary_fg_p95": 24781.935156249998,
  "summary_fg_stdv": 3177.1298828125,
  "tsnr": 26.848567962646484
}