{
  "aor": 0.0002705925925925926,
  "aqi": 0.0031304621481481484,
  "bids_meta": {
    "AcquisitionNumber": 8,
    "BidsifyVersion": "0.3.7",
    "ConversionSoftware": "dcm2niix",
    "ConversionSoftwareVersion": "v1.0.20190902",
    "EchoTime": 0.02763,
    "EffectiveEchoSpacing": 0.0006621159151938905,
    "ImageComments": "Upgrade2017",
    "ImageOrientationPatientDICOM": [
      0.997514,
      0.0704134,
      0.00282706,
      -0.0694031,
      0.988573,
      -0.133813
    ],
    "InstitutionName": "Spinoza Centre for Neuroimaging, location REC",
    "MagneticFieldStrength": 3,
    "Manufacturer": "Philips",
    "ParallelAcquisitionTechnique": "SENSE",
    "PatientPosition": "HFS",
    "PhilipsRescaleIntercept": 0,
    "PhilipsRescaleSlope": 0.83443,
    "PhilipsScaleSlope": 0.0561469,
    "ProtocolName": "WIPtask-harriri_acq-sequential_boldSENSE",
    "ReconMatrixPE": 80,
    "RepetitionTime": 2,
    "SeriesDescription": "ImageMRSERIES",
    "SeriesNumber": 8,
    "TaskName": "emomatching",
    "TotalReadoutTime": 0.025822520692561732,
    "UsePhilipsFloatNotDisplayScaling": 1,
    "acq_id": "seq",
    "dataset": "<unset>",
    "modality": "bold",
    "session_id": "pre",
    "subject_id": "07",
    "task_id": "emomatching"
  },
  "dummy_trs": 0,
  "dvars_nstd": 21.401318920447746,
  "dvars_std": 1.2307803585820898,
  "dvars_vstd": 0.9947095581343287,
  "efc": 0.3870578829796885,
  "fber": 2004884352.0,
  "fd_mean": 0.12239255267521718,
  "fd_num": 13,
  "fd_perc": 9.62962962962963,
  "fwhm_avg": 1.8039968769595631,
  "fwhm_x": 1.72785,
  "fwhm_y": 1.9665800000000002,
  "fwhm_z": 1.7175606308786888,
  "gcor": 0.0395998,
  "gsr_x": -0.01754443719983101,
  "gsr_y": 0.005380197893828154,
  "provenance": {
    "md5sum": "b3d62ec28d97742ea811f0b2112b1109",
    "settings": {
      "fd_thres": 0.2,
      "testing": false
    },
    "software": "mriqc",
    "version": "0.16.0",
    "webapi_port": null,
    "webapi_url": "https://mriqc.nimh.nih.gov/api/v1"
  },
  "size_t": 135,
  "size_x": 80,
  "size_y": 80,
  "size_z": 36,
  "snr": 5.513979211143043,
  "spacing_tr": 2.0,
  "spacing_x": 3.0,
  "spacing_y": 3.0,
  "spacing_z": 3.299999952316284,
  "spikes_num": 0,
  "summary_bg_k": 52.24067647367045,
  "summary_bg_mad": 0.8100693590247231,
  "summary_bg_mean": 335.3267822265625,
  "summary_bg_median": 0.5515863299369812,
  "summary_bg_n": 159295.0,
  "summary_bg_p05": 0.0022335707442834975,
  "summary_bg_p95": 2081.917724609371,
  "summary_bg_stdv": 1501.8282470703125,
  "summary_fg_k": 1.8839469897247616,
  "summary_fg_mad": 4168.0842107796525,
  "summary_fg_mean": 26312.18359375,
  "summary_fg_median": 26042.974609375,
  "summary_fg_n": 30917.0,
  "summary_fg_p05": 19004.360546875,
  "summary_fg_p95": 33900.210156249996,
  "summary_fg_stdv": 4723.00537109375,
  "tsnr": 91.28775024414062
}