{
  "aor": 5.667189952904238e-05,
  "aqi": 0.019723812715855573,
  "bids_meta": {
    "AcquisitionNumber": 10,
    "BidsifyVersion": "0.3.7",
    "ConversionSoftware": "dcm2niix",
    "ConversionSoftwareVersion": "v1.0.20190902",
    "EchoTime": 0.02763,
    "EffectiveEchoSpacing": 0.0006333282667071997,
    "ImageComments": "Upgrade2017",
    "ImageOrientationPatientDICOM": [
      0.997514,
      0.0704134,
      0.00282706,
      -0.0694031,
      0.988573,
      -0.133813
    ],
    "InstitutionName": "Spinoza Centre for Neuroimaging, location REC",
    "MagneticFieldStrength": 3,
    "Manufacturer": "Philips",
    "ParallelAcquisitionTechnique": "SENSE",
    "PatientPosition": "HFS",
    "PhilipsRescaleIntercept": 0,
    "PhilipsRescaleSlope": 0.75702,
    "PhilipsScaleSlope": 0.0974117,
    "ProtocolName": "WIPtask-rest_acq-multiband_boldSENSE",
    "ReconMatrixPE": 80,
    "RepetitionTime": 0.762233,
    "SeriesDescription": "ImageMRSERIES",
    "SeriesNumber": 10,
    "TaskName": "restingstate",
    "TotalReadoutTime": 0.024699802401580786,
    "UsePhilipsFloatNotDisplayScaling": 1,
    "acq_id": "mb3",
    "dataset": "<unset>",
    "modality": "bold",
    "session_id": "pre",
    "subject_id": "07",
    "task_id": "restingstate"
  },
  "dummy_trs": 0,
  "dvars_nstd": 44.67823587570754,
  "dvars_std": 1.1420591204088044,
  "dvars_vstd": 0.9975301129245276,
  "efc": 0.38796016160850205,
  "fber": 761854592.0,
  "fd_mean": 0.11854519348672865,
  "fd_num": 42,
  "fd_perc": 6.593406593406593,
  "fwhm_avg": 1.8123174827623965,
  "fwhm_x": 1.7418833333333332,
  "fwhm_y": 2.0310266666666665,
  "fwhm_z": 1.66404244828719,
  "gcor": 0.00886642,
  "gsr_x": -0.018867388367652893,
  "gsr_y": 0.004154959227889776,
  "provenance": {
    "md5sum": "eea34f5676d34e931c165c2b62cf7022",
    "settings": {
      "fd_thres": 0.2,
      "testing": false
    },
    "software": "mriqc",
    "version": "0.16.0",
    "webapi_port": null,
    "webapi_url": "https://mriqc.nimh.nih.gov/api/v1"
  },
  "size_t": 637,
  "size_x": 80,
  "size_y": 80,
  "size_z": 36,
  "snr": 6.849668118437302,
  "spacing_tr": 0.7622327208518982,
  "spacing_x": 3.0,
  "spacing_y": 3.0,
  "spacing_z": 3.299999952316284,
  "spikes_num": 0,
  "summary_bg_k": 49.5689892962778,
  "summary_bg_mad": 0.9759769449169046,
  "summary_bg_mean": 260.3915710449219,
  "summary_bg_median": 0.6632770895957947,
  "summary_bg_n": 160053.0,
  "summary_bg_p05": 0.0019155443646013738,
  "summary_bg_p95": 1681.8775146484363,
  "summary_bg_stdv": 1124.97314453125,
  "summary_fg_k": 2.003231808385128,
  "summary_fg_mad": 2561.9916520193824,
  "summary_fg_mean": 18978.23828125,
  "summary_fg_median": 19079.5,
  "summary_fg_n": 30155.0,
  "summary_fg_p05": 14549.421777343749,
  "summary_fg_p95": 23332.498046875,
  "summary_fg_stdv": 2785.417236328125,
  "tsnr": 37.46543884277344
}