{
    "Manufacturer": "Philips",
    "PatientPosition": "HFS",
    "SeriesDescription": "ImageMRSERIES",
    "ProtocolName": "task-rest_acq-multiband_bold",
    "SeriesNumber": 3,
    "AcquisitionNumber": 3,
    "ImageComments": "upgrade_2017",
    "PhilipsRescaleSlope": 0.84005,
    "PhilipsRescaleIntercept": 0,
    "PhilipsScaleSlope": 0.0380421,
    "UsePhilipsFloatNotDisplayScaling": 1,
    "EchoTime": 0.02763,
    "RepetitionTime": 0.763994,
    "ReconMatrixPE": 80,
    "ImageOrientationPatientDICOM": [
        0.999519,
        0.021034,
        0.0227726,
        -0.0209369,
        0.999771,
        -0.00449214
    ],
    "ConversionSoftware": "dcm2niix",
    "ConversionSoftwareVersion": "v1.0.20190902",
    "BidsifyVersion": "0.3.7",
    "MagneticFieldStrength": 3,
    "ParallelAcquisitionTechnique": "SENSE",
    "InstitutionName": "Spinoza Centre for Neuroimaging, location REC",
    "TaskName": "restingstate"
}