{
  "bids_meta": {
    "AcquisitionNumber": 2,
    "BidsifyVersion": "0.3.7",
    "ConversionSoftware": "dcm2niix",
    "ConversionSoftwareVersion": "v1.0.20190902",
    "EchoTime": 0.00375,
    "ImageComments": "Upgrade_2017",
    "ImageOrientationPatientDICOM": [
      0.99872,
      0.0175473,
      0.0474451,
      -0.0137713,
      0.996798,
      -0.0787727
    ],
    "InstitutionName": "Spinoza Centre for Neuroimaging, location REC",
    "InversionTime": 0.9,
    "MagneticFieldStrength": 3,
    "Manufacturer": "Philips",
    "ParallelAcquisitionTechnique": "SENSE",
    "PatientPosition": "HFS",
    "PhilipsRescaleIntercept": 0,
    "PhilipsRescaleSlope": 2.6,
    "PhilipsScaleSlope": 0.00509197,
    "ProtocolName": "T1w",
    "ReconMatrixPE": 240,
    "RepetitionTime": 0.008203,
    "SeriesDescription": "ImageMRSERIES",
    "SeriesNumber": 2,
    "UsePhilipsFloatNotDisplayScaling": 1,
    "dataset": "<unset>",
    "modality": "T1w",
    "session_id": "post",
    "subject_id": "11"
  },
  "cjv": 0.2999104157092449,
  "cnr": 3.9926504499825275,
  "efc": 0.6942690911551207,
  "fber": 6184.5947265625,
  "fwhm_avg": 3.9155868223818238,
  "fwhm_x": 3.90936,
  "fwhm_y": 4.126140245937124,
  "fwhm_z": 3.711260221208347,
  "icvs_csf": 0.2316123132603466,
  "icvs_gm": 0.417038521497885,
  "icvs_wm": 0.35134916524176835,
  "inu_med": 0.5321255922317505,
  "inu_range": 0.18117635250091563,
  "provenance": {
    "md5sum": "fd24110f98e7c0d88caca84d36bc2361",
    "settings": {
      "testing": false
    },
    "software": "mriqc",
    "version": "0.16.0",
    "warnings": {
      "large_rot_frame": true,
      "small_air_mask": false
    },
    "webapi_port": null,
    "webapi_url": "https://mriqc.nimh.nih.gov/api/v1"
  },
  "qi_1": 0.0,
  "qi_2": 5.3406031270253426e-05,
  "rpve_csf": 26.339549060823085,
  "rpve_gm": 15.101418362534915,
  "rpve_wm": 23.02790752902277,
  "size_x": 240,
  "size_y": 240,
  "size_z": 220,
  "snr_csf": 3.2413858359227326,
  "snr_gm": 7.664677583380286,
  "snr_total": 10.969060285838808,
  "snr_wm": 22.001117438213402,
  "snrd_csf": 24.723306778117525,
  "snrd_gm": 42.86245400994531,
  "snrd_total": 45.403610507885276,
  "snrd_wm": 68.62507073559298,
  "spacing_x": 1.0,
  "spacing_y": 0.9999999403953552,
  "spacing_z": 0.9999999403953552,
  "summary_bg_k": 235.20169780176036,
  "summary_bg_mad": 9.546558591550593,
  "summary_bg_mean": 9.641481399536133,
  "summary_bg_median": 6.571895122528076,
  "summary_bg_n": 479765.0,
  "summary_bg_p05": 0.0,
  "summary_bg_p95": 29.306146621704098,
  "summary_bg_stdv": 11.609031677246094,
  "summary_csf_k": -0.21994303146548466,
  "summary_csf_mad": 104.45803151426533,
  "summary_csf_mean": 336.12725830078125,
  "summary_csf_median": 360.2646789550781,
  "summary_csf_n": 8177.0,
  "summary_csf_p05": 131.60348815917968,
  "summary_csf_p95": 480.88692016601556,
  "summary_csf_stdv": 111.13846588134766,
  "summary_gm_k": 0.5157632267734291,
  "summary_gm_mad": 74.95873571256378,
  "summary_gm_mean": 631.6133422851562,
  "summary_gm_median": 624.5858764648438,
  "summary_gm_n": 18447.0,
  "summary_gm_p05": 511.4155029296875,
  "summary_gm_p95": 779.8439941406251,
  "summary_gm_stdv": 81.48665618896484,
  "summary_wm_k": 2.095999289769922,
  "summary_wm_mad": 37.63044234381821,
  "summary_wm_mean": 996.4529418945312,
  "summary_wm_median": 999.9952392578125,
  "summary_wm_n": 183628.0,
  "summary_wm_p05": 915.3969604492188,
  "summary_wm_p95": 1061.7847961425782,
  "summary_wm_stdv": 45.45189666748047,
  "tpm_overlap_csf": 0.17097903788089752,
  "tpm_overlap_gm": 0.46733567118644714,
  "tpm_overlap_wm": 0.5123226046562195,
  "wm2max": 0.6377112450396353
}