{
  "aor": 0.00018208333333333333,
  "aqi": 0.0026732716666666664,
  "bids_meta": {
    "AcquisitionNumber": 10,
    "BidsifyVersion": "0.3.7",
    "ConversionSoftware": "dcm2niix",
    "ConversionSoftwareVersion": "v1.0.20190902",
    "EchoTime": 0.02763,
    "EffectiveEchoSpacing": 0.0006621159151938905,
    "ImageComments": "Upgrade2017",
    "ImageOrientationPatientDICOM": [
      0.999474,
      -0.0241529,
      0.0216577,
      0.0247757,
      0.999273,
      -0.028964
    ],
    "InstitutionName": "Spinoza Centre for Neuroimaging, location REC",
    "MagneticFieldStrength": 3,
    "Manufacturer": "Philips",
    "ParallelAcquisitionTechnique": "SENSE",
    "PatientPosition": "HFS",
    "PhilipsRescaleIntercept": 0,
    "PhilipsRescaleSlope": 0.81538,
    "PhilipsScaleSlope": 0.0481107,
    "ProtocolName": "WIPtask-rest_acq-sequential_boldSENSE",
    "ReconMatrixPE": 80,
    "RepetitionTime": 2,
    "SeriesDescription": "ImageMRSERIES",
    "SeriesNumber": 10,
    "TaskName": "restingstate",
    "TotalReadoutTime": 0.025822520692561732,
    "UsePhilipsFloatNotDisplayScaling": 1,
    "acq_id": "seq",
    "dataset": "<unset>",
    "modality": "bold",
    "session_id": "pre",
    "subject_id": "14",
    "task_id": "restingstate"
  },
  "dummy_trs": 0,
  "dvars_nstd": 17.54733218514645,
  "dvars_std": 1.1631498373221765,
  "dvars_vstd": 0.9881795785774058,
  "efc": 0.421489550555514,
  "fber": 777398144.0,
  "fd_mean": 0.08154824517981168,
  "fd_num": 1,
  "fd_perc": 0.4166666666666667,
  "fwhm_avg": 1.8328443803716514,
  "fwhm_x": 1.7591933333333334,
  "fwhm_y": 2.03161,
  "fwhm_z": 1.7077298077816205,
  "gcor": 0.0167645,
  "gsr_x": -0.009628725238144398,
  "gsr_y": 0.008829309605062008,
  "provenance": {
    "md5sum": "c8a46b5ae1107217f91746573b193462",
    "settings": {
      "fd_thres": 0.2,
      "testing": false
    },
    "software": "mriqc",
    "version": "0.16.0",
    "webapi_port": null,
    "webapi_url": "https://mriqc.nimh.nih.gov/api/v1"
  },
  "size_t": 240,
  "size_x": 80,
  "size_y": 80,
  "size_z": 36,
  "snr": 5.648607787079222,
  "spacing_tr": 2.0,
  "spacing_x": 3.0,
  "spacing_y": 3.0,
  "spacing_z": 3.2998838424682617,
  "spikes_num": 0,
  "summary_bg_k": 37.03156706594039,
  "summary_bg_mad": 1.3654917601656749,
  "summary_bg_mean": 422.3457946777344,
  "summary_bg_median": 0.9280056953430176,
  "summary_bg_n": 152448.0,
  "summary_bg_p05": 0.004192946758121253,
  "summary_bg_p95": 2945.4718261718735,
  "summary_bg_stdv": 1687.879638671875,
  "summary_fg_k": 2.326690914117896,
  "summary_fg_mad": 4447.433109254722,
  "summary_fg_mean": 28613.33203125,
  "summary_fg_median": 28186.91796875,
  "summary_fg_n": 36927.0,
  "summary_fg_p05": 21297.977343749997,
  "summary_fg_p95": 36624.925390624994,
  "summary_fg_stdv": 4989.9970703125,
  "tsnr": 96.64889526367188
}