{
  "aor": 3.785826771653543e-05,
  "aqi": 0.017674620787401576,
  "bids_meta": {
    "AcquisitionNumber": 3,
    "BidsifyVersion": "0.3.7",
    "ConversionSoftware": "dcm2niix",
    "ConversionSoftwareVersion": "v1.0.20190902",
    "EchoTime": 0.02763,
    "EffectiveEchoSpacing": 0.0006333282667071997,
    "ImageComments": "Upgrade2017",
    "ImageOrientationPatientDICOM": [
      0.999474,
      -0.0241529,
      0.0216577,
      0.0247757,
      0.999273,
      -0.028964
    ],
    "InstitutionName": "Spinoza Centre for Neuroimaging, location REC",
    "MagneticFieldStrength": 3,
    "Manufacturer": "Philips",
    "ParallelAcquisitionTechnique": "SENSE",
    "PatientPosition": "HFS",
    "PhilipsRescaleIntercept": 0,
    "PhilipsRescaleSlope": 0.74872,
    "PhilipsScaleSlope": 0.0944287,
    "ProtocolName": "WIPtask-rest_acq-multiband_boldSENSE",
    "ReconMatrixPE": 80,
    "RepetitionTime": 0.760833,
    "SeriesDescription": "ImageMRSERIES",
    "SeriesNumber": 3,
    "TaskName": "restingstate",
    "TotalReadoutTime": 0.024699802401580786,
    "UsePhilipsFloatNotDisplayScaling": 1,
    "acq_id": "mb3",
    "dataset": "<unset>",
    "modality": "bold",
    "session_id": "pre",
    "subject_id": "14",
    "task_id": "restingstate"
  },
  "dummy_trs": 2,
  "dvars_nstd": 35.608237257429025,
  "dvars_std": 1.094352029652997,
  "dvars_vstd": 0.9921497787223962,
  "efc": 0.4216186063875115,
  "fber": 245300208.0,
  "fd_mean": 0.09377559144377193,
  "fd_num": 20,
  "fd_perc": 3.1496062992125986,
  "fwhm_avg": 1.88955279195768,
  "fwhm_x": 1.8254000000000001,
  "fwhm_y": 2.1073366666666664,
  "fwhm_z": 1.7359217092063735,
  "gcor": 0.00729586,
  "gsr_x": -0.010689803399145603,
  "gsr_y": 0.007509554270654917,
  "provenance": {
    "md5sum": "67555b8b94a43ee30935eb53850c27a6",
    "settings": {
      "fd_thres": 0.2,
      "testing": false
    },
    "software": "mriqc",
    "version": "0.16.0",
    "webapi_port": null,
    "webapi_url": "https://mriqc.nimh.nih.gov/api/v1"
  },
  "size_t": 635,
  "size_x": 80,
  "size_y": 80,
  "size_z": 36,
  "snr": 7.259545359522675,
  "spacing_tr": 0.7608333230018616,
  "spacing_x": 3.0,
  "spacing_y": 3.0,
  "spacing_z": 3.2998838424682617,
  "spikes_num": 0,
  "summary_bg_k": 35.17938691885165,
  "summary_bg_mad": 1.6788100267093946,
  "summary_bg_mean": 293.0907897949219,
  "summary_bg_median": 1.1399574279785156,
  "summary_bg_n": 153140.0,
  "summary_bg_p05": 0.004346750723198057,
  "summary_bg_p95": 2081.343627929684,
  "summary_bg_stdv": 1134.3284912109375,
  "summary_fg_k": 1.8611905689889428,
  "summary_fg_mad": 2504.1571348141033,
  "summary_fg_mean": 19171.2421875,
  "summary_fg_median": 19241.875,
  "summary_fg_n": 36210.0,
  "summary_fg_p05": 14918.435302734375,
  "summary_fg_p95": 23309.25576171875,
  "summary_fg_stdv": 2650.525390625,
  "tsnr": 41.592445373535156
}