{
  "aor": 0.0013187407407407408,
  "aqi": 0.004253275851851851,
  "bids_meta": {
    "AcquisitionNumber": 8,
    "BidsifyVersion": "0.3.7",
    "ConversionSoftware": "dcm2niix",
    "ConversionSoftwareVersion": "v1.0.20190902",
    "EchoTime": 0.02763,
    "EffectiveEchoSpacing": 0.0006621159151938905,
    "ImageComments": "Upgrade_2017",
    "ImageOrientationPatientDICOM": [
      0.99996,
      0.00209866,
      0.00864835,
      -0.00174526,
      0.999171,
      -0.0406701
    ],
    "InstitutionName": "Spinoza Centre for Neuroimaging, location REC",
    "MagneticFieldStrength": 3,
    "Manufacturer": "Philips",
    "ParallelAcquisitionTechnique": "SENSE",
    "PatientPosition": "HFS",
    "PhilipsRescaleIntercept": 0,
    "PhilipsRescaleSlope": 0.74042,
    "PhilipsScaleSlope": 0.0225743,
    "ProtocolName": "task-harriri_acq-sequential_bold",
    "ReconMatrixPE": 80,
    "RepetitionTime": 2,
    "SeriesDescription": "ImageMRSERIES",
    "SeriesNumber": 8,
    "TaskName": "emomatching",
    "TotalReadoutTime": 0.025822520692561732,
    "UsePhilipsFloatNotDisplayScaling": 1,
    "acq_id": "seq",
    "dataset": "<unset>",
    "modality": "bold",
    "session_id": "post",
    "subject_id": "06",
    "task_id": "emomatching"
  },
  "dummy_trs": 0,
  "dvars_nstd": 17.44007734052239,
  "dvars_std": 1.1852422802985072,
  "dvars_vstd": 1.0073412063432836,
  "efc": 0.40500072167629053,
  "fber": 357015296.0,
  "fd_mean": 0.12054799240702156,
  "fd_num": 6,
  "fd_perc": 4.444444444444445,
  "fwhm_avg": 1.7816351594867392,
  "fwhm_x": 1.73818,
  "fwhm_y": 1.9516799999999999,
  "fwhm_z": 1.6550454784602175,
  "gcor": 0.0356295,
  "gsr_x": -0.010439107194542885,
  "gsr_y": 0.006366162560880184,
  "provenance": {
    "md5sum": "bd0850b9603331f0dc575600981403be",
    "settings": {
      "fd_thres": 0.2,
      "testing": false
    },
    "software": "mriqc",
    "version": "0.16.0",
    "webapi_port": null,
    "webapi_url": "https://mriqc.nimh.nih.gov/api/v1"
  },
  "size_t": 135,
  "size_x": 80,
  "size_y": 80,
  "size_z": 36,
  "snr": 6.510623078967329,
  "spacing_tr": 2.0,
  "spacing_x": 3.0,
  "spacing_y": 3.0,
  "spacing_z": 3.299999952316284,
  "spikes_num": 3,
  "summary_bg_k": 69.37560946749551,
  "summary_bg_mad": 5.0009567303595555,
  "summary_bg_mean": 672.3804931640625,
  "summary_bg_median": 3.4256327152252197,
  "summary_bg_n": 155155.0,
  "summary_bg_p05": 0.009170466754585507,
  "summary_bg_p95": 4091.203027343727,
  "summary_bg_stdv": 3051.288818359375,
  "summary_fg_k": 1.8866002573886353,
  "summary_fg_mad": 9857.474665948785,
  "summary_fg_mean": 67464.1171875,
  "summary_fg_median": 66560.296875,
  "summary_fg_n": 35232.0,
  "summary_fg_p05": 53297.1173828125,
  "summary_fg_p95": 83865.023046875,
  "summary_fg_stdv": 10223.1923828125,
  "tsnr": 91.85787200927734
}