{
  "aor": 0.0011310833333333335,
  "aqi": 0.009715244166666666,
  "bids_meta": {
    "AcquisitionNumber": 10,
    "BidsifyVersion": "0.3.7",
    "ConversionSoftware": "dcm2niix",
    "ConversionSoftwareVersion": "v1.0.20190902",
    "EchoTime": 0.02763,
    "EffectiveEchoSpacing": 0.0006621159151938905,
    "ImageComments": "Upgrade_2017",
    "ImageOrientationPatientDICOM": [
      0.99996,
      0.00209866,
      0.00864835,
      -0.00174526,
      0.999171,
      -0.0406701
    ],
    "InstitutionName": "Spinoza Centre for Neuroimaging, location REC",
    "MagneticFieldStrength": 3,
    "Manufacturer": "Philips",
    "ParallelAcquisitionTechnique": "SENSE",
    "PatientPosition": "HFS",
    "PhilipsRescaleIntercept": 0,
    "PhilipsRescaleSlope": 0.74652,
    "PhilipsScaleSlope": 0.0221757,
    "ProtocolName": "task-rest_acq-sequential_bold",
    "ReconMatrixPE": 80,
    "RepetitionTime": 2,
    "SeriesDescription": "ImageMRSERIES",
    "SeriesNumber": 10,
    "TaskName": "restingstate",
    "TotalReadoutTime": 0.025822520692561732,
    "UsePhilipsFloatNotDisplayScaling": 1,
    "acq_id": "seq",
    "dataset": "<unset>",
    "modality": "bold",
    "session_id": "post",
    "subject_id": "06",
    "task_id": "restingstate"
  },
  "dummy_trs": 0,
  "dvars_nstd": 16.86046258769875,
  "dvars_std": 1.0743352913807531,
  "dvars_vstd": 0.9444309571548116,
  "efc": 0.40606921169422305,
  "fber": 216807376.0,
  "fd_mean": 0.1351288154203016,
  "fd_num": 30,
  "fd_perc": 12.5,
  "fwhm_avg": 1.808300109088864,
  "fwhm_x": 1.75911,
  "fwhm_y": 1.9884933333333334,
  "fwhm_z": 1.6772969939332585,
  "gcor": 0.0289137,
  "gsr_x": -0.010957776568830013,
  "gsr_y": 0.0073878769762814045,
  "provenance": {
    "md5sum": "4059015a596cdfa0d2623ca0069f85d3",
    "settings": {
      "fd_thres": 0.2,
      "testing": false
    },
    "software": "mriqc",
    "version": "0.16.0",
    "webapi_port": null,
    "webapi_url": "https://mriqc.nimh.nih.gov/api/v1"
  },
  "size_t": 240,
  "size_x": 80,
  "size_y": 80,
  "size_z": 36,
  "snr": 6.44532973759627,
  "spacing_tr": 2.0,
  "spacing_x": 3.0,
  "spacing_y": 3.0,
  "spacing_z": 3.299999952316284,
  "spikes_num": 0,
  "summary_bg_k": 68.02538984414086,
  "summary_bg_mad": 6.291404533500611,
  "summary_bg_mean": 702.5726318359375,
  "summary_bg_median": 4.354763984680176,
  "summary_bg_n": 155074.0,
  "summary_bg_p05": 0.040417727641761304,
  "summary_bg_p95": 4156.626220703126,
  "summary_bg_stdv": 3115.3955078125,
  "summary_fg_k": 1.799933805047056,
  "summary_fg_mad": 9990.932031273953,
  "summary_fg_mean": 67836.7109375,
  "summary_fg_median": 66841.7421875,
  "summary_fg_n": 35277.0,
  "summary_fg_p05": 53477.68984375,
  "summary_fg_p95": 84659.58593749999,
  "summary_fg_stdv": 10370.4228515625,
  "tsnr": 64.85649108886719
}