{
  "aor": 0.00424818671454219,
  "aqi": 0.006537370825852783,
  "bids_meta": {
    "AcquisitionNumber": 3,
    "BidsifyVersion": "0.3.7",
    "ConversionSoftware": "dcm2niix",
    "ConversionSoftwareVersion": "v1.0.20190902",
    "EchoTime": 0.02763,
    "EffectiveEchoSpacing": 0.0006333282667071997,
    "ImageComments": "Upgrade_2017",
    "ImageOrientationPatientDICOM": [
      0.99996,
      0.00209866,
      0.00864835,
      -0.00174526,
      0.999171,
      -0.0406701
    ],
    "InstitutionName": "Spinoza Centre for Neuroimaging, location REC",
    "MagneticFieldStrength": 3,
    "Manufacturer": "Philips",
    "ParallelAcquisitionTechnique": "SENSE",
    "PatientPosition": "HFS",
    "PhilipsRescaleIntercept": 0,
    "PhilipsRescaleSlope": 0.737,
    "PhilipsScaleSlope": 0.0228314,
    "ProtocolName": "task-rest_acq-multiband_bold",
    "ReconMatrixPE": 80,
    "RepetitionTime": 1.98568,
    "SeriesDescription": "ImageMRSERIES",
    "SeriesNumber": 3,
    "TaskName": "restingstate",
    "TotalReadoutTime": 0.024699802401580786,
    "UsePhilipsFloatNotDisplayScaling": 1,
    "acq_id": "mb3",
    "dataset": "<unset>",
    "modality": "bold",
    "session_id": "post",
    "subject_id": "06",
    "task_id": "restingstate"
  },
  "dummy_trs": 0,
  "dvars_nstd": 16.218839466960436,
  "dvars_std": 1.164786047446044,
  "dvars_vstd": 1.0397614262589925,
  "efc": 0.40575907401177524,
  "fber": 414189600.0,
  "fd_mean": 0.12293712903879844,
  "fd_num": 35,
  "fd_perc": 6.283662477558348,
  "fwhm_avg": 1.8205087959859976,
  "fwhm_x": 1.7714566666666667,
  "fwhm_y": 2.006866666666667,
  "fwhm_z": 1.6832030546246595,
  "gcor": 0.0183515,
  "gsr_x": -0.011127376928925514,
  "gsr_y": 0.007192110177129507,
  "provenance": {
    "md5sum": "1b9b0461e419b3fa9cdebc83f0f6977f",
    "settings": {
      "fd_thres": 0.2,
      "testing": false
    },
    "software": "mriqc",
    "version": "0.16.0",
    "webapi_port": null,
    "webapi_url": "https://mriqc.nimh.nih.gov/api/v1"
  },
  "size_t": 557,
  "size_x": 80,
  "size_y": 80,
  "size_z": 36,
  "snr": 6.353686225971178,
  "spacing_tr": 1.9856829643249512,
  "spacing_x": 3.0,
  "spacing_y": 3.0,
  "spacing_z": 3.299999952316284,
  "spikes_num": 81,
  "summary_bg_k": 67.37007502775859,
  "summary_bg_mad": 4.464910134650558,
  "summary_bg_mean": 696.2720336914062,
  "summary_bg_median": 3.011536121368408,
  "summary_bg_n": 155117.0,
  "summary_bg_p05": 0.0,
  "summary_bg_p95": 4150.109667968748,
  "summary_bg_stdv": 3044.471923828125,
  "summary_fg_k": 1.8546041627275969,
  "summary_fg_mad": 9967.52313218333,
  "summary_fg_mean": 68058.4609375,
  "summary_fg_median": 67019.3046875,
  "summary_fg_n": 35228.0,
  "summary_fg_p05": 53502.557031250006,
  "summary_fg_p95": 85530.08164062502,
  "summary_fg_stdv": 10547.9482421875,
  "tsnr": 76.04530334472656
}