{
  "bids_meta": {
    "AcquisitionNumber": 2,
    "BidsifyVersion": "0.3.7",
    "ConversionSoftware": "dcm2niix",
    "ConversionSoftwareVersion": "v1.0.20190902",
    "EchoTime": 0.00373,
    "ImageComments": "Upgrade_2017",
    "ImageOrientationPatientDICOM": [
      0.99877,
      0.0495534,
      0.00193615,
      -0.0495469,
      0.998767,
      -0.0032415
    ],
    "InstitutionName": "Spinoza Centre for Neuroimaging, location REC",
    "InversionTime": 0.9,
    "MagneticFieldStrength": 3,
    "Manufacturer": "Philips",
    "ParallelAcquisitionTechnique": "SENSE",
    "PatientPosition": "HFS",
    "PhilipsRescaleIntercept": 0,
    "PhilipsRescaleSlope": 3.68156,
    "PhilipsScaleSlope": 0.00522408,
    "ProtocolName": "T1w",
    "ReconMatrixPE": 240,
    "RepetitionTime": 0.008123,
    "SeriesDescription": "ImageMRSERIES",
    "SeriesNumber": 2,
    "UsePhilipsFloatNotDisplayScaling": 1,
    "dataset": "<unset>",
    "modality": "T1w",
    "session_id": "post",
    "subject_id": "07"
  },
  "cjv": 0.3269722425302794,
  "cnr": 3.5764310038242355,
  "efc": 0.6988694543781712,
  "fber": 9757.65625,
  "fwhm_avg": 3.5253333333333337,
  "fwhm_x": 3.48843,
  "fwhm_y": 3.66973,
  "fwhm_z": 3.41784,
  "icvs_csf": 0.2108032337683559,
  "icvs_gm": 0.421862582124597,
  "icvs_wm": 0.3673341841070471,
  "inu_med": 1.888720154762268,
  "inu_range": 0.46696344614028895,
  "provenance": {
    "md5sum": "96a94388c7c41aa33232f233895d2712",
    "settings": {
      "testing": false
    },
    "software": "mriqc",
    "version": "0.16.0",
    "warnings": {
      "large_rot_frame": true,
      "small_air_mask": false
    },
    "webapi_port": null,
    "webapi_url": "https://mriqc.nimh.nih.gov/api/v1"
  },
  "qi_1": 8.698245439634176e-06,
  "qi_2": 4.8934212776292777e-05,
  "rpve_csf": 29.833177214379386,
  "rpve_gm": 15.941104999254945,
  "rpve_wm": 22.810115864205127,
  "size_x": 240,
  "size_y": 240,
  "size_z": 220,
  "snr_csf": 1.3650063283069345,
  "snr_gm": 7.199657379592242,
  "snr_total": 10.832083753453697,
  "snr_wm": 23.931587552461917,
  "snrd_csf": 24.02301509807855,
  "snrd_gm": 58.238096501443394,
  "snrd_total": 57.51814651175227,
  "snrd_wm": 90.29332793573488,
  "spacing_x": 1.0,
  "spacing_y": 1.0,
  "spacing_z": 1.0,
  "summary_bg_k": 146.79485989798752,
  "summary_bg_mad": 7.255592347489671,
  "summary_bg_mean": 7.234607219696045,
  "summary_bg_median": 4.89382266998291,
  "summary_bg_n": 456393.0,
  "summary_bg_p05": 0.0,
  "summary_bg_p95": 22.939413452148436,
  "summary_bg_stdv": 9.068390846252441,
  "summary_csf_k": 38.82002226764093,
  "summary_csf_mad": 143.1105680999061,
  "summary_csf_mean": 291.7010192871094,
  "summary_csf_median": 266.0533142089844,
  "summary_csf_n": 10099.0,
  "summary_csf_p05": 103.67944793701172,
  "summary_csf_p95": 508.2064758300782,
  "summary_csf_stdv": 194.90029907226562,
  "summary_gm_k": 0.5036737333062806,
  "summary_gm_mad": 80.12757352512725,
  "summary_gm_mean": 653.4903564453125,
  "summary_gm_median": 644.9830932617188,
  "summary_gm_n": 16145.0,
  "summary_gm_p05": 518.111962890625,
  "summary_gm_p95": 817.0979736328125,
  "summary_gm_stdv": 89.58247375488281,
  "summary_wm_k": 1.6345891645931294,
  "summary_wm_mad": 35.95070579102217,
  "summary_wm_mean": 998.3055419921875,
  "summary_wm_median": 999.99267578125,
  "summary_wm_n": 184356.0,
  "summary_wm_p05": 927.1061859130859,
  "summary_wm_p95": 1062.1772155761719,
  "summary_wm_stdv": 41.78535842895508,
  "tpm_overlap_csf": 0.17404910922050476,
  "tpm_overlap_gm": 0.4552883207798004,
  "tpm_overlap_wm": 0.5105468034744263,
  "wm2max": 0.703132851859457
}