{
  "aor": 8.69182389937107e-05,
  "aqi": 0.01975831823899371,
  "bids_meta": {
    "AcquisitionNumber": 10,
    "BidsifyVersion": "0.3.7",
    "ConversionSoftware": "dcm2niix",
    "ConversionSoftwareVersion": "v1.0.20190902",
    "EchoTime": 0.02763,
    "EffectiveEchoSpacing": 0.0006333282667071997,
    "ImageComments": "Upgrade2017",
    "ImageOrientationPatientDICOM": [
      0.99751,
      0.0549318,
      -0.0442205,
      -0.0498335,
      0.992778,
      0.109127
    ],
    "InstitutionName": "Spinoza Centre for Neuroimaging, location REC",
    "MagneticFieldStrength": 3,
    "Manufacturer": "Philips",
    "ParallelAcquisitionTechnique": "SENSE",
    "PatientPosition": "HFS",
    "PhilipsRescaleIntercept": 0,
    "PhilipsRescaleSlope": 0.75995,
    "PhilipsScaleSlope": 0.0923976,
    "ProtocolName": "WIPtask-rest_acq-multiband_boldSENSE",
    "ReconMatrixPE": 80,
    "RepetitionTime": 0.761525,
    "SeriesDescription": "ImageMRSERIES",
    "SeriesNumber": 10,
    "TaskName": "restingstate",
    "TotalReadoutTime": 0.024699802401580786,
    "UsePhilipsFloatNotDisplayScaling": 1,
    "acq_id": "mb3",
    "dataset": "<unset>",
    "modality": "bold",
    "session_id": "pre",
    "subject_id": "17",
    "task_id": "restingstate"
  },
  "dummy_trs": 1,
  "dvars_nstd": 40.319809819181096,
  "dvars_std": 1.1715482933228358,
  "dvars_vstd": 0.982450672488188,
  "efc": 0.42861587931114625,
  "fber": 468980512.0,
  "fd_mean": 0.07561407947385147,
  "fd_num": 6,
  "fd_perc": 0.9433962264150944,
  "fwhm_avg": 1.926536138968925,
  "fwhm_x": 1.8726633333333333,
  "fwhm_y": 2.0586933333333333,
  "fwhm_z": 1.8482517502401083,
  "gcor": 0.0106299,
  "gsr_x": -0.0022974899038672447,
  "gsr_y": 0.002479668240994215,
  "provenance": {
    "md5sum": "656692ec1cba7d1eab1d015d48de0d0f",
    "settings": {
      "fd_thres": 0.2,
      "testing": false
    },
    "software": "mriqc",
    "version": "0.16.0",
    "webapi_port": null,
    "webapi_url": "https://mriqc.nimh.nih.gov/api/v1"
  },
  "size_t": 636,
  "size_x": 80,
  "size_y": 80,
  "size_z": 36,
  "snr": 7.328513161219616,
  "spacing_tr": 0.7615252137184143,
  "spacing_x": 3.0,
  "spacing_y": 3.0,
  "spacing_z": 3.3001132011413574,
  "spikes_num": 1,
  "summary_bg_k": 41.11574761340504,
  "summary_bg_mad": 1.2309578398323007,
  "summary_bg_mean": 300.0027770996094,
  "summary_bg_median": 0.8340491056442261,
  "summary_bg_n": 151502.0,
  "summary_bg_p05": 0.0016614020976703616,
  "summary_bg_p95": 2040.9551269531212,
  "summary_bg_stdv": 1192.5157470703125,
  "summary_fg_k": 1.3608248635146767,
  "summary_fg_mad": 2575.752053859888,
  "summary_fg_mean": 19992.046875,
  "summary_fg_median": 19889.333984375,
  "summary_fg_n": 37591.0,
  "summary_fg_p05": 15854.560546875,
  "summary_fg_p95": 24523.923828125,
  "summary_fg_stdv": 2713.9296875,
  "tsnr": 41.283878326416016
}