{
  "aor": 0.0004424812030075188,
  "aqi": 0.002280637744360902,
  "bids_meta": {
    "AcquisitionNumber": 8,
    "BidsifyVersion": "0.3.7",
    "ConversionSoftware": "dcm2niix",
    "ConversionSoftwareVersion": "v1.0.20190902",
    "EchoTime": 0.02763,
    "EffectiveEchoSpacing": 0.0006621159151938905,
    "ImageComments": "Upgrade2017",
    "ImageOrientationPatientDICOM": [
      0.99751,
      0.0549318,
      -0.0442205,
      -0.0498335,
      0.992778,
      0.109127
    ],
    "InstitutionName": "Spinoza Centre for Neuroimaging, location REC",
    "MagneticFieldStrength": 3,
    "Manufacturer": "Philips",
    "ParallelAcquisitionTechnique": "SENSE",
    "PatientPosition": "HFS",
    "PhilipsRescaleIntercept": 0,
    "PhilipsRescaleSlope": 0.77729,
    "PhilipsScaleSlope": 0.0494829,
    "ProtocolName": "WIPtask-harriri_acq-sequential_boldSENSE",
    "ReconMatrixPE": 80,
    "RepetitionTime": 2,
    "SeriesDescription": "ImageMRSERIES",
    "SeriesNumber": 8,
    "TaskName": "emomatching",
    "TotalReadoutTime": 0.025822520692561732,
    "UsePhilipsFloatNotDisplayScaling": 1,
    "acq_id": "seq",
    "dataset": "<unset>",
    "modality": "bold",
    "session_id": "pre",
    "subject_id": "17",
    "task_id": "emomatching"
  },
  "dummy_trs": 0,
  "dvars_nstd": 19.23659204681819,
  "dvars_std": 1.3045634759090905,
  "dvars_vstd": 0.9919836109848484,
  "efc": 0.4249908645242193,
  "fber": 497137088.0,
  "fd_mean": 0.08484575296374396,
  "fd_num": 1,
  "fd_perc": 0.7518796992481203,
  "fwhm_avg": 1.8552070012728545,
  "fwhm_x": 1.8281866666666666,
  "fwhm_y": 1.92926,
  "fwhm_z": 1.8081743371518972,
  "gcor": 0.0231113,
  "gsr_x": -0.001352888299152255,
  "gsr_y": 0.002309969160705805,
  "provenance": {
    "md5sum": "5dc4ebfeab70b574415beecb8a98a5e2",
    "settings": {
      "fd_thres": 0.2,
      "testing": false
    },
    "software": "mriqc",
    "version": "0.16.0",
    "webapi_port": null,
    "webapi_url": "https://mriqc.nimh.nih.gov/api/v1"
  },
  "size_t": 133,
  "size_x": 80,
  "size_y": 80,
  "size_z": 36,
  "snr": 5.091552799693388,
  "spacing_tr": 2.0,
  "spacing_x": 3.0,
  "spacing_y": 3.0,
  "spacing_z": 3.3001132011413574,
  "spikes_num": 1,
  "summary_bg_k": 60.43694512106997,
  "summary_bg_mad": 1.7973894274452502,
  "summary_bg_mean": 401.3876953125,
  "summary_bg_median": 1.2241106033325195,
  "summary_bg_n": 151016.0,
  "summary_bg_p05": 0.002548923424910754,
  "summary_bg_p95": 2657.0709228515625,
  "summary_bg_stdv": 1695.791748046875,
  "summary_fg_k": 1.160061498712344,
  "summary_fg_mad": 5358.225767440276,
  "summary_fg_mean": 29403.39453125,
  "summary_fg_median": 28669.12109375,
  "summary_fg_n": 38247.0,
  "summary_fg_p05": 21533.1783203125,
  "summary_fg_p95": 39158.333984375,
  "summary_fg_stdv": 5630.64892578125,
  "tsnr": 101.2934799194336
}