{
  "bids_meta": {
    "AcquisitionNumber": 2,
    "BidsifyVersion": "0.3.7",
    "ConversionSoftware": "dcm2niix",
    "ConversionSoftwareVersion": "v1.0.20190902",
    "EchoTime": 0.0038,
    "ImageComments": "upgrade_2017",
    "ImageOrientationPatientDICOM": [
      0.999475,
      0.0232787,
      0.0225166,
      -0.0195399,
      0.987882,
      -0.153973
    ],
    "InstitutionName": "Spinoza Centre for Neuroimaging, location REC",
    "InversionTime": 0.9,
    "MagneticFieldStrength": 3,
    "Manufacturer": "Philips",
    "ParallelAcquisitionTechnique": "SENSE",
    "PatientPosition": "HFS",
    "PhilipsRescaleIntercept": 0,
    "PhilipsRescaleSlope": 4.68083,
    "PhilipsScaleSlope": 0.00505878,
    "ProtocolName": "T1w",
    "ReconMatrixPE": 240,
    "RepetitionTime": 0.008276,
    "SeriesDescription": "ImageMRSERIES",
    "SeriesNumber": 2,
    "UsePhilipsFloatNotDisplayScaling": 1,
    "dataset": "<unset>",
    "modality": "T1w",
    "session_id": "post",
    "subject_id": "09"
  },
  "cjv": 0.3221857561737856,
  "cnr": 3.7771409244867455,
  "efc": 0.750755522448449,
  "fber": 5185.19287109375,
  "fwhm_avg": 3.931433333333333,
  "fwhm_x": 3.96725,
  "fwhm_y": 4.02978,
  "fwhm_z": 3.79727,
  "icvs_csf": 0.2169225938130237,
  "icvs_gm": 0.4314665589459775,
  "icvs_wm": 0.35161084724099884,
  "inu_med": 2.5192532539367676,
  "inu_range": 1.0474472284317016,
  "provenance": {
    "md5sum": "447835a7056aa5101157d56aab5593ed",
    "settings": {
      "testing": false
    },
    "software": "mriqc",
    "version": "0.16.0",
    "warnings": {
      "large_rot_frame": true,
      "small_air_mask": false
    },
    "webapi_port": null,
    "webapi_url": "https://mriqc.nimh.nih.gov/api/v1"
  },
  "qi_1": 0.0,
  "qi_2": 4.051461155174737e-05,
  "rpve_csf": 22.004349213809455,
  "rpve_gm": 11.908095853436608,
  "rpve_wm": 17.649717157520747,
  "size_x": 240,
  "size_y": 240,
  "size_z": 220,
  "snr_csf": 2.429482109023505,
  "snr_gm": 7.654705974779815,
  "snr_total": 9.39083307538838,
  "snr_wm": 18.08831114236182,
  "snrd_csf": 16.945879700388087,
  "snrd_gm": 38.06031594612251,
  "snrd_total": 38.64178632324249,
  "snrd_wm": 60.91916332321689,
  "spacing_x": 1.0,
  "spacing_y": 1.0,
  "spacing_z": 1.0,
  "summary_bg_k": 374.22617328865186,
  "summary_bg_mad": 10.754297656528886,
  "summary_bg_mean": 10.324241638183594,
  "summary_bg_median": 7.253663539886475,
  "summary_bg_n": 471924.0,
  "summary_bg_p05": 0.0,
  "summary_bg_p95": 29.380612659454346,
  "summary_bg_stdv": 12.301576614379883,
  "summary_csf_k": -0.2320714697109989,
  "summary_csf_mad": 133.7178206373884,
  "summary_csf_mean": 288.9675598144531,
  "summary_csf_median": 278.17266845703125,
  "summary_csf_n": 14703.0,
  "summary_csf_p05": 124.45714569091797,
  "summary_csf_p95": 474.93955383300784,
  "summary_csf_stdv": 114.49485778808594,
  "summary_gm_k": 1.0241092054904968,
  "summary_gm_mad": 71.81711934775859,
  "summary_gm_mean": 632.88134765625,
  "summary_gm_median": 624.773681640625,
  "summary_gm_n": 25584.0,
  "summary_gm_p05": 513.5227233886719,
  "summary_gm_p95": 783.4050476074219,
  "summary_gm_stdv": 81.61795806884766,
  "summary_wm_k": 1.0471402067089084,
  "summary_wm_mad": 49.07862177909536,
  "summary_wm_mean": 995.5349731445312,
  "summary_wm_median": 1000.0098266601562,
  "summary_wm_n": 230310.0,
  "summary_wm_p05": 895.7654174804688,
  "summary_wm_p95": 1077.517401123047,
  "summary_wm_stdv": 55.28474426269531,
  "tpm_overlap_csf": 0.16638709604740143,
  "tpm_overlap_gm": 0.44751983880996704,
  "tpm_overlap_wm": 0.4891400933265686,
  "wm2max": 0.7244187285615344
}