{
  "bids_meta": {
    "AcquisitionNumber": 2,
    "BidsifyVersion": "0.3.7",
    "ConversionSoftware": "dcm2niix",
    "ConversionSoftwareVersion": "v1.0.20190902",
    "EchoTime": 0.00373,
    "ImageComments": "Upgrade2017",
    "ImageOrientationPatientDICOM": [
      0.99892,
      -0.0401465,
      -0.0233937,
      0.0399461,
      0.999161,
      -0.00897034
    ],
    "InstitutionName": "Spinoza Centre for Neuroimaging, location REC",
    "MagneticFieldStrength": 3,
    "Manufacturer": "Philips",
    "ParallelAcquisitionTechnique": "SENSE",
    "PatientPosition": "HFS",
    "PhilipsRescaleIntercept": 0,
    "PhilipsRescaleSlope": 10.8464,
    "PhilipsScaleSlope": 0.00489275,
    "ProtocolName": "WIPT1wSENSE",
    "ReconMatrixPE": 240,
    "RepetitionTime": 0.008142,
    "SeriesDescription": "ImageMRSERIES",
    "SeriesNumber": 2,
    "UsePhilipsFloatNotDisplayScaling": 1,
    "dataset": "<unset>",
    "modality": "T1w",
    "session_id": "pre",
    "subject_id": "11"
  },
  "cjv": 0.304483603002423,
  "cnr": 4.20220695378586,
  "efc": 0.7625172424881635,
  "fber": 268.9287414550781,
  "fwhm_avg": 3.4369100000000006,
  "fwhm_x": 3.44591,
  "fwhm_y": 3.60822,
  "fwhm_z": 3.2566,
  "icvs_csf": 0.18432925601830522,
  "icvs_gm": 0.4571971872567194,
  "icvs_wm": 0.35847355672497544,
  "inu_med": 1.9995629787445068,
  "inu_range": 0.48384588360786474,
  "provenance": {
    "md5sum": "98160a988b4b6e7571e5cd8e31a08b01",
    "settings": {
      "testing": false
    },
    "software": "mriqc",
    "version": "0.16.0",
    "warnings": {
      "large_rot_frame": true,
      "small_air_mask": true
    },
    "webapi_port": null,
    "webapi_url": "https://mriqc.nimh.nih.gov/api/v1"
  },
  "qi_1": 0.0,
  "qi_2": 7.722501035155561e-05,
  "rpve_csf": 30.917886010974097,
  "rpve_gm": 14.263767183673842,
  "rpve_wm": 21.921593016418655,
  "size_x": 240,
  "size_y": 240,
  "size_z": 220,
  "snr_csf": 2.2148413587924103,
  "snr_gm": 6.857375551745652,
  "snr_total": 8.915289729811152,
  "snr_wm": 17.673652278895396,
  "snrd_csf": 17.094135483127268,
  "snrd_gm": 34.52129637526114,
  "snrd_total": 37.299760770990275,
  "snrd_wm": 60.28385045458243,
  "spacing_x": 1.0,
  "spacing_y": 1.0,
  "spacing_z": 1.0,
  "summary_bg_k": 109.79821107154163,
  "summary_bg_mad": 10.867412996507314,
  "summary_bg_mean": 15.210195541381836,
  "summary_bg_median": 14.656158447265625,
  "summary_bg_n": 148872.0,
  "summary_bg_p05": 0.0,
  "summary_bg_p95": 36.907603073120114,
  "summary_bg_stdv": 12.9494047164917,
  "summary_csf_k": 1.4818436042060856,
  "summary_csf_mad": 138.2237224237817,
  "summary_csf_mean": 278.4690246582031,
  "summary_csf_median": 283.55780029296875,
  "summary_csf_n": 4194.0,
  "summary_csf_p05": 78.3140827178955,
  "summary_csf_p95": 461.2681930541992,
  "summary_csf_stdv": 128.01097106933594,
  "summary_gm_k": 0.25884534441668405,
  "summary_gm_mad": 79.97744919160058,
  "summary_gm_mean": 577.2022094726562,
  "summary_gm_median": 572.6398315429688,
  "summary_gm_n": 21456.0,
  "summary_gm_p05": 446.94205474853516,
  "summary_gm_p95": 724.1697387695312,
  "summary_gm_stdv": 83.50519561767578,
  "summary_wm_k": 1.1547859298267564,
  "summary_wm_mad": 50.143518196781756,
  "summary_wm_mean": 997.2633056640625,
  "summary_wm_median": 999.989501953125,
  "summary_wm_n": 181006.0,
  "summary_wm_p05": 899.4906158447266,
  "summary_wm_p95": 1083.7432250976562,
  "summary_wm_stdv": 56.580650329589844,
  "tpm_overlap_csf": 0.1662309616804123,
  "tpm_overlap_gm": 0.4701932370662689,
  "tpm_overlap_wm": 0.5094166994094849,
  "wm2max": 0.7034691070521392
}