{
    "Manufacturer": "Philips",
    "PatientPosition": "HFS",
    "SeriesDescription": "ImageMRSERIES",
    "ProtocolName": "WIPtask-rest_acq-multiband_boldSENSE",
    "SeriesNumber": 4,
    "AcquisitionNumber": 4,
    "ImageComments": "Upgrade2017",
    "PhilipsRescaleSlope": 0.77485,
    "PhilipsRescaleIntercept": 0,
    "PhilipsScaleSlope": 0.0913715,
    "UsePhilipsFloatNotDisplayScaling": 1,
    "EchoTime": 0.02763,
    "RepetitionTime": 0.761525,
    "ReconMatrixPE": 80,
    "ImageOrientationPatientDICOM": [
        0.999378,
        0.0298598,
        -0.0187771,
        -0.0314067,
        0.995594,
        -0.0883481
    ],
    "ConversionSoftware": "dcm2niix",
    "ConversionSoftwareVersion": "v1.0.20190902",
    "BidsifyVersion": "0.3.7",
    "MagneticFieldStrength": 3,
    "ParallelAcquisitionTechnique": "SENSE",
    "InstitutionName": "Spinoza Centre for Neuroimaging, location REC",
    "TaskName": "restingstate"
}