{
    "Manufacturer": "Philips",
    "PatientPosition": "HFS",
    "SeriesDescription": "ImageMRSERIES",
    "ProtocolName": "WIPT1wSENSE",
    "SeriesNumber": 2,
    "AcquisitionNumber": 2,
    "ImageComments": "upgrade2017",
    "PhilipsRescaleSlope": 10.2957,
    "PhilipsRescaleIntercept": 0,
    "PhilipsScaleSlope": 0.00501201,
    "UsePhilipsFloatNotDisplayScaling": 1,
    "EchoTime": 0.00377,
    "RepetitionTime": 0.00824,
    "ReconMatrixPE": 240,
    "ImageOrientationPatientDICOM": [
        0.998546,
        0.000702903,
        -0.0538976,
        -0.00609985,
        0.994965,
        -0.100034
    ],
    "ConversionSoftware": "dcm2niix",
    "ConversionSoftwareVersion": "v1.0.20190902",
    "BidsifyVersion": "0.3.7",
    "MagneticFieldStrength": 3,
    "ParallelAcquisitionTechnique": "SENSE",
    "InstitutionName": "Spinoza Centre for Neuroimaging, location REC"
}